{
  "bids_meta": {
    "AcquisitionMatrixPE": 300,
    "AcquisitionNumber": 1,
    "AcquisitionTime": "13:09:58.900000",
    "BaseResolution": 320,
    "CoilCombinationMethod": "Adaptive Combine",
    "CoilString": "C:A32",
    "ConversionSoftware": "dcm2niix",
    "ConversionSoftwareVersion": "v1.0.20211220",
    "Dcm2bidsVersion": "2.1.6",
    "DeviceSerialNumber": "18981",
    "DwellTime": 6.5e-06,
    "EchoTime": 0.00299,
    "ImageComments": "DENOISED IMAGE (lambda = 150)",
    "ImageOrientationPatientDICOM": [
      0,
      1,
      0,
      0,
      0,
      -1
    ],
    "ImageOrientationText": "Sag",
    "ImageType": [
      "ORIGINAL",
      "PRIMARY",
      "M",
      "ND",
      "UNI"
    ],
    "ImagingFrequency": 297.223,
    "InPlanePhaseEncodingDirectionDICOM": "ROW",
    "MRAcquisitionType": "3D",
    "MagneticFieldStrength": 6.98,
    "Manufacturer": "Siemens",
    "ManufacturersModelName": "Investigational_Device_7T",
    "MatrixCoilMode": "GRAPPA",
    "Modality": "MR",
    "ParallelReductionFactorInPlane": 3,
    "PartialFourier": 0.75,
    "PatientPosition": "HFS",
    "PercentPhaseFOV": 93.75,
    "PercentSampling": 100,
    "PhaseEncodingSteps": 226,
    "PhaseResolution": 1,
    "PixelBandwidth": 240,
    "ProtocolName": "mp2rage-wip900_0.75iso_7T",
    "PulseSequenceDetails": "%CustomerSeq%\\tfl_wip900b17a",
    "ReceiveCoilName": "32Ch_Head_7T",
    "ReconMatrixPE": 300,
    "RefLinesPE": 32,
    "RepetitionTime": 6,
    "SAR": 0.0656375,
    "ScanOptions": "IR\\PFP",
    "ScanningSequence": "GR\\IR",
    "SequenceName": "tfl3d1_ns",
    "SequenceVariant": "SP\\MP",
    "SeriesDescription": "mp2rage-wip900_0.75iso_7T_UNI-DEN",
    "SeriesNumber": 25,
    "ShimSetting": [
      -49,
      12,
      876,
      337,
      -110,
      -23,
      -290,
      179
    ],
    "SliceThickness": 0.75,
    "SoftwareVersions": "syngo MR B17",
    "StationName": "MRC18981",
    "TxRefAmp": 220,
    "acq_id": "MP2R",
    "dataset": "ds004056",
    "modality": "T1w",
    "session_id": "01",
    "subject_id": "19"
  },
  "cjv": 0.3075912487974884,
  "cnr": 4.125081339446176,
  "efc": 0.5104790764577207,
  "fber": 8432.542652063255,
  "fwhm_avg": 4.314342222222222,
  "fwhm_x": 4.38744,
  "fwhm_y": 4.735973333333333,
  "fwhm_z": 3.8196133333333333,
  "icvs_csf": 0.3000021288783007,
  "icvs_gm": 0.3768282241362908,
  "icvs_wm": 0.3231696469854085,
  "inu_med": 0.7756293416023254,
  "inu_range": 0.12538093924522398,
  "provenance": {
    "md5sum": "847a05dff2e672c6524cd832eabfc7a4",
    "settings": {
      "testing": false
    },
    "software": "mriqc",
    "version": "23.0.1",
    "warnings": {
      "large_rot_frame": true,
      "small_air_mask": false
    },
    "webapi_port": null,
    "webapi_url": "https://mriqc.nimh.nih.gov/api/v1"
  },
  "qi_1": 1.1444700146979968e-05,
  "qi_2": 0.0012699878475476807,
  "rpve_csf": 13.792651136813804,
  "rpve_gm": 10.044456413715196,
  "rpve_wm": 14.904477880915344,
  "size_x": 224,
  "size_y": 300,
  "size_z": 320,
  "snr_csf": 1.030729954617613,
  "snr_gm": 4.906686632972239,
  "snr_total": 6.675109297187137,
  "snr_wm": 14.08791130397156,
  "snrd_csf": 7.169431754785414,
  "snrd_gm": 49.103044828555625,
  "snrd_total": 52.005101732953996,
  "snrd_wm": 99.74282861552095,
  "spacing_x": 0.75,
  "spacing_y": 0.75,
  "spacing_z": 0.75,
  "summary_bg_k": 54.8677343809805,
  "summary_bg_mad": 0.0,
  "summary_bg_mean": 3.8396588855691722,
  "summary_bg_median": 0.0,
  "summary_bg_n": 4976828.0,
  "summary_bg_p05": 0.0,
  "summary_bg_p95": 13.193412451073527,
  "summary_bg_stdv": 6.5684549162273,
  "summary_csf_k": 63.82519980641564,
  "summary_csf_mad": 55.30923347272157,
  "summary_csf_mean": 88.03759293143058,
  "summary_csf_median": 71.88135059550405,
  "summary_csf_n": 129137.0,
  "summary_csf_p05": 13.890995178371668,
  "summary_csf_p95": 211.124928900972,
  "summary_csf_stdv": 69.73802590933747,
  "summary_gm_k": 10.610566353082547,
  "summary_gm_mad": 95.10490145919196,
  "summary_gm_mean": 483.168834650131,
  "summary_gm_median": 492.3114273697138,
  "summary_gm_n": 63607.0,
  "summary_gm_p05": 306.17815791629255,
  "summary_gm_p95": 626.7325859516859,
  "summary_gm_stdv": 100.33401238614815,
  "summary_wm_k": 2.0173808324322264,
  "summary_wm_mad": 61.06499110240316,
  "summary_wm_mean": 993.5998512882965,
  "summary_wm_median": 1000.0303341075778,
  "summary_wm_n": 530129.0,
  "summary_wm_p05": 867.9263633675873,
  "summary_wm_p95": 1095.2352115418762,
  "summary_wm_stdv": 70.98492951399679,
  "tpm_overlap_csf": 0.15690322408352433,
  "tpm_overlap_gm": 0.4231750937832218,
  "tpm_overlap_wm": 0.48941976106871704,
  "wm2max": 0.5660915100008584
}