{
  "aor": 0.0005446994535519125,
  "aqi": 0.007083712076502732,
  "bids_meta": {
    "AcquisitionMatrixPE": 130,
    "AcquisitionNumber": 1,
    "AcquisitionTime": "10:32:58.132500",
    "BandwidthPerPixelPhaseEncode": 24.038,
    "BaseResolution": 130,
    "CoilCombinationMethod": "Sum of Squares",
    "CoilString": "C:A32",
    "ConversionSoftware": "dcm2niix",
    "ConversionSoftwareVersion": "v1.0.20211220",
    "Dcm2bidsVersion": "2.1.6",
    "DerivedVendorReportedEchoSpacing": 0.000640012,
    "DeviceSerialNumber": "18981",
    "DwellTime": 2e-06,
    "EchoTime": 0.0222,
    "EffectiveEchoSpacing": 0.000320006,
    "FlipAngle": 45,
    "ImageComments": "Unaliased MB5/PE4",
    "ImageOrientationPatientDICOM": [
      1,
      -1e-16,
      0,
      1e-16,
      0.939693,
      -0.34202
    ],
    "ImageOrientationText": "Tra>Cor(-20.0)",
    "ImageType": [
      "ORIGINAL",
      "PRIMARY",
      "M",
      "MB",
      "ND",
      "MOSAIC"
    ],
    "ImagingFrequency": 297.224,
    "InPlanePhaseEncodingDirectionDICOM": "COL",
    "MRAcquisitionType": "2D",
    "MagneticFieldStrength": 6.98,
    "Manufacturer": "Siemens",
    "ManufacturersModelName": "Investigational_Device_7T",
    "MatrixCoilMode": "GRAPPA",
    "Modality": "MR",
    "MultibandAccelerationFactor": 5,
    "ParallelReductionFactorInPlane": 2,
    "PartialFourier": 0.875,
    "PatientPosition": "HFS",
    "PercentPhaseFOV": 100,
    "PercentSampling": 100,
    "PhaseEncodingDirection": "j-",
    "PhaseEncodingSteps": 114,
    "PhaseResolution": 1,
    "PixelBandwidth": 1923,
    "ProtocolName": "MB5_TR1s_TE22p2_IPAT2_1.6mm_85slices_AP_367vols",
    "PulseSequenceDetails": "%CustomerSeq%\\cmrr_mbep2d_bold",
    "ReceiveCoilName": "32Ch_Head_7T",
    "ReconMatrixPE": 130,
    "RefLinesPE": 96,
    "RepetitionTime": 1,
    "SAR": 0.116436,
    "ScanOptions": "PFP\\FS",
    "ScanningSequence": "EP",
    "SequenceName": "epfid2d1_130",
    "SequenceVariant": "SK\\SS",
    "SeriesDescription": "MB5_TR1s_TE22p2_IPAT2_1.6mm_85slices_AP_367vols",
    "SeriesNumber": 13,
    "ShimSetting": [
      30,
      -8,
      829,
      594,
      -68,
      -121,
      -125,
      70
    ],
    "SliceThickness": 1.6,
    "SliceTiming": [
      0,
      0.5325,
      0.06,
      0.5925,
      0.12,
      0.65,
      0.1775,
      0.71,
      0.2375,
      0.7675,
      0.2975,
      0.8275,
      0.355,
      0.8875,
      0.415,
      0.945,
      0.4725,
      0,
      0.5325,
      0.06,
      0.5925,
      0.12,
      0.65,
      0.1775,
      0.71,
      0.2375,
      0.7675,
      0.2975,
      0.8275,
      0.355,
      0.8875,
      0.415,
      0.945,
      0.4725,
      0,
      0.5325,
      0.06,
      0.5925,
      0.12,
      0.65,
      0.1775,
      0.71,
      0.2375,
      0.7675,
      0.2975,
      0.8275,
      0.355,
      0.8875,
      0.415,
      0.945,
      0.4725,
      0,
      0.5325,
      0.06,
      0.5925,
      0.12,
      0.65,
      0.1775,
      0.71,
      0.2375,
      0.7675,
      0.2975,
      0.8275,
      0.355,
      0.8875,
      0.415,
      0.945,
      0.4725,
      0,
      0.5325,
      0.06,
      0.5925,
      0.12,
      0.65,
      0.1775,
      0.71,
      0.2375,
      0.7675,
      0.2975,
      0.8275,
      0.355,
      0.8875,
      0.415,
      0.945,
      0.4725
    ],
    "SoftwareVersions": "syngo MR B17",
    "SpacingBetweenSlices": 1.6,
    "StationName": "MRC18981",
    "TaskName": "GDMotor",
    "TotalReadoutTime": 0.0412808,
    "TxRefAmp": 219.451,
    "dataset": "ds004056",
    "modality": "bold",
    "run_id": 3,
    "session_id": "01",
    "subject_id": "01",
    "task_id": "GDMotor"
  },
  "dummy_trs": 1,
  "dvars_nstd": 43.50004260978084,
  "dvars_std": 1.0578875076986314,
  "dvars_vstd": 1.0025514730136993,
  "efc": 0.4964861266509166,
  "fber": 1714.0576171875,
  "fd_mean": 0.10460648187149879,
  "fd_num": 8,
  "fd_perc": 2.185792349726776,
  "fwhm_avg": 2.5468062120496295,
  "fwhm_x": 2.3854874644534667,
  "fwhm_y": 2.693749959859997,
  "fwhm_z": 2.5611812118354256,
  "gcor": 0.00595385,
  "gsr_x": -0.010300100781023502,
  "gsr_y": 0.037475164979696274,
  "provenance": {
    "md5sum": "989d9a3bbdc7b5dbc7375596a9e394cc",
    "settings": {
      "fd_thres": 0.2,
      "testing": false
    },
    "software": "mriqc",
    "version": "23.0.1",
    "webapi_port": null,
    "webapi_url": "https://mriqc.nimh.nih.gov/api/v1"
  },
  "size_t": 366,
  "size_x": 130,
  "size_y": 130,
  "size_z": 85,
  "snr": 2.21012870468944,
  "spacing_tr": 1.0,
  "spacing_x": 1.600000023841858,
  "spacing_y": 1.600000023841858,
  "spacing_z": 1.600000023841858,
  "summary_bg_k": 52.34232931828374,
  "summary_bg_mad": 6.939063809502939,
  "summary_bg_mean": 21.436519622802734,
  "summary_bg_median": 9.101092338562012,
  "summary_bg_n": 964857.0,
  "summary_bg_p05": 3.9808743000030518,
  "summary_bg_p95": 79.36611938476562,
  "summary_bg_stdv": 37.25576400756836,
  "summary_fg_k": 6.014606494856054,
  "summary_fg_mad": 140.62035017686802,
  "summary_fg_mean": 422.7671203613281,
  "summary_fg_median": 391.5382385253906,
  "summary_fg_n": 310231.0,
  "summary_fg_p05": 210.72130584716797,
  "summary_fg_p95": 754.6762084960938,
  "summary_fg_stdv": 177.15602111816406,
  "tsnr": 30.77801582403481
}