{
  "aor": 0.0004014754098360656,
  "aqi": 0.006655066857923497,
  "bids_meta": {
    "AcquisitionMatrixPE": 130,
    "AcquisitionNumber": 1,
    "AcquisitionTime": "10:58:36.650000",
    "BandwidthPerPixelPhaseEncode": 24.038,
    "BaseResolution": 130,
    "CoilCombinationMethod": "Sum of Squares",
    "CoilString": "C:A32",
    "ConversionSoftware": "dcm2niix",
    "ConversionSoftwareVersion": "v1.0.20211220",
    "Dcm2bidsVersion": "2.1.6",
    "DerivedVendorReportedEchoSpacing": 0.000640012,
    "DeviceSerialNumber": "18981",
    "DwellTime": 2e-06,
    "EchoTime": 0.0222,
    "EffectiveEchoSpacing": 0.000320006,
    "FlipAngle": 45,
    "ImageComments": "Unaliased MB5/PE4",
    "ImageOrientationPatientDICOM": [
      1,
      -1e-16,
      0,
      1e-16,
      0.939693,
      -0.34202
    ],
    "ImageOrientationText": "Tra>Cor(-20.0)",
    "ImageType": [
      "ORIGINAL",
      "PRIMARY",
      "M",
      "MB",
      "ND",
      "MOSAIC"
    ],
    "ImagingFrequency": 297.224,
    "InPlanePhaseEncodingDirectionDICOM": "COL",
    "MRAcquisitionType": "2D",
    "MagneticFieldStrength": 6.98,
    "Manufacturer": "Siemens",
    "ManufacturersModelName": "Investigational_Device_7T",
    "MatrixCoilMode": "GRAPPA",
    "Modality": "MR",
    "MultibandAccelerationFactor": 5,
    "ParallelReductionFactorInPlane": 2,
    "PartialFourier": 0.875,
    "PatientPosition": "HFS",
    "PercentPhaseFOV": 100,
    "PercentSampling": 100,
    "PhaseEncodingDirection": "j-",
    "PhaseEncodingSteps": 114,
    "PhaseResolution": 1,
    "PixelBandwidth": 1923,
    "ProtocolName": "MB5_TR1s_TE22p2_IPAT2_1.6mm_85slices_AP_367vols",
    "PulseSequenceDetails": "%CustomerSeq%\\cmrr_mbep2d_bold",
    "ReceiveCoilName": "32Ch_Head_7T",
    "ReconMatrixPE": 130,
    "RefLinesPE": 96,
    "RepetitionTime": 1,
    "SAR": 0.115958,
    "ScanOptions": "PFP\\FS",
    "ScanningSequence": "EP",
    "SequenceName": "epfid2d1_130",
    "SequenceVariant": "SK\\SS",
    "SeriesDescription": "MB5_TR1s_TE22p2_IPAT2_1.6mm_85slices_AP_367vols",
    "SeriesNumber": 19,
    "ShimSetting": [
      30,
      -8,
      829,
      594,
      -68,
      -121,
      -125,
      70
    ],
    "SliceThickness": 1.6,
    "SliceTiming": [
      0,
      0.53,
      0.06,
      0.59,
      0.1175,
      0.65,
      0.1775,
      0.7075,
      0.235,
      0.7675,
      0.295,
      0.8275,
      0.355,
      0.885,
      0.4125,
      0.945,
      0.4725,
      0,
      0.53,
      0.06,
      0.59,
      0.1175,
      0.65,
      0.1775,
      0.7075,
      0.235,
      0.7675,
      0.295,
      0.8275,
      0.355,
      0.885,
      0.4125,
      0.945,
      0.4725,
      0,
      0.53,
      0.06,
      0.59,
      0.1175,
      0.65,
      0.1775,
      0.7075,
      0.235,
      0.7675,
      0.295,
      0.8275,
      0.355,
      0.885,
      0.4125,
      0.945,
      0.4725,
      0,
      0.53,
      0.06,
      0.59,
      0.1175,
      0.65,
      0.1775,
      0.7075,
      0.235,
      0.7675,
      0.295,
      0.8275,
      0.355,
      0.885,
      0.4125,
      0.945,
      0.4725,
      0,
      0.53,
      0.06,
      0.59,
      0.1175,
      0.65,
      0.1775,
      0.7075,
      0.235,
      0.7675,
      0.295,
      0.8275,
      0.355,
      0.885,
      0.4125,
      0.945,
      0.4725
    ],
    "SoftwareVersions": "syngo MR B17",
    "SpacingBetweenSlices": 1.6,
    "StationName": "MRC18981",
    "TaskName": "GDMotor",
    "TotalReadoutTime": 0.0412808,
    "TxRefAmp": 219.451,
    "dataset": "ds004056",
    "modality": "bold",
    "run_id": 6,
    "session_id": "01",
    "subject_id": "01",
    "task_id": "GDMotor"
  },
  "dummy_trs": 1,
  "dvars_nstd": 43.44795687945208,
  "dvars_std": 1.058451534739727,
  "dvars_vstd": 1.0018980538082194,
  "efc": 0.4959722878173235,
  "fber": 1776.5003662109375,
  "fd_mean": 0.09753939401555439,
  "fd_num": 6,
  "fd_perc": 1.639344262295082,
  "fwhm_avg": 2.546772878716794,
  "fwhm_x": 2.378449964558334,
  "fwhm_y": 2.685793709978555,
  "fwhm_z": 2.5760749616134917,
  "gcor": 0.00548042,
  "gsr_x": -0.009783525951206684,
  "gsr_y": 0.03686382248997688,
  "provenance": {
    "md5sum": "41ecdab690d0c92c148a4ff332242726",
    "settings": {
      "fd_thres": 0.2,
      "testing": false
    },
    "software": "mriqc",
    "version": "23.0.1",
    "webapi_port": null,
    "webapi_url": "https://mriqc.nimh.nih.gov/api/v1"
  },
  "size_t": 366,
  "size_x": 130,
  "size_y": 130,
  "size_z": 85,
  "snr": 2.2146010468171524,
  "spacing_tr": 1.0,
  "spacing_x": 1.600000023841858,
  "spacing_y": 1.600000023841858,
  "spacing_z": 1.600000023841858,
  "summary_bg_k": 51.91747320058101,
  "summary_bg_mad": 6.6798110359513405,
  "summary_bg_mean": 21.033817291259766,
  "summary_bg_median": 8.87704849243164,
  "summary_bg_n": 965056.0,
  "summary_bg_p05": 3.948087215423584,
  "summary_bg_p95": 77.8087387084961,
  "summary_bg_stdv": 36.40815353393555,
  "summary_fg_k": 6.0336992668705705,
  "summary_fg_mad": 139.42942261661426,
  "summary_fg_mean": 419.7177429199219,
  "summary_fg_median": 389.13934326171875,
  "summary_fg_n": 310292.0,
  "summary_fg_p05": 210.0245819091797,
  "summary_fg_p95": 749.8240417480471,
  "summary_fg_stdv": 175.7150421142578,
  "tsnr": 31.160088717238978
}