{
  "bids_meta": {
    "AcquisitionMatrixPE": 300,
    "AcquisitionNumber": 1,
    "AcquisitionTime": "14:38:21.642500",
    "BaseResolution": 320,
    "CoilCombinationMethod": "Adaptive Combine",
    "CoilString": "C:HEA;HEP",
    "ConversionSoftware": "dcm2niix",
    "ConversionSoftwareVersion": "v1.0.20211220",
    "Dcm2bidsVersion": "2.1.6",
    "DeviceSerialNumber": "40463",
    "DwellTime": 7.4e-06,
    "EchoTime": 0.00224,
    "FlipAngle": 8,
    "ImageOrientationPatientDICOM": [
      0,
      1,
      0,
      0,
      0,
      -1
    ],
    "ImageOrientationText": "Sag",
    "ImageType": [
      "ORIGINAL",
      "PRIMARY",
      "M",
      "ND"
    ],
    "ImagingFrequency": 123.122,
    "InPlanePhaseEncodingDirectionDICOM": "ROW",
    "InversionTime": 1.06,
    "MRAcquisitionType": "3D",
    "MagneticFieldStrength": 3,
    "Manufacturer": "Siemens",
    "ManufacturersModelName": "Verio",
    "MatrixCoilMode": "GRAPPA",
    "Modality": "MR",
    "ParallelReductionFactorInPlane": 2,
    "PartialFourier": 1,
    "PatientPosition": "HFS",
    "PercentPhaseFOV": 93.75,
    "PercentSampling": 100,
    "PhaseEncodingSteps": 299,
    "PhaseResolution": 1,
    "PixelBandwidth": 211,
    "ProtocolName": "T1w_MPR1_0.8iso",
    "PulseSequenceDetails": "%SiemensSeq%\\tfl",
    "ReceiveCoilName": "32Ch_Head",
    "ReconMatrixPE": 300,
    "RefLinesPE": 32,
    "RepetitionTime": 2.4,
    "SAR": 0.0295369,
    "ScanOptions": "IR\\WE",
    "ScanningSequence": "GR\\IR",
    "SequenceName": "*tfl3d1_ns",
    "SequenceVariant": "SP\\MP",
    "SeriesDescription": "T1w_MPR1_0.8iso",
    "SeriesNumber": 14,
    "ShimSetting": [
      2879,
      7423,
      -15100,
      254,
      853,
      -971,
      -25,
      1149
    ],
    "SliceThickness": 0.8,
    "SoftwareVersions": "syngo MR B17",
    "StationName": "MRC40463",
    "TxRefAmp": 431.188,
    "acq_id": "01",
    "dataset": "ds004056",
    "modality": "T1w",
    "session_id": "02",
    "subject_id": "08"
  },
  "cjv": 0.41923661633959425,
  "cnr": 3.239498263650524,
  "efc": 0.5349783582203388,
  "fber": 26061.189035916825,
  "fwhm_avg": 4.995624925559388,
  "fwhm_x": 5.039662424903177,
  "fwhm_y": 4.85478742765803,
  "fwhm_z": 5.092424924116956,
  "icvs_csf": 0.20870531111459056,
  "icvs_gm": 0.41982187102627233,
  "icvs_wm": 0.3714728178591371,
  "inu_med": 0.7827023565769196,
  "inu_range": 0.8039695471525192,
  "provenance": {
    "md5sum": "24075edb5d78f9fdc79f0f5bf999bf36",
    "settings": {
      "testing": false
    },
    "software": "mriqc",
    "version": "23.0.1",
    "warnings": {
      "large_rot_frame": true,
      "small_air_mask": false
    },
    "webapi_port": null,
    "webapi_url": "https://mriqc.nimh.nih.gov/api/v1"
  },
  "qi_1": 0.0,
  "qi_2": 0.004744335300127258,
  "rpve_csf": 25.955239372841334,
  "rpve_gm": 13.130626271526227,
  "rpve_wm": 16.53681214759417,
  "size_x": 224,
  "size_y": 300,
  "size_z": 320,
  "snr_csf": 2.5338593410602073,
  "snr_gm": 13.576453092242158,
  "snr_total": 11.837500596046402,
  "snr_wm": 19.402189354836835,
  "snrd_csf": 20.604446358813018,
  "snrd_gm": 52.806971635346805,
  "snrd_total": 47.85029509299341,
  "snrd_wm": 70.13946728482043,
  "spacing_x": 0.800000011920929,
  "spacing_y": 0.800000011920929,
  "spacing_z": 0.800000011920929,
  "summary_bg_k": 4.008864854129733,
  "summary_bg_mad": 0.0,
  "summary_bg_mean": 6.648766004158809,
  "summary_bg_median": 0.0,
  "summary_bg_n": 6327848.0,
  "summary_bg_p05": 0.0,
  "summary_bg_p95": 25.800193309783936,
  "summary_bg_stdv": 9.341387266869521,
  "summary_csf_k": 3.20332131703226,
  "summary_csf_mad": 89.51695992387974,
  "summary_csf_mean": 313.80013259657534,
  "summary_csf_median": 293.7924268245697,
  "summary_csf_n": 101080.0,
  "summary_csf_p05": 145.48738706707957,
  "summary_csf_p95": 530.6013439893723,
  "summary_csf_stdv": 115.94604672538625,
  "summary_gm_k": 0.1045481759287683,
  "summary_gm_mad": 55.22010057954991,
  "summary_gm_mean": 752.6621170073237,
  "summary_gm_median": 752.9582731723785,
  "summary_gm_n": 78424.0,
  "summary_gm_p05": 661.2996916770935,
  "summary_gm_p95": 842.9121990382667,
  "summary_gm_stdv": 55.460249262532564,
  "summary_wm_k": 0.8520594233210845,
  "summary_wm_mad": 48.38948917973579,
  "summary_wm_mean": 1004.1235126108993,
  "summary_wm_median": 1000.0969669818878,
  "summary_wm_n": 404522.0,
  "summary_wm_p05": 927.4005576372147,
  "summary_wm_p95": 1094.1803786754608,
  "summary_wm_stdv": 51.54550924868873,
  "tpm_overlap_csf": 0.14999038415418495,
  "tpm_overlap_gm": 0.46011837720130383,
  "tpm_overlap_wm": 0.49159996729337513,
  "wm2max": 0.5760013407072231
}