{
  "bids_meta": {
    "AcquisitionMatrixPE": 300,
    "AcquisitionNumber": 1,
    "AcquisitionTime": "13:21:2.232500",
    "BaseResolution": 320,
    "CoilCombinationMethod": "Adaptive Combine",
    "CoilString": "C:A32",
    "ConversionSoftware": "dcm2niix",
    "ConversionSoftwareVersion": "v1.0.20211220",
    "Dcm2bidsVersion": "2.1.6",
    "DeviceSerialNumber": "18981",
    "DwellTime": 6.5e-06,
    "EchoTime": 0.00299,
    "ImageComments": "DENOISED IMAGE (lambda = 150)",
    "ImageOrientationPatientDICOM": [
      0,
      1,
      0,
      0,
      0,
      -1
    ],
    "ImageOrientationText": "Sag",
    "ImageType": [
      "ORIGINAL",
      "PRIMARY",
      "M",
      "ND",
      "UNI"
    ],
    "ImagingFrequency": 297.224,
    "InPlanePhaseEncodingDirectionDICOM": "ROW",
    "MRAcquisitionType": "3D",
    "MagneticFieldStrength": 6.98,
    "Manufacturer": "Siemens",
    "ManufacturersModelName": "Investigational_Device_7T",
    "MatrixCoilMode": "GRAPPA",
    "Modality": "MR",
    "ParallelReductionFactorInPlane": 3,
    "PartialFourier": 0.75,
    "PatientPosition": "HFS",
    "PercentPhaseFOV": 93.75,
    "PercentSampling": 100,
    "PhaseEncodingSteps": 226,
    "PhaseResolution": 1,
    "PixelBandwidth": 240,
    "ProtocolName": "mp2rage-wip900_0.75iso_7T",
    "PulseSequenceDetails": "%CustomerSeq%\\tfl_wip900b17a",
    "ReceiveCoilName": "32Ch_Head_7T",
    "ReconMatrixPE": 300,
    "RefLinesPE": 32,
    "RepetitionTime": 6,
    "SAR": 0.0531256,
    "ScanOptions": "IR\\PFP",
    "ScanningSequence": "GR\\IR",
    "SequenceName": "tfl3d1_ns",
    "SequenceVariant": "SP\\MP",
    "SeriesDescription": "mp2rage-wip900_0.75iso_7T_UNI-DEN",
    "SeriesNumber": 25,
    "ShimSetting": [
      -39,
      111,
      853,
      509,
      -24,
      129,
      -261,
      77
    ],
    "SliceThickness": 0.75,
    "SoftwareVersions": "syngo MR B17",
    "StationName": "MRC18981",
    "TxRefAmp": 186.941,
    "acq_id": "MP2R",
    "dataset": "ds004056",
    "modality": "T1w",
    "session_id": "01",
    "subject_id": "17"
  },
  "cjv": 0.27755817391076243,
  "cnr": 4.5771956815386385,
  "efc": 0.4717014061031501,
  "fber": -1.0,
  "fwhm_avg": 4.530013333333333,
  "fwhm_x": 4.476853333333334,
  "fwhm_y": 4.96636,
  "fwhm_z": 4.146826666666667,
  "icvs_csf": 0.33052564158468595,
  "icvs_gm": 0.36242519898335424,
  "icvs_wm": 0.3070491594319598,
  "inu_med": 0.7996919751167297,
  "inu_range": 0.17703020572662354,
  "provenance": {
    "md5sum": "e8a45fec67aa101c918dac4c27b2555b",
    "settings": {
      "testing": false
    },
    "software": "mriqc",
    "version": "23.0.1",
    "warnings": {
      "large_rot_frame": true,
      "small_air_mask": false
    },
    "webapi_port": null,
    "webapi_url": "https://mriqc.nimh.nih.gov/api/v1"
  },
  "qi_1": 4.170114362178602e-06,
  "qi_2": 0.001393958935759364,
  "rpve_csf": 14.037736746804827,
  "rpve_gm": 11.163279497793692,
  "rpve_wm": 17.108501476131533,
  "size_x": 224,
  "size_y": 300,
  "size_z": 320,
  "snr_csf": 1.274317079044256,
  "snr_gm": 4.455183591204221,
  "snr_total": 5.970502466473165,
  "snr_wm": 12.182006729171018,
  "snrd_csf": 10.914519583751181,
  "snrd_gm": 57.26153865257097,
  "snrd_total": 67.72404277881326,
  "snrd_wm": 134.99607010011763,
  "spacing_x": 0.75,
  "spacing_y": 0.75,
  "spacing_z": 0.75,
  "summary_bg_k": 78.68301778416874,
  "summary_bg_mad": 0.0,
  "summary_bg_mean": 2.586743394693098,
  "summary_bg_median": 0.0,
  "summary_bg_n": 5870996.0,
  "summary_bg_p05": 0.0,
  "summary_bg_p95": 10.584085017442703,
  "summary_bg_stdv": 4.853003653028576,
  "summary_csf_k": 2.456888323353933,
  "summary_csf_mad": 59.026574959566524,
  "summary_csf_mean": 93.19838341931377,
  "summary_csf_median": 80.85064943879843,
  "summary_csf_n": 169526.0,
  "summary_csf_p05": 14.871619457378983,
  "summary_csf_p95": 213.10271176323295,
  "summary_csf_stdv": 63.446070296862125,
  "summary_gm_k": 4.968831811474463,
  "summary_gm_mad": 97.96595240981596,
  "summary_gm_mean": 423.6917051043761,
  "summary_gm_median": 424.1719071920961,
  "summary_gm_n": 66458.0,
  "summary_gm_p05": 269.42866420559585,
  "summary_gm_p95": 573.8191092442721,
  "summary_gm_stdv": 95.2079094427253,
  "summary_wm_k": 3.2055759644469655,
  "summary_wm_mad": 61.85985055762572,
  "summary_wm_mean": 990.5474558890985,
  "summary_wm_median": 1000.0000325739384,
  "summary_wm_n": 460122.0,
  "summary_wm_p05": 838.470235073939,
  "summary_wm_p95": 1101.7738500796258,
  "summary_wm_stdv": 82.08819516659747,
  "tpm_overlap_csf": 0.14328391180476122,
  "tpm_overlap_gm": 0.40748772591990634,
  "tpm_overlap_wm": 0.4710578598499049,
  "wm2max": 0.6884361084873836
}