{
  "bids_meta": {
    "AcquisitionMatrixPE": 300,
    "AcquisitionNumber": 1,
    "AcquisitionTime": "15:22:42.717500",
    "BaseResolution": 320,
    "CoilCombinationMethod": "Adaptive Combine",
    "CoilString": "C:HEA;HEP",
    "ConversionSoftware": "dcm2niix",
    "ConversionSoftwareVersion": "v1.0.20211220",
    "Dcm2bidsVersion": "2.1.6",
    "DeviceSerialNumber": "40463",
    "DwellTime": 7.4e-06,
    "EchoTime": 0.00224,
    "FlipAngle": 8,
    "ImageOrientationPatientDICOM": [
      0,
      1,
      0,
      0,
      0,
      -1
    ],
    "ImageOrientationText": "Sag",
    "ImageType": [
      "ORIGINAL",
      "PRIMARY",
      "M",
      "ND"
    ],
    "ImagingFrequency": 123.122,
    "InPlanePhaseEncodingDirectionDICOM": "ROW",
    "InversionTime": 1.06,
    "MRAcquisitionType": "3D",
    "MagneticFieldStrength": 3,
    "Manufacturer": "Siemens",
    "ManufacturersModelName": "Verio",
    "MatrixCoilMode": "GRAPPA",
    "Modality": "MR",
    "ParallelReductionFactorInPlane": 2,
    "PartialFourier": 1,
    "PatientPosition": "HFS",
    "PercentPhaseFOV": 93.75,
    "PercentSampling": 100,
    "PhaseEncodingSteps": 299,
    "PhaseResolution": 1,
    "PixelBandwidth": 211,
    "ProtocolName": "T1w_MPR1_0.8iso",
    "PulseSequenceDetails": "%SiemensSeq%\\tfl",
    "ReceiveCoilName": "32Ch_Head",
    "ReconMatrixPE": 300,
    "RefLinesPE": 32,
    "RepetitionTime": 2.4,
    "SAR": 0.0330854,
    "ScanOptions": "IR\\WE",
    "ScanningSequence": "GR\\IR",
    "SequenceName": "*tfl3d1_ns",
    "SequenceVariant": "SP\\MP",
    "SeriesDescription": "T1w_MPR1_0.8iso",
    "SeriesNumber": 14,
    "ShimSetting": [
      2843,
      7532,
      -15102,
      131,
      788,
      -882,
      -190,
      1141
    ],
    "SliceThickness": 0.8,
    "SoftwareVersions": "syngo MR B17",
    "StationName": "MRC40463",
    "TxRefAmp": 440.277,
    "acq_id": "01",
    "dataset": "ds004056",
    "modality": "T1w",
    "session_id": "02",
    "subject_id": "10"
  },
  "cjv": 0.4185587612739601,
  "cnr": 3.2722298156076746,
  "efc": 0.5461135577048147,
  "fber": 35040.274376417234,
  "fwhm_avg": 4.871354094077834,
  "fwhm_x": 4.840437427871861,
  "fwhm_y": 4.802362428439223,
  "fwhm_z": 4.971262425922417,
  "icvs_csf": 0.16328053284061222,
  "icvs_gm": 0.44278381181756726,
  "icvs_wm": 0.3939356553418205,
  "inu_med": 0.7356717586517334,
  "inu_range": 0.7206983894109722,
  "provenance": {
    "md5sum": "3f64784ff1dcde4c63f1442fac1dfe15",
    "settings": {
      "testing": false
    },
    "software": "mriqc",
    "version": "23.0.1",
    "warnings": {
      "large_rot_frame": true,
      "small_air_mask": false
    },
    "webapi_port": null,
    "webapi_url": "https://mriqc.nimh.nih.gov/api/v1"
  },
  "qi_1": 0.0,
  "qi_2": 0.005535763767021435,
  "rpve_csf": 29.129518762063665,
  "rpve_gm": 11.965841050558405,
  "rpve_wm": 15.15902504183112,
  "size_x": 224,
  "size_y": 300,
  "size_z": 320,
  "snr_csf": 2.713604006193868,
  "snr_gm": 13.611923022280338,
  "snr_total": 12.327543140995923,
  "snr_wm": 20.657102394513565,
  "snrd_csf": 21.49924811577942,
  "snrd_gm": 53.73623474713213,
  "snrd_total": 48.74430697423753,
  "snrd_wm": 70.99743805980103,
  "spacing_x": 0.800000011920929,
  "spacing_y": 0.800000011920929,
  "spacing_z": 0.800000011920929,
  "summary_bg_k": 4.778116741857852,
  "summary_bg_mad": 0.0,
  "summary_bg_mean": 6.460076688936142,
  "summary_bg_median": 0.0,
  "summary_bg_n": 6678050.0,
  "summary_bg_p05": 0.0,
  "summary_bg_p95": 25.399407729506493,
  "summary_bg_stdv": 9.228047903525285,
  "summary_csf_k": 6.27588101382187,
  "summary_csf_mad": 84.67555289774505,
  "summary_csf_mean": 310.1940803840092,
  "summary_csf_median": 302.83173321187496,
  "summary_csf_n": 62265.0,
  "summary_csf_p05": 128.62336607277393,
  "summary_csf_p95": 506.1704945266247,
  "summary_csf_stdv": 111.59671813332807,
  "summary_gm_k": 0.105716174908141,
  "summary_gm_mad": 55.386605371138096,
  "summary_gm_mean": 755.7651087330565,
  "summary_gm_median": 756.9119169712067,
  "summary_gm_n": 96827.0,
  "summary_gm_p05": 662.8384420529007,
  "summary_gm_p95": 844.8770974129438,
  "summary_gm_stdv": 55.60625101562791,
  "summary_wm_k": 0.41065948238221095,
  "summary_wm_mad": 46.38007671283523,
  "summary_wm_mean": 1003.0536293739245,
  "summary_wm_median": 1000.0478670448065,
  "summary_wm_n": 480664.0,
  "summary_wm_p05": 928.9199587702751,
  "summary_wm_p95": 1087.152050614357,
  "summary_wm_stdv": 48.41176693941334,
  "tpm_overlap_csf": 0.15126476151050605,
  "tpm_overlap_gm": 0.45088774446819363,
  "tpm_overlap_wm": 0.5017164224625281,
  "wm2max": 0.6279698435106479
}