{
  "bids_meta": {
    "AcquisitionMatrixPE": 302,
    "AcquisitionNumber": 1,
    "AcquisitionTime": "15:42:4.210000",
    "BaseResolution": 320,
    "CoilCombinationMethod": "Adaptive Combine",
    "CoilString": "C:HEA;HEP",
    "ConversionSoftware": "dcm2niix",
    "ConversionSoftwareVersion": "v1.0.20211220",
    "Dcm2bidsVersion": "2.1.6",
    "DeviceSerialNumber": "40463",
    "DwellTime": 2.1e-06,
    "EchoTime": 0.56,
    "EchoTrainLength": 167,
    "FlipAngle": 120,
    "ImageOrientationPatientDICOM": [
      0,
      1,
      0,
      0,
      0,
      -1
    ],
    "ImageOrientationText": "Sag",
    "ImageType": [
      "ORIGINAL",
      "PRIMARY",
      "M",
      "ND"
    ],
    "ImagingFrequency": 123.122,
    "InPlanePhaseEncodingDirectionDICOM": "ROW",
    "MRAcquisitionType": "3D",
    "MagneticFieldStrength": 3,
    "Manufacturer": "Siemens",
    "ManufacturersModelName": "Verio",
    "MatrixCoilMode": "GRAPPA",
    "Modality": "MR",
    "ParallelReductionFactorInPlane": 2,
    "PartialFourier": 1,
    "PatientPosition": "HFS",
    "PercentPhaseFOV": 93.75,
    "PercentSampling": 100.667,
    "PhaseEncodingDirection": "i",
    "PhaseEncodingSteps": 290,
    "PhaseResolution": 1.00667,
    "PixelBandwidth": 744,
    "ProtocolName": "T2w_SPC2_0.8iso",
    "PulseSequenceDetails": "%SiemensSeq%\\tse_vfl",
    "ReceiveCoilName": "32Ch_Head",
    "ReconMatrixPE": 300,
    "RefLinesPE": 32,
    "RepetitionTime": 3.2,
    "SAR": 0.108437,
    "ScanOptions": "PFP",
    "ScanningSequence": "SE",
    "SequenceName": "*spc3d1_334ns",
    "SequenceVariant": "SK\\SP",
    "SeriesDescription": "T2w_SPC2_0.8iso",
    "SeriesNumber": 17,
    "ShimSetting": [
      2843,
      7532,
      -15102,
      131,
      788,
      -882,
      -190,
      1141
    ],
    "SliceThickness": 0.8,
    "SoftwareVersions": "syngo MR B17",
    "SpoilingState": true,
    "StationName": "MRC40463",
    "TxRefAmp": 440.277,
    "acq_id": "02",
    "dataset": "ds004056",
    "modality": "T2w",
    "session_id": "02",
    "subject_id": "10"
  },
  "cjv": 0.4868205593577744,
  "cnr": 1.5124476399360758,
  "efc": 0.49773730328328414,
  "fber": 10548.659377777776,
  "fwhm_avg": 2.808508291483299,
  "fwhm_x": 2.728474959342555,
  "fwhm_y": 3.002224955263362,
  "fwhm_z": 2.694824959843979,
  "icvs_csf": 0.4326503866633673,
  "icvs_gm": 0.43388198477128,
  "icvs_wm": 0.1334676285653527,
  "inu_med": 0.8244501352310181,
  "inu_range": 0.7597100257873534,
  "provenance": {
    "md5sum": "3866abc88627a44f7ff72ff0c3eb11ca",
    "settings": {
      "testing": false
    },
    "software": "mriqc",
    "version": "23.0.1",
    "warnings": {
      "large_rot_frame": true,
      "small_air_mask": false
    },
    "webapi_port": null,
    "webapi_url": "https://mriqc.nimh.nih.gov/api/v1"
  },
  "qi_1": 0.0,
  "qi_2": 0.011701375184363082,
  "rpve_csf": 12.61387078568246,
  "rpve_gm": 13.157269184874906,
  "rpve_wm": 43.8912572017808,
  "size_x": 224,
  "size_y": 300,
  "size_z": 320,
  "snr_csf": 10.219755648593011,
  "snr_gm": 9.91067928387533,
  "snr_total": 7.506906987233182,
  "snr_wm": 2.390286029231204,
  "snrd_csf": 55.54405289950494,
  "snrd_gm": 34.44956758458086,
  "snrd_total": 61.481841217719385,
  "snrd_wm": 94.45190316907235,
  "spacing_x": 0.800000011920929,
  "spacing_y": 0.800000011920929,
  "spacing_z": 0.800000011920929,
  "summary_bg_k": 4.692147759607066,
  "summary_bg_mad": 0.0,
  "summary_bg_mean": 4.613799961034397,
  "summary_bg_median": 0.0,
  "summary_bg_n": 6742357.0,
  "summary_bg_p05": 0.0,
  "summary_bg_p95": 19.13775504939258,
  "summary_bg_stdv": 6.936674597342752,
  "summary_csf_k": 0.4373485545514555,
  "summary_csf_mad": 56.54050069653926,
  "summary_csf_mean": 589.945987211945,
  "summary_csf_median": 588.1080959346145,
  "summary_csf_n": 177779.0,
  "summary_csf_p05": 499.0931186210364,
  "summary_csf_p95": 685.6571632884443,
  "summary_csf_stdv": 57.546037509283,
  "summary_gm_k": 0.4406067741452335,
  "summary_gm_mad": 35.372288850395904,
  "summary_gm_mean": 364.99639894733554,
  "summary_gm_median": 364.756774853915,
  "summary_gm_n": 394699.0,
  "summary_gm_p05": 305.2274274341762,
  "summary_gm_p95": 425.4953121431172,
  "summary_gm_stdv": 36.80437055182841,
  "summary_wm_k": -0.716880689184725,
  "summary_wm_mad": 273.9111451426856,
  "summary_wm_mean": 835.1996554893819,
  "summary_wm_median": 1000.0697830002755,
  "summary_wm_n": 35264.0,
  "summary_wm_p05": 50.99525737948716,
  "summary_wm_p95": 1288.3685522619635,
  "summary_wm_stdv": 418.38323569421635,
  "tpm_overlap_csf": 0.10571617804398266,
  "tpm_overlap_gm": 0.2849254137741041,
  "tpm_overlap_wm": 0.026162236588908407,
  "wm2max": 0.8292743985916576
}