{
  "bids_meta": {
    "AcquisitionMatrixPE": 302,
    "AcquisitionNumber": 1,
    "AcquisitionTime": "15:29:22.222500",
    "BaseResolution": 320,
    "CoilCombinationMethod": "Adaptive Combine",
    "CoilString": "C:HEA;HEP",
    "ConversionSoftware": "dcm2niix",
    "ConversionSoftwareVersion": "v1.0.20211220",
    "Dcm2bidsVersion": "2.1.6",
    "DeviceSerialNumber": "40463",
    "DwellTime": 2.1e-06,
    "EchoTime": 0.56,
    "EchoTrainLength": 167,
    "FlipAngle": 120,
    "ImageOrientationPatientDICOM": [
      0,
      1,
      0,
      0,
      0,
      -1
    ],
    "ImageOrientationText": "Sag",
    "ImageType": [
      "ORIGINAL",
      "PRIMARY",
      "M",
      "ND"
    ],
    "ImagingFrequency": 123.122,
    "InPlanePhaseEncodingDirectionDICOM": "ROW",
    "MRAcquisitionType": "3D",
    "MagneticFieldStrength": 3,
    "Manufacturer": "Siemens",
    "ManufacturersModelName": "Verio",
    "MatrixCoilMode": "GRAPPA",
    "Modality": "MR",
    "ParallelReductionFactorInPlane": 2,
    "PartialFourier": 1,
    "PatientPosition": "HFS",
    "PercentPhaseFOV": 93.75,
    "PercentSampling": 100.667,
    "PhaseEncodingDirection": "i",
    "PhaseEncodingSteps": 290,
    "PhaseResolution": 1.00667,
    "PixelBandwidth": 744,
    "ProtocolName": "T2w_SPC1_0.8iso",
    "PulseSequenceDetails": "%SiemensSeq%\\tse_vfl",
    "ReceiveCoilName": "32Ch_Head",
    "ReconMatrixPE": 300,
    "RefLinesPE": 32,
    "RepetitionTime": 3.2,
    "SAR": 0.108437,
    "ScanOptions": "PFP",
    "ScanningSequence": "SE",
    "SequenceName": "*spc3d1_334ns",
    "SequenceVariant": "SK\\SP",
    "SeriesDescription": "T2w_SPC1_0.8iso",
    "SeriesNumber": 15,
    "ShimSetting": [
      2843,
      7532,
      -15102,
      131,
      788,
      -882,
      -190,
      1141
    ],
    "SliceThickness": 0.8,
    "SoftwareVersions": "syngo MR B17",
    "SpoilingState": true,
    "StationName": "MRC40463",
    "TxRefAmp": 440.277,
    "acq_id": "01",
    "dataset": "ds004056",
    "modality": "T2w",
    "session_id": "02",
    "subject_id": "10"
  },
  "cjv": 0.3895381858596833,
  "cnr": 1.70502547432964,
  "efc": 0.5011943654398942,
  "fber": 9023.774235171695,
  "fwhm_avg": 2.9307124563289815,
  "fwhm_x": 2.876337457139232,
  "fwhm_y": 3.119312453518622,
  "fwhm_z": 2.7964874583290897,
  "icvs_csf": 0.42533000175131175,
  "icvs_gm": 0.4447012297561616,
  "icvs_wm": 0.12996876849252667,
  "inu_med": 0.8480801582336426,
  "inu_range": 0.8347311854362489,
  "provenance": {
    "md5sum": "a2872333c79d0a4e1e9d95c8371c8992",
    "settings": {
      "testing": false
    },
    "software": "mriqc",
    "version": "23.0.1",
    "warnings": {
      "large_rot_frame": true,
      "small_air_mask": false
    },
    "webapi_port": null,
    "webapi_url": "https://mriqc.nimh.nih.gov/api/v1"
  },
  "qi_1": 0.0,
  "qi_2": 0.010750621908404133,
  "rpve_csf": 12.63980485364023,
  "rpve_gm": 12.7661267016229,
  "rpve_wm": 44.9591907303671,
  "size_x": 224,
  "size_y": 300,
  "size_z": 320,
  "snr_csf": 10.189571678190426,
  "snr_gm": 9.729878450444822,
  "snr_total": 7.518916870542841,
  "snr_wm": 2.6373004829932736,
  "snrd_csf": 50.131782642225005,
  "snrd_gm": 30.83685643622315,
  "snrd_total": 56.31858964442353,
  "snrd_wm": 87.98712985482246,
  "spacing_x": 0.800000011920929,
  "spacing_y": 0.800000011920929,
  "spacing_z": 0.800000011920929,
  "summary_bg_k": 7.287053867483246,
  "summary_bg_mad": 0.0,
  "summary_bg_mean": 4.967797407155742,
  "summary_bg_median": 0.0,
  "summary_bg_n": 6686799.0,
  "summary_bg_p05": 0.0,
  "summary_bg_p95": 21.193386055529118,
  "summary_bg_stdv": 7.446430830557929,
  "summary_csf_k": 0.6829101526633425,
  "summary_csf_mad": 53.08647651898713,
  "summary_csf_mean": 571.2852101607558,
  "summary_csf_median": 569.8093585669994,
  "summary_csf_n": 155156.0,
  "summary_csf_p05": 484.54403411597013,
  "summary_csf_p95": 665.9641023725271,
  "summary_csf_stdv": 55.92065499053652,
  "summary_gm_k": 0.5352897460895494,
  "summary_gm_mad": 34.65029664221659,
  "summary_gm_mean": 350.9637301085126,
  "summary_gm_median": 350.4987945780158,
  "summary_gm_n": 408304.0,
  "summary_gm_p05": 292.8199991583824,
  "summary_gm_p95": 410.4023100808263,
  "summary_gm_stdv": 36.02289249036801,
  "summary_wm_k": -0.09256605853733868,
  "summary_wm_mad": 218.38714015986204,
  "summary_wm_mean": 856.8928595392354,
  "summary_wm_median": 1000.0819317065179,
  "summary_wm_n": 36832.0,
  "summary_wm_p05": 57.17647704295815,
  "summary_wm_p95": 1241.2767158821225,
  "summary_wm_stdv": 379.20152132798904,
  "tpm_overlap_csf": 0.10821461031080823,
  "tpm_overlap_gm": 0.29277783071983277,
  "tpm_overlap_wm": 0.024696487360147595,
  "wm2max": 0.8448170128585559
}