{
  "bids_meta": {
    "AcquisitionMatrixPE": 300,
    "AcquisitionNumber": 1,
    "AcquisitionTime": "10:35:2.552500",
    "BaseResolution": 320,
    "CoilCombinationMethod": "Adaptive Combine",
    "CoilString": "C:HEA;HEP",
    "ConversionSoftware": "dcm2niix",
    "ConversionSoftwareVersion": "v1.0.20211220",
    "Dcm2bidsVersion": "2.1.6",
    "DeviceSerialNumber": "40463",
    "DwellTime": 7.4e-06,
    "EchoTime": 0.00224,
    "FlipAngle": 8,
    "ImageOrientationPatientDICOM": [
      0,
      1,
      0,
      0,
      0,
      -1
    ],
    "ImageOrientationText": "Sag",
    "ImageType": [
      "ORIGINAL",
      "PRIMARY",
      "M",
      "ND"
    ],
    "ImagingFrequency": 123.122,
    "InPlanePhaseEncodingDirectionDICOM": "ROW",
    "InversionTime": 1.06,
    "MRAcquisitionType": "3D",
    "MagneticFieldStrength": 3,
    "Manufacturer": "Siemens",
    "ManufacturersModelName": "Verio",
    "MatrixCoilMode": "GRAPPA",
    "Modality": "MR",
    "ParallelReductionFactorInPlane": 2,
    "PartialFourier": 1,
    "PatientPosition": "HFS",
    "PercentPhaseFOV": 93.75,
    "PercentSampling": 100,
    "PhaseEncodingSteps": 299,
    "PhaseResolution": 1,
    "PixelBandwidth": 211,
    "ProtocolName": "T1w_MPR1_0.8iso",
    "PulseSequenceDetails": "%SiemensSeq%\\tfl",
    "ReceiveCoilName": "32Ch_Head",
    "ReconMatrixPE": 300,
    "RefLinesPE": 32,
    "RepetitionTime": 2.4,
    "SAR": 0.0263911,
    "ScanOptions": "IR\\WE",
    "ScanningSequence": "GR\\IR",
    "SequenceName": "*tfl3d1_ns",
    "SequenceVariant": "SP\\MP",
    "SeriesDescription": "T1w_MPR1_0.8iso",
    "SeriesNumber": 14,
    "ShimSetting": [
      2845,
      7643,
      -15065,
      75,
      902,
      -957,
      -711,
      1235
    ],
    "SliceThickness": 0.8,
    "SoftwareVersions": "syngo MR B17",
    "StationName": "MRC40463",
    "TxRefAmp": 425.324,
    "acq_id": "01",
    "dataset": "ds004056",
    "modality": "T1w",
    "session_id": "02",
    "subject_id": "28"
  },
  "cjv": 0.4528303852417691,
  "cnr": 2.991974899159236,
  "efc": 0.5386882899246019,
  "fber": 21707.93651578278,
  "fwhm_avg": 4.310829102430307,
  "fwhm_x": 4.436449933891745,
  "fwhm_y": 4.063824939444289,
  "fwhm_z": 4.432212433954888,
  "icvs_csf": 0.19129365158067865,
  "icvs_gm": 0.4435176583108852,
  "icvs_wm": 0.3651886901084362,
  "inu_med": 0.916587769985199,
  "inu_range": 0.6173783928155897,
  "provenance": {
    "md5sum": "7f97b5c75478adf97d9dd7cf0e5d0019",
    "settings": {
      "testing": false
    },
    "software": "mriqc",
    "version": "23.0.1",
    "warnings": {
      "large_rot_frame": true,
      "small_air_mask": false
    },
    "webapi_port": null,
    "webapi_url": "https://mriqc.nimh.nih.gov/api/v1"
  },
  "qi_1": 0.0,
  "qi_2": 0.0045963384456421145,
  "rpve_csf": 25.36361121893834,
  "rpve_gm": 11.512666696376456,
  "rpve_wm": 15.182867533052104,
  "size_x": 224,
  "size_y": 300,
  "size_z": 320,
  "snr_csf": 2.7536316462358577,
  "snr_gm": 14.111433940711652,
  "snr_total": 11.187619195142057,
  "snr_wm": 16.697791998478664,
  "snrd_csf": 17.879637112472587,
  "snrd_gm": 43.89219455360528,
  "snrd_total": 39.91610017070478,
  "snrd_wm": 57.97646884603648,
  "spacing_x": 0.800000011920929,
  "spacing_y": 0.800000011920929,
  "spacing_z": 0.800000011920929,
  "summary_bg_k": 3.505655121358741,
  "summary_bg_mad": 0.0,
  "summary_bg_mean": 7.934736452202411,
  "summary_bg_median": 0.0,
  "summary_bg_n": 6571128.0,
  "summary_bg_p05": 0.0,
  "summary_bg_p95": 31.543654967099428,
  "summary_bg_stdv": 11.301037183068287,
  "summary_csf_k": 5.179162899738902,
  "summary_csf_mad": 85.61902226531733,
  "summary_csf_mean": 318.58661619395394,
  "summary_csf_median": 308.42194667831063,
  "summary_csf_n": 85787.0,
  "summary_csf_p05": 139.89500685408711,
  "summary_csf_p95": 518.6835684590042,
  "summary_csf_stdv": 112.00486800462893,
  "summary_gm_k": 0.15506685848769086,
  "summary_gm_mad": 53.307489034555864,
  "summary_gm_mean": 756.5900911730209,
  "summary_gm_median": 757.1359532102942,
  "summary_gm_n": 83583.0,
  "summary_gm_p05": 667.5828550036997,
  "summary_gm_p95": 843.3405711203814,
  "summary_gm_stdv": 53.65375532576573,
  "summary_wm_k": 0.47557708776343954,
  "summary_wm_mad": 56.708703058846545,
  "summary_wm_mean": 1005.8276768864947,
  "summary_wm_median": 1000.0882719568908,
  "summary_wm_n": 408943.0,
  "summary_wm_p05": 917.5453650429845,
  "summary_wm_p95": 1114.0424828380346,
  "summary_wm_stdv": 59.89337088850137,
  "tpm_overlap_csf": 0.1594419324812616,
  "tpm_overlap_gm": 0.45816683347675974,
  "tpm_overlap_wm": 0.4738872469760817,
  "wm2max": 0.5882551380527299
}