{
  "bids_meta": {
    "AcquisitionMatrixPE": 302,
    "AcquisitionNumber": 1,
    "AcquisitionTime": "10:54:25.222500",
    "BaseResolution": 320,
    "CoilCombinationMethod": "Adaptive Combine",
    "CoilString": "C:HEA;HEP",
    "ConversionSoftware": "dcm2niix",
    "ConversionSoftwareVersion": "v1.0.20211220",
    "Dcm2bidsVersion": "2.1.6",
    "DeviceSerialNumber": "40463",
    "DwellTime": 2.1e-06,
    "EchoTime": 0.56,
    "EchoTrainLength": 167,
    "FlipAngle": 120,
    "ImageOrientationPatientDICOM": [
      0,
      1,
      0,
      0,
      0,
      -1
    ],
    "ImageOrientationText": "Sag",
    "ImageType": [
      "ORIGINAL",
      "PRIMARY",
      "M",
      "ND"
    ],
    "ImagingFrequency": 123.122,
    "InPlanePhaseEncodingDirectionDICOM": "ROW",
    "MRAcquisitionType": "3D",
    "MagneticFieldStrength": 3,
    "Manufacturer": "Siemens",
    "ManufacturersModelName": "Verio",
    "MatrixCoilMode": "GRAPPA",
    "Modality": "MR",
    "ParallelReductionFactorInPlane": 2,
    "PartialFourier": 1,
    "PatientPosition": "HFS",
    "PercentPhaseFOV": 93.75,
    "PercentSampling": 100.667,
    "PhaseEncodingDirection": "i",
    "PhaseEncodingSteps": 290,
    "PhaseResolution": 1.00667,
    "PixelBandwidth": 744,
    "ProtocolName": "T2w_SPC2_0.8iso",
    "PulseSequenceDetails": "%SiemensSeq%\\tse_vfl",
    "ReceiveCoilName": "32Ch_Head",
    "ReconMatrixPE": 300,
    "RefLinesPE": 32,
    "RepetitionTime": 3.2,
    "SAR": 0.0864963,
    "ScanOptions": "PFP",
    "ScanningSequence": "SE",
    "SequenceName": "*spc3d1_334ns",
    "SequenceVariant": "SK\\SP",
    "SeriesDescription": "T2w_SPC2_0.8iso",
    "SeriesNumber": 17,
    "ShimSetting": [
      2845,
      7643,
      -15065,
      75,
      902,
      -957,
      -711,
      1235
    ],
    "SliceThickness": 0.8,
    "SoftwareVersions": "syngo MR B17",
    "SpoilingState": true,
    "StationName": "MRC40463",
    "TxRefAmp": 425.324,
    "acq_id": "02",
    "dataset": "ds004056",
    "modality": "T2w",
    "session_id": "02",
    "subject_id": "28"
  },
  "cjv": 0.61594266034195,
  "cnr": 1.3867809472282124,
  "efc": 0.49723393115226033,
  "fber": 9417.436672967864,
  "fwhm_avg": 2.8356374577457086,
  "fwhm_x": 2.8080624581566083,
  "fwhm_y": 2.993662455390953,
  "fwhm_z": 2.7051874596895655,
  "icvs_csf": 0.18585582102990755,
  "icvs_gm": 0.6275672707579506,
  "icvs_wm": 0.18657690821214182,
  "inu_med": 0.8839223086833954,
  "inu_range": 0.5453981310129166,
  "provenance": {
    "md5sum": "be3a3002894088c237dc407891fb3191",
    "settings": {
      "testing": false
    },
    "software": "mriqc",
    "version": "23.0.1",
    "warnings": {
      "large_rot_frame": true,
      "small_air_mask": false
    },
    "webapi_port": null,
    "webapi_url": "https://mriqc.nimh.nih.gov/api/v1"
  },
  "qi_1": 0.0,
  "qi_2": 0.007077145771351997,
  "rpve_csf": 23.59404667929546,
  "rpve_gm": 8.768504603153646,
  "rpve_wm": 27.208940308406778,
  "size_x": 224,
  "size_y": 300,
  "size_z": 320,
  "snr_csf": 5.976835767733775,
  "snr_gm": 5.277813991718537,
  "snr_total": 4.576435661742971,
  "snr_wm": 2.474657225776601,
  "snrd_csf": 90.21993405614833,
  "snrd_gm": 56.039970735413746,
  "snrd_total": 92.36779217895635,
  "snrd_wm": 130.84347174530697,
  "spacing_x": 0.800000011920929,
  "spacing_y": 0.800000011920929,
  "spacing_z": 0.800000011920929,
  "summary_bg_k": 10.425658920661792,
  "summary_bg_mad": 5.008286252368348,
  "summary_bg_mean": 5.660785683428017,
  "summary_bg_median": 3.378037743270397,
  "summary_bg_n": 6597597.0,
  "summary_bg_p05": 0.0,
  "summary_bg_p95": 24.553796730935574,
  "summary_bg_stdv": 8.652057033064507,
  "summary_csf_k": -0.23559326505232914,
  "summary_csf_mad": 111.49043202100583,
  "summary_csf_mean": 720.5725912277891,
  "summary_csf_median": 689.6995120756328,
  "summary_csf_n": 16299.0,
  "summary_csf_p05": 569.5220379732549,
  "summary_csf_p95": 903.3730039559305,
  "summary_csf_stdv": 115.39188641414374,
  "summary_gm_k": -0.5247731500208008,
  "summary_gm_mad": 84.1691092562203,
  "summary_gm_mean": 446.07141414332483,
  "summary_gm_median": 428.4057717099786,
  "summary_gm_n": 546025.0,
  "summary_gm_p05": 338.2575405910611,
  "summary_gm_p95": 591.7616267576814,
  "summary_gm_stdv": 81.17098861138305,
  "summary_wm_k": -1.0261465656112632,
  "summary_wm_mad": 268.0554403133268,
  "summary_wm_mean": 818.8841794237667,
  "summary_wm_median": 1000.2521013244987,
  "summary_wm_n": 54480.0,
  "summary_wm_p05": 86.71977490186691,
  "summary_wm_p95": 1280.8813263848424,
  "summary_wm_stdv": 404.19453283065775,
  "tpm_overlap_csf": 0.09608562346950808,
  "tpm_overlap_gm": 0.4073752249713958,
  "tpm_overlap_wm": 0.10392749448947453,
  "wm2max": 0.8063650774295817
}