{
  "bids_meta": {
    "AcquisitionMatrixPE": 302,
    "AcquisitionNumber": 1,
    "AcquisitionTime": "15:07:39.267500",
    "BaseResolution": 320,
    "CoilCombinationMethod": "Adaptive Combine",
    "CoilString": "C:HEA;HEP",
    "ConversionSoftware": "dcm2niix",
    "ConversionSoftwareVersion": "v1.0.20211220",
    "Dcm2bidsVersion": "2.1.6",
    "DeviceSerialNumber": "40463",
    "DwellTime": 2.1e-06,
    "EchoTime": 0.56,
    "EchoTrainLength": 167,
    "FlipAngle": 120,
    "ImageOrientationPatientDICOM": [
      0,
      1,
      0,
      0,
      0,
      -1
    ],
    "ImageOrientationText": "Sag",
    "ImageType": [
      "ORIGINAL",
      "PRIMARY",
      "M",
      "ND"
    ],
    "ImagingFrequency": 123.121,
    "InPlanePhaseEncodingDirectionDICOM": "ROW",
    "MRAcquisitionType": "3D",
    "MagneticFieldStrength": 3,
    "Manufacturer": "Siemens",
    "ManufacturersModelName": "Verio",
    "MatrixCoilMode": "GRAPPA",
    "Modality": "MR",
    "ParallelReductionFactorInPlane": 2,
    "PartialFourier": 1,
    "PatientPosition": "HFS",
    "PercentPhaseFOV": 93.75,
    "PercentSampling": 100.667,
    "PhaseEncodingDirection": "i",
    "PhaseEncodingSteps": 290,
    "PhaseResolution": 1.00667,
    "PixelBandwidth": 744,
    "ProtocolName": "T2w_SPC1_0.8iso",
    "PulseSequenceDetails": "%SiemensSeq%\\tse_vfl",
    "ReceiveCoilName": "32Ch_Head",
    "ReconMatrixPE": 300,
    "RefLinesPE": 32,
    "RepetitionTime": 3.2,
    "SAR": 0.103974,
    "ScanOptions": "PFP",
    "ScanningSequence": "SE",
    "SequenceName": "*spc3d1_334ns",
    "SequenceVariant": "SK\\SP",
    "SeriesDescription": "T2w_SPC1_0.8iso",
    "SeriesNumber": 15,
    "ShimSetting": [
      2857,
      7507,
      -15106,
      -66,
      721,
      -961,
      -158,
      1124
    ],
    "SliceThickness": 0.8,
    "SoftwareVersions": "syngo MR B17",
    "SpoilingState": true,
    "StationName": "MRC40463",
    "TxRefAmp": 428.552,
    "acq_id": "01",
    "dataset": "ds004056",
    "modality": "T2w",
    "session_id": "02",
    "subject_id": "07"
  },
  "cjv": 0.4579871407751516,
  "cnr": 1.6992236394308293,
  "efc": 0.49728874644263243,
  "fber": 5748.098641344047,
  "fwhm_avg": 3.0149832884065817,
  "fwhm_x": 2.918674956508354,
  "fwhm_y": 3.2096874521719303,
  "fwhm_z": 2.9165874565394603,
  "icvs_csf": 0.44935425385644456,
  "icvs_gm": 0.390317742010668,
  "icvs_wm": 0.16032800413288747,
  "inu_med": 0.8514637053012848,
  "inu_range": 0.7685438483953475,
  "provenance": {
    "md5sum": "2e99221647e61ddbaa313abac56e71d1",
    "settings": {
      "testing": false
    },
    "software": "mriqc",
    "version": "23.0.1",
    "warnings": {
      "large_rot_frame": true,
      "small_air_mask": false
    },
    "webapi_port": null,
    "webapi_url": "https://mriqc.nimh.nih.gov/api/v1"
  },
  "qi_1": 0.0,
  "qi_2": 0.006836175498001715,
  "rpve_csf": 12.193636529865207,
  "rpve_gm": 14.06824729148776,
  "rpve_wm": 36.35337004733937,
  "size_x": 224,
  "size_y": 300,
  "size_z": 320,
  "snr_csf": 10.541283977103669,
  "snr_gm": 9.21763036434003,
  "snr_total": 7.4590843674692096,
  "snr_wm": 2.6183387609639284,
  "snrd_csf": 80.34097457798214,
  "snrd_gm": 48.11323754884982,
  "snrd_total": 88.93974130000781,
  "snrd_wm": 138.36501177319147,
  "spacing_x": 0.800000011920929,
  "spacing_y": 0.800000011920929,
  "spacing_z": 0.800000011920929,
  "summary_bg_k": 4.2984414753350615,
  "summary_bg_mad": 4.735985306284592,
  "summary_bg_mean": 5.947800875005481,
  "summary_bg_median": 3.194373546168208,
  "summary_bg_n": 5846235.0,
  "summary_bg_p05": 0.0,
  "summary_bg_p95": 22.70958000048995,
  "summary_bg_stdv": 8.276063837577698,
  "summary_csf_k": 1.6131937077873015,
  "summary_csf_mad": 48.39460615497533,
  "summary_csf_mean": 582.6556648829597,
  "summary_csf_median": 580.7854289487004,
  "summary_csf_n": 161765.0,
  "summary_csf_p05": 496.50228558517995,
  "summary_csf_p95": 673.5564791634679,
  "summary_csf_stdv": 55.09609977833121,
  "summary_gm_k": 0.6317938760129613,
  "summary_gm_mad": 35.42039430750661,
  "summary_gm_mean": 347.8758063153054,
  "summary_gm_median": 347.8109078798443,
  "summary_gm_n": 327119.0,
  "summary_gm_p05": 286.2319758217782,
  "summary_gm_p95": 409.52405731379986,
  "summary_gm_stdv": 37.73316595526637,
  "summary_wm_k": 0.05878889545229837,
  "summary_wm_mad": 263.38446014278514,
  "summary_wm_mean": 902.1145789102828,
  "summary_wm_median": 1000.2415720783174,
  "summary_wm_n": 48283.0,
  "summary_wm_p05": 73.87324368953705,
  "summary_wm_p95": 1337.1540290359408,
  "summary_wm_stdv": 382.00985633467906,
  "tpm_overlap_csf": 0.1078363699280986,
  "tpm_overlap_gm": 0.2621937640921137,
  "tpm_overlap_wm": 0.03527871849657737,
  "wm2max": 0.7770849408771454
}