{
  "bids_meta": {
    "AcquisitionMatrixPE": 300,
    "AcquisitionNumber": 1,
    "AcquisitionTime": "12:01:54.590000",
    "BaseResolution": 320,
    "CoilCombinationMethod": "Adaptive Combine",
    "CoilString": "C:HEA;HEP",
    "ConversionSoftware": "dcm2niix",
    "ConversionSoftwareVersion": "v1.0.20211220",
    "Dcm2bidsVersion": "2.1.6",
    "DeviceSerialNumber": "40463",
    "DwellTime": 7.4e-06,
    "EchoTime": 0.00224,
    "FlipAngle": 8,
    "ImageOrientationPatientDICOM": [
      0,
      1,
      0,
      0,
      0,
      -1
    ],
    "ImageOrientationText": "Sag",
    "ImageType": [
      "ORIGINAL",
      "PRIMARY",
      "M",
      "ND"
    ],
    "ImagingFrequency": 123.122,
    "InPlanePhaseEncodingDirectionDICOM": "ROW",
    "InversionTime": 1.06,
    "MRAcquisitionType": "3D",
    "MagneticFieldStrength": 3,
    "Manufacturer": "Siemens",
    "ManufacturersModelName": "Verio",
    "MatrixCoilMode": "GRAPPA",
    "Modality": "MR",
    "ParallelReductionFactorInPlane": 2,
    "PartialFourier": 1,
    "PatientPosition": "HFS",
    "PercentPhaseFOV": 93.75,
    "PercentSampling": 100,
    "PhaseEncodingSteps": 299,
    "PhaseResolution": 1,
    "PixelBandwidth": 211,
    "ProtocolName": "T1w_MPR1_0.8iso",
    "PulseSequenceDetails": "%SiemensSeq%\\tfl",
    "ReceiveCoilName": "32Ch_Head",
    "ReconMatrixPE": 300,
    "RefLinesPE": 32,
    "RepetitionTime": 2.4,
    "SAR": 0.0295194,
    "ScanOptions": "IR\\WE",
    "ScanningSequence": "GR\\IR",
    "SequenceName": "*tfl3d1_ns",
    "SequenceVariant": "SP\\MP",
    "SeriesDescription": "T1w_MPR1_0.8iso",
    "SeriesNumber": 14,
    "ShimSetting": [
      2854,
      7492,
      -15129,
      11,
      944,
      -1136,
      9,
      1124
    ],
    "SliceThickness": 0.8,
    "SoftwareVersions": "syngo MR B17",
    "StationName": "MRC40463",
    "TxRefAmp": 438.977,
    "acq_id": "01",
    "dataset": "ds004056",
    "modality": "T1w",
    "session_id": "02",
    "subject_id": "17"
  },
  "cjv": 0.44943237810325515,
  "cnr": 2.989275373946092,
  "efc": 0.5469209499466774,
  "fber": 23906.19375338021,
  "fwhm_avg": 4.8246415947739045,
  "fwhm_x": 4.672887430368551,
  "fwhm_y": 4.772512428884023,
  "fwhm_z": 5.0285249250691395,
  "icvs_csf": 0.21647026221774038,
  "icvs_gm": 0.41059885091536824,
  "icvs_wm": 0.37293088686689135,
  "inu_med": 0.8846521377563477,
  "inu_range": 0.9000109434127808,
  "provenance": {
    "md5sum": "7ab23f632d9e2f824f8261f9d83fd286",
    "settings": {
      "testing": false
    },
    "software": "mriqc",
    "version": "23.0.1",
    "warnings": {
      "large_rot_frame": true,
      "small_air_mask": false
    },
    "webapi_port": null,
    "webapi_url": "https://mriqc.nimh.nih.gov/api/v1"
  },
  "qi_1": 0.0,
  "qi_2": 0.004687008744066117,
  "rpve_csf": 23.593629948866496,
  "rpve_gm": 12.47850878792835,
  "rpve_wm": 15.383613880695693,
  "size_x": 224,
  "size_y": 300,
  "size_z": 320,
  "snr_csf": 2.981691590721793,
  "snr_gm": 13.223760296205079,
  "snr_total": 11.303902299641797,
  "snr_wm": 17.70625501199852,
  "snrd_csf": 19.670003904852894,
  "snrd_gm": 52.243278292745046,
  "snrd_total": 46.95094177289042,
  "snrd_wm": 68.93954312107331,
  "spacing_x": 0.800000011920929,
  "spacing_y": 0.800000011920929,
  "spacing_z": 0.800000011920929,
  "summary_bg_k": 4.60296726002403,
  "summary_bg_mad": 0.0,
  "summary_bg_mean": 6.413438901952224,
  "summary_bg_median": 0.0,
  "summary_bg_n": 6397204.0,
  "summary_bg_p05": 0.0,
  "summary_bg_p95": 25.481346398591995,
  "summary_bg_stdv": 9.503057014525155,
  "summary_csf_k": 7.3961801955973066,
  "summary_csf_mad": 63.82567483912642,
  "summary_csf_mean": 299.2728973164418,
  "summary_csf_median": 285.3225199878216,
  "summary_csf_n": 141648.0,
  "summary_csf_p05": 176.48403368890285,
  "summary_csf_p95": 485.74530735611916,
  "summary_csf_stdv": 95.69115522226386,
  "summary_gm_k": 0.09600868036703059,
  "summary_gm_mad": 57.260990300264716,
  "summary_gm_mean": 757.5241867848513,
  "summary_gm_median": 757.812956571579,
  "summary_gm_n": 85337.0,
  "summary_gm_p05": 663.6005345731974,
  "summary_gm_p95": 850.9969834238291,
  "summary_gm_stdv": 57.30658295859608,
  "summary_wm_k": 0.8096667507907656,
  "summary_wm_mad": 51.585714634410074,
  "summary_wm_mean": 1006.8232724085963,
  "summary_wm_median": 1000.0000134855509,
  "summary_wm_n": 462906.0,
  "summary_wm_p05": 926.5268936008215,
  "summary_wm_p95": 1110.8381570130587,
  "summary_wm_stdv": 56.47715638763879,
  "tpm_overlap_csf": 0.1615646437652276,
  "tpm_overlap_gm": 0.4444922592582586,
  "tpm_overlap_wm": 0.4922445770040948,
  "wm2max": 0.5412852548243444
}