{
  "bids_meta": {
    "AcquisitionMatrixPE": 302,
    "AcquisitionNumber": 1,
    "AcquisitionTime": "12:08:35.285000",
    "BaseResolution": 320,
    "CoilCombinationMethod": "Adaptive Combine",
    "CoilString": "C:HEA;HEP",
    "ConversionSoftware": "dcm2niix",
    "ConversionSoftwareVersion": "v1.0.20211220",
    "Dcm2bidsVersion": "2.1.6",
    "DeviceSerialNumber": "40463",
    "DwellTime": 2.1e-06,
    "EchoTime": 0.56,
    "EchoTrainLength": 167,
    "FlipAngle": 120,
    "ImageOrientationPatientDICOM": [
      0,
      1,
      0,
      0,
      0,
      -1
    ],
    "ImageOrientationText": "Sag",
    "ImageType": [
      "ORIGINAL",
      "PRIMARY",
      "M",
      "ND"
    ],
    "ImagingFrequency": 123.122,
    "InPlanePhaseEncodingDirectionDICOM": "ROW",
    "MRAcquisitionType": "3D",
    "MagneticFieldStrength": 3,
    "Manufacturer": "Siemens",
    "ManufacturersModelName": "Verio",
    "MatrixCoilMode": "GRAPPA",
    "Modality": "MR",
    "ParallelReductionFactorInPlane": 2,
    "PartialFourier": 1,
    "PatientPosition": "HFS",
    "PercentPhaseFOV": 93.75,
    "PercentSampling": 100.667,
    "PhaseEncodingDirection": "i",
    "PhaseEncodingSteps": 290,
    "PhaseResolution": 1.00667,
    "PixelBandwidth": 744,
    "ProtocolName": "T2w_SPC1_0.8iso",
    "PulseSequenceDetails": "%SiemensSeq%\\tse_vfl",
    "ReceiveCoilName": "32Ch_Head",
    "ReconMatrixPE": 300,
    "RefLinesPE": 32,
    "RepetitionTime": 3.2,
    "SAR": 0.0967495,
    "ScanOptions": "PFP",
    "ScanningSequence": "SE",
    "SequenceName": "*spc3d1_334ns",
    "SequenceVariant": "SK\\SP",
    "SeriesDescription": "T2w_SPC1_0.8iso",
    "SeriesNumber": 15,
    "ShimSetting": [
      2854,
      7492,
      -15129,
      11,
      944,
      -1136,
      9,
      1124
    ],
    "SliceThickness": 0.8,
    "SoftwareVersions": "syngo MR B17",
    "SpoilingState": true,
    "StationName": "MRC40463",
    "TxRefAmp": 438.977,
    "acq_id": "01",
    "dataset": "ds004056",
    "modality": "T2w",
    "session_id": "02",
    "subject_id": "17"
  },
  "cjv": 0.15766698548608946,
  "cnr": 2.272208317922512,
  "efc": 0.49561035579888774,
  "fber": 4056.9478980111226,
  "fwhm_avg": 3.5162832809366296,
  "fwhm_x": 3.3282249504055836,
  "fwhm_y": 3.75322494407259,
  "fwhm_z": 3.4673999483317144,
  "icvs_csf": 0.28395371717049805,
  "icvs_gm": 0.6200841826788717,
  "icvs_wm": 0.09596210015063025,
  "inu_med": 0.8764208853244781,
  "inu_range": 0.7522448629140853,
  "provenance": {
    "md5sum": "8d8dd5fad00737c6a410c654c2a34e1d",
    "settings": {
      "testing": false
    },
    "software": "mriqc",
    "version": "23.0.1",
    "warnings": {
      "large_rot_frame": true,
      "small_air_mask": false
    },
    "webapi_port": null,
    "webapi_url": "https://mriqc.nimh.nih.gov/api/v1"
  },
  "qi_1": 0.0,
  "qi_2": 0.007194818088168929,
  "rpve_csf": 14.584936067405051,
  "rpve_gm": 9.271615803161806,
  "rpve_wm": 61.129346211418394,
  "size_x": 224,
  "size_y": 300,
  "size_z": 320,
  "snr_csf": 4.389126255115609,
  "snr_gm": 6.6501773033877045,
  "snr_total": 4.788896595158033,
  "snr_wm": 3.327386226970789,
  "snrd_csf": 84.65839445957211,
  "snrd_gm": 31.583633218660328,
  "snrd_total": 72.83660579740213,
  "snrd_wm": 102.26778971397397,
  "spacing_x": 0.800000011920929,
  "spacing_y": 0.800000011920929,
  "spacing_z": 0.800000011920929,
  "summary_bg_k": 8.374059024371943,
  "summary_bg_mad": 6.4072345384665725,
  "summary_bg_mean": 5.066933776695861,
  "summary_bg_median": 4.321614023298025,
  "summary_bg_n": 6388256.0,
  "summary_bg_p05": 0.0,
  "summary_bg_p95": 19.936727676540613,
  "summary_bg_stdv": 7.131514607174863,
  "summary_csf_k": -1.1238844918371302,
  "summary_csf_mad": 209.52718913361127,
  "summary_csf_mean": 769.8302290363168,
  "summary_csf_median": 827.9591684304178,
  "summary_csf_n": 60653.0,
  "summary_csf_p05": 487.8648582212627,
  "summary_csf_p95": 994.5442570522428,
  "summary_csf_stdv": 188.63716714924882,
  "summary_gm_k": 1.6357907345602776,
  "summary_gm_mad": 38.93899443266977,
  "summary_gm_mean": 314.96046718270026,
  "summary_gm_median": 308.8879592232406,
  "summary_gm_n": 658637.0,
  "summary_gm_p05": 250.60586071014404,
  "summary_gm_p95": 403.0084149129689,
  "summary_gm_stdv": 46.44804350938307,
  "summary_wm_k": 3.239047529588789,
  "summary_wm_mad": 70.05479089295771,
  "summary_wm_mean": 902.8195377631604,
  "summary_wm_median": 1000.1790687069297,
  "summary_wm_n": 42153.0,
  "summary_wm_p05": 68.57279267907143,
  "summary_wm_p95": 1116.4663004145027,
  "summary_wm_stdv": 300.5864473602482,
  "tpm_overlap_csf": 0.13594105664480158,
  "tpm_overlap_gm": 0.3964800156558651,
  "tpm_overlap_wm": 0.024819457744578468,
  "wm2max": 0.8875752182388338
}