{
  "bids_meta": {
    "AcquisitionMatrixPE": 300,
    "AcquisitionNumber": 1,
    "AcquisitionTime": "16:58:18.332500",
    "BaseResolution": 320,
    "CoilCombinationMethod": "Adaptive Combine",
    "CoilString": "C:A32",
    "ConversionSoftware": "dcm2niix",
    "ConversionSoftwareVersion": "v1.0.20211220",
    "Dcm2bidsVersion": "2.1.6",
    "DeviceSerialNumber": "18981",
    "DwellTime": 6.5e-06,
    "EchoTime": 0.00299,
    "ImageComments": "DENOISED IMAGE (lambda = 150)",
    "ImageOrientationPatientDICOM": [
      0,
      1,
      0,
      0,
      0,
      -1
    ],
    "ImageOrientationText": "Sag",
    "ImageType": [
      "ORIGINAL",
      "PRIMARY",
      "M",
      "ND",
      "UNI"
    ],
    "ImagingFrequency": 297.224,
    "InPlanePhaseEncodingDirectionDICOM": "ROW",
    "MRAcquisitionType": "3D",
    "MagneticFieldStrength": 6.98,
    "Manufacturer": "Siemens",
    "ManufacturersModelName": "Investigational_Device_7T",
    "MatrixCoilMode": "GRAPPA",
    "Modality": "MR",
    "ParallelReductionFactorInPlane": 3,
    "PartialFourier": 0.75,
    "PatientPosition": "HFS",
    "PercentPhaseFOV": 93.75,
    "PercentSampling": 100,
    "PhaseEncodingSteps": 226,
    "PhaseResolution": 1,
    "PixelBandwidth": 240,
    "ProtocolName": "mp2rage-wip900_0.75iso_7T",
    "PulseSequenceDetails": "%CustomerSeq%\\tfl_wip900b17a",
    "ReceiveCoilName": "32Ch_Head_7T",
    "ReconMatrixPE": 300,
    "RefLinesPE": 32,
    "RepetitionTime": 6,
    "SAR": 0.083679,
    "ScanOptions": "IR\\PFP",
    "ScanningSequence": "GR\\IR",
    "SequenceName": "tfl3d1_ns",
    "SequenceVariant": "SP\\MP",
    "SeriesDescription": "mp2rage-wip900_0.75iso_7T_UNI-DEN",
    "SeriesNumber": 27,
    "ShimSetting": [
      -42,
      32,
      886,
      465,
      -91,
      -52,
      -484,
      143
    ],
    "SliceThickness": 0.75,
    "SoftwareVersions": "syngo MR B17",
    "StationName": "MRC18981",
    "TxRefAmp": 250,
    "acq_id": "MP2R",
    "dataset": "ds004056",
    "modality": "T1w",
    "session_id": "01",
    "subject_id": "04"
  },
  "cjv": 0.2687551185340779,
  "cnr": 4.263835839876468,
  "efc": 0.4901625840353345,
  "fber": -1.0,
  "fwhm_avg": 4.656893333333333,
  "fwhm_x": 4.66,
  "fwhm_y": 5.03156,
  "fwhm_z": 4.27912,
  "icvs_csf": 0.29135155437830046,
  "icvs_gm": 0.3873223835727387,
  "icvs_wm": 0.32132606204896086,
  "inu_med": 0.5987584590911865,
  "inu_range": 0.08304443359374991,
  "provenance": {
    "md5sum": "8f3775c7fc5d64c88613df6892c231c5",
    "settings": {
      "testing": false
    },
    "software": "mriqc",
    "version": "23.0.1",
    "warnings": {
      "large_rot_frame": true,
      "small_air_mask": false
    },
    "webapi_port": null,
    "webapi_url": "https://mriqc.nimh.nih.gov/api/v1"
  },
  "qi_1": 1.829403888742853e-05,
  "qi_2": 0.0011727825917159102,
  "rpve_csf": 15.896652720291154,
  "rpve_gm": 10.968299031889092,
  "rpve_wm": 17.02460916450643,
  "size_x": 224,
  "size_y": 300,
  "size_z": 320,
  "snr_csf": 1.0187781468067323,
  "snr_gm": 4.937898267494888,
  "snr_total": 7.083305016485951,
  "snr_wm": 15.293238635156232,
  "snrd_csf": 10.327211409342905,
  "snrd_gm": 73.30468768892115,
  "snrd_total": 77.5707999624611,
  "snrd_wm": 149.0805007891192,
  "spacing_x": 0.75,
  "spacing_y": 0.75,
  "spacing_z": 0.75,
  "summary_bg_k": 91.88285526619697,
  "summary_bg_mad": 0.0,
  "summary_bg_mean": 2.270892825115387,
  "summary_bg_median": 0.0,
  "summary_bg_n": 6309589.0,
  "summary_bg_p05": 0.0,
  "summary_bg_p95": 10.231628619134426,
  "summary_bg_stdv": 4.3945142027047925,
  "summary_csf_k": 2.8443416254367024,
  "summary_csf_mad": 60.95791542517997,
  "summary_csf_mean": 86.14551701653683,
  "summary_csf_median": 69.2727151364088,
  "summary_csf_n": 96671.0,
  "summary_csf_p05": 12.688299342989922,
  "summary_csf_p95": 214.37826613336802,
  "summary_csf_stdv": 67.9955268588399,
  "summary_gm_k": 15.94716034982832,
  "summary_gm_mad": 90.3361885191275,
  "summary_gm_mean": 486.0568677441844,
  "summary_gm_median": 491.7120941132307,
  "summary_gm_n": 60609.0,
  "summary_gm_p05": 319.8801253512502,
  "summary_gm_p95": 624.7394639909267,
  "summary_gm_stdv": 99.57840583822194,
  "summary_wm_k": 3.747615980666435,
  "summary_wm_mad": 46.2687788782062,
  "summary_wm_mean": 990.7110997370806,
  "summary_wm_median": 999.9999665170908,
  "summary_wm_n": 463429.0,
  "summary_wm_p05": 860.05072440207,
  "summary_wm_p95": 1073.7270846143365,
  "summary_wm_stdv": 65.38830076866887,
  "tpm_overlap_csf": 0.13307140245293445,
  "tpm_overlap_gm": 0.43519801120616775,
  "tpm_overlap_wm": 0.49430601674890523,
  "wm2max": 0.6348460958387605
}