{
  "aor": 0.0007212876712328767,
  "aqi": 0.0062249910410958915,
  "bids_meta": {
    "AcquisitionMatrixPE": 130,
    "AcquisitionNumber": 1,
    "AcquisitionTime": "14:54:44.600000",
    "BandwidthPerPixelPhaseEncode": 24.038,
    "BaseResolution": 130,
    "CoilCombinationMethod": "Sum of Squares",
    "CoilString": "C:A32",
    "ConversionSoftware": "dcm2niix",
    "ConversionSoftwareVersion": "v1.0.20211220",
    "Dcm2bidsVersion": "2.1.6",
    "DerivedVendorReportedEchoSpacing": 0.000640012,
    "DeviceSerialNumber": "18981",
    "DwellTime": 2e-06,
    "EchoTime": 0.0222,
    "EffectiveEchoSpacing": 0.000320006,
    "FlipAngle": 45,
    "ImageComments": "Unaliased MB5/PE4",
    "ImageOrientationPatientDICOM": [
      1,
      -1e-16,
      0,
      1e-16,
      0.939693,
      -0.34202
    ],
    "ImageOrientationText": "Tra>Cor(-20.0)",
    "ImageType": [
      "ORIGINAL",
      "PRIMARY",
      "M",
      "MB",
      "ND",
      "MOSAIC"
    ],
    "ImagingFrequency": 297.223,
    "InPlanePhaseEncodingDirectionDICOM": "COL",
    "MRAcquisitionType": "2D",
    "MagneticFieldStrength": 6.98,
    "Manufacturer": "Siemens",
    "ManufacturersModelName": "Investigational_Device_7T",
    "MatrixCoilMode": "GRAPPA",
    "Modality": "MR",
    "MultibandAccelerationFactor": 5,
    "ParallelReductionFactorInPlane": 2,
    "PartialFourier": 0.875,
    "PatientPosition": "HFS",
    "PercentPhaseFOV": 100,
    "PercentSampling": 100,
    "PhaseEncodingDirection": "j-",
    "PhaseEncodingSteps": 114,
    "PhaseResolution": 1,
    "PixelBandwidth": 1923,
    "ProtocolName": "MB5_TR1s_TE22p2_IPAT2_1.6mm_85slices_AP_367vols",
    "PulseSequenceDetails": "%CustomerSeq%\\cmrr_mbep2d_bold",
    "ReceiveCoilName": "32Ch_Head_7T",
    "ReconMatrixPE": 130,
    "RefLinesPE": 96,
    "RepetitionTime": 1,
    "SAR": 0.0956835,
    "ScanOptions": "PFP\\FS",
    "ScanningSequence": "EP",
    "SequenceName": "epfid2d1_130",
    "SequenceVariant": "SK\\SS",
    "SeriesDescription": "MB5_TR1s_TE22p2_IPAT2_1.6mm_85slices_AP_367vols",
    "SeriesNumber": 19,
    "ShimSetting": [
      -19,
      64,
      850,
      390,
      -84,
      15,
      -544,
      248
    ],
    "SliceThickness": 1.6,
    "SliceTiming": [
      0,
      0.5325,
      0.06,
      0.59,
      0.12,
      0.65,
      0.1775,
      0.71,
      0.2375,
      0.7675,
      0.295,
      0.8275,
      0.355,
      0.8875,
      0.415,
      0.945,
      0.4725,
      0,
      0.5325,
      0.06,
      0.59,
      0.12,
      0.65,
      0.1775,
      0.71,
      0.2375,
      0.7675,
      0.295,
      0.8275,
      0.355,
      0.8875,
      0.415,
      0.945,
      0.4725,
      0,
      0.5325,
      0.06,
      0.59,
      0.12,
      0.65,
      0.1775,
      0.71,
      0.2375,
      0.7675,
      0.295,
      0.8275,
      0.355,
      0.8875,
      0.415,
      0.945,
      0.4725,
      0,
      0.5325,
      0.06,
      0.59,
      0.12,
      0.65,
      0.1775,
      0.71,
      0.2375,
      0.7675,
      0.295,
      0.8275,
      0.355,
      0.8875,
      0.415,
      0.945,
      0.4725,
      0,
      0.5325,
      0.06,
      0.59,
      0.12,
      0.65,
      0.1775,
      0.71,
      0.2375,
      0.7675,
      0.295,
      0.8275,
      0.355,
      0.8875,
      0.415,
      0.945,
      0.4725
    ],
    "SoftwareVersions": "syngo MR B17",
    "SpacingBetweenSlices": 1.6,
    "StationName": "MRC18981",
    "TaskName": "GDMotor",
    "TotalReadoutTime": 0.0412808,
    "TxRefAmp": 200,
    "dataset": "ds004056",
    "modality": "bold",
    "run_id": 6,
    "session_id": "01",
    "subject_id": "20",
    "task_id": "GDMotor"
  },
  "dummy_trs": 2,
  "dvars_nstd": 46.565019974697805,
  "dvars_std": 1.081449734148351,
  "dvars_vstd": 1.011223555659341,
  "efc": 0.4774356136756484,
  "fber": 1420.5721435546875,
  "fd_mean": 0.12570496933187772,
  "fd_num": 54,
  "fd_perc": 14.794520547945206,
  "fwhm_avg": 2.676191626788304,
  "fwhm_x": 2.5388937121675355,
  "fwhm_y": 2.8149812080535113,
  "fwhm_z": 2.674699960143865,
  "gcor": 0.0081922,
  "gsr_x": 0.006214599125087261,
  "gsr_y": 0.020852968096733093,
  "provenance": {
    "md5sum": "923993827a15a9566cfd26daddea1392",
    "settings": {
      "fd_thres": 0.2,
      "testing": false
    },
    "software": "mriqc",
    "version": "23.0.1",
    "webapi_port": null,
    "webapi_url": "https://mriqc.nimh.nih.gov/api/v1"
  },
  "size_t": 365,
  "size_x": 130,
  "size_y": 130,
  "size_z": 85,
  "snr": 2.1186851384085337,
  "spacing_tr": 1.0,
  "spacing_x": 1.600000023841858,
  "spacing_y": 1.600000023841858,
  "spacing_z": 1.600000023841858,
  "summary_bg_k": 66.88034493403012,
  "summary_bg_mad": 7.867946811841889,
  "summary_bg_mean": 21.750608444213867,
  "summary_bg_median": 9.832877159118652,
  "summary_bg_n": 1003987.0,
  "summary_bg_p05": 3.901370048522949,
  "summary_bg_p95": 78.8630142211914,
  "summary_bg_stdv": 38.37358856201172,
  "summary_fg_k": 7.414287025895579,
  "summary_fg_mad": 135.55046411759653,
  "summary_fg_mean": 414.6973876953125,
  "summary_fg_median": 382.3863220214844,
  "summary_fg_n": 271937.0,
  "summary_fg_p05": 205.25425720214844,
  "summary_fg_p95": 740.7824707031249,
  "summary_fg_stdv": 180.48251342773438,
  "tsnr": 32.080796517431736
}