{
  "aor": 0.0005860439560439561,
  "aqi": 0.006857307884615384,
  "bids_meta": {
    "AcquisitionMatrixPE": 130,
    "AcquisitionNumber": 1,
    "AcquisitionTime": "14:20:29.197500",
    "BandwidthPerPixelPhaseEncode": 24.038,
    "BaseResolution": 130,
    "CoilCombinationMethod": "Sum of Squares",
    "CoilString": "C:A32",
    "ConversionSoftware": "dcm2niix",
    "ConversionSoftwareVersion": "v1.0.20211220",
    "Dcm2bidsVersion": "2.1.6",
    "DerivedVendorReportedEchoSpacing": 0.000640012,
    "DeviceSerialNumber": "18981",
    "DwellTime": 2e-06,
    "EchoTime": 0.0222,
    "EffectiveEchoSpacing": 0.000320006,
    "FlipAngle": 45,
    "ImageComments": "Unaliased MB5/PE4",
    "ImageOrientationPatientDICOM": [
      1,
      -1e-16,
      0,
      1e-16,
      0.939693,
      -0.34202
    ],
    "ImageOrientationText": "Tra>Cor(-20.0)",
    "ImageType": [
      "ORIGINAL",
      "PRIMARY",
      "M",
      "MB",
      "ND",
      "MOSAIC"
    ],
    "ImagingFrequency": 297.223,
    "InPlanePhaseEncodingDirectionDICOM": "COL",
    "MRAcquisitionType": "2D",
    "MagneticFieldStrength": 6.98,
    "Manufacturer": "Siemens",
    "ManufacturersModelName": "Investigational_Device_7T",
    "MatrixCoilMode": "GRAPPA",
    "Modality": "MR",
    "MultibandAccelerationFactor": 5,
    "ParallelReductionFactorInPlane": 2,
    "PartialFourier": 0.875,
    "PatientPosition": "HFS",
    "PercentPhaseFOV": 100,
    "PercentSampling": 100,
    "PhaseEncodingDirection": "j-",
    "PhaseEncodingSteps": 114,
    "PhaseResolution": 1,
    "PixelBandwidth": 1923,
    "ProtocolName": "MB5_TR1s_TE22p2_IPAT2_1.6mm_85slices_AP_367vols",
    "PulseSequenceDetails": "%CustomerSeq%\\cmrr_mbep2d_bold",
    "ReceiveCoilName": "32Ch_Head_7T",
    "ReconMatrixPE": 130,
    "RefLinesPE": 96,
    "RepetitionTime": 1,
    "SAR": 0.0959753,
    "ScanOptions": "PFP\\FS",
    "ScanningSequence": "EP",
    "SequenceName": "epfid2d1_130",
    "SequenceVariant": "SK\\SS",
    "SeriesDescription": "MB5_TR1s_TE22p2_IPAT2_1.6mm_85slices_AP_367vols",
    "SeriesNumber": 11,
    "ShimSetting": [
      -19,
      64,
      850,
      390,
      -84,
      15,
      -544,
      248
    ],
    "SliceThickness": 1.6,
    "SliceTiming": [
      0,
      0.5325,
      0.06,
      0.59,
      0.1175,
      0.65,
      0.1775,
      0.7075,
      0.235,
      0.7675,
      0.295,
      0.8275,
      0.355,
      0.885,
      0.4125,
      0.945,
      0.4725,
      0,
      0.5325,
      0.06,
      0.59,
      0.1175,
      0.65,
      0.1775,
      0.7075,
      0.235,
      0.7675,
      0.295,
      0.8275,
      0.355,
      0.885,
      0.4125,
      0.945,
      0.4725,
      0,
      0.5325,
      0.06,
      0.59,
      0.1175,
      0.65,
      0.1775,
      0.7075,
      0.235,
      0.7675,
      0.295,
      0.8275,
      0.355,
      0.885,
      0.4125,
      0.945,
      0.4725,
      0,
      0.5325,
      0.06,
      0.59,
      0.1175,
      0.65,
      0.1775,
      0.7075,
      0.235,
      0.7675,
      0.295,
      0.8275,
      0.355,
      0.885,
      0.4125,
      0.945,
      0.4725,
      0,
      0.5325,
      0.06,
      0.59,
      0.1175,
      0.65,
      0.1775,
      0.7075,
      0.235,
      0.7675,
      0.295,
      0.8275,
      0.355,
      0.885,
      0.4125,
      0.945,
      0.4725
    ],
    "SoftwareVersions": "syngo MR B17",
    "SpacingBetweenSlices": 1.6,
    "StationName": "MRC18981",
    "TaskName": "GDMotor",
    "TotalReadoutTime": 0.0412808,
    "TxRefAmp": 200,
    "dataset": "ds004056",
    "modality": "bold",
    "run_id": 2,
    "session_id": "01",
    "subject_id": "20",
    "task_id": "GDMotor"
  },
  "dummy_trs": 3,
  "dvars_nstd": 46.47423303374654,
  "dvars_std": 1.0694659669421491,
  "dvars_vstd": 0.9978053163911836,
  "efc": 0.4753126162087247,
  "fber": 1495.8006591796875,
  "fd_mean": 0.12605505891754465,
  "fd_num": 47,
  "fd_perc": 12.912087912087912,
  "fwhm_avg": 2.6691853768927047,
  "fwhm_x": 2.530737462289073,
  "fwhm_y": 2.809149958140404,
  "fwhm_z": 2.6676687102486385,
  "gcor": 0.00373422,
  "gsr_x": 0.006545282434672117,
  "gsr_y": 0.021186761558055878,
  "provenance": {
    "md5sum": "da8eec1a149b150ed10dacf9537b2aff",
    "settings": {
      "fd_thres": 0.2,
      "testing": false
    },
    "software": "mriqc",
    "version": "23.0.1",
    "webapi_port": null,
    "webapi_url": "https://mriqc.nimh.nih.gov/api/v1"
  },
  "size_t": 364,
  "size_x": 130,
  "size_y": 130,
  "size_z": 85,
  "snr": 2.14206807208632,
  "spacing_tr": 1.0,
  "spacing_x": 1.600000023841858,
  "spacing_y": 1.600000023841858,
  "spacing_z": 1.600000023841858,
  "summary_bg_k": 66.9756574795308,
  "summary_bg_mad": 7.600373121107458,
  "summary_bg_mean": 21.01556968688965,
  "summary_bg_median": 9.585165023803711,
  "summary_bg_n": 1005528.0,
  "summary_bg_p05": 3.846153974533081,
  "summary_bg_p95": 75.06318664550781,
  "summary_bg_stdv": 37.18645477294922,
  "summary_fg_k": 7.314957340759975,
  "summary_fg_mad": 134.6296517686611,
  "summary_fg_mean": 414.2811584472656,
  "summary_fg_median": 382.7211608886719,
  "summary_fg_n": 271050.0,
  "summary_fg_p05": 206.27198791503906,
  "summary_fg_p95": 738.7230834960936,
  "summary_fg_stdv": 178.66867065429688,
  "tsnr": 31.67986475257203
}