{
  "aor": 0.0024107103825136613,
  "aqi": 0.013051639808743168,
  "bids_meta": {
    "AcquisitionMatrixPE": 130,
    "AcquisitionNumber": 1,
    "AcquisitionTime": "16:31:49.580000",
    "BandwidthPerPixelPhaseEncode": 24.038,
    "BaseResolution": 130,
    "CoilCombinationMethod": "Sum of Squares",
    "CoilString": "C:A32",
    "ConversionSoftware": "dcm2niix",
    "ConversionSoftwareVersion": "v1.0.20211220",
    "Dcm2bidsVersion": "2.1.6",
    "DerivedVendorReportedEchoSpacing": 0.000640012,
    "DeviceSerialNumber": "18981",
    "DwellTime": 2e-06,
    "EchoTime": 0.0222,
    "EffectiveEchoSpacing": 0.000320006,
    "FlipAngle": 45,
    "ImageComments": "Unaliased MB5/PE4",
    "ImageOrientationPatientDICOM": [
      1,
      -1e-16,
      0,
      1e-16,
      0.939693,
      -0.34202
    ],
    "ImageOrientationText": "Tra>Cor(-20.0)",
    "ImageType": [
      "ORIGINAL",
      "PRIMARY",
      "M",
      "MB",
      "ND",
      "MOSAIC"
    ],
    "ImagingFrequency": 297.224,
    "InPlanePhaseEncodingDirectionDICOM": "COL",
    "MRAcquisitionType": "2D",
    "MagneticFieldStrength": 6.98,
    "Manufacturer": "Siemens",
    "ManufacturersModelName": "Investigational_Device_7T",
    "MatrixCoilMode": "GRAPPA",
    "Modality": "MR",
    "MultibandAccelerationFactor": 5,
    "ParallelReductionFactorInPlane": 2,
    "PartialFourier": 0.875,
    "PatientPosition": "HFS",
    "PercentPhaseFOV": 100,
    "PercentSampling": 100,
    "PhaseEncodingDirection": "j-",
    "PhaseEncodingSteps": 114,
    "PhaseResolution": 1,
    "PixelBandwidth": 1923,
    "ProtocolName": "MB5_TR1s_TE22p2_IPAT2_1.6mm_85slices_AP_367vols",
    "PulseSequenceDetails": "%CustomerSeq%\\cmrr_mbep2d_bold",
    "ReceiveCoilName": "32Ch_Head_7T",
    "ReconMatrixPE": 130,
    "RefLinesPE": 96,
    "RepetitionTime": 1,
    "SAR": 0.112739,
    "ScanOptions": "PFP\\FS",
    "ScanningSequence": "EP",
    "SequenceName": "epfid2d1_130",
    "SequenceVariant": "SK\\SS",
    "SeriesDescription": "MB5_TR1s_TE22p2_IPAT2_1.6mm_85slices_AP_367vols",
    "SeriesNumber": 17,
    "ShimSetting": [
      31,
      146,
      823,
      664,
      -150,
      -500,
      -576,
      35
    ],
    "SliceThickness": 1.6,
    "SliceTiming": [
      0,
      0.53,
      0.0575,
      0.59,
      0.1175,
      0.6475,
      0.1775,
      0.7075,
      0.235,
      0.7675,
      0.295,
      0.825,
      0.3525,
      0.885,
      0.4125,
      0.945,
      0.4725,
      0,
      0.53,
      0.0575,
      0.59,
      0.1175,
      0.6475,
      0.1775,
      0.7075,
      0.235,
      0.7675,
      0.295,
      0.825,
      0.3525,
      0.885,
      0.4125,
      0.945,
      0.4725,
      0,
      0.53,
      0.0575,
      0.59,
      0.1175,
      0.6475,
      0.1775,
      0.7075,
      0.235,
      0.7675,
      0.295,
      0.825,
      0.3525,
      0.885,
      0.4125,
      0.945,
      0.4725,
      0,
      0.53,
      0.0575,
      0.59,
      0.1175,
      0.6475,
      0.1775,
      0.7075,
      0.235,
      0.7675,
      0.295,
      0.825,
      0.3525,
      0.885,
      0.4125,
      0.945,
      0.4725,
      0,
      0.53,
      0.0575,
      0.59,
      0.1175,
      0.6475,
      0.1775,
      0.7075,
      0.235,
      0.7675,
      0.295,
      0.825,
      0.3525,
      0.885,
      0.4125,
      0.945,
      0.4725
    ],
    "SoftwareVersions": "syngo MR B17",
    "SpacingBetweenSlices": 1.6,
    "StationName": "MRC18981",
    "TaskName": "GDMotor",
    "TotalReadoutTime": 0.0412808,
    "TxRefAmp": 240,
    "dataset": "ds004056",
    "modality": "bold",
    "run_id": 6,
    "session_id": "01",
    "subject_id": "15",
    "task_id": "GDMotor"
  },
  "dummy_trs": 1,
  "dvars_nstd": 53.834140119150646,
  "dvars_std": 1.0454501848767117,
  "dvars_vstd": 1.0156289200547948,
  "efc": 0.5076928820729422,
  "fber": 1195.0770263671875,
  "fd_mean": 0.2501370977887121,
  "fd_num": 142,
  "fd_perc": 38.797814207650276,
  "fwhm_avg": 2.5066624626478187,
  "fwhm_x": 2.256006216382888,
  "fwhm_y": 2.708237459644117,
  "fwhm_z": 2.555743711916451,
  "gcor": 0.00731045,
  "gsr_x": -0.01033236924558878,
  "gsr_y": 0.05265641212463379,
  "provenance": {
    "md5sum": "f017e0397767680c05639e8448087d77",
    "settings": {
      "fd_thres": 0.2,
      "testing": false
    },
    "software": "mriqc",
    "version": "23.0.1",
    "webapi_port": null,
    "webapi_url": "https://mriqc.nimh.nih.gov/api/v1"
  },
  "size_t": 366,
  "size_x": 130,
  "size_y": 130,
  "size_z": 85,
  "snr": 2.216536937851625,
  "spacing_tr": 1.0,
  "spacing_x": 1.600000023841858,
  "spacing_y": 1.600000023841858,
  "spacing_z": 1.600000023841858,
  "summary_bg_k": 42.848490557455904,
  "summary_bg_mad": 7.1942671171562145,
  "summary_bg_mean": 22.297382354736328,
  "summary_bg_median": 9.221311569213867,
  "summary_bg_n": 969426.0,
  "summary_bg_p05": 3.827868700027466,
  "summary_bg_p95": 85.96925735473633,
  "summary_bg_stdv": 39.52101516723633,
  "summary_fg_k": 5.577941567277618,
  "summary_fg_mad": 113.35020617269254,
  "summary_fg_mean": 356.37371826171875,
  "summary_fg_median": 332.4234924316406,
  "summary_fg_n": 302172.0,
  "summary_fg_p05": 166.37977600097656,
  "summary_fg_p95": 633.3588439941407,
  "summary_fg_stdv": 149.97401428222656,
  "tsnr": 23.025750166154467
}