{
  "bids_meta": {
    "AcquisitionMatrixPE": 300,
    "AcquisitionNumber": 1,
    "AcquisitionTime": "17:10:9.575000",
    "BaseResolution": 320,
    "CoilCombinationMethod": "Adaptive Combine",
    "CoilString": "C:HEA;HEP",
    "ConversionSoftware": "dcm2niix",
    "ConversionSoftwareVersion": "v1.0.20211220",
    "Dcm2bidsVersion": "2.1.6",
    "DeviceSerialNumber": "40463",
    "DwellTime": 7.4e-06,
    "EchoTime": 0.00224,
    "FlipAngle": 8,
    "ImageOrientationPatientDICOM": [
      0,
      1,
      0,
      0,
      0,
      -1
    ],
    "ImageOrientationText": "Sag",
    "ImageType": [
      "ORIGINAL",
      "PRIMARY",
      "M",
      "ND"
    ],
    "ImagingFrequency": 123.122,
    "InPlanePhaseEncodingDirectionDICOM": "ROW",
    "InversionTime": 1.06,
    "MRAcquisitionType": "3D",
    "MagneticFieldStrength": 3,
    "Manufacturer": "Siemens",
    "ManufacturersModelName": "Verio",
    "MatrixCoilMode": "GRAPPA",
    "Modality": "MR",
    "ParallelReductionFactorInPlane": 2,
    "PartialFourier": 1,
    "PatientPosition": "HFS",
    "PercentPhaseFOV": 93.75,
    "PercentSampling": 100,
    "PhaseEncodingSteps": 299,
    "PhaseResolution": 1,
    "PixelBandwidth": 211,
    "ProtocolName": "T1w_MPR1_0.8iso",
    "PulseSequenceDetails": "%SiemensSeq%\\tfl",
    "ReceiveCoilName": "32Ch_Head",
    "ReconMatrixPE": 300,
    "RefLinesPE": 32,
    "RepetitionTime": 2.4,
    "SAR": 0.0300122,
    "ScanOptions": "IR\\WE",
    "ScanningSequence": "GR\\IR",
    "SequenceName": "*tfl3d1_ns",
    "SequenceVariant": "SP\\MP",
    "SeriesDescription": "T1w_MPR1_0.8iso",
    "SeriesNumber": 14,
    "ShimSetting": [
      2865,
      7504,
      -15100,
      201,
      973,
      -939,
      -405,
      1146
    ],
    "SliceThickness": 0.8,
    "SoftwareVersions": "syngo MR B17",
    "StationName": "MRC40463",
    "TxRefAmp": 448.349,
    "acq_id": "01",
    "dataset": "ds004056",
    "modality": "T1w",
    "session_id": "02",
    "subject_id": "04"
  },
  "cjv": 0.4596200565574626,
  "cnr": 2.9746458461895835,
  "efc": 0.5399017489338961,
  "fber": 26282.65642622675,
  "fwhm_avg": 4.691116596763582,
  "fwhm_x": 4.586924931649492,
  "fwhm_y": 4.57038743189592,
  "fwhm_z": 4.9160374267453335,
  "icvs_csf": 0.19563951248349687,
  "icvs_gm": 0.4134072181194325,
  "icvs_wm": 0.39095326939707065,
  "inu_med": 0.7824491262435913,
  "inu_range": 0.6481663584709167,
  "provenance": {
    "md5sum": "eb97f90b7b0216a1094dee425ad10ebb",
    "settings": {
      "testing": false
    },
    "software": "mriqc",
    "version": "23.0.1",
    "warnings": {
      "large_rot_frame": true,
      "small_air_mask": false
    },
    "webapi_port": null,
    "webapi_url": "https://mriqc.nimh.nih.gov/api/v1"
  },
  "qi_1": 0.0,
  "qi_2": 0.004228436446381525,
  "rpve_csf": 26.40772174824017,
  "rpve_gm": 12.782153623218107,
  "rpve_wm": 15.300280153029828,
  "size_x": 224,
  "size_y": 300,
  "size_z": 320,
  "snr_csf": 2.798657315887967,
  "snr_gm": 13.154002550746004,
  "snr_total": 11.537089427370043,
  "snr_wm": 18.658608415476163,
  "snrd_csf": 18.604757478847077,
  "snrd_gm": 44.766913069884396,
  "snrd_total": 40.686922394698634,
  "snrd_wm": 58.68909663536442,
  "spacing_x": 0.800000011920929,
  "spacing_y": 0.800000011920929,
  "spacing_z": 0.800000011920929,
  "summary_bg_k": 5.394048546902269,
  "summary_bg_mad": 0.0,
  "summary_bg_mean": 7.786723637583717,
  "summary_bg_median": 0.0,
  "summary_bg_n": 7457567.0,
  "summary_bg_p05": 0.0,
  "summary_bg_p95": 29.99186982214451,
  "summary_bg_stdv": 11.163784619361623,
  "summary_csf_k": 14.554767656296061,
  "summary_csf_mad": 84.99922548572492,
  "summary_csf_mean": 329.0844971779692,
  "summary_csf_median": 317.03246131539345,
  "summary_csf_n": 94364.0,
  "summary_csf_p05": 173.87583303451538,
  "summary_csf_p95": 524.7507608681917,
  "summary_csf_stdv": 113.27960006864207,
  "summary_gm_k": 0.05615609558840884,
  "summary_gm_mad": 58.10394816785375,
  "summary_gm_mean": 763.8568507575714,
  "summary_gm_median": 762.8459899127483,
  "summary_gm_n": 64950.0,
  "summary_gm_p05": 669.8947248883545,
  "summary_gm_p95": 860.0949486941099,
  "summary_gm_stdv": 57.99300360356462,
  "summary_wm_k": 0.45728440353332234,
  "summary_wm_mad": 50.93610303360978,
  "summary_wm_mean": 1004.7480232048309,
  "summary_wm_median": 1000.0855308026075,
  "summary_wm_n": 454863.0,
  "summary_wm_p05": 925.1700328588486,
  "summary_wm_p95": 1101.1423018723726,
  "summary_wm_stdv": 53.59908998606778,
  "tpm_overlap_csf": 0.1395358893135831,
  "tpm_overlap_gm": 0.4378685741434048,
  "tpm_overlap_wm": 0.4970931522077958,
  "wm2max": 0.62111387812729
}