{
  "bids_meta": {
    "AcquisitionMatrixPE": 302,
    "AcquisitionNumber": 1,
    "AcquisitionTime": "17:29:32.207500",
    "BaseResolution": 320,
    "CoilCombinationMethod": "Adaptive Combine",
    "CoilString": "C:HEA;HEP",
    "ConversionSoftware": "dcm2niix",
    "ConversionSoftwareVersion": "v1.0.20211220",
    "Dcm2bidsVersion": "2.1.6",
    "DeviceSerialNumber": "40463",
    "DwellTime": 2.1e-06,
    "EchoTime": 0.56,
    "EchoTrainLength": 167,
    "FlipAngle": 120,
    "ImageOrientationPatientDICOM": [
      0,
      1,
      0,
      0,
      0,
      -1
    ],
    "ImageOrientationText": "Sag",
    "ImageType": [
      "ORIGINAL",
      "PRIMARY",
      "M",
      "ND"
    ],
    "ImagingFrequency": 123.122,
    "InPlanePhaseEncodingDirectionDICOM": "ROW",
    "MRAcquisitionType": "3D",
    "MagneticFieldStrength": 3,
    "Manufacturer": "Siemens",
    "ManufacturersModelName": "Verio",
    "MatrixCoilMode": "GRAPPA",
    "Modality": "MR",
    "ParallelReductionFactorInPlane": 2,
    "PartialFourier": 1,
    "PatientPosition": "HFS",
    "PercentPhaseFOV": 93.75,
    "PercentSampling": 100.667,
    "PhaseEncodingDirection": "i",
    "PhaseEncodingSteps": 290,
    "PhaseResolution": 1.00667,
    "PixelBandwidth": 744,
    "ProtocolName": "T2w_SPC2_0.8iso",
    "PulseSequenceDetails": "%SiemensSeq%\\tse_vfl",
    "ReceiveCoilName": "32Ch_Head",
    "ReconMatrixPE": 300,
    "RefLinesPE": 32,
    "RepetitionTime": 3.2,
    "SAR": 0.0983646,
    "ScanOptions": "PFP",
    "ScanningSequence": "SE",
    "SequenceName": "*spc3d1_334ns",
    "SequenceVariant": "SK\\SP",
    "SeriesDescription": "T2w_SPC2_0.8iso",
    "SeriesNumber": 17,
    "ShimSetting": [
      2865,
      7504,
      -15100,
      201,
      973,
      -939,
      -405,
      1146
    ],
    "SliceThickness": 0.8,
    "SoftwareVersions": "syngo MR B17",
    "SpoilingState": true,
    "StationName": "MRC40463",
    "TxRefAmp": 448.349,
    "acq_id": "02",
    "dataset": "ds004056",
    "modality": "T2w",
    "session_id": "02",
    "subject_id": "04"
  },
  "cjv": 0.35520050713120727,
  "cnr": 1.8040972729186353,
  "efc": 0.4967747748553776,
  "fber": 6149.767691115702,
  "fwhm_avg": 2.9974874553339568,
  "fwhm_x": 2.880299957080186,
  "fwhm_y": 3.179062452628278,
  "fwhm_z": 2.933099956293405,
  "icvs_csf": 0.3453210678924075,
  "icvs_gm": 0.5120436119699716,
  "icvs_wm": 0.1426353201376208,
  "inu_med": 0.873967170715332,
  "inu_range": 0.6892309308052064,
  "provenance": {
    "md5sum": "a17818086eda92384cce493137d17e65",
    "settings": {
      "testing": false
    },
    "software": "mriqc",
    "version": "23.0.1",
    "warnings": {
      "large_rot_frame": true,
      "small_air_mask": false
    },
    "webapi_port": null,
    "webapi_url": "https://mriqc.nimh.nih.gov/api/v1"
  },
  "qi_1": 0.0,
  "qi_2": 0.01102981089581485,
  "rpve_csf": 14.021381720408765,
  "rpve_gm": 11.218616071948093,
  "rpve_wm": 42.90553757648324,
  "size_x": 224,
  "size_y": 300,
  "size_z": 320,
  "snr_csf": 6.417625432403263,
  "snr_gm": 8.595986554585387,
  "snr_total": 5.92748494356836,
  "snr_wm": 2.7688428437164316,
  "snrd_csf": 48.36236202955739,
  "snrd_gm": 27.367290121643396,
  "snrd_total": 51.74083066486357,
  "snrd_wm": 79.49283984338993,
  "spacing_x": 0.800000011920929,
  "spacing_y": 0.800000011920929,
  "spacing_z": 0.800000011920929,
  "summary_bg_k": 5.93716618138256,
  "summary_bg_mad": 0.0,
  "summary_bg_mean": 5.759238567677038,
  "summary_bg_median": 0.0,
  "summary_bg_n": 7395385.0,
  "summary_bg_p05": 0.0,
  "summary_bg_p95": 22.485680043697357,
  "summary_bg_stdv": 8.241890837711122,
  "summary_csf_k": 2.443353254923248,
  "summary_csf_mad": 66.2401471088481,
  "summary_csf_mean": 624.2314640491172,
  "summary_csf_median": 608.4188094288111,
  "summary_csf_n": 92816.0,
  "summary_csf_p05": 507.41974183917046,
  "summary_csf_p95": 874.6037036664784,
  "summary_csf_stdv": 94.80383956261133,
  "summary_gm_k": 0.6213526039649837,
  "summary_gm_mad": 38.511713435376805,
  "summary_gm_mean": 345.3932238299723,
  "summary_gm_median": 344.29199431836605,
  "summary_gm_n": 490746.0,
  "summary_gm_p05": 282.4297323971987,
  "summary_gm_p95": 412.33515407145023,
  "summary_gm_stdv": 40.05260377591219,
  "summary_wm_k": 0.6878676617144137,
  "summary_wm_mad": 194.41502926043552,
  "summary_wm_mean": 909.7988048579211,
  "summary_wm_median": 1000.0532841235399,
  "summary_wm_n": 45327.0,
  "summary_wm_p05": 76.54988681226969,
  "summary_wm_p95": 1322.3657926172018,
  "summary_wm_stdv": 361.17696415726397,
  "tpm_overlap_csf": 0.1171925210464359,
  "tpm_overlap_gm": 0.3279445767154107,
  "tpm_overlap_wm": 0.024007193291297583,
  "wm2max": 0.7801679263814117
}