{
  "bids_meta": {
    "AcquisitionMatrixPE": 302,
    "AcquisitionNumber": 1,
    "AcquisitionTime": "17:16:50.225000",
    "BaseResolution": 320,
    "CoilCombinationMethod": "Adaptive Combine",
    "CoilString": "C:HEA;HEP",
    "ConversionSoftware": "dcm2niix",
    "ConversionSoftwareVersion": "v1.0.20211220",
    "Dcm2bidsVersion": "2.1.6",
    "DeviceSerialNumber": "40463",
    "DwellTime": 2.1e-06,
    "EchoTime": 0.56,
    "EchoTrainLength": 167,
    "FlipAngle": 120,
    "ImageOrientationPatientDICOM": [
      0,
      1,
      0,
      0,
      0,
      -1
    ],
    "ImageOrientationText": "Sag",
    "ImageType": [
      "ORIGINAL",
      "PRIMARY",
      "M",
      "ND"
    ],
    "ImagingFrequency": 123.122,
    "InPlanePhaseEncodingDirectionDICOM": "ROW",
    "MRAcquisitionType": "3D",
    "MagneticFieldStrength": 3,
    "Manufacturer": "Siemens",
    "ManufacturersModelName": "Verio",
    "MatrixCoilMode": "GRAPPA",
    "Modality": "MR",
    "ParallelReductionFactorInPlane": 2,
    "PartialFourier": 1,
    "PatientPosition": "HFS",
    "PercentPhaseFOV": 93.75,
    "PercentSampling": 100.667,
    "PhaseEncodingDirection": "i",
    "PhaseEncodingSteps": 290,
    "PhaseResolution": 1.00667,
    "PixelBandwidth": 744,
    "ProtocolName": "T2w_SPC1_0.8iso",
    "PulseSequenceDetails": "%SiemensSeq%\\tse_vfl",
    "ReceiveCoilName": "32Ch_Head",
    "ReconMatrixPE": 300,
    "RefLinesPE": 32,
    "RepetitionTime": 3.2,
    "SAR": 0.0983646,
    "ScanOptions": "PFP",
    "ScanningSequence": "SE",
    "SequenceName": "*spc3d1_334ns",
    "SequenceVariant": "SK\\SP",
    "SeriesDescription": "T2w_SPC1_0.8iso",
    "SeriesNumber": 15,
    "ShimSetting": [
      2865,
      7504,
      -15100,
      201,
      973,
      -939,
      -405,
      1146
    ],
    "SliceThickness": 0.8,
    "SoftwareVersions": "syngo MR B17",
    "SpoilingState": true,
    "StationName": "MRC40463",
    "TxRefAmp": 448.349,
    "acq_id": "01",
    "dataset": "ds004056",
    "modality": "T2w",
    "session_id": "02",
    "subject_id": "04"
  },
  "cjv": 0.286174633152896,
  "cnr": 2.0709584493960795,
  "efc": 0.49166078408838304,
  "fber": 5599.460872933884,
  "fwhm_avg": 3.067691620954499,
  "fwhm_x": 3.0018374552691363,
  "fwhm_y": 3.231512451846712,
  "fwhm_z": 2.9697249557476493,
  "icvs_csf": 0.3351566958273118,
  "icvs_gm": 0.5208199515637731,
  "icvs_wm": 0.1440233526089151,
  "inu_med": 0.8644644618034363,
  "inu_range": 0.6653614878654481,
  "provenance": {
    "md5sum": "71229f1e5861df314750ae80d8076b86",
    "settings": {
      "testing": false
    },
    "software": "mriqc",
    "version": "23.0.1",
    "warnings": {
      "large_rot_frame": true,
      "small_air_mask": false
    },
    "webapi_port": null,
    "webapi_url": "https://mriqc.nimh.nih.gov/api/v1"
  },
  "qi_1": 0.0,
  "qi_2": 0.01060554863178102,
  "rpve_csf": 14.303495952190353,
  "rpve_gm": 11.124674184273873,
  "rpve_wm": 42.74468445253396,
  "size_x": 224,
  "size_y": 300,
  "size_z": 320,
  "snr_csf": 6.683607559861974,
  "snr_gm": 8.375338318597741,
  "snr_total": 6.057246263206043,
  "snr_wm": 3.112792911158414,
  "snrd_csf": 47.88284107278273,
  "snrd_gm": 26.880632952219536,
  "snrd_total": 52.11252859158023,
  "snrd_wm": 81.57411174973842,
  "spacing_x": 0.800000011920929,
  "spacing_y": 0.800000011920929,
  "spacing_z": 0.800000011920929,
  "summary_bg_k": 4.184630610707018,
  "summary_bg_mad": 0.0,
  "summary_bg_mean": 5.6970351909543275,
  "summary_bg_median": 0.0,
  "summary_bg_n": 7435103.0,
  "summary_bg_p05": 0.0,
  "summary_bg_p95": 22.21027099341154,
  "summary_bg_stdv": 8.03118009737014,
  "summary_csf_k": 4.024164663632762,
  "summary_csf_mad": 62.030895166315545,
  "summary_csf_mean": 598.6048429163936,
  "summary_csf_median": 586.985733397305,
  "summary_csf_n": 83474.0,
  "summary_csf_p05": 487.4697370938957,
  "summary_csf_p95": 754.1005448065698,
  "summary_csf_stdv": 87.82415965480021,
  "summary_gm_k": 0.8064626554526471,
  "summary_gm_mad": 36.078380543390466,
  "summary_gm_mean": 330.5625688484676,
  "summary_gm_median": 329.52405693009496,
  "summary_gm_n": 511769.0,
  "summary_gm_p05": 267.8408103697002,
  "summary_gm_p95": 396.96153834834695,
  "summary_gm_stdv": 39.34452823859407,
  "summary_wm_k": 1.8810760987409552,
  "summary_wm_mad": 155.79481896527065,
  "summary_wm_mean": 931.699381773018,
  "summary_wm_median": 999.9999736621976,
  "summary_wm_n": 47679.0,
  "summary_wm_p05": 87.57730342075229,
  "summary_wm_p95": 1292.2290598079562,
  "summary_wm_stdv": 321.2515304907393,
  "tpm_overlap_csf": 0.11934034988063867,
  "tpm_overlap_gm": 0.33349474864875894,
  "tpm_overlap_wm": 0.02357746818378449,
  "wm2max": 0.7987028327212594
}