{
  "bids_meta": {
    "AcquisitionMatrixPE": 302,
    "AcquisitionNumber": 1,
    "AcquisitionTime": "10:15:17.447500",
    "BaseResolution": 320,
    "CoilCombinationMethod": "Adaptive Combine",
    "CoilString": "C:HEA;HEP",
    "ConversionSoftware": "dcm2niix",
    "ConversionSoftwareVersion": "v1.0.20211220",
    "Dcm2bidsVersion": "2.1.6",
    "DeviceSerialNumber": "40463",
    "DwellTime": 2.1e-06,
    "EchoTime": 0.56,
    "EchoTrainLength": 167,
    "FlipAngle": 120,
    "ImageOrientationPatientDICOM": [
      0,
      1,
      0,
      0,
      0,
      -1
    ],
    "ImageOrientationText": "Sag",
    "ImageType": [
      "ORIGINAL",
      "PRIMARY",
      "M",
      "ND"
    ],
    "ImagingFrequency": 123.122,
    "InPlanePhaseEncodingDirectionDICOM": "ROW",
    "MRAcquisitionType": "3D",
    "MagneticFieldStrength": 3,
    "Manufacturer": "Siemens",
    "ManufacturersModelName": "Verio",
    "MatrixCoilMode": "GRAPPA",
    "Modality": "MR",
    "ParallelReductionFactorInPlane": 2,
    "PartialFourier": 1,
    "PatientPosition": "HFS",
    "PercentPhaseFOV": 93.75,
    "PercentSampling": 100.667,
    "PhaseEncodingDirection": "i",
    "PhaseEncodingSteps": 290,
    "PhaseResolution": 1.00667,
    "PixelBandwidth": 744,
    "ProtocolName": "T2w_SPC1_0.8iso",
    "PulseSequenceDetails": "%SiemensSeq%\\tse_vfl",
    "ReceiveCoilName": "32Ch_Head",
    "ReconMatrixPE": 300,
    "RefLinesPE": 32,
    "RepetitionTime": 3.2,
    "SAR": 0.101538,
    "ScanOptions": "PFP",
    "ScanningSequence": "SE",
    "SequenceName": "*spc3d1_334ns",
    "SequenceVariant": "SK\\SP",
    "SeriesDescription": "T2w_SPC1_0.8iso",
    "SeriesNumber": 15,
    "ShimSetting": [
      2848,
      7491,
      -15077,
      -26,
      986,
      -1134,
      -506,
      1076
    ],
    "SliceThickness": 0.8,
    "SoftwareVersions": "syngo MR B17",
    "SpoilingState": true,
    "StationName": "MRC40463",
    "TxRefAmp": 416.671,
    "acq_id": "01",
    "dataset": "ds004056",
    "modality": "T2w",
    "session_id": "02",
    "subject_id": "13"
  },
  "cjv": 0.24393190079262767,
  "cnr": 2.1076636697386717,
  "efc": 0.4852311807291179,
  "fber": 7788.340018195482,
  "fwhm_avg": 3.138962453225814,
  "fwhm_x": 3.0705499542452404,
  "fwhm_y": 3.3400249502297497,
  "fwhm_z": 3.006312455202454,
  "icvs_csf": 0.40430790571012826,
  "icvs_gm": 0.46500307032729776,
  "icvs_wm": 0.130689023962574,
  "inu_med": 0.8474264740943909,
  "inu_range": 0.8388465225696562,
  "provenance": {
    "md5sum": "fda984262db776dea961e9e95e02c225",
    "settings": {
      "testing": false
    },
    "software": "mriqc",
    "version": "23.0.1",
    "warnings": {
      "large_rot_frame": true,
      "small_air_mask": false
    },
    "webapi_port": null,
    "webapi_url": "https://mriqc.nimh.nih.gov/api/v1"
  },
  "qi_1": 0.0,
  "qi_2": 0.011571431047493924,
  "rpve_csf": 12.869811373433018,
  "rpve_gm": 12.140445757551158,
  "rpve_wm": 44.77109253377518,
  "size_x": 224,
  "size_y": 300,
  "size_z": 320,
  "snr_csf": 7.832819136088774,
  "snr_gm": 9.031885840213837,
  "snr_total": 6.628680267649474,
  "snr_wm": 3.0213358266458132,
  "snrd_csf": 52.35607712936855,
  "snrd_gm": 30.41618855902888,
  "snrd_total": 61.52150719843899,
  "snrd_wm": 101.79225590691954,
  "spacing_x": 0.800000011920929,
  "spacing_y": 0.800000011920929,
  "spacing_z": 0.800000011920929,
  "summary_bg_k": 6.4674177799527435,
  "summary_bg_mad": 0.0,
  "summary_bg_mean": 4.5486832477119234,
  "summary_bg_median": 0.0,
  "summary_bg_n": 7438880.0,
  "summary_bg_p05": 0.0,
  "summary_bg_p95": 17.48020387813449,
  "summary_bg_stdv": 6.436014274953967,
  "summary_csf_k": 0.08081203662353831,
  "summary_csf_mad": 58.057676774417175,
  "summary_csf_mean": 523.0658592207278,
  "summary_csf_median": 514.3424480538815,
  "summary_csf_n": 127866.0,
  "summary_csf_p05": 428.56165643781424,
  "summary_csf_p95": 645.1701358258724,
  "summary_csf_stdv": 65.66479167436235,
  "summary_gm_k": 0.8129421328704747,
  "summary_gm_mad": 30.85582821577416,
  "summary_gm_mean": 299.07334288932884,
  "summary_gm_median": 298.80651381239295,
  "summary_gm_n": 461457.0,
  "summary_gm_p05": 245.33899725042284,
  "summary_gm_p95": 353.3009353019297,
  "summary_gm_stdv": 33.08347728639383,
  "summary_wm_k": 1.1025014874019385,
  "summary_wm_mad": 140.18763619743447,
  "summary_wm_mean": 867.51889288004,
  "summary_wm_median": 1000.0000184644014,
  "summary_wm_n": 47536.0,
  "summary_wm_p05": 62.82376145757735,
  "summary_wm_p95": 1167.003284823615,
  "summary_wm_stdv": 330.97595151315966,
  "tpm_overlap_csf": 0.11087152191818209,
  "tpm_overlap_gm": 0.3033331437213852,
  "tpm_overlap_wm": 0.030432109394495414,
  "wm2max": 0.8867596171358034
}