{
  "bids_meta": {
    "AcquisitionMatrixPE": 300,
    "AcquisitionNumber": 1,
    "AcquisitionTime": "10:21:19.542500",
    "BaseResolution": 320,
    "CoilCombinationMethod": "Adaptive Combine",
    "CoilString": "C:HEA;HEP",
    "ConversionSoftware": "dcm2niix",
    "ConversionSoftwareVersion": "v1.0.20211220",
    "Dcm2bidsVersion": "2.1.6",
    "DeviceSerialNumber": "40463",
    "DwellTime": 7.4e-06,
    "EchoTime": 0.00224,
    "FlipAngle": 8,
    "ImageOrientationPatientDICOM": [
      0,
      1,
      0,
      0,
      0,
      -1
    ],
    "ImageOrientationText": "Sag",
    "ImageType": [
      "ORIGINAL",
      "PRIMARY",
      "M",
      "ND"
    ],
    "ImagingFrequency": 123.122,
    "InPlanePhaseEncodingDirectionDICOM": "ROW",
    "InversionTime": 1.06,
    "MRAcquisitionType": "3D",
    "MagneticFieldStrength": 3,
    "Manufacturer": "Siemens",
    "ManufacturersModelName": "Verio",
    "MatrixCoilMode": "GRAPPA",
    "Modality": "MR",
    "ParallelReductionFactorInPlane": 2,
    "PartialFourier": 1,
    "PatientPosition": "HFS",
    "PercentPhaseFOV": 93.75,
    "PercentSampling": 100,
    "PhaseEncodingSteps": 299,
    "PhaseResolution": 1,
    "PixelBandwidth": 211,
    "ProtocolName": "T1w_MPR2_0.8iso",
    "PulseSequenceDetails": "%SiemensSeq%\\tfl",
    "ReceiveCoilName": "32Ch_Head",
    "ReconMatrixPE": 300,
    "RefLinesPE": 32,
    "RepetitionTime": 2.4,
    "SAR": 0.0309803,
    "ScanOptions": "IR\\WE",
    "ScanningSequence": "GR\\IR",
    "SequenceName": "*tfl3d1_ns",
    "SequenceVariant": "SP\\MP",
    "SeriesDescription": "T1w_MPR2_0.8iso",
    "SeriesNumber": 16,
    "ShimSetting": [
      2848,
      7491,
      -15077,
      -26,
      986,
      -1134,
      -506,
      1076
    ],
    "SliceThickness": 0.8,
    "SoftwareVersions": "syngo MR B17",
    "StationName": "MRC40463",
    "TxRefAmp": 416.671,
    "acq_id": "02",
    "dataset": "ds004056",
    "modality": "T1w",
    "session_id": "02",
    "subject_id": "13"
  },
  "cjv": 0.4001025477226512,
  "cnr": 3.3889610226433318,
  "efc": 0.530056340572583,
  "fber": 36301.45674740484,
  "fwhm_avg": 4.812054094961472,
  "fwhm_x": 4.7744624288549655,
  "fwhm_y": 4.6710874303953736,
  "fwhm_z": 4.99061242563408,
  "icvs_csf": 0.17182157049267713,
  "icvs_gm": 0.44685937846932444,
  "icvs_wm": 0.3813190510379984,
  "inu_med": 0.6868177652359009,
  "inu_range": 0.684661155939102,
  "provenance": {
    "md5sum": "16beb6aadd86c33c34566aafa230f888",
    "settings": {
      "testing": false
    },
    "software": "mriqc",
    "version": "23.0.1",
    "warnings": {
      "large_rot_frame": true,
      "small_air_mask": false
    },
    "webapi_port": null,
    "webapi_url": "https://mriqc.nimh.nih.gov/api/v1"
  },
  "qi_1": 9.039255031087935e-07,
  "qi_2": 0.005463552481148149,
  "rpve_csf": 27.863260792455193,
  "rpve_gm": 11.901886927984268,
  "rpve_wm": 15.650536593664118,
  "size_x": 224,
  "size_y": 300,
  "size_z": 320,
  "snr_csf": 2.0784822260677047,
  "snr_gm": 13.814032934018012,
  "snr_total": 12.782948384188058,
  "snr_wm": 22.456329992478455,
  "snrd_csf": 21.212014901474557,
  "snrd_gm": 55.424408751763664,
  "snrd_total": 49.90258240099524,
  "snrd_wm": 73.07132354974749,
  "spacing_x": 0.800000011920929,
  "spacing_y": 0.800000011920929,
  "spacing_z": 0.800000011920929,
  "summary_bg_k": 6.224738291770844,
  "summary_bg_mad": 0.0,
  "summary_bg_mean": 6.255660772957506,
  "summary_bg_median": 0.0,
  "summary_bg_n": 7377168.0,
  "summary_bg_p05": 0.0,
  "summary_bg_p95": 24.35050182789564,
  "summary_bg_stdv": 8.96611700790762,
  "summary_csf_k": 22.609304724649398,
  "summary_csf_mad": 83.47773678719872,
  "summary_csf_mean": 306.7942267268398,
  "summary_csf_median": 290.30505339056253,
  "summary_csf_n": 69348.0,
  "summary_csf_p05": 101.02289977669716,
  "summary_csf_p95": 533.3868798626584,
  "summary_csf_stdv": 139.67064843703608,
  "summary_gm_k": 0.2408585229429403,
  "summary_gm_mad": 54.08605775762233,
  "summary_gm_mean": 757.8261560025492,
  "summary_gm_median": 758.5317102856934,
  "summary_gm_n": 97411.0,
  "summary_gm_p05": 667.3304813206196,
  "summary_gm_p95": 846.2025690972805,
  "summary_gm_stdv": 54.90994703997968,
  "summary_wm_k": 0.49006865161863056,
  "summary_wm_mad": 42.54411987386173,
  "summary_wm_mean": 1001.7763332538176,
  "summary_wm_median": 1000.0452377088368,
  "summary_wm_n": 465324.0,
  "summary_wm_p05": 932.3798097670078,
  "summary_wm_p95": 1077.4870753064752,
  "summary_wm_stdv": 44.532840560968204,
  "tpm_overlap_csf": 0.1502127363918662,
  "tpm_overlap_gm": 0.4459943101654023,
  "tpm_overlap_wm": 0.4979579674894741,
  "wm2max": 0.6476243420050758
}