{
  "aor": 0.0008204395604395605,
  "aqi": 0.006648769038461538,
  "bids_meta": {
    "AcquisitionMatrixPE": 130,
    "AcquisitionNumber": 1,
    "AcquisitionTime": "10:30:41.340000",
    "BandwidthPerPixelPhaseEncode": 24.038,
    "BaseResolution": 130,
    "CoilCombinationMethod": "Sum of Squares",
    "CoilString": "C:A32",
    "ConversionSoftware": "dcm2niix",
    "ConversionSoftwareVersion": "v1.0.20211220",
    "Dcm2bidsVersion": "2.1.6",
    "DerivedVendorReportedEchoSpacing": 0.000640012,
    "DeviceSerialNumber": "18981",
    "DwellTime": 2e-06,
    "EchoTime": 0.0222,
    "EffectiveEchoSpacing": 0.000320006,
    "FlipAngle": 45,
    "ImageComments": "Unaliased MB5/PE4",
    "ImageOrientationPatientDICOM": [
      1,
      -1e-16,
      0,
      1e-16,
      0.939693,
      -0.34202
    ],
    "ImageOrientationText": "Tra>Cor(-20.0)",
    "ImageType": [
      "ORIGINAL",
      "PRIMARY",
      "M",
      "MB",
      "ND",
      "MOSAIC"
    ],
    "ImagingFrequency": 297.223,
    "InPlanePhaseEncodingDirectionDICOM": "COL",
    "MRAcquisitionType": "2D",
    "MagneticFieldStrength": 6.98,
    "Manufacturer": "Siemens",
    "ManufacturersModelName": "Investigational_Device_7T",
    "MatrixCoilMode": "GRAPPA",
    "Modality": "MR",
    "MultibandAccelerationFactor": 5,
    "ParallelReductionFactorInPlane": 2,
    "PartialFourier": 0.875,
    "PatientPosition": "HFS",
    "PercentPhaseFOV": 100,
    "PercentSampling": 100,
    "PhaseEncodingDirection": "j-",
    "PhaseEncodingSteps": 114,
    "PhaseResolution": 1,
    "PixelBandwidth": 1923,
    "ProtocolName": "MB5_TR1s_TE22p2_IPAT2_1.6mm_85slices_AP_367vols",
    "PulseSequenceDetails": "%CustomerSeq%\\cmrr_mbep2d_bold",
    "ReceiveCoilName": "32Ch_Head_7T",
    "ReconMatrixPE": 130,
    "RefLinesPE": 96,
    "RepetitionTime": 1,
    "SAR": 0.128257,
    "ScanOptions": "PFP\\FS",
    "ScanningSequence": "EP",
    "SequenceName": "epfid2d1_130",
    "SequenceVariant": "SK\\SS",
    "SeriesDescription": "MB5_TR1s_TE22p2_IPAT2_1.6mm_85slices_AP_367vols",
    "SeriesNumber": 17,
    "ShimSetting": [
      -56,
      106,
      846,
      480,
      -271,
      -184,
      -321,
      129
    ],
    "SliceThickness": 1.6,
    "SliceTiming": [
      0,
      0.5325,
      0.06,
      0.5925,
      0.12,
      0.65,
      0.1775,
      0.71,
      0.2375,
      0.7675,
      0.295,
      0.8275,
      0.355,
      0.8875,
      0.415,
      0.945,
      0.4725,
      0,
      0.5325,
      0.06,
      0.5925,
      0.12,
      0.65,
      0.1775,
      0.71,
      0.2375,
      0.7675,
      0.295,
      0.8275,
      0.355,
      0.8875,
      0.415,
      0.945,
      0.4725,
      0,
      0.5325,
      0.06,
      0.5925,
      0.12,
      0.65,
      0.1775,
      0.71,
      0.2375,
      0.7675,
      0.295,
      0.8275,
      0.355,
      0.8875,
      0.415,
      0.945,
      0.4725,
      0,
      0.5325,
      0.06,
      0.5925,
      0.12,
      0.65,
      0.1775,
      0.71,
      0.2375,
      0.7675,
      0.295,
      0.8275,
      0.355,
      0.8875,
      0.415,
      0.945,
      0.4725,
      0,
      0.5325,
      0.06,
      0.5925,
      0.12,
      0.65,
      0.1775,
      0.71,
      0.2375,
      0.7675,
      0.295,
      0.8275,
      0.355,
      0.8875,
      0.415,
      0.945,
      0.4725
    ],
    "SoftwareVersions": "syngo MR B17",
    "SpacingBetweenSlices": 1.6,
    "StationName": "MRC18981",
    "TaskName": "GDMotor",
    "TotalReadoutTime": 0.0412808,
    "TxRefAmp": 220,
    "dataset": "ds004056",
    "modality": "bold",
    "run_id": 6,
    "session_id": "01",
    "subject_id": "24",
    "task_id": "GDMotor"
  },
  "dummy_trs": 3,
  "dvars_nstd": 45.82593968278237,
  "dvars_std": 1.0575807428925623,
  "dvars_vstd": 1.009912141873278,
  "efc": 0.48413640883961695,
  "fber": 1133.8243408203125,
  "fd_mean": 0.07782519703997916,
  "fd_num": 7,
  "fd_perc": 1.9230769230769231,
  "fwhm_avg": 2.543210378769879,
  "fwhm_x": 2.376212464591675,
  "fwhm_y": 2.7011937097490772,
  "fwhm_z": 2.552224961968885,
  "gcor": 0.00538619,
  "gsr_x": 0.0011769672855734825,
  "gsr_y": 0.04235585778951645,
  "provenance": {
    "md5sum": "f7bda9539195bd1e3a6fa220fb837e24",
    "settings": {
      "fd_thres": 0.2,
      "testing": false
    },
    "software": "mriqc",
    "version": "23.0.1",
    "webapi_port": null,
    "webapi_url": "https://mriqc.nimh.nih.gov/api/v1"
  },
  "size_t": 364,
  "size_x": 130,
  "size_y": 130,
  "size_z": 85,
  "snr": 1.879612126324916,
  "spacing_tr": 1.0,
  "spacing_x": 1.600000023841858,
  "spacing_y": 1.600000023841858,
  "spacing_z": 1.600000023841858,
  "summary_bg_k": 59.587257827467035,
  "summary_bg_mad": 8.9078338186311,
  "summary_bg_mean": 25.3175106048584,
  "summary_bg_median": 10.766484260559082,
  "summary_bg_n": 989767.0,
  "summary_bg_p05": 4.0,
  "summary_bg_p95": 96.15384674072266,
  "summary_bg_stdv": 46.563323974609375,
  "summary_fg_k": 6.243755003952879,
  "summary_fg_mad": 144.4926349751036,
  "summary_fg_mean": 413.2491455078125,
  "summary_fg_median": 372.5769348144531,
  "summary_fg_n": 287905.0,
  "summary_fg_p05": 190.50989074707033,
  "summary_fg_p95": 788.7137451171875,
  "summary_fg_stdv": 198.2197723388672,
  "tsnr": 30.226089050527662
}