{
  "bids_meta": {
    "AcquisitionMatrixPE": 300,
    "AcquisitionNumber": 1,
    "AcquisitionTime": "15:14:41.425000",
    "BaseResolution": 320,
    "CoilCombinationMethod": "Adaptive Combine",
    "CoilString": "C:A32",
    "ConversionSoftware": "dcm2niix",
    "ConversionSoftwareVersion": "v1.0.20211220",
    "Dcm2bidsVersion": "2.1.6",
    "DeviceSerialNumber": "18981",
    "DwellTime": 6.5e-06,
    "EchoTime": 0.00299,
    "ImageComments": "DENOISED IMAGE (lambda = 150)",
    "ImageOrientationPatientDICOM": [
      0,
      1,
      0,
      0,
      0,
      -1
    ],
    "ImageOrientationText": "Sag",
    "ImageType": [
      "ORIGINAL",
      "PRIMARY",
      "M",
      "ND",
      "UNI"
    ],
    "ImagingFrequency": 297.224,
    "InPlanePhaseEncodingDirectionDICOM": "ROW",
    "MRAcquisitionType": "3D",
    "MagneticFieldStrength": 6.98,
    "Manufacturer": "Siemens",
    "ManufacturersModelName": "Investigational_Device_7T",
    "MatrixCoilMode": "GRAPPA",
    "Modality": "MR",
    "ParallelReductionFactorInPlane": 3,
    "PartialFourier": 0.75,
    "PatientPosition": "HFS",
    "PercentPhaseFOV": 93.75,
    "PercentSampling": 100,
    "PhaseEncodingSteps": 226,
    "PhaseResolution": 1,
    "PixelBandwidth": 240,
    "ProtocolName": "mp2rage-wip900_0.75iso_7T",
    "PulseSequenceDetails": "%CustomerSeq%\\tfl_wip900b17a",
    "ReceiveCoilName": "32Ch_Head_7T",
    "ReconMatrixPE": 300,
    "RefLinesPE": 32,
    "RepetitionTime": 6,
    "SAR": 0.089848,
    "ScanOptions": "IR\\PFP",
    "ScanningSequence": "GR\\IR",
    "SequenceName": "tfl3d1_ns",
    "SequenceVariant": "SP\\MP",
    "SeriesDescription": "mp2rage-wip900_0.75iso_7T_UNI-DEN",
    "SeriesNumber": 27,
    "SliceThickness": 0.75,
    "SoftwareVersions": "syngo MR B17",
    "StationName": "MRC18981",
    "TxRefAmp": 250,
    "acq_id": "MP2R",
    "dataset": "ds004056",
    "modality": "T1w",
    "session_id": "01",
    "subject_id": "03"
  },
  "cjv": 0.3112576609416493,
  "cnr": 3.974078435864146,
  "efc": 0.478234007840752,
  "fber": 9144.028389428904,
  "fwhm_avg": 4.182022222222222,
  "fwhm_x": 4.147666666666667,
  "fwhm_y": 4.571453333333333,
  "fwhm_z": 3.8269466666666667,
  "icvs_csf": 0.2939645740053627,
  "icvs_gm": 0.3860167418590983,
  "icvs_wm": 0.320018684135539,
  "inu_med": 0.8331917822360992,
  "inu_range": 0.16527454555034637,
  "provenance": {
    "md5sum": "3e3a0efc33a8ea9671834e4f68a7444b",
    "settings": {
      "testing": false
    },
    "software": "mriqc",
    "version": "23.0.1",
    "warnings": {
      "large_rot_frame": true,
      "small_air_mask": false
    },
    "webapi_port": null,
    "webapi_url": "https://mriqc.nimh.nih.gov/api/v1"
  },
  "qi_1": 0.014098825406113139,
  "qi_2": 0.0006049945458316491,
  "rpve_csf": 16.51095916008073,
  "rpve_gm": 11.410830334270777,
  "rpve_wm": 16.553974629118695,
  "size_x": 224,
  "size_y": 300,
  "size_z": 320,
  "snr_csf": 0.9772234817235976,
  "snr_gm": 4.804699007130398,
  "snr_total": 5.559827237742973,
  "snr_wm": 10.897559224374925,
  "snrd_csf": 2.3411423246236738,
  "snrd_gm": 14.886195565760048,
  "snrd_total": 16.43079957676312,
  "snrd_wm": 32.06506083990564,
  "spacing_x": 0.75,
  "spacing_y": 0.75,
  "spacing_z": 0.75,
  "summary_bg_k": 152.10331139503714,
  "summary_bg_mad": 0.0,
  "summary_bg_mean": 7.6836078831090076,
  "summary_bg_median": 0.0,
  "summary_bg_n": 6601123.0,
  "summary_bg_p05": 0.0,
  "summary_bg_p95": 37.686310674995184,
  "summary_bg_stdv": 20.431472662587044,
  "summary_csf_k": 4.346803177055647,
  "summary_csf_mad": 59.491253499395725,
  "summary_csf_mean": 92.27968112151133,
  "summary_csf_median": 73.01225424930453,
  "summary_csf_n": 173501.0,
  "summary_csf_p05": 13.313531287014484,
  "summary_csf_p95": 239.16618555039167,
  "summary_csf_stdv": 74.71376323405883,
  "summary_gm_k": 0.0031365855109410923,
  "summary_gm_mad": 96.76667208328676,
  "summary_gm_mean": 461.5513802617524,
  "summary_gm_median": 464.2497314326465,
  "summary_gm_n": 60858.0,
  "summary_gm_p05": 297.8491550300271,
  "summary_gm_p95": 614.521574663557,
  "summary_gm_stdv": 96.62330908208395,
  "summary_wm_k": 3.439981668860108,
  "summary_wm_mad": 69.98970999928909,
  "summary_wm_mean": 995.0594723733443,
  "summary_wm_median": 1000.0000213310122,
  "summary_wm_n": 424853.0,
  "summary_wm_p05": 833.7665270939469,
  "summary_wm_p95": 1130.5893202498555,
  "summary_wm_stdv": 91.76356135013381,
  "tpm_overlap_csf": 0.14306158702210434,
  "tpm_overlap_gm": 0.4256307183691667,
  "tpm_overlap_wm": 0.4767682824428198,
  "wm2max": 0.5938326776975409
}