{
  "aor": 0.0010244109589041094,
  "aqi": 0.01216228802739726,
  "bids_meta": {
    "AcquisitionMatrixPE": 130,
    "AcquisitionNumber": 1,
    "AcquisitionTime": "11:59:50.177500",
    "BandwidthPerPixelPhaseEncode": 24.038,
    "BaseResolution": 130,
    "CoilCombinationMethod": "Sum of Squares",
    "CoilString": "C:A32",
    "ConversionSoftware": "dcm2niix",
    "ConversionSoftwareVersion": "v1.0.20211220",
    "Dcm2bidsVersion": "2.1.6",
    "DerivedVendorReportedEchoSpacing": 0.000640012,
    "DeviceSerialNumber": "18981",
    "DwellTime": 2e-06,
    "EchoTime": 0.0222,
    "EffectiveEchoSpacing": 0.000320006,
    "FlipAngle": 45,
    "ImageComments": "Unaliased MB5/PE4",
    "ImageOrientationPatientDICOM": [
      1,
      -1e-16,
      0,
      1e-16,
      0.939693,
      -0.34202
    ],
    "ImageOrientationText": "Tra>Cor(-20.0)",
    "ImageType": [
      "ORIGINAL",
      "PRIMARY",
      "M",
      "MB",
      "ND",
      "MOSAIC"
    ],
    "ImagingFrequency": 297.224,
    "InPlanePhaseEncodingDirectionDICOM": "COL",
    "MRAcquisitionType": "2D",
    "MagneticFieldStrength": 6.98,
    "Manufacturer": "Siemens",
    "ManufacturersModelName": "Investigational_Device_7T",
    "MatrixCoilMode": "GRAPPA",
    "Modality": "MR",
    "MultibandAccelerationFactor": 5,
    "ParallelReductionFactorInPlane": 2,
    "PartialFourier": 0.875,
    "PatientPosition": "HFS",
    "PercentPhaseFOV": 100,
    "PercentSampling": 100,
    "PhaseEncodingDirection": "j-",
    "PhaseEncodingSteps": 114,
    "PhaseResolution": 1,
    "PixelBandwidth": 1923,
    "ProtocolName": "MB5_TR1s_TE22p2_IPAT2_1.6mm_85slices_AP_367vols",
    "PulseSequenceDetails": "%CustomerSeq%\\cmrr_mbep2d_bold",
    "ReceiveCoilName": "32Ch_Head_7T",
    "ReconMatrixPE": 130,
    "RefLinesPE": 96,
    "RepetitionTime": 1,
    "SAR": 0.0555442,
    "ScanOptions": "PFP\\FS",
    "ScanningSequence": "EP",
    "SequenceName": "epfid2d1_130",
    "SequenceVariant": "SK\\SS",
    "SeriesDescription": "MB5_TR1s_TE22p2_IPAT2_1.6mm_85slices_AP_367vols",
    "SeriesNumber": 7,
    "ShimSetting": [
      -89,
      111,
      884,
      490,
      -202,
      -290,
      -220,
      161
    ],
    "SliceThickness": 1.6,
    "SliceTiming": [
      0,
      0.5325,
      0.06,
      0.5925,
      0.12,
      0.65,
      0.1775,
      0.71,
      0.2375,
      0.7675,
      0.2975,
      0.8275,
      0.355,
      0.8875,
      0.415,
      0.945,
      0.4725,
      0,
      0.5325,
      0.06,
      0.5925,
      0.12,
      0.65,
      0.1775,
      0.71,
      0.2375,
      0.7675,
      0.2975,
      0.8275,
      0.355,
      0.8875,
      0.415,
      0.945,
      0.4725,
      0,
      0.5325,
      0.06,
      0.5925,
      0.12,
      0.65,
      0.1775,
      0.71,
      0.2375,
      0.7675,
      0.2975,
      0.8275,
      0.355,
      0.8875,
      0.415,
      0.945,
      0.4725,
      0,
      0.5325,
      0.06,
      0.5925,
      0.12,
      0.65,
      0.1775,
      0.71,
      0.2375,
      0.7675,
      0.2975,
      0.8275,
      0.355,
      0.8875,
      0.415,
      0.945,
      0.4725,
      0,
      0.5325,
      0.06,
      0.5925,
      0.12,
      0.65,
      0.1775,
      0.71,
      0.2375,
      0.7675,
      0.2975,
      0.8275,
      0.355,
      0.8875,
      0.415,
      0.945,
      0.4725
    ],
    "SoftwareVersions": "syngo MR B17",
    "SpacingBetweenSlices": 1.6,
    "StationName": "MRC18981",
    "TaskName": "GDMotor",
    "TotalReadoutTime": 0.0412808,
    "TxRefAmp": 145.272,
    "dataset": "ds004056",
    "modality": "bold",
    "run_id": 1,
    "session_id": "01",
    "subject_id": "07",
    "task_id": "GDMotor"
  },
  "dummy_trs": 2,
  "dvars_nstd": 50.063864079148374,
  "dvars_std": 1.053500093379122,
  "dvars_vstd": 0.988403811813188,
  "efc": 0.47700180174908785,
  "fber": 1473.1221923828125,
  "fd_mean": 0.11159924615101399,
  "fd_num": 21,
  "fd_perc": 5.7534246575342465,
  "fwhm_avg": 2.6225791275871924,
  "fwhm_x": 2.4745749631259595,
  "fwhm_y": 2.7393249591808773,
  "fwhm_z": 2.65383746045474,
  "gcor": 0.00278901,
  "gsr_x": -0.006058512255549431,
  "gsr_y": 0.028358913958072662,
  "provenance": {
    "md5sum": "c9be8ef50b343ca977de0459804708c9",
    "settings": {
      "fd_thres": 0.2,
      "testing": false
    },
    "software": "mriqc",
    "version": "23.0.1",
    "webapi_port": null,
    "webapi_url": "https://mriqc.nimh.nih.gov/api/v1"
  },
  "size_t": 365,
  "size_x": 130,
  "size_y": 130,
  "size_z": 85,
  "snr": 2.172156198174883,
  "spacing_tr": 1.0,
  "spacing_x": 1.600000023841858,
  "spacing_y": 1.600000023841858,
  "spacing_z": 1.600000023841858,
  "summary_bg_k": 68.20630415448586,
  "summary_bg_mad": 6.300044234334913,
  "summary_bg_mean": 17.20374298095703,
  "summary_bg_median": 8.427397727966309,
  "summary_bg_n": 996121.0,
  "summary_bg_p05": 3.720548152923584,
  "summary_bg_p95": 58.65205764770508,
  "summary_bg_stdv": 28.378952026367188,
  "summary_fg_k": 5.340620854259678,
  "summary_fg_mad": 118.12482056210418,
  "summary_fg_mean": 359.6849060058594,
  "summary_fg_median": 332.3342590332031,
  "summary_fg_n": 280748.0,
  "summary_fg_p05": 174.63849868774415,
  "summary_fg_p95": 644.0397247314444,
  "summary_fg_stdv": 152.99713134765625,
  "tsnr": 23.49251924280543
}