{
  "bids_meta": {
    "AcquisitionMatrixPE": 300,
    "AcquisitionNumber": 1,
    "AcquisitionTime": "13:03:15.325000",
    "BaseResolution": 320,
    "CoilCombinationMethod": "Adaptive Combine",
    "CoilString": "C:A32",
    "ConversionSoftware": "dcm2niix",
    "ConversionSoftwareVersion": "v1.0.20211220",
    "Dcm2bidsVersion": "2.1.6",
    "DeviceSerialNumber": "18981",
    "DwellTime": 6.5e-06,
    "EchoTime": 0.00299,
    "ImageComments": "DENOISED IMAGE (lambda = 150)",
    "ImageOrientationPatientDICOM": [
      0,
      1,
      0,
      0,
      0,
      -1
    ],
    "ImageOrientationText": "Sag",
    "ImageType": [
      "ORIGINAL",
      "PRIMARY",
      "M",
      "ND",
      "UNI"
    ],
    "ImagingFrequency": 297.224,
    "InPlanePhaseEncodingDirectionDICOM": "ROW",
    "MRAcquisitionType": "3D",
    "MagneticFieldStrength": 6.98,
    "Manufacturer": "Siemens",
    "ManufacturersModelName": "Investigational_Device_7T",
    "MatrixCoilMode": "GRAPPA",
    "Modality": "MR",
    "ParallelReductionFactorInPlane": 3,
    "PartialFourier": 0.75,
    "PatientPosition": "HFS",
    "PercentPhaseFOV": 93.75,
    "PercentSampling": 100,
    "PhaseEncodingSteps": 226,
    "PhaseResolution": 1,
    "PixelBandwidth": 240,
    "ProtocolName": "mp2rage-wip900_0.75iso_7T",
    "PulseSequenceDetails": "%CustomerSeq%\\tfl_wip900b17a",
    "ReceiveCoilName": "32Ch_Head_7T",
    "ReconMatrixPE": 300,
    "RefLinesPE": 32,
    "RepetitionTime": 6,
    "SAR": 0.062709,
    "ScanOptions": "IR\\PFP",
    "ScanningSequence": "GR\\IR",
    "SequenceName": "tfl3d1_ns",
    "SequenceVariant": "SP\\MP",
    "SeriesDescription": "mp2rage-wip900_0.75iso_7T_UNI-DEN",
    "SeriesNumber": 27,
    "ShimSetting": [
      -73,
      175,
      919,
      626,
      -279,
      -137,
      -627,
      100
    ],
    "SliceThickness": 0.75,
    "SoftwareVersions": "syngo MR B17",
    "StationName": "MRC18981",
    "TxRefAmp": 220,
    "acq_id": "MP2R",
    "dataset": "ds004056",
    "modality": "T1w",
    "session_id": "01",
    "subject_id": "22"
  },
  "cjv": 0.29001130116388646,
  "cnr": 4.491444089759744,
  "efc": 0.5150753623170328,
  "fber": 8975.46225339125,
  "fwhm_avg": 4.119582222222222,
  "fwhm_x": 4.143759999999999,
  "fwhm_y": 4.509146666666667,
  "fwhm_z": 3.7058400000000002,
  "icvs_csf": 0.29115332356584034,
  "icvs_gm": 0.40218037445951327,
  "icvs_wm": 0.3066663019746464,
  "inu_med": 0.7962350845336914,
  "inu_range": 0.1584290742874146,
  "provenance": {
    "md5sum": "0447d36d223f73005fd463fbaf93187f",
    "settings": {
      "testing": false
    },
    "software": "mriqc",
    "version": "23.0.1",
    "warnings": {
      "large_rot_frame": true,
      "small_air_mask": false
    },
    "webapi_port": null,
    "webapi_url": "https://mriqc.nimh.nih.gov/api/v1"
  },
  "qi_1": 1.5670730139814607e-05,
  "qi_2": 0.0006933030719209614,
  "rpve_csf": 14.280064422200779,
  "rpve_gm": 9.831310489291155,
  "rpve_wm": 15.780142027610973,
  "size_x": 224,
  "size_y": 300,
  "size_z": 320,
  "snr_csf": 0.9346694349655038,
  "snr_gm": 5.057516990338776,
  "snr_total": 6.338490914250564,
  "snr_wm": 13.023286317447415,
  "snrd_csf": 4.682840179552462,
  "snrd_gm": 25.815321883994592,
  "snrd_total": 28.805273629793373,
  "snrd_wm": 55.91765882583306,
  "spacing_x": 0.75,
  "spacing_y": 0.75,
  "spacing_z": 0.75,
  "summary_bg_k": 2247.233095210428,
  "summary_bg_mad": 0.0,
  "summary_bg_mean": 4.461495470134062,
  "summary_bg_median": 0.0,
  "summary_bg_n": 5326051.0,
  "summary_bg_p05": 0.0,
  "summary_bg_p95": 18.253086537122726,
  "summary_bg_stdv": 11.716434393209896,
  "summary_csf_k": 100.70940384269588,
  "summary_csf_mad": 69.21643955904258,
  "summary_csf_mean": 101.07647030460258,
  "summary_csf_median": 83.74773518554866,
  "summary_csf_n": 124949.0,
  "summary_csf_p05": 13.982332315295935,
  "summary_csf_p95": 241.3853687569499,
  "summary_csf_stdv": 89.60108988724575,
  "summary_gm_k": -0.2112187934015468,
  "summary_gm_mad": 94.50038959846728,
  "summary_gm_mean": 463.2324339868465,
  "summary_gm_median": 461.68023207597435,
  "summary_gm_n": 96330.0,
  "summary_gm_p05": 315.2006752026267,
  "summary_gm_p95": 614.2573144119233,
  "summary_gm_stdv": 91.28547399931344,
  "summary_wm_k": 2.5265690181904485,
  "summary_wm_mad": 61.62691767756861,
  "summary_wm_mean": 994.5975201355287,
  "summary_wm_median": 1000.0292779561132,
  "summary_wm_n": 442881.0,
  "summary_wm_p05": 858.7433677408844,
  "summary_wm_p95": 1106.651874795556,
  "summary_wm_stdv": 76.7876958683797,
  "tpm_overlap_csf": 0.13660021579142734,
  "tpm_overlap_gm": 0.41381006815245525,
  "tpm_overlap_wm": 0.44115137854261155,
  "wm2max": 0.5737999328633769
}