{
  "aor": 0.002193746556473829,
  "aqi": 0.022783812341597792,
  "bids_meta": {
    "AcquisitionMatrixPE": 130,
    "AcquisitionNumber": 1,
    "AcquisitionTime": "12:40:57.655000",
    "BandwidthPerPixelPhaseEncode": 24.038,
    "BaseResolution": 130,
    "CoilCombinationMethod": "Sum of Squares",
    "CoilString": "C:A32",
    "ConversionSoftware": "dcm2niix",
    "ConversionSoftwareVersion": "v1.0.20211220",
    "Dcm2bidsVersion": "2.1.6",
    "DerivedVendorReportedEchoSpacing": 0.000640012,
    "DeviceSerialNumber": "18981",
    "DwellTime": 2e-06,
    "EchoTime": 0.0222,
    "EffectiveEchoSpacing": 0.000320006,
    "FlipAngle": 45,
    "ImageComments": "Unaliased MB5/PE4",
    "ImageOrientationPatientDICOM": [
      1,
      -1e-16,
      0,
      1e-16,
      0.939693,
      -0.34202
    ],
    "ImageOrientationText": "Tra>Cor(-20.0)",
    "ImageType": [
      "ORIGINAL",
      "PRIMARY",
      "M",
      "MB",
      "ND",
      "MOSAIC"
    ],
    "ImagingFrequency": 297.224,
    "InPlanePhaseEncodingDirectionDICOM": "COL",
    "MRAcquisitionType": "2D",
    "MagneticFieldStrength": 6.98,
    "Manufacturer": "Siemens",
    "ManufacturersModelName": "Investigational_Device_7T",
    "MatrixCoilMode": "GRAPPA",
    "Modality": "MR",
    "MultibandAccelerationFactor": 5,
    "ParallelReductionFactorInPlane": 2,
    "PartialFourier": 0.875,
    "PatientPosition": "HFS",
    "PercentPhaseFOV": 100,
    "PercentSampling": 100,
    "PhaseEncodingDirection": "j-",
    "PhaseEncodingSteps": 114,
    "PhaseResolution": 1,
    "PixelBandwidth": 1923,
    "ProtocolName": "MB5_TR1s_TE22p2_IPAT2_1.6mm_85slices_AP_367vols",
    "PulseSequenceDetails": "%CustomerSeq%\\cmrr_mbep2d_bold",
    "ReceiveCoilName": "32Ch_Head_7T",
    "ReconMatrixPE": 130,
    "RefLinesPE": 96,
    "RepetitionTime": 1,
    "SAR": 0.0534274,
    "ScanOptions": "PFP\\FS",
    "ScanningSequence": "EP",
    "SequenceName": "epfid2d1_130",
    "SequenceVariant": "SK\\SS",
    "SeriesDescription": "MB5_TR1s_TE22p2_IPAT2_1.6mm_85slices_AP_367vols",
    "SeriesNumber": 19,
    "ShimSetting": [
      -44,
      -21,
      1013,
      470,
      -77,
      32,
      -188,
      132
    ],
    "SliceThickness": 1.6,
    "SliceTiming": [
      0,
      0.53,
      0.0575,
      0.59,
      0.1175,
      0.65,
      0.1775,
      0.7075,
      0.235,
      0.7675,
      0.295,
      0.825,
      0.3525,
      0.885,
      0.4125,
      0.945,
      0.4725,
      0,
      0.53,
      0.0575,
      0.59,
      0.1175,
      0.65,
      0.1775,
      0.7075,
      0.235,
      0.7675,
      0.295,
      0.825,
      0.3525,
      0.885,
      0.4125,
      0.945,
      0.4725,
      0,
      0.53,
      0.0575,
      0.59,
      0.1175,
      0.65,
      0.1775,
      0.7075,
      0.235,
      0.7675,
      0.295,
      0.825,
      0.3525,
      0.885,
      0.4125,
      0.945,
      0.4725,
      0,
      0.53,
      0.0575,
      0.59,
      0.1175,
      0.65,
      0.1775,
      0.7075,
      0.235,
      0.7675,
      0.295,
      0.825,
      0.3525,
      0.885,
      0.4125,
      0.945,
      0.4725,
      0,
      0.53,
      0.0575,
      0.59,
      0.1175,
      0.65,
      0.1775,
      0.7075,
      0.235,
      0.7675,
      0.295,
      0.825,
      0.3525,
      0.885,
      0.4125,
      0.945,
      0.4725
    ],
    "SoftwareVersions": "syngo MR B17",
    "SpacingBetweenSlices": 1.6,
    "StationName": "MRC18981",
    "TaskName": "GDMotor",
    "TotalReadoutTime": 0.0412808,
    "TxRefAmp": 150.427,
    "dataset": "ds004056",
    "modality": "bold",
    "run_id": 7,
    "session_id": "01",
    "subject_id": "13",
    "task_id": "GDMotor"
  },
  "dummy_trs": 4,
  "dvars_nstd": 63.37615413549722,
  "dvars_std": 1.0648034275690617,
  "dvars_vstd": 1.0119044070994474,
  "efc": 0.48014129897769126,
  "fber": 1465.6259765625,
  "fd_mean": 0.303606241477291,
  "fd_num": 237,
  "fd_perc": 65.2892561983471,
  "fwhm_avg": 2.674089543486294,
  "fwhm_x": 2.5259374623605986,
  "fwhm_y": 2.7782124586014083,
  "fwhm_z": 2.7181187094968746,
  "gcor": 0.00936469,
  "gsr_x": -0.0031240100506693125,
  "gsr_y": 0.042429517954587936,
  "provenance": {
    "md5sum": "0c327bc61bbfb82f6fada5f24fcdf145",
    "settings": {
      "fd_thres": 0.2,
      "testing": false
    },
    "software": "mriqc",
    "version": "23.0.1",
    "webapi_port": null,
    "webapi_url": "https://mriqc.nimh.nih.gov/api/v1"
  },
  "size_t": 363,
  "size_x": 130,
  "size_y": 130,
  "size_z": 85,
  "snr": 2.04801590403881,
  "spacing_tr": 1.0,
  "spacing_x": 1.600000023841858,
  "spacing_y": 1.600000023841858,
  "spacing_z": 1.600000023841858,
  "summary_bg_k": 55.38922572447926,
  "summary_bg_mad": 5.942661901772013,
  "summary_bg_mean": 17.4042911529541,
  "summary_bg_median": 8.137741088867188,
  "summary_bg_n": 990940.0,
  "summary_bg_p05": 3.7741048336029053,
  "summary_bg_p95": 59.27837429046612,
  "summary_bg_stdv": 29.67331886291504,
  "summary_fg_k": 10.114680170851926,
  "summary_fg_mad": 110.63561616708705,
  "summary_fg_mean": 350.2248840332031,
  "summary_fg_median": 318.9559326171875,
  "summary_fg_n": 290228.0,
  "summary_fg_p05": 175.45179748535156,
  "summary_fg_p95": 636.0623931884764,
  "summary_fg_stdv": 155.7387237548828,
  "tsnr": 17.660918427282013
}