{
  "bids_meta": {
    "AcquisitionMatrixPE": 302,
    "AcquisitionNumber": 1,
    "AcquisitionTime": "18:52:43.302500",
    "BaseResolution": 320,
    "CoilCombinationMethod": "Adaptive Combine",
    "CoilString": "C:HEA;HEP",
    "ConversionSoftware": "dcm2niix",
    "ConversionSoftwareVersion": "v1.0.20211220",
    "Dcm2bidsVersion": "2.1.6",
    "DeviceSerialNumber": "40463",
    "DwellTime": 2.1e-06,
    "EchoTime": 0.56,
    "EchoTrainLength": 167,
    "FlipAngle": 120,
    "ImageOrientationPatientDICOM": [
      0,
      1,
      0,
      0,
      0,
      -1
    ],
    "ImageOrientationText": "Sag",
    "ImageType": [
      "ORIGINAL",
      "PRIMARY",
      "M",
      "ND"
    ],
    "ImagingFrequency": 123.122,
    "InPlanePhaseEncodingDirectionDICOM": "ROW",
    "MRAcquisitionType": "3D",
    "MagneticFieldStrength": 3,
    "Manufacturer": "Siemens",
    "ManufacturersModelName": "Verio",
    "MatrixCoilMode": "GRAPPA",
    "Modality": "MR",
    "ParallelReductionFactorInPlane": 2,
    "PartialFourier": 1,
    "PatientPosition": "HFS",
    "PercentPhaseFOV": 93.75,
    "PercentSampling": 100.667,
    "PhaseEncodingDirection": "i",
    "PhaseEncodingSteps": 290,
    "PhaseResolution": 1.00667,
    "PixelBandwidth": 744,
    "ProtocolName": "T2w_SPC1_0.8iso",
    "PulseSequenceDetails": "%SiemensSeq%\\tse_vfl",
    "ReceiveCoilName": "32Ch_Head",
    "ReconMatrixPE": 300,
    "RefLinesPE": 32,
    "RepetitionTime": 3.2,
    "SAR": 0.0914567,
    "ScanOptions": "PFP",
    "ScanningSequence": "SE",
    "SequenceName": "*spc3d1_334ns",
    "SequenceVariant": "SK\\SP",
    "SeriesDescription": "T2w_SPC1_0.8iso",
    "SeriesNumber": 17,
    "ShimSetting": [
      2850,
      7649,
      -15130,
      13,
      1094,
      -683,
      -331,
      1210
    ],
    "SliceThickness": 0.8,
    "SoftwareVersions": "syngo MR B17",
    "SpoilingState": true,
    "StationName": "MRC40463",
    "TxRefAmp": 466.27,
    "acq_id": "01",
    "dataset": "ds004056",
    "modality": "T2w",
    "session_id": "02",
    "subject_id": "03"
  },
  "cjv": 0.21527272382714938,
  "cnr": 2.3460852412080118,
  "efc": 0.48613648371260787,
  "fber": 7974.789332417839,
  "fwhm_avg": 2.778604125262239,
  "fwhm_x": 2.672187460181304,
  "fwhm_y": 2.9747374556729573,
  "fwhm_z": 2.6888874599324546,
  "icvs_csf": 0.24165778065406007,
  "icvs_gm": 0.6411084070542673,
  "icvs_wm": 0.11723381229167265,
  "inu_med": 0.853664368391037,
  "inu_range": 0.45451572537422136,
  "provenance": {
    "md5sum": "e098308281108244e6e14fce0deb6f79",
    "settings": {
      "testing": false
    },
    "software": "mriqc",
    "version": "23.0.1",
    "warnings": {
      "large_rot_frame": true,
      "small_air_mask": false
    },
    "webapi_port": null,
    "webapi_url": "https://mriqc.nimh.nih.gov/api/v1"
  },
  "qi_1": 0.0,
  "qi_2": 0.006115290767465854,
  "rpve_csf": 17.894601223995572,
  "rpve_gm": 9.696168592010718,
  "rpve_wm": 51.75794286155212,
  "size_x": 224,
  "size_y": 300,
  "size_z": 320,
  "snr_csf": 4.496116894289769,
  "snr_gm": 6.309273218394326,
  "snr_total": 4.788701206342833,
  "snr_wm": 3.560713506344403,
  "snrd_csf": 51.205215867907626,
  "snrd_gm": 24.23099848702841,
  "snrd_total": 49.657896975493735,
  "snrd_wm": 73.53747657154517,
  "spacing_x": 0.800000011920929,
  "spacing_y": 0.800000011920929,
  "spacing_z": 0.800000011920929,
  "summary_bg_k": 9.668671659664414,
  "summary_bg_mad": 0.0,
  "summary_bg_mean": 5.674453234883136,
  "summary_bg_median": 0.0,
  "summary_bg_n": 6579591.0,
  "summary_bg_p05": 0.0,
  "summary_bg_p95": 23.092515747994184,
  "summary_bg_stdv": 8.908784578918532,
  "summary_csf_k": -1.0696757000594364,
  "summary_csf_mad": 214.68622396503494,
  "summary_csf_mean": 696.8632600464626,
  "summary_csf_median": 696.3072689659894,
  "summary_csf_n": 21269.0,
  "summary_csf_p05": 478.2595849737525,
  "summary_csf_p95": 893.2310480549932,
  "summary_csf_stdv": 154.8649459255202,
  "summary_gm_k": 0.4924723466820722,
  "summary_gm_mad": 47.28116290527397,
  "summary_gm_mean": 336.92576820315276,
  "summary_gm_median": 329.5019871480763,
  "summary_gm_n": 572663.0,
  "summary_gm_p05": 263.75623643025756,
  "summary_gm_p95": 437.0650446638465,
  "summary_gm_stdv": 52.22498504178847,
  "summary_wm_k": 3.655811167537192,
  "summary_wm_mad": 97.05651559683533,
  "summary_wm_mean": 909.1876104259721,
  "summary_wm_median": 999.9895247053355,
  "summary_wm_n": 42896.0,
  "summary_wm_p05": 98.90597638580948,
  "summary_wm_p95": 1132.1811159849167,
  "summary_wm_stdv": 280.8363736310979,
  "tpm_overlap_csf": 0.1305481963958182,
  "tpm_overlap_gm": 0.40596680608611807,
  "tpm_overlap_wm": 0.047498045866417225,
  "wm2max": 0.8983310179101115
}