{
  "bids_meta": {
    "AcquisitionMatrixPE": 300,
    "AcquisitionNumber": 1,
    "AcquisitionTime": "18:46:2.835000",
    "BaseResolution": 320,
    "CoilCombinationMethod": "Adaptive Combine",
    "CoilString": "C:HEA;HEP",
    "ConversionSoftware": "dcm2niix",
    "ConversionSoftwareVersion": "v1.0.20211220",
    "Dcm2bidsVersion": "2.1.6",
    "DeviceSerialNumber": "40463",
    "DwellTime": 7.4e-06,
    "EchoTime": 0.00224,
    "FlipAngle": 8,
    "ImageOrientationPatientDICOM": [
      0,
      1,
      0,
      0,
      0,
      -1
    ],
    "ImageOrientationText": "Sag",
    "ImageType": [
      "ORIGINAL",
      "PRIMARY",
      "M",
      "ND"
    ],
    "ImagingFrequency": 123.122,
    "InPlanePhaseEncodingDirectionDICOM": "ROW",
    "InversionTime": 1.06,
    "MRAcquisitionType": "3D",
    "MagneticFieldStrength": 3,
    "Manufacturer": "Siemens",
    "ManufacturersModelName": "Verio",
    "MatrixCoilMode": "GRAPPA",
    "Modality": "MR",
    "ParallelReductionFactorInPlane": 2,
    "PartialFourier": 1,
    "PatientPosition": "HFS",
    "PercentPhaseFOV": 93.75,
    "PercentSampling": 100,
    "PhaseEncodingSteps": 299,
    "PhaseResolution": 1,
    "PixelBandwidth": 211,
    "ProtocolName": "T1w_MPR1_0.8iso",
    "PulseSequenceDetails": "%SiemensSeq%\\tfl",
    "ReceiveCoilName": "32Ch_Head",
    "ReconMatrixPE": 300,
    "RefLinesPE": 32,
    "RepetitionTime": 2.4,
    "SAR": 0.0279045,
    "ScanOptions": "IR\\WE",
    "ScanningSequence": "GR\\IR",
    "SequenceName": "*tfl3d1_ns",
    "SequenceVariant": "SP\\MP",
    "SeriesDescription": "T1w_MPR1_0.8iso",
    "SeriesNumber": 16,
    "ShimSetting": [
      2850,
      7649,
      -15130,
      13,
      1094,
      -683,
      -331,
      1210
    ],
    "SliceThickness": 0.8,
    "SoftwareVersions": "syngo MR B17",
    "StationName": "MRC40463",
    "TxRefAmp": 466.27,
    "acq_id": "01",
    "dataset": "ds004056",
    "modality": "T1w",
    "session_id": "02",
    "subject_id": "03"
  },
  "cjv": 0.4571994036793018,
  "cnr": 3.0084699576684053,
  "efc": 0.5375107020152204,
  "fber": 12205.830399999999,
  "fwhm_avg": 4.420299934132398,
  "fwhm_x": 4.405249934356661,
  "fwhm_y": 4.301574935901539,
  "fwhm_z": 4.554074932138995,
  "icvs_csf": 0.2000810388202577,
  "icvs_gm": 0.4097844209536027,
  "icvs_wm": 0.3901345402261396,
  "inu_med": 0.8837202489376068,
  "inu_range": 0.5767211467027664,
  "provenance": {
    "md5sum": "209018501da5c064833519c663f88630",
    "settings": {
      "testing": false
    },
    "software": "mriqc",
    "version": "23.0.1",
    "warnings": {
      "large_rot_frame": true,
      "small_air_mask": false
    },
    "webapi_port": null,
    "webapi_url": "https://mriqc.nimh.nih.gov/api/v1"
  },
  "qi_1": 0.0,
  "qi_2": 0.004594563031428252,
  "rpve_csf": 26.886259517985927,
  "rpve_gm": 12.888013513439533,
  "rpve_wm": 15.171565932892252,
  "size_x": 224,
  "size_y": 300,
  "size_z": 320,
  "snr_csf": 2.1207635800294624,
  "snr_gm": 13.31719565409213,
  "snr_total": 10.568099430665454,
  "snr_wm": 16.266339057874767,
  "snrd_csf": 23.843560535861567,
  "snrd_gm": 59.97291134023938,
  "snrd_total": 54.718611099616076,
  "snrd_wm": 80.33936142274729,
  "spacing_x": 0.800000011920929,
  "spacing_y": 0.800000011920929,
  "spacing_z": 0.800000011920929,
  "summary_bg_k": 4.439140984350225,
  "summary_bg_mad": 8.15498034509634,
  "summary_bg_mean": 10.02215425178246,
  "summary_bg_median": 5.5004506558179855,
  "summary_bg_n": 6553879.0,
  "summary_bg_p05": 0.0,
  "summary_bg_p95": 37.15058475732803,
  "summary_bg_stdv": 13.376574661478621,
  "summary_csf_k": 44.57048196787346,
  "summary_csf_mad": 79.00972760576944,
  "summary_csf_mean": 305.7800814608988,
  "summary_csf_median": 296.7989071086049,
  "summary_csf_n": 102591.0,
  "summary_csf_p05": 110.32461274415255,
  "summary_csf_p95": 490.08113630115986,
  "summary_csf_stdv": 139.94839565550876,
  "summary_gm_k": 0.1108325548068616,
  "summary_gm_mad": 56.41642140378123,
  "summary_gm_mean": 746.9678787296958,
  "summary_gm_median": 746.5283767133951,
  "summary_gm_n": 67347.0,
  "summary_gm_p05": 656.2668831646442,
  "summary_gm_p95": 838.9539819955826,
  "summary_gm_stdv": 56.05705988563901,
  "summary_wm_k": 0.2315131265970627,
  "summary_wm_mad": 59.49125005848968,
  "summary_wm_mean": 1005.9781288213962,
  "summary_wm_median": 1000.0450491532683,
  "summary_wm_n": 384874.0,
  "summary_wm_p05": 915.1036636158824,
  "summary_wm_p95": 1117.2226823866367,
  "summary_wm_stdv": 61.47933757001683,
  "tpm_overlap_csf": 0.15476653321842723,
  "tpm_overlap_gm": 0.43969820146651106,
  "tpm_overlap_wm": 0.46624466645501345,
  "wm2max": 0.558659070135752
}