{
  "bids_meta": {
    "AcquisitionMatrixPE": 302,
    "AcquisitionNumber": 1,
    "AcquisitionTime": "19:05:26.200000",
    "BaseResolution": 320,
    "CoilCombinationMethod": "Adaptive Combine",
    "CoilString": "C:HEA;HEP",
    "ConversionSoftware": "dcm2niix",
    "ConversionSoftwareVersion": "v1.0.20211220",
    "Dcm2bidsVersion": "2.1.6",
    "DeviceSerialNumber": "40463",
    "DwellTime": 2.1e-06,
    "EchoTime": 0.56,
    "EchoTrainLength": 167,
    "FlipAngle": 120,
    "ImageOrientationPatientDICOM": [
      0,
      1,
      0,
      0,
      0,
      -1
    ],
    "ImageOrientationText": "Sag",
    "ImageType": [
      "ORIGINAL",
      "PRIMARY",
      "M",
      "ND"
    ],
    "ImagingFrequency": 123.122,
    "InPlanePhaseEncodingDirectionDICOM": "ROW",
    "MRAcquisitionType": "3D",
    "MagneticFieldStrength": 3,
    "Manufacturer": "Siemens",
    "ManufacturersModelName": "Verio",
    "MatrixCoilMode": "GRAPPA",
    "Modality": "MR",
    "ParallelReductionFactorInPlane": 2,
    "PartialFourier": 1,
    "PatientPosition": "HFS",
    "PercentPhaseFOV": 93.75,
    "PercentSampling": 100.667,
    "PhaseEncodingDirection": "i",
    "PhaseEncodingSteps": 290,
    "PhaseResolution": 1.00667,
    "PixelBandwidth": 744,
    "ProtocolName": "T2w_SPC2_0.8iso",
    "PulseSequenceDetails": "%SiemensSeq%\\tse_vfl",
    "ReceiveCoilName": "32Ch_Head",
    "ReconMatrixPE": 300,
    "RefLinesPE": 32,
    "RepetitionTime": 3.2,
    "SAR": 0.0914567,
    "ScanOptions": "PFP",
    "ScanningSequence": "SE",
    "SequenceName": "*spc3d1_334ns",
    "SequenceVariant": "SK\\SP",
    "SeriesDescription": "T2w_SPC2_0.8iso",
    "SeriesNumber": 19,
    "ShimSetting": [
      2850,
      7649,
      -15130,
      13,
      1094,
      -683,
      -331,
      1210
    ],
    "SliceThickness": 0.8,
    "SoftwareVersions": "syngo MR B17",
    "SpoilingState": true,
    "StationName": "MRC40463",
    "TxRefAmp": 466.27,
    "acq_id": "02",
    "dataset": "ds004056",
    "modality": "T2w",
    "session_id": "02",
    "subject_id": "03"
  },
  "cjv": 0.20431863114902582,
  "cnr": 2.05248015225012,
  "efc": 0.4908880475593061,
  "fber": 7788.778056975895,
  "fwhm_avg": 2.83820412437413,
  "fwhm_x": 2.7621499588407583,
  "fwhm_y": 2.9960624553551907,
  "fwhm_z": 2.75639995892644,
  "icvs_csf": 0.2589695352723688,
  "icvs_gm": 0.6340211302380268,
  "icvs_wm": 0.10700933448960445,
  "inu_med": 0.8698902428150177,
  "inu_range": 0.43657422065734863,
  "provenance": {
    "md5sum": "4777a334556df68e9c91b49c87bdc9b1",
    "settings": {
      "testing": false
    },
    "software": "mriqc",
    "version": "23.0.1",
    "warnings": {
      "large_rot_frame": true,
      "small_air_mask": false
    },
    "webapi_port": null,
    "webapi_url": "https://mriqc.nimh.nih.gov/api/v1"
  },
  "qi_1": 0.0,
  "qi_2": 0.0067375501021954675,
  "rpve_csf": 16.88627300589091,
  "rpve_gm": 9.75599916610176,
  "rpve_wm": 57.22216684567801,
  "size_x": 224,
  "size_y": 300,
  "size_z": 320,
  "snr_csf": 5.502466504291184,
  "snr_gm": 6.610278943526084,
  "snr_total": 5.073571349048328,
  "snr_wm": 3.1079685993277155,
  "snrd_csf": 58.48082270423378,
  "snrd_gm": 23.57724867917726,
  "snrd_total": 51.06887344106925,
  "snrd_wm": 71.14854893979671,
  "spacing_x": 0.800000011920929,
  "spacing_y": 0.800000011920929,
  "spacing_z": 0.800000011920929,
  "summary_bg_k": 8.556806088306523,
  "summary_bg_mad": 0.0,
  "summary_bg_mean": 5.960491575112783,
  "summary_bg_median": 0.0,
  "summary_bg_n": 6593503.0,
  "summary_bg_p05": 0.0,
  "summary_bg_p95": 23.96963606402278,
  "summary_bg_stdv": 9.208197967596853,
  "summary_csf_k": -0.1802207612561535,
  "summary_csf_mad": 116.9340662967592,
  "summary_csf_mean": 756.8993623588531,
  "summary_csf_median": 821.9708029786125,
  "summary_csf_n": 25382.0,
  "summary_csf_p05": 501.2180856845342,
  "summary_csf_p95": 926.7698886425234,
  "summary_csf_stdv": 149.3793029318483,
  "summary_gm_k": 0.6229401970964763,
  "summary_gm_mad": 46.14973350119253,
  "summary_gm_mean": 336.5204488131116,
  "summary_gm_median": 331.3874383550137,
  "summary_gm_n": 560323.0,
  "summary_gm_p05": 263.25343842431903,
  "summary_gm_p95": 428.916215730831,
  "summary_gm_stdv": 50.132096614221304,
  "summary_wm_k": 1.7717497149707526,
  "summary_wm_mad": 90.46448753911696,
  "summary_wm_mean": 878.9509820955761,
  "summary_wm_median": 1000.0206426400691,
  "summary_wm_n": 39913.0,
  "summary_wm_p05": 67.46978110000492,
  "summary_wm_p95": 1128.2190025459975,
  "summary_wm_stdv": 321.75618353176253,
  "tpm_overlap_csf": 0.13660525972576018,
  "tpm_overlap_gm": 0.40708303685945546,
  "tpm_overlap_wm": 0.04155896289737594,
  "wm2max": 0.9038013385782733
}