{
  "bids_meta": {
    "AcquisitionMatrixPE": 302,
    "AcquisitionNumber": 1,
    "AcquisitionTime": "15:34:24.225000",
    "BaseResolution": 320,
    "CoilCombinationMethod": "Adaptive Combine",
    "CoilString": "C:HEA;HEP",
    "ConversionSoftware": "dcm2niix",
    "ConversionSoftwareVersion": "v1.0.20211220",
    "Dcm2bidsVersion": "2.1.6",
    "DeviceSerialNumber": "40463",
    "DwellTime": 2.1e-06,
    "EchoTime": 0.56,
    "EchoTrainLength": 167,
    "FlipAngle": 120,
    "ImageOrientationPatientDICOM": [
      0,
      1,
      0,
      0,
      0,
      -1
    ],
    "ImageOrientationText": "Sag",
    "ImageType": [
      "ORIGINAL",
      "PRIMARY",
      "M",
      "ND"
    ],
    "ImagingFrequency": 123.122,
    "InPlanePhaseEncodingDirectionDICOM": "ROW",
    "MRAcquisitionType": "3D",
    "MagneticFieldStrength": 3,
    "Manufacturer": "Siemens",
    "ManufacturersModelName": "Verio",
    "MatrixCoilMode": "GRAPPA",
    "Modality": "MR",
    "ParallelReductionFactorInPlane": 2,
    "PartialFourier": 1,
    "PatientPosition": "HFS",
    "PercentPhaseFOV": 93.75,
    "PercentSampling": 100.667,
    "PhaseEncodingDirection": "i",
    "PhaseEncodingSteps": 290,
    "PhaseResolution": 1.00667,
    "PixelBandwidth": 744,
    "ProtocolName": "T2w_SPC2_0.8iso",
    "PulseSequenceDetails": "%SiemensSeq%\\tse_vfl",
    "ReceiveCoilName": "32Ch_Head",
    "ReconMatrixPE": 300,
    "RefLinesPE": 32,
    "RepetitionTime": 3.2,
    "SAR": 0.113018,
    "ScanOptions": "PFP",
    "ScanningSequence": "SE",
    "SequenceName": "*spc3d1_334ns",
    "SequenceVariant": "SK\\SP",
    "SeriesDescription": "T2w_SPC2_0.8iso",
    "SeriesNumber": 17,
    "ShimSetting": [
      2863,
      7558,
      -15141,
      100,
      1005,
      -1098,
      -522,
      1291
    ],
    "SliceThickness": 0.8,
    "SoftwareVersions": "syngo MR B17",
    "SpoilingState": true,
    "StationName": "MRC40463",
    "TxRefAmp": 459.05,
    "acq_id": "02",
    "dataset": "ds004056",
    "modality": "T2w",
    "session_id": "02",
    "subject_id": "24"
  },
  "cjv": 0.25130221280786724,
  "cnr": 2.231786490355651,
  "efc": 0.4847761913164615,
  "fber": -1.0,
  "fwhm_avg": 2.9375082895610487,
  "fwhm_x": 2.8779249571155763,
  "fwhm_y": 3.10638745371122,
  "fwhm_z": 2.8282124578563503,
  "icvs_csf": 0.295553959236492,
  "icvs_gm": 0.5881955436845373,
  "icvs_wm": 0.11625049707897074,
  "inu_med": 0.9100256860256195,
  "inu_range": 0.5740527391433708,
  "provenance": {
    "md5sum": "e4eb0f593f3a47e41e7ff64138a82507",
    "settings": {
      "testing": false
    },
    "software": "mriqc",
    "version": "23.0.1",
    "warnings": {
      "large_rot_frame": true,
      "small_air_mask": false
    },
    "webapi_port": null,
    "webapi_url": "https://mriqc.nimh.nih.gov/api/v1"
  },
  "qi_1": 0.0,
  "qi_2": 0.013415130193578545,
  "rpve_csf": 15.268212547722122,
  "rpve_gm": 10.13463777307761,
  "rpve_wm": 52.86588355766485,
  "size_x": 224,
  "size_y": 300,
  "size_z": 320,
  "snr_csf": 4.626698029547186,
  "snr_gm": 7.232151979547486,
  "snr_total": 5.058999633268049,
  "snr_wm": 3.3181488907094736,
  "snrd_csf": 73.90320082937119,
  "snrd_gm": 34.032034706497676,
  "snrd_total": 71.42218591954398,
  "snrd_wm": 106.33132222276308,
  "spacing_x": 0.800000011920929,
  "spacing_y": 0.800000011920929,
  "spacing_z": 0.800000011920929,
  "summary_bg_k": 7.73648963704702,
  "summary_bg_mad": 0.0,
  "summary_bg_mean": 3.664323564278806,
  "summary_bg_median": 0.0,
  "summary_bg_n": 6490491.0,
  "summary_bg_p05": 0.0,
  "summary_bg_p95": 18.159708857536316,
  "summary_bg_stdv": 6.159204799926237,
  "summary_csf_k": -0.968203008156598,
  "summary_csf_mad": 199.6606551717214,
  "summary_csf_mean": 701.2292525634617,
  "summary_csf_median": 694.7941669523716,
  "summary_csf_n": 60173.0,
  "summary_csf_p05": 484.799370393157,
  "summary_csf_p95": 910.9966190904379,
  "summary_csf_stdv": 150.1693841236826,
  "summary_gm_k": 1.5017509001765905,
  "summary_gm_mad": 39.389537578597256,
  "summary_gm_mean": 323.502092319186,
  "summary_gm_median": 319.9490541443229,
  "summary_gm_n": 554800.0,
  "summary_gm_p05": 258.6137109622359,
  "summary_gm_p95": 401.5056037455797,
  "summary_gm_stdv": 44.239773542191564,
  "summary_wm_k": 2.637413355380944,
  "summary_wm_mad": 131.42437690783933,
  "summary_wm_mean": 908.0485442595702,
  "summary_wm_median": 999.6641771346331,
  "summary_wm_n": 39535.0,
  "summary_wm_p05": 85.80462435185909,
  "summary_wm_p95": 1176.1098380953072,
  "summary_wm_stdv": 301.2678355329849,
  "tpm_overlap_csf": 0.11954106698039171,
  "tpm_overlap_gm": 0.3771424692878736,
  "tpm_overlap_wm": 0.02617875003609793,
  "wm2max": 0.8705070709739315
}