{
  "bids_meta": {
    "AcquisitionMatrixPE": 302,
    "AcquisitionNumber": 1,
    "AcquisitionTime": "13:39:19.215000",
    "BaseResolution": 320,
    "CoilCombinationMethod": "Adaptive Combine",
    "CoilString": "C:HEA;HEP",
    "ConversionSoftware": "dcm2niix",
    "ConversionSoftwareVersion": "v1.0.20211220",
    "Dcm2bidsVersion": "2.1.6",
    "DeviceSerialNumber": "40462",
    "DwellTime": 2.1e-06,
    "EchoTime": 0.56,
    "EchoTrainLength": 167,
    "FlipAngle": 120,
    "ImageOrientationPatientDICOM": [
      0,
      1,
      0,
      0,
      0,
      -1
    ],
    "ImageOrientationText": "Sag",
    "ImageType": [
      "ORIGINAL",
      "PRIMARY",
      "M",
      "ND"
    ],
    "ImagingFrequency": 123.21,
    "InPlanePhaseEncodingDirectionDICOM": "ROW",
    "MRAcquisitionType": "3D",
    "MagneticFieldStrength": 3,
    "Manufacturer": "Siemens",
    "ManufacturersModelName": "Verio",
    "MatrixCoilMode": "GRAPPA",
    "Modality": "MR",
    "ParallelReductionFactorInPlane": 2,
    "PartialFourier": 1,
    "PatientPosition": "HFS",
    "PercentPhaseFOV": 93.75,
    "PercentSampling": 100.667,
    "PhaseEncodingDirection": "i",
    "PhaseEncodingSteps": 290,
    "PhaseResolution": 1.00667,
    "PixelBandwidth": 744,
    "ProtocolName": "T2w_SPC1_0.8iso",
    "PulseSequenceDetails": "%SiemensSeq%\\tse_vfl",
    "ReceiveCoilName": "32Ch_Head",
    "ReconMatrixPE": 300,
    "RefLinesPE": 32,
    "RepetitionTime": 3.2,
    "SAR": 0.109316,
    "ScanOptions": "PFP",
    "ScanningSequence": "SE",
    "SequenceName": "*spc3d1_334ns",
    "SequenceVariant": "SK\\SP",
    "SeriesDescription": "T2w_SPC1_0.8iso",
    "SeriesNumber": 16,
    "ShimSetting": [
      998,
      10243,
      917,
      481,
      6,
      -626,
      262,
      -50
    ],
    "SliceThickness": 0.8,
    "SoftwareVersions": "syngo MR B17",
    "SpoilingState": true,
    "StationName": "MRC40462",
    "TxRefAmp": 397.889,
    "acq_id": "01",
    "dataset": "ds004056",
    "modality": "T2w",
    "session_id": "02",
    "subject_id": "20"
  },
  "cjv": 0.24923483285763828,
  "cnr": 2.122416512648592,
  "efc": 0.4919004439876286,
  "fber": -1.0,
  "fwhm_avg": 3.110016620323807,
  "fwhm_x": 3.1350874532835564,
  "fwhm_y": 3.2352999517902736,
  "fwhm_z": 2.9596624558975924,
  "icvs_csf": 0.37669421374467715,
  "icvs_gm": 0.47108181388054454,
  "icvs_wm": 0.1522239723747783,
  "inu_med": 0.9431314170360565,
  "inu_range": 0.6382219374179839,
  "provenance": {
    "md5sum": "64da704f220684544cef82f91eadd544",
    "settings": {
      "testing": false
    },
    "software": "mriqc",
    "version": "23.0.1",
    "warnings": {
      "large_rot_frame": true,
      "small_air_mask": false
    },
    "webapi_port": null,
    "webapi_url": "https://mriqc.nimh.nih.gov/api/v1"
  },
  "qi_1": 0.0,
  "qi_2": 0.015772129983898386,
  "rpve_csf": 13.431178507852856,
  "rpve_gm": 11.895912467900246,
  "rpve_wm": 39.13582822936312,
  "size_x": 224,
  "size_y": 300,
  "size_z": 320,
  "snr_csf": 9.71299242083382,
  "snr_gm": 8.44536832929816,
  "snr_total": 7.14072929898641,
  "snr_wm": 3.263827146827251,
  "snrd_csf": 60.18606151722042,
  "snrd_gm": 35.04497748985375,
  "snrd_total": 65.71564189888082,
  "snrd_wm": 101.91588668956828,
  "spacing_x": 0.800000011920929,
  "spacing_y": 0.800000011920929,
  "spacing_z": 0.800000011920929,
  "summary_bg_k": 12.247054974762182,
  "summary_bg_mad": 0.0,
  "summary_bg_mean": 3.6555322763072513,
  "summary_bg_median": 0.0,
  "summary_bg_n": 7334128.0,
  "summary_bg_p05": 0.0,
  "summary_bg_p95": 15.35371283814311,
  "summary_bg_stdv": 6.428737303935838,
  "summary_csf_k": 1.137808856503792,
  "summary_csf_mad": 55.358422773811725,
  "summary_csf_mean": 593.4721898763247,
  "summary_csf_median": 590.5951475948095,
  "summary_csf_n": 122402.0,
  "summary_csf_p05": 500.1788386590779,
  "summary_csf_p95": 697.3557314872742,
  "summary_csf_stdv": 60.804406044900944,
  "summary_gm_k": 0.7151068233761051,
  "summary_gm_mad": 38.34702830315624,
  "summary_gm_mean": 344.79903201442994,
  "summary_gm_median": 343.89014883711934,
  "summary_gm_n": 445816.0,
  "summary_gm_p05": 279.61367358639836,
  "summary_gm_p95": 412.2664506342262,
  "summary_gm_stdv": 40.719332744518866,
  "summary_wm_k": 2.0813661386764926,
  "summary_wm_mad": 125.19896793870905,
  "summary_wm_mean": 956.285532179871,
  "summary_wm_median": 1000.082521174103,
  "summary_wm_n": 64167.0,
  "summary_wm_p05": 158.50644834302366,
  "summary_wm_p95": 1347.7973404135555,
  "summary_wm_stdv": 306.4116705155714,
  "tpm_overlap_csf": 0.11468048002258653,
  "tpm_overlap_gm": 0.2982826393371299,
  "tpm_overlap_wm": 0.025266746774087953,
  "wm2max": 0.7751994198694706
}