{
  "bids_meta": {
    "AcquisitionMatrixPE": 302,
    "AcquisitionNumber": 1,
    "AcquisitionTime": "11:29:16.202500",
    "BaseResolution": 320,
    "CoilCombinationMethod": "Adaptive Combine",
    "CoilString": "C:HEA;HEP",
    "ConversionSoftware": "dcm2niix",
    "ConversionSoftwareVersion": "v1.0.20211220",
    "Dcm2bidsVersion": "2.1.6",
    "DeviceSerialNumber": "40463",
    "DwellTime": 2.1e-06,
    "EchoTime": 0.56,
    "EchoTrainLength": 167,
    "FlipAngle": 120,
    "ImageOrientationPatientDICOM": [
      0,
      1,
      0,
      0,
      0,
      -1
    ],
    "ImageOrientationText": "Sag",
    "ImageType": [
      "ORIGINAL",
      "PRIMARY",
      "M",
      "ND"
    ],
    "ImagingFrequency": 123.122,
    "InPlanePhaseEncodingDirectionDICOM": "ROW",
    "MRAcquisitionType": "3D",
    "MagneticFieldStrength": 3,
    "Manufacturer": "Siemens",
    "ManufacturersModelName": "Verio",
    "MatrixCoilMode": "GRAPPA",
    "Modality": "MR",
    "ParallelReductionFactorInPlane": 2,
    "PartialFourier": 1,
    "PatientPosition": "HFS",
    "PercentPhaseFOV": 93.75,
    "PercentSampling": 100.667,
    "PhaseEncodingDirection": "i",
    "PhaseEncodingSteps": 290,
    "PhaseResolution": 1.00667,
    "PixelBandwidth": 744,
    "ProtocolName": "T2w_SPC1_0.8iso",
    "PulseSequenceDetails": "%SiemensSeq%\\tse_vfl",
    "ReceiveCoilName": "32Ch_Head",
    "ReconMatrixPE": 300,
    "RefLinesPE": 32,
    "RepetitionTime": 3.2,
    "SAR": 0.113902,
    "ScanOptions": "PFP",
    "ScanningSequence": "SE",
    "SequenceName": "*spc3d1_334ns",
    "SequenceVariant": "SK\\SP",
    "SeriesDescription": "T2w_SPC1_0.8iso",
    "SeriesNumber": 15,
    "ShimSetting": [
      2863,
      7453,
      -15133,
      210,
      789,
      -1093,
      -77,
      1144
    ],
    "SliceThickness": 0.8,
    "SoftwareVersions": "syngo MR B17",
    "SpoilingState": true,
    "StationName": "MRC40463",
    "TxRefAmp": 439.888,
    "acq_id": "01",
    "dataset": "ds004056",
    "modality": "T2w",
    "session_id": "02",
    "subject_id": "01"
  },
  "cjv": 0.2869426353237702,
  "cnr": 2.4209607439622607,
  "efc": 0.4927160178019284,
  "fber": 8078.902644413962,
  "fwhm_avg": 3.0616541210444654,
  "fwhm_x": 3.0082499551735826,
  "fwhm_y": 3.255237451493182,
  "fwhm_z": 2.9214749564666307,
  "icvs_csf": 0.4546190891113053,
  "icvs_gm": 0.15766668668332542,
  "icvs_wm": 0.3877142242053693,
  "inu_med": 0.9118776917457581,
  "inu_range": 0.8150728255510329,
  "provenance": {
    "md5sum": "98c402afd457007ed227adec357d70f9",
    "settings": {
      "testing": false
    },
    "software": "mriqc",
    "version": "23.0.1",
    "warnings": {
      "large_rot_frame": true,
      "small_air_mask": false
    },
    "webapi_port": null,
    "webapi_url": "https://mriqc.nimh.nih.gov/api/v1"
  },
  "qi_1": 0.0,
  "qi_2": 0.010943390344155873,
  "rpve_csf": 11.150548046094244,
  "rpve_gm": 33.9598718917831,
  "rpve_wm": 12.907786082781401,
  "size_x": 224,
  "size_y": 300,
  "size_z": 320,
  "snr_csf": 10.904915085482157,
  "snr_gm": 3.6798262907036268,
  "snr_total": 8.004346404120039,
  "snr_wm": 9.428297836174334,
  "snrd_csf": 49.39471048643298,
  "snrd_gm": 93.81728799207092,
  "snrd_total": 58.252595155590335,
  "snrd_wm": 31.545786988267093,
  "spacing_x": 0.800000011920929,
  "spacing_y": 0.800000011920929,
  "spacing_z": 0.800000011920929,
  "summary_bg_k": 5.138166419894116,
  "summary_bg_mad": 0.0,
  "summary_bg_mean": 14.50223685593353,
  "summary_bg_median": 0.0,
  "summary_bg_n": 6812500.0,
  "summary_bg_p05": 0.0,
  "summary_bg_p95": 57.35567897558212,
  "summary_bg_stdv": 20.767793554990952,
  "summary_csf_k": 0.8340071661726602,
  "summary_csf_mad": 131.308306553101,
  "summary_csf_mean": 1572.8468906631779,
  "summary_csf_median": 1565.810036033392,
  "summary_csf_n": 136425.0,
  "summary_csf_p05": 1351.3593869805336,
  "summary_csf_p95": 1819.8882451057434,
  "summary_csf_stdv": 143.58702337686321,
  "summary_gm_k": 2.745036830119589,
  "summary_gm_mad": 465.15608679702393,
  "summary_gm_mean": 2718.5070372165083,
  "summary_gm_median": 2974.0036867260933,
  "summary_gm_n": 72927.0,
  "summary_gm_p05": 532.4618182092905,
  "summary_gm_p95": 3486.3314269781113,
  "summary_gm_stdv": 808.1857841743362,
  "summary_wm_k": 0.6176316818665621,
  "summary_wm_mad": 101.26973684541095,
  "summary_wm_mean": 998.5688011761547,
  "summary_wm_median": 999.999987334013,
  "summary_wm_n": 341426.0,
  "summary_wm_p05": 823.1657251417637,
  "summary_wm_p95": 1168.7150689959526,
  "summary_wm_stdv": 106.06352708226994,
  "tpm_overlap_csf": 0.1011919999954492,
  "tpm_overlap_gm": 0.09913214210572473,
  "tpm_overlap_wm": 0.4368123258161182,
  "wm2max": 0.2879233031513513
}