{
  "bids_meta": {
    "AcquisitionMatrixPE": 300,
    "AcquisitionNumber": 1,
    "AcquisitionTime": "11:35:18.677500",
    "BaseResolution": 320,
    "CoilCombinationMethod": "Adaptive Combine",
    "CoilString": "C:HEA;HEP",
    "ConversionSoftware": "dcm2niix",
    "ConversionSoftwareVersion": "v1.0.20211220",
    "Dcm2bidsVersion": "2.1.6",
    "DeviceSerialNumber": "40463",
    "DwellTime": 7.4e-06,
    "EchoTime": 0.00224,
    "FlipAngle": 8,
    "ImageOrientationPatientDICOM": [
      0,
      1,
      0,
      0,
      0,
      -1
    ],
    "ImageOrientationText": "Sag",
    "ImageType": [
      "ORIGINAL",
      "PRIMARY",
      "M",
      "ND"
    ],
    "ImagingFrequency": 123.122,
    "InPlanePhaseEncodingDirectionDICOM": "ROW",
    "InversionTime": 1.06,
    "MRAcquisitionType": "3D",
    "MagneticFieldStrength": 3,
    "Manufacturer": "Siemens",
    "ManufacturersModelName": "Verio",
    "MatrixCoilMode": "GRAPPA",
    "Modality": "MR",
    "ParallelReductionFactorInPlane": 2,
    "PartialFourier": 1,
    "PatientPosition": "HFS",
    "PercentPhaseFOV": 93.75,
    "PercentSampling": 100,
    "PhaseEncodingSteps": 299,
    "PhaseResolution": 1,
    "PixelBandwidth": 211,
    "ProtocolName": "T1w_MPR2_0.8iso",
    "PulseSequenceDetails": "%SiemensSeq%\\tfl",
    "ReceiveCoilName": "32Ch_Head",
    "ReconMatrixPE": 300,
    "RefLinesPE": 32,
    "RepetitionTime": 2.4,
    "SAR": 0.0347527,
    "ScanOptions": "IR\\WE",
    "ScanningSequence": "GR\\IR",
    "SequenceName": "*tfl3d1_ns",
    "SequenceVariant": "SP\\MP",
    "SeriesDescription": "T1w_MPR2_0.8iso",
    "SeriesNumber": 16,
    "ShimSetting": [
      2863,
      7453,
      -15133,
      210,
      789,
      -1093,
      -77,
      1144
    ],
    "SliceThickness": 0.8,
    "SoftwareVersions": "syngo MR B17",
    "StationName": "MRC40463",
    "TxRefAmp": 439.888,
    "acq_id": "02",
    "dataset": "ds004056",
    "modality": "T1w",
    "session_id": "02",
    "subject_id": "01"
  },
  "cjv": 0.423441654450277,
  "cnr": 3.221035752273007,
  "efc": 0.5343361497744206,
  "fber": 28934.70428987922,
  "fwhm_avg": 4.640758264180646,
  "fwhm_x": 4.713724929760025,
  "fwhm_y": 4.483662433188224,
  "fwhm_z": 4.724887429593691,
  "icvs_csf": 0.18388111036877833,
  "icvs_gm": 0.44693270484691555,
  "icvs_wm": 0.36918618478430615,
  "inu_med": 0.7352988719940186,
  "inu_range": 0.6779836505651472,
  "provenance": {
    "md5sum": "509d7ee3411964fc89326d88dc0dade6",
    "settings": {
      "testing": false
    },
    "software": "mriqc",
    "version": "23.0.1",
    "warnings": {
      "large_rot_frame": true,
      "small_air_mask": false
    },
    "webapi_port": null,
    "webapi_url": "https://mriqc.nimh.nih.gov/api/v1"
  },
  "qi_1": 0.0,
  "qi_2": 0.0053206275115479824,
  "rpve_csf": 24.973232323232324,
  "rpve_gm": 11.134421789591991,
  "rpve_wm": 14.77048293311182,
  "size_x": 224,
  "size_y": 300,
  "size_z": 320,
  "snr_csf": 1.9768915553992124,
  "snr_gm": 14.561621578632295,
  "snr_total": 12.103607417677617,
  "snr_wm": 19.772309119001342,
  "snrd_csf": 19.017109677527024,
  "snrd_gm": 49.730596085300995,
  "snrd_total": 44.6367791334554,
  "snrd_wm": 65.16263163753817,
  "spacing_x": 0.800000011920929,
  "spacing_y": 0.800000011920929,
  "spacing_z": 0.800000011920929,
  "summary_bg_k": 4.4451515205654815,
  "summary_bg_mad": 0.0,
  "summary_bg_mean": 6.907434776253014,
  "summary_bg_median": 0.0,
  "summary_bg_n": 6860088.0,
  "summary_bg_p05": 0.0,
  "summary_bg_p95": 27.687657184898853,
  "summary_bg_stdv": 10.054312915337961,
  "summary_csf_k": 54.58089757505896,
  "summary_csf_mad": 75.57640436080898,
  "summary_csf_mean": 316.859156452368,
  "summary_csf_median": 291.853683359921,
  "summary_csf_n": 99603.0,
  "summary_csf_p05": 180.9697272181511,
  "summary_csf_p95": 516.4214710891247,
  "summary_csf_stdv": 147.63188070399931,
  "summary_gm_k": 0.1394062753456251,
  "summary_gm_mad": 52.05349559288499,
  "summary_gm_mean": 761.776867998807,
  "summary_gm_median": 763.2104925140738,
  "summary_gm_n": 91435.0,
  "summary_gm_p05": 673.97001799196,
  "summary_gm_p95": 844.8957475796342,
  "summary_gm_stdv": 52.41217915652058,
  "summary_wm_k": 0.3995294184926239,
  "summary_wm_mad": 48.23184654935673,
  "summary_wm_mean": 1002.2863188670049,
  "summary_wm_median": 1000.044401243329,
  "summary_wm_n": 441938.0,
  "summary_wm_p05": 923.2478175908327,
  "summary_wm_p95": 1089.1959908306599,
  "summary_wm_stdv": 50.577970625139834,
  "tpm_overlap_csf": 0.14908269519010253,
  "tpm_overlap_gm": 0.4374326785985087,
  "tpm_overlap_wm": 0.46664253014022206,
  "wm2max": 0.5977420481407023
}