{
  "aor": 0.000507741046831956,
  "aqi": 0.007160629311294765,
  "bids_meta": {
    "AcquisitionMatrixPE": 130,
    "AcquisitionNumber": 1,
    "AcquisitionTime": "14:53:22.422500",
    "BandwidthPerPixelPhaseEncode": 24.038,
    "BaseResolution": 130,
    "CoilCombinationMethod": "Sum of Squares",
    "CoilString": "C:A32",
    "ConversionSoftware": "dcm2niix",
    "ConversionSoftwareVersion": "v1.0.20211220",
    "Dcm2bidsVersion": "2.1.6",
    "DerivedVendorReportedEchoSpacing": 0.000640012,
    "DeviceSerialNumber": "18981",
    "DwellTime": 2e-06,
    "EchoTime": 0.0222,
    "EffectiveEchoSpacing": 0.000320006,
    "FlipAngle": 45,
    "ImageComments": "Unaliased MB5/PE4",
    "ImageOrientationPatientDICOM": [
      1,
      -1e-16,
      0,
      1e-16,
      0.939693,
      -0.34202
    ],
    "ImageOrientationText": "Tra>Cor(-20.0)",
    "ImageType": [
      "ORIGINAL",
      "PRIMARY",
      "M",
      "MB",
      "ND",
      "MOSAIC"
    ],
    "ImagingFrequency": 297.223,
    "InPlanePhaseEncodingDirectionDICOM": "COL",
    "MRAcquisitionType": "2D",
    "MagneticFieldStrength": 6.98,
    "Manufacturer": "Siemens",
    "ManufacturersModelName": "Investigational_Device_7T",
    "MatrixCoilMode": "GRAPPA",
    "Modality": "MR",
    "MultibandAccelerationFactor": 5,
    "ParallelReductionFactorInPlane": 2,
    "PartialFourier": 0.875,
    "PatientPosition": "HFS",
    "PercentPhaseFOV": 100,
    "PercentSampling": 100,
    "PhaseEncodingDirection": "j-",
    "PhaseEncodingSteps": 114,
    "PhaseResolution": 1,
    "PixelBandwidth": 1923,
    "ProtocolName": "MB5_TR1s_TE22p2_IPAT2_1.6mm_85slices_AP_367vols",
    "PulseSequenceDetails": "%CustomerSeq%\\cmrr_mbep2d_bold",
    "ReceiveCoilName": "32Ch_Head_7T",
    "ReconMatrixPE": 130,
    "RefLinesPE": 96,
    "RepetitionTime": 1,
    "SAR": 0.108376,
    "ScanOptions": "PFP\\FS",
    "ScanningSequence": "EP",
    "SequenceName": "epfid2d1_130",
    "SequenceVariant": "SK\\SS",
    "SeriesDescription": "MB5_TR1s_TE22p2_IPAT2_1.6mm_85slices_AP_367vols",
    "SeriesNumber": 17,
    "ShimSetting": [
      -69,
      118,
      995,
      590,
      -203,
      44,
      -609,
      6
    ],
    "SliceThickness": 1.6,
    "SliceTiming": [
      0,
      0.53,
      0.06,
      0.59,
      0.1175,
      0.65,
      0.1775,
      0.7075,
      0.235,
      0.7675,
      0.295,
      0.8275,
      0.355,
      0.885,
      0.4125,
      0.945,
      0.4725,
      0,
      0.53,
      0.06,
      0.59,
      0.1175,
      0.65,
      0.1775,
      0.7075,
      0.235,
      0.7675,
      0.295,
      0.8275,
      0.355,
      0.885,
      0.4125,
      0.945,
      0.4725,
      0,
      0.53,
      0.06,
      0.59,
      0.1175,
      0.65,
      0.1775,
      0.7075,
      0.235,
      0.7675,
      0.295,
      0.8275,
      0.355,
      0.885,
      0.4125,
      0.945,
      0.4725,
      0,
      0.53,
      0.06,
      0.59,
      0.1175,
      0.65,
      0.1775,
      0.7075,
      0.235,
      0.7675,
      0.295,
      0.8275,
      0.355,
      0.885,
      0.4125,
      0.945,
      0.4725,
      0,
      0.53,
      0.06,
      0.59,
      0.1175,
      0.65,
      0.1775,
      0.7075,
      0.235,
      0.7675,
      0.295,
      0.8275,
      0.355,
      0.885,
      0.4125,
      0.945,
      0.4725
    ],
    "SoftwareVersions": "syngo MR B17",
    "SpacingBetweenSlices": 1.6,
    "StationName": "MRC18981",
    "TaskName": "GDMotor",
    "TotalReadoutTime": 0.0412808,
    "TxRefAmp": 220,
    "dataset": "ds004056",
    "modality": "bold",
    "run_id": 5,
    "session_id": "01",
    "subject_id": "28",
    "task_id": "GDMotor"
  },
  "dummy_trs": 4,
  "dvars_nstd": 45.65347823232044,
  "dvars_std": 1.0581358635082883,
  "dvars_vstd": 0.9864054831491716,
  "efc": 0.49247317236914634,
  "fber": 1099.218505859375,
  "fd_mean": 0.07917005157523038,
  "fd_num": 3,
  "fd_perc": 0.8264462809917356,
  "fwhm_avg": 2.6034749612051997,
  "fwhm_x": 2.3750937146083455,
  "fwhm_y": 2.7729562086797324,
  "fwhm_z": 2.6623749603275217,
  "gcor": 0.00375444,
  "gsr_x": 0.00576880294829607,
  "gsr_y": 0.034033577889204025,
  "provenance": {
    "md5sum": "dbd2b4a68053d106789a29ba25cda9a2",
    "settings": {
      "fd_thres": 0.2,
      "testing": false
    },
    "software": "mriqc",
    "version": "23.0.1",
    "webapi_port": null,
    "webapi_url": "https://mriqc.nimh.nih.gov/api/v1"
  },
  "size_t": 363,
  "size_x": 130,
  "size_y": 130,
  "size_z": 85,
  "snr": 1.8914142751382,
  "spacing_tr": 1.0,
  "spacing_x": 1.600000023841858,
  "spacing_y": 1.600000023841858,
  "spacing_z": 1.600000023841858,
  "summary_bg_k": 55.776894422574536,
  "summary_bg_mad": 10.059640342848633,
  "summary_bg_mean": 25.998863220214844,
  "summary_bg_median": 11.911846160888672,
  "summary_bg_n": 967354.0,
  "summary_bg_p05": 4.217630863189697,
  "summary_bg_p95": 96.72272758483881,
  "summary_bg_stdv": 43.32410430908203,
  "summary_fg_k": 6.102499673733606,
  "summary_fg_mad": 160.68466190805094,
  "summary_fg_mean": 451.11920166015625,
  "summary_fg_median": 407.9834899902344,
  "summary_fg_n": 302389.0,
  "summary_fg_p05": 206.326171875,
  "summary_fg_p95": 855.7085571289061,
  "summary_fg_stdv": 215.7025146484375,
  "tsnr": 29.699445168487728
}