{
  "bids_meta": {
    "AcquisitionMatrixPE": 300,
    "AcquisitionNumber": 1,
    "AcquisitionTime": "10:31:35.522500",
    "BaseResolution": 320,
    "CoilCombinationMethod": "Adaptive Combine",
    "CoilString": "C:HEA;HEP",
    "ConversionSoftware": "dcm2niix",
    "ConversionSoftwareVersion": "v1.0.20211220",
    "Dcm2bidsVersion": "2.1.6",
    "DeviceSerialNumber": "40463",
    "DwellTime": 7.4e-06,
    "EchoTime": 0.00224,
    "FlipAngle": 8,
    "ImageOrientationPatientDICOM": [
      0,
      1,
      0,
      0,
      0,
      -1
    ],
    "ImageOrientationText": "Sag",
    "ImageType": [
      "ORIGINAL",
      "PRIMARY",
      "M",
      "ND"
    ],
    "ImagingFrequency": 123.122,
    "InPlanePhaseEncodingDirectionDICOM": "ROW",
    "InversionTime": 1.06,
    "MRAcquisitionType": "3D",
    "MagneticFieldStrength": 3,
    "Manufacturer": "Siemens",
    "ManufacturersModelName": "Verio",
    "MatrixCoilMode": "GRAPPA",
    "Modality": "MR",
    "ParallelReductionFactorInPlane": 2,
    "PartialFourier": 1,
    "PatientPosition": "HFS",
    "PercentPhaseFOV": 93.75,
    "PercentSampling": 100,
    "PhaseEncodingSteps": 299,
    "PhaseResolution": 1,
    "PixelBandwidth": 211,
    "ProtocolName": "T1w_MPR2_0.8iso",
    "PulseSequenceDetails": "%SiemensSeq%\\tfl",
    "ReceiveCoilName": "32Ch_Head",
    "ReconMatrixPE": 300,
    "RefLinesPE": 32,
    "RepetitionTime": 2.4,
    "SAR": 0.0363627,
    "ScanOptions": "IR\\WE",
    "ScanningSequence": "GR\\IR",
    "SequenceName": "*tfl3d1_ns",
    "SequenceVariant": "SP\\MP",
    "SeriesDescription": "T1w_MPR2_0.8iso",
    "SeriesNumber": 16,
    "ShimSetting": [
      2852,
      7535,
      -15008,
      166,
      891,
      -884,
      -396,
      1340
    ],
    "SliceThickness": 0.8,
    "SoftwareVersions": "syngo MR B17",
    "StationName": "MRC40463",
    "TxRefAmp": 452.967,
    "acq_id": "02",
    "dataset": "ds004056",
    "modality": "T1w",
    "session_id": "02",
    "subject_id": "22"
  },
  "cjv": 0.5138127643389201,
  "cnr": 2.5996119043368418,
  "efc": 0.5506857590948668,
  "fber": 20221.41454953576,
  "fwhm_avg": 4.48266659986973,
  "fwhm_x": 4.4305874339791025,
  "fwhm_y": 4.324112435565704,
  "fwhm_z": 4.693299930064382,
  "icvs_csf": 0.18756555819966148,
  "icvs_gm": 0.4102897861092141,
  "icvs_wm": 0.4021446556911244,
  "inu_med": 0.9497609734535217,
  "inu_range": 0.7640739530324936,
  "provenance": {
    "md5sum": "b80120135545ba0240bbfaf085aa07bd",
    "settings": {
      "testing": false
    },
    "software": "mriqc",
    "version": "23.0.1",
    "warnings": {
      "large_rot_frame": true,
      "small_air_mask": false
    },
    "webapi_port": null,
    "webapi_url": "https://mriqc.nimh.nih.gov/api/v1"
  },
  "qi_1": 0.0,
  "qi_2": 0.0037834004490367268,
  "rpve_csf": 24.878556865010008,
  "rpve_gm": 11.32886016759642,
  "rpve_wm": 13.028552120704251,
  "size_x": 224,
  "size_y": 300,
  "size_z": 320,
  "snr_csf": 2.4832202038599256,
  "snr_gm": 12.269648046935902,
  "snr_total": 9.659191091453222,
  "snr_wm": 14.22470502356384,
  "snrd_csf": 12.653184921974287,
  "snrd_gm": 31.946765051932477,
  "snrd_total": 28.990515952260115,
  "snrd_wm": 42.37159788287359,
  "spacing_x": 0.800000011920929,
  "spacing_y": 0.800000011920929,
  "spacing_z": 0.800000011920929,
  "summary_bg_k": 13.408252970747078,
  "summary_bg_mad": 0.0,
  "summary_bg_mean": 9.914721068251502,
  "summary_bg_median": 0.0,
  "summary_bg_n": 7309951.0,
  "summary_bg_p05": 0.0,
  "summary_bg_p95": 39.94673699140549,
  "summary_bg_stdv": 15.463402783899154,
  "summary_csf_k": 27.675550621492174,
  "summary_csf_mad": 91.71668026021123,
  "summary_csf_mean": 308.08191206833953,
  "summary_csf_median": 298.65734058991075,
  "summary_csf_n": 94928.0,
  "summary_csf_p05": 139.31424525752664,
  "summary_csf_p95": 501.3870308212936,
  "summary_csf_stdv": 120.26954639325693,
  "summary_gm_k": 0.08538490969685641,
  "summary_gm_mad": 60.870263132337506,
  "summary_gm_mean": 754.9398935358745,
  "summary_gm_median": 754.0501422919333,
  "summary_gm_n": 63292.0,
  "summary_gm_p05": 654.5716708675027,
  "summary_gm_p95": 857.3818093886597,
  "summary_gm_stdv": 61.45605664227678,
  "summary_wm_k": 0.520432912254964,
  "summary_wm_mad": 65.55891853577431,
  "summary_wm_mean": 1009.3109073747006,
  "summary_wm_median": 1000.1109458431602,
  "summary_wm_n": 446694.0,
  "summary_wm_p05": 910.0088612958789,
  "summary_wm_p95": 1141.2560832127929,
  "summary_wm_stdv": 70.30794837060834,
  "tpm_overlap_csf": 0.14830214195297284,
  "tpm_overlap_gm": 0.430288493590584,
  "tpm_overlap_wm": 0.4565933816638077,
  "wm2max": 0.5254933970789727
}