{
  "bids_meta": {
    "AcquisitionMatrixPE": 300,
    "AcquisitionNumber": 1,
    "AcquisitionTime": "10:45:9.882500",
    "BaseResolution": 320,
    "CoilCombinationMethod": "Adaptive Combine",
    "CoilString": "C:HEA;HEP",
    "ConversionSoftware": "dcm2niix",
    "ConversionSoftwareVersion": "v1.0.20211220",
    "Dcm2bidsVersion": "2.1.6",
    "DeviceSerialNumber": "40463",
    "DwellTime": 7.4e-06,
    "EchoTime": 0.00224,
    "FlipAngle": 8,
    "ImageOrientationPatientDICOM": [
      0,
      1,
      0,
      0,
      0,
      -1
    ],
    "ImageOrientationText": "Sag",
    "ImageType": [
      "ORIGINAL",
      "PRIMARY",
      "M",
      "ND"
    ],
    "ImagingFrequency": 123.122,
    "InPlanePhaseEncodingDirectionDICOM": "ROW",
    "InversionTime": 1.06,
    "MRAcquisitionType": "3D",
    "MagneticFieldStrength": 3,
    "Manufacturer": "Siemens",
    "ManufacturersModelName": "Verio",
    "MatrixCoilMode": "GRAPPA",
    "Modality": "MR",
    "ParallelReductionFactorInPlane": 2,
    "PartialFourier": 1,
    "PatientPosition": "HFS",
    "PercentPhaseFOV": 93.75,
    "PercentSampling": 100,
    "PhaseEncodingSteps": 299,
    "PhaseResolution": 1,
    "PixelBandwidth": 211,
    "ProtocolName": "T1w_MPR1_0.8iso",
    "PulseSequenceDetails": "%SiemensSeq%\\tfl",
    "ReceiveCoilName": "32Ch_Head",
    "ReconMatrixPE": 300,
    "RefLinesPE": 32,
    "RepetitionTime": 2.4,
    "SAR": 0.0363627,
    "ScanOptions": "IR\\WE",
    "ScanningSequence": "GR\\IR",
    "SequenceName": "*tfl3d1_ns",
    "SequenceVariant": "SP\\MP",
    "SeriesDescription": "T1w_MPR1_0.8iso",
    "SeriesNumber": 18,
    "ShimSetting": [
      2852,
      7535,
      -15008,
      166,
      891,
      -884,
      -396,
      1340
    ],
    "SliceThickness": 0.8,
    "SoftwareVersions": "syngo MR B17",
    "StationName": "MRC40463",
    "TxRefAmp": 452.967,
    "acq_id": "01",
    "dataset": "ds004056",
    "modality": "T1w",
    "session_id": "02",
    "subject_id": "22"
  },
  "cjv": 0.46764737762889586,
  "cnr": 2.8691909050868976,
  "efc": 0.5458836458049955,
  "fber": -1.0,
  "fwhm_avg": 4.390033267916741,
  "fwhm_x": 4.384037434672751,
  "fwhm_y": 4.174037437801996,
  "fwhm_z": 4.6120249312754735,
  "icvs_csf": 0.19393778016011037,
  "icvs_gm": 0.4284113564001759,
  "icvs_wm": 0.3776508634397137,
  "inu_med": 0.9013814330101013,
  "inu_range": 0.7378740310668943,
  "provenance": {
    "md5sum": "e82900482b5e8e858f71d62fbdc04d65",
    "settings": {
      "testing": false
    },
    "software": "mriqc",
    "version": "23.0.1",
    "warnings": {
      "large_rot_frame": true,
      "small_air_mask": false
    },
    "webapi_port": null,
    "webapi_url": "https://mriqc.nimh.nih.gov/api/v1"
  },
  "qi_1": 0.0,
  "qi_2": 0.0049692372677421085,
  "rpve_csf": 23.972461590427315,
  "rpve_gm": 11.14833351854768,
  "rpve_wm": 13.94965361899399,
  "size_x": 224,
  "size_y": 300,
  "size_z": 320,
  "snr_csf": 2.576749545302315,
  "snr_gm": 13.112054539156748,
  "snr_total": 10.867051555591672,
  "snr_wm": 16.912350582315955,
  "snrd_csf": 14.868139626098735,
  "snrd_gm": 39.16891470557292,
  "snrd_total": 35.19853002828571,
  "snrd_wm": 51.55853575318548,
  "spacing_x": 0.800000011920929,
  "spacing_y": 0.800000011920929,
  "spacing_z": 0.800000011920929,
  "summary_bg_k": 4.834056524714879,
  "summary_bg_mad": 0.0,
  "summary_bg_mean": 8.233941094832607,
  "summary_bg_median": 0.0,
  "summary_bg_n": 7295865.0,
  "summary_bg_p05": 0.0,
  "summary_bg_p95": 35.393129110336304,
  "summary_bg_stdv": 12.707385088940697,
  "summary_csf_k": 19.23788986419586,
  "summary_csf_mad": 79.22367218551221,
  "summary_csf_mean": 301.8195017587858,
  "summary_csf_median": 288.3905943632126,
  "summary_csf_n": 94320.0,
  "summary_csf_p05": 151.37191700935364,
  "summary_csf_p95": 494.4085804224014,
  "summary_csf_stdv": 111.91971144296346,
  "summary_gm_k": 0.10096928530012361,
  "summary_gm_mad": 57.4307526522807,
  "summary_gm_mean": 759.5028164459405,
  "summary_gm_median": 759.7417616844177,
  "summary_gm_n": 75753.0,
  "summary_gm_p05": 663.972796368599,
  "summary_gm_p95": 854.6230165958405,
  "summary_gm_stdv": 57.94185379572248,
  "summary_wm_k": 0.5762583972482442,
  "summary_wm_mad": 54.952342195560256,
  "summary_wm_mean": 1005.4084125949033,
  "summary_wm_median": 1000.057649731636,
  "summary_wm_n": 437061.0,
  "summary_wm_p05": 917.8003284931183,
  "summary_wm_p95": 1112.462538599968,
  "summary_wm_stdv": 59.13172747883124,
  "tpm_overlap_csf": 0.15385590533391083,
  "tpm_overlap_gm": 0.441842670070452,
  "tpm_overlap_wm": 0.46350302456926723,
  "wm2max": 0.5355290693985345
}