{
  "bids_meta": {
    "AcquisitionMatrixPE": 302,
    "AcquisitionNumber": 1,
    "AcquisitionTime": "10:38:16.227500",
    "BaseResolution": 320,
    "CoilCombinationMethod": "Adaptive Combine",
    "CoilString": "C:HEA;HEP",
    "ConversionSoftware": "dcm2niix",
    "ConversionSoftwareVersion": "v1.0.20211220",
    "Dcm2bidsVersion": "2.1.6",
    "DeviceSerialNumber": "40463",
    "DwellTime": 2.1e-06,
    "EchoTime": 0.56,
    "EchoTrainLength": 167,
    "FlipAngle": 120,
    "ImageOrientationPatientDICOM": [
      0,
      1,
      0,
      0,
      0,
      -1
    ],
    "ImageOrientationText": "Sag",
    "ImageType": [
      "ORIGINAL",
      "PRIMARY",
      "M",
      "ND"
    ],
    "ImagingFrequency": 123.122,
    "InPlanePhaseEncodingDirectionDICOM": "ROW",
    "MRAcquisitionType": "3D",
    "MagneticFieldStrength": 3,
    "Manufacturer": "Siemens",
    "ManufacturersModelName": "Verio",
    "MatrixCoilMode": "GRAPPA",
    "Modality": "MR",
    "ParallelReductionFactorInPlane": 2,
    "PartialFourier": 1,
    "PatientPosition": "HFS",
    "PercentPhaseFOV": 93.75,
    "PercentSampling": 100.667,
    "PhaseEncodingDirection": "i",
    "PhaseEncodingSteps": 290,
    "PhaseResolution": 1.00667,
    "PixelBandwidth": 744,
    "ProtocolName": "T2w_SPC2_0.8iso",
    "PulseSequenceDetails": "%SiemensSeq%\\tse_vfl",
    "ReceiveCoilName": "32Ch_Head",
    "ReconMatrixPE": 300,
    "RefLinesPE": 32,
    "RepetitionTime": 3.2,
    "SAR": 0.119178,
    "ScanOptions": "PFP",
    "ScanningSequence": "SE",
    "SequenceName": "*spc3d1_334ns",
    "SequenceVariant": "SK\\SP",
    "SeriesDescription": "T2w_SPC2_0.8iso",
    "SeriesNumber": 17,
    "ShimSetting": [
      2852,
      7535,
      -15008,
      166,
      891,
      -884,
      -396,
      1340
    ],
    "SliceThickness": 0.8,
    "SoftwareVersions": "syngo MR B17",
    "SpoilingState": true,
    "StationName": "MRC40463",
    "TxRefAmp": 452.967,
    "acq_id": "02",
    "dataset": "ds004056",
    "modality": "T2w",
    "session_id": "02",
    "subject_id": "22"
  },
  "cjv": 0.44884181393453215,
  "cnr": 1.5831814038618857,
  "efc": 0.5134607077505331,
  "fber": 8510.0625,
  "fwhm_avg": 3.0267874548973523,
  "fwhm_x": 2.9532124559937047,
  "fwhm_y": 3.1611624528950086,
  "fwhm_z": 2.965987455803343,
  "icvs_csf": 0.3134642102093496,
  "icvs_gm": 0.5681118528873411,
  "icvs_wm": 0.11842393690330924,
  "inu_med": 0.9076235592365265,
  "inu_range": 0.638692408800125,
  "provenance": {
    "md5sum": "a4e8a0ed44ee9de22a922c7257871398",
    "settings": {
      "testing": false
    },
    "software": "mriqc",
    "version": "23.0.1",
    "warnings": {
      "large_rot_frame": true,
      "small_air_mask": false
    },
    "webapi_port": null,
    "webapi_url": "https://mriqc.nimh.nih.gov/api/v1"
  },
  "qi_1": 3.6857774667098603e-06,
  "qi_2": 0.006274297662626525,
  "rpve_csf": 13.292150433435346,
  "rpve_gm": 9.09472936127523,
  "rpve_wm": 44.972632417029835,
  "size_x": 224,
  "size_y": 300,
  "size_z": 320,
  "snr_csf": 5.207821148192793,
  "snr_gm": 7.000735322149578,
  "snr_total": 4.9108329648672475,
  "snr_wm": 2.523942424259371,
  "snrd_csf": 32.84519265332878,
  "snrd_gm": 17.96357726090423,
  "snrd_total": 33.255248884145765,
  "snrd_wm": 48.95697673820429,
  "spacing_x": 0.800000011920929,
  "spacing_y": 0.800000011920929,
  "spacing_z": 0.800000011920929,
  "summary_bg_k": 17.09048060734155,
  "summary_bg_mad": 0.0,
  "summary_bg_mean": 7.546482944541479,
  "summary_bg_median": 0.0,
  "summary_bg_n": 7219253.0,
  "summary_bg_p05": 0.0,
  "summary_bg_p95": 32.59376045688987,
  "summary_bg_stdv": 13.381028749314234,
  "summary_csf_k": -0.5541927088190488,
  "summary_csf_mad": 133.35196005041894,
  "summary_csf_mean": 698.9559774315175,
  "summary_csf_median": 670.8564310744405,
  "summary_csf_n": 54059.0,
  "summary_csf_p05": 523.2278147224337,
  "summary_csf_p95": 920.5383759327233,
  "summary_csf_stdv": 128.81591112711294,
  "summary_gm_k": 0.45668297815589165,
  "summary_gm_mad": 50.0211312664372,
  "summary_gm_mean": 368.59858572680184,
  "summary_gm_median": 366.90244011580944,
  "summary_gm_n": 515316.0,
  "summary_gm_p05": 285.4307609722018,
  "summary_gm_p95": 457.5657632602379,
  "summary_gm_stdv": 52.40907808030877,
  "summary_wm_k": -0.07772792229821501,
  "summary_wm_mad": 234.1109657914851,
  "summary_wm_mean": 883.22617660616,
  "summary_wm_median": 999.9363693017513,
  "summary_wm_n": 30262.0,
  "summary_wm_p05": 59.53895352780819,
  "summary_wm_p95": 1328.8572825463484,
  "summary_wm_stdv": 396.17379470877603,
  "tpm_overlap_csf": 0.10898827473235308,
  "tpm_overlap_gm": 0.36801941499173524,
  "tpm_overlap_wm": 0.03553041464814732,
  "wm2max": 0.8091811228902057
}