{
  "bids_meta": {
    "AcquisitionMatrixPE": 302,
    "AcquisitionNumber": 1,
    "AcquisitionTime": "10:28:0.210000",
    "BaseResolution": 320,
    "CoilCombinationMethod": "Adaptive Combine",
    "CoilString": "C:HEA;HEP",
    "ConversionSoftware": "dcm2niix",
    "ConversionSoftwareVersion": "v1.0.20211220",
    "Dcm2bidsVersion": "2.1.6",
    "DeviceSerialNumber": "40463",
    "DwellTime": 2.1e-06,
    "EchoTime": 0.56,
    "EchoTrainLength": 167,
    "FlipAngle": 120,
    "ImageOrientationPatientDICOM": [
      0,
      1,
      0,
      0,
      0,
      -1
    ],
    "ImageOrientationText": "Sag",
    "ImageType": [
      "ORIGINAL",
      "PRIMARY",
      "M",
      "ND"
    ],
    "ImagingFrequency": 123.122,
    "InPlanePhaseEncodingDirectionDICOM": "ROW",
    "MRAcquisitionType": "3D",
    "MagneticFieldStrength": 3,
    "Manufacturer": "Siemens",
    "ManufacturersModelName": "Verio",
    "MatrixCoilMode": "GRAPPA",
    "Modality": "MR",
    "ParallelReductionFactorInPlane": 2,
    "PartialFourier": 1,
    "PatientPosition": "HFS",
    "PercentPhaseFOV": 93.75,
    "PercentSampling": 100.667,
    "PhaseEncodingDirection": "i",
    "PhaseEncodingSteps": 290,
    "PhaseResolution": 1.00667,
    "PixelBandwidth": 744,
    "ProtocolName": "T2w_SPC2_0.8iso",
    "PulseSequenceDetails": "%SiemensSeq%\\tse_vfl",
    "ReceiveCoilName": "32Ch_Head",
    "ReconMatrixPE": 300,
    "RefLinesPE": 32,
    "RepetitionTime": 3.2,
    "SAR": 0.101538,
    "ScanOptions": "PFP",
    "ScanningSequence": "SE",
    "SequenceName": "*spc3d1_334ns",
    "SequenceVariant": "SK\\SP",
    "SeriesDescription": "T2w_SPC2_0.8iso",
    "SeriesNumber": 17,
    "ShimSetting": [
      2848,
      7491,
      -15077,
      -26,
      986,
      -1134,
      -506,
      1076
    ],
    "SliceThickness": 0.8,
    "SoftwareVersions": "syngo MR B17",
    "SpoilingState": true,
    "StationName": "MRC40463",
    "TxRefAmp": 416.671,
    "acq_id": "02",
    "dataset": "ds004056",
    "modality": "T2w",
    "session_id": "02",
    "subject_id": "13"
  },
  "cjv": 0.22495001414484664,
  "cnr": 2.190473735733528,
  "efc": 0.48668963370143314,
  "fber": 7489.066703397612,
  "fwhm_avg": 3.1517707863682887,
  "fwhm_x": 3.0791374541172765,
  "fwhm_y": 3.3546499500118205,
  "fwhm_z": 3.0215249549757695,
  "icvs_csf": 0.40503332119388175,
  "icvs_gm": 0.46429988892791163,
  "icvs_wm": 0.1306667898782066,
  "inu_med": 0.8428530693054199,
  "inu_range": 0.8289997279644011,
  "provenance": {
    "md5sum": "e025b9775c79b731e6094c0fdfa27d99",
    "settings": {
      "testing": false
    },
    "software": "mriqc",
    "version": "23.0.1",
    "warnings": {
      "large_rot_frame": true,
      "small_air_mask": false
    },
    "webapi_port": null,
    "webapi_url": "https://mriqc.nimh.nih.gov/api/v1"
  },
  "qi_1": 0.0,
  "qi_2": 0.012259517746964446,
  "rpve_csf": 12.855247786811256,
  "rpve_gm": 12.208289669959504,
  "rpve_wm": 44.24288663791414,
  "size_x": 224,
  "size_y": 300,
  "size_z": 320,
  "snr_csf": 7.350007689211343,
  "snr_gm": 9.069738272623894,
  "snr_total": 6.507136533476157,
  "snr_wm": 3.101663638593232,
  "snrd_csf": 51.484211837685216,
  "snrd_gm": 29.870493055340884,
  "snrd_total": 61.43127241506637,
  "snrd_wm": 102.93911235217301,
  "spacing_x": 0.800000011920929,
  "spacing_y": 0.800000011920929,
  "spacing_z": 0.800000011920929,
  "summary_bg_k": 4.750156752985014,
  "summary_bg_mad": 0.0,
  "summary_bg_mean": 4.546882815433195,
  "summary_bg_median": 0.0,
  "summary_bg_n": 7361700.0,
  "summary_bg_p05": 0.0,
  "summary_bg_p95": 17.500054117292166,
  "summary_bg_stdv": 6.364030764756582,
  "summary_csf_k": -0.044184163876834326,
  "summary_csf_mad": 58.93779548279325,
  "summary_csf_mean": 510.7045953221254,
  "summary_csf_median": 500.1204451993108,
  "summary_csf_n": 129261.0,
  "summary_csf_p05": 415.0732485316694,
  "summary_csf_p95": 640.7998539544642,
  "summary_csf_stdv": 68.04326359989942,
  "summary_gm_k": 0.7364718936993717,
  "summary_gm_mad": 30.069641111331432,
  "summary_gm_mean": 289.6454385747559,
  "summary_gm_median": 290.1636006832123,
  "summary_gm_n": 451907.0,
  "summary_gm_p05": 236.5464136004448,
  "summary_gm_p95": 340.69254292175174,
  "summary_gm_stdv": 31.992464492098296,
  "summary_wm_k": 1.342044503546183,
  "summary_wm_mad": 129.598204832963,
  "summary_wm_mean": 868.1981165946588,
  "summary_wm_median": 999.9561586044729,
  "summary_wm_n": 47501.0,
  "summary_wm_p05": 63.14475096389651,
  "summary_wm_p95": 1152.2000586912036,
  "summary_wm_stdv": 322.39009429465233,
  "tpm_overlap_csf": 0.11075779546857657,
  "tpm_overlap_gm": 0.29937556914625274,
  "tpm_overlap_wm": 0.03183915701249771,
  "wm2max": 0.9004930966469428
}