{
  "bids_meta": {
    "AcquisitionMatrixPE": 300,
    "AcquisitionNumber": 1,
    "AcquisitionTime": "10:08:37.510000",
    "BaseResolution": 320,
    "CoilCombinationMethod": "Adaptive Combine",
    "CoilString": "C:HEA;HEP",
    "ConversionSoftware": "dcm2niix",
    "ConversionSoftwareVersion": "v1.0.20211220",
    "Dcm2bidsVersion": "2.1.6",
    "DeviceSerialNumber": "40463",
    "DwellTime": 7.4e-06,
    "EchoTime": 0.00224,
    "FlipAngle": 8,
    "ImageOrientationPatientDICOM": [
      0,
      1,
      0,
      0,
      0,
      -1
    ],
    "ImageOrientationText": "Sag",
    "ImageType": [
      "ORIGINAL",
      "PRIMARY",
      "M",
      "ND"
    ],
    "ImagingFrequency": 123.122,
    "InPlanePhaseEncodingDirectionDICOM": "ROW",
    "InversionTime": 1.06,
    "MRAcquisitionType": "3D",
    "MagneticFieldStrength": 3,
    "Manufacturer": "Siemens",
    "ManufacturersModelName": "Verio",
    "MatrixCoilMode": "GRAPPA",
    "Modality": "MR",
    "ParallelReductionFactorInPlane": 2,
    "PartialFourier": 1,
    "PatientPosition": "HFS",
    "PercentPhaseFOV": 93.75,
    "PercentSampling": 100,
    "PhaseEncodingSteps": 299,
    "PhaseResolution": 1,
    "PixelBandwidth": 211,
    "ProtocolName": "T1w_MPR1_0.8iso",
    "PulseSequenceDetails": "%SiemensSeq%\\tfl",
    "ReceiveCoilName": "32Ch_Head",
    "ReconMatrixPE": 300,
    "RefLinesPE": 32,
    "RepetitionTime": 2.4,
    "SAR": 0.0309803,
    "ScanOptions": "IR\\WE",
    "ScanningSequence": "GR\\IR",
    "SequenceName": "*tfl3d1_ns",
    "SequenceVariant": "SP\\MP",
    "SeriesDescription": "T1w_MPR1_0.8iso",
    "SeriesNumber": 14,
    "ShimSetting": [
      2848,
      7491,
      -15077,
      -26,
      986,
      -1134,
      -506,
      1076
    ],
    "SliceThickness": 0.8,
    "SoftwareVersions": "syngo MR B17",
    "StationName": "MRC40463",
    "TxRefAmp": 416.671,
    "acq_id": "01",
    "dataset": "ds004056",
    "modality": "T1w",
    "session_id": "02",
    "subject_id": "13"
  },
  "cjv": 0.41152603635155494,
  "cnr": 3.305427404413303,
  "efc": 0.5295515412112018,
  "fber": 33563.90547520661,
  "fwhm_avg": 4.825841594756024,
  "fwhm_x": 4.784024928712474,
  "fwhm_y": 4.691362430093252,
  "fwhm_z": 5.002137425462344,
  "icvs_csf": 0.1696634174158293,
  "icvs_gm": 0.44599725353323805,
  "icvs_wm": 0.38433932905093265,
  "inu_med": 0.678905725479126,
  "inu_range": 0.6777396082878112,
  "provenance": {
    "md5sum": "1d7e3539180da072f3d058fb384d0118",
    "settings": {
      "testing": false
    },
    "software": "mriqc",
    "version": "23.0.1",
    "warnings": {
      "large_rot_frame": true,
      "small_air_mask": false
    },
    "webapi_port": null,
    "webapi_url": "https://mriqc.nimh.nih.gov/api/v1"
  },
  "qi_1": 9.01338577922072e-07,
  "qi_2": 0.004615178782888004,
  "rpve_csf": 28.184991867924005,
  "rpve_gm": 11.915831372811235,
  "rpve_wm": 15.524338117836702,
  "size_x": 224,
  "size_y": 300,
  "size_z": 320,
  "snr_csf": 2.0115049261622424,
  "snr_gm": 13.59615974672721,
  "snr_total": 12.475228890274664,
  "snr_wm": 21.818021997934544,
  "snrd_csf": 20.44985596426823,
  "snrd_gm": 53.66775079003478,
  "snrd_total": 48.26768253545822,
  "snrd_wm": 70.68544085207165,
  "spacing_x": 0.800000011920929,
  "spacing_y": 0.800000011920929,
  "spacing_z": 0.800000011920929,
  "summary_bg_k": 6.129170448425453,
  "summary_bg_mad": 0.0,
  "summary_bg_mean": 6.452966737901554,
  "summary_bg_median": 0.0,
  "summary_bg_n": 7398651.0,
  "summary_bg_p05": 0.0,
  "summary_bg_p95": 25.651410967111588,
  "summary_bg_stdv": 9.268752920337024,
  "summary_csf_k": 25.029313655783962,
  "summary_csf_mad": 83.86800768631873,
  "summary_csf_mean": 307.0068950881087,
  "summary_csf_median": 289.32091422379017,
  "summary_csf_n": 67171.0,
  "summary_csf_p05": 100.28801638633013,
  "summary_csf_p95": 535.1244347542524,
  "summary_csf_stdv": 143.83199207620436,
  "summary_gm_k": 0.16722023196051072,
  "summary_gm_mad": 55.17807665599491,
  "summary_gm_mean": 758.9402275077563,
  "summary_gm_median": 759.281764626503,
  "summary_gm_n": 94696.0,
  "summary_gm_p05": 666.8466801941395,
  "summary_gm_p95": 849.5567302405834,
  "summary_gm_stdv": 55.84501577733508,
  "summary_wm_k": 0.44839293468068586,
  "summary_wm_mad": 43.902266553379256,
  "summary_wm_mean": 1002.2653036559126,
  "summary_wm_median": 1000.0450079143047,
  "summary_wm_n": 467159.0,
  "summary_wm_p05": 931.4612354338169,
  "summary_wm_p95": 1081.3194784522057,
  "summary_wm_stdv": 45.83568288916503,
  "tpm_overlap_csf": 0.15090523525835237,
  "tpm_overlap_gm": 0.44606722475892774,
  "tpm_overlap_wm": 0.49765559482021066,
  "wm2max": 0.6580591666913441
}