{
  "aor": 0.0011361369863013698,
  "aqi": 0.011614093643835617,
  "bids_meta": {
    "AcquisitionMatrixPE": 130,
    "AcquisitionNumber": 1,
    "AcquisitionTime": "16:23:38.517500",
    "BandwidthPerPixelPhaseEncode": 24.038,
    "BaseResolution": 130,
    "CoilCombinationMethod": "Sum of Squares",
    "CoilString": "C:A32",
    "ConversionSoftware": "dcm2niix",
    "ConversionSoftwareVersion": "v1.0.20211220",
    "Dcm2bidsVersion": "2.1.6",
    "DerivedVendorReportedEchoSpacing": 0.000640012,
    "DeviceSerialNumber": "18981",
    "DwellTime": 2e-06,
    "EchoTime": 0.0222,
    "EffectiveEchoSpacing": 0.000320006,
    "FlipAngle": 45,
    "ImageComments": "Unaliased MB5/PE4",
    "ImageOrientationPatientDICOM": [
      1,
      -1e-16,
      0,
      1e-16,
      0.939693,
      -0.34202
    ],
    "ImageOrientationText": "Tra>Cor(-20.0)",
    "ImageType": [
      "ORIGINAL",
      "PRIMARY",
      "M",
      "MB",
      "ND",
      "MOSAIC"
    ],
    "ImagingFrequency": 297.224,
    "InPlanePhaseEncodingDirectionDICOM": "COL",
    "MRAcquisitionType": "2D",
    "MagneticFieldStrength": 6.98,
    "Manufacturer": "Siemens",
    "ManufacturersModelName": "Investigational_Device_7T",
    "MatrixCoilMode": "GRAPPA",
    "Modality": "MR",
    "MultibandAccelerationFactor": 5,
    "ParallelReductionFactorInPlane": 2,
    "PartialFourier": 0.875,
    "PatientPosition": "HFS",
    "PercentPhaseFOV": 100,
    "PercentSampling": 100,
    "PhaseEncodingDirection": "j-",
    "PhaseEncodingSteps": 114,
    "PhaseResolution": 1,
    "PixelBandwidth": 1923,
    "ProtocolName": "MB5_TR1s_TE22p2_IPAT2_1.6mm_85slices_AP_367vols",
    "PulseSequenceDetails": "%CustomerSeq%\\cmrr_mbep2d_bold",
    "ReceiveCoilName": "32Ch_Head_7T",
    "ReconMatrixPE": 130,
    "RefLinesPE": 96,
    "RepetitionTime": 1,
    "SAR": 0.112928,
    "ScanOptions": "PFP\\FS",
    "ScanningSequence": "EP",
    "SequenceName": "epfid2d1_130",
    "SequenceVariant": "SK\\SS",
    "SeriesDescription": "MB5_TR1s_TE22p2_IPAT2_1.6mm_85slices_AP_367vols",
    "SeriesNumber": 15,
    "ShimSetting": [
      31,
      146,
      823,
      664,
      -150,
      -500,
      -576,
      35
    ],
    "SliceThickness": 1.6,
    "SliceTiming": [
      0,
      0.5325,
      0.06,
      0.59,
      0.12,
      0.65,
      0.1775,
      0.71,
      0.2375,
      0.7675,
      0.295,
      0.8275,
      0.355,
      0.8875,
      0.415,
      0.945,
      0.4725,
      0,
      0.5325,
      0.06,
      0.59,
      0.12,
      0.65,
      0.1775,
      0.71,
      0.2375,
      0.7675,
      0.295,
      0.8275,
      0.355,
      0.8875,
      0.415,
      0.945,
      0.4725,
      0,
      0.5325,
      0.06,
      0.59,
      0.12,
      0.65,
      0.1775,
      0.71,
      0.2375,
      0.7675,
      0.295,
      0.8275,
      0.355,
      0.8875,
      0.415,
      0.945,
      0.4725,
      0,
      0.5325,
      0.06,
      0.59,
      0.12,
      0.65,
      0.1775,
      0.71,
      0.2375,
      0.7675,
      0.295,
      0.8275,
      0.355,
      0.8875,
      0.415,
      0.945,
      0.4725,
      0,
      0.5325,
      0.06,
      0.59,
      0.12,
      0.65,
      0.1775,
      0.71,
      0.2375,
      0.7675,
      0.295,
      0.8275,
      0.355,
      0.8875,
      0.415,
      0.945,
      0.4725
    ],
    "SoftwareVersions": "syngo MR B17",
    "SpacingBetweenSlices": 1.6,
    "StationName": "MRC18981",
    "TaskName": "GDMotor",
    "TotalReadoutTime": 0.0412808,
    "TxRefAmp": 240,
    "dataset": "ds004056",
    "modality": "bold",
    "run_id": 5,
    "session_id": "01",
    "subject_id": "15",
    "task_id": "GDMotor"
  },
  "dummy_trs": 2,
  "dvars_nstd": 49.86710045354397,
  "dvars_std": 1.0254071626373626,
  "dvars_vstd": 1.0036700920054946,
  "efc": 0.5068049138570997,
  "fber": 1255.47802734375,
  "fd_mean": 0.18727490361214952,
  "fd_num": 112,
  "fd_perc": 30.684931506849313,
  "fwhm_avg": 2.5038249626901004,
  "fwhm_x": 2.2596687163283122,
  "fwhm_y": 2.7041749597046527,
  "fwhm_z": 2.5476312120373366,
  "gcor": 0.00924175,
  "gsr_x": -0.010469294153153896,
  "gsr_y": 0.05249816179275513,
  "provenance": {
    "md5sum": "b6d8df1aa51476493ab28c80e320c932",
    "settings": {
      "fd_thres": 0.2,
      "testing": false
    },
    "software": "mriqc",
    "version": "23.0.1",
    "webapi_port": null,
    "webapi_url": "https://mriqc.nimh.nih.gov/api/v1"
  },
  "size_t": 365,
  "size_x": 130,
  "size_y": 130,
  "size_z": 85,
  "snr": 2.2271651475072667,
  "spacing_tr": 1.0,
  "spacing_x": 1.600000023841858,
  "spacing_y": 1.600000023841858,
  "spacing_z": 1.600000023841858,
  "summary_bg_k": 44.30369495683069,
  "summary_bg_mad": 7.002756648302436,
  "summary_bg_mean": 22.110872268676758,
  "summary_bg_median": 9.043835639953613,
  "summary_bg_n": 969889.0,
  "summary_bg_p05": 3.8027398586273193,
  "summary_bg_p95": 85.23726196289056,
  "summary_bg_stdv": 39.500492095947266,
  "summary_fg_k": 5.521454490974138,
  "summary_fg_mad": 113.03525274120398,
  "summary_fg_mean": 356.28680419921875,
  "summary_fg_median": 332.4027404785156,
  "summary_fg_n": 301547.0,
  "summary_fg_p05": 167.46657867431642,
  "summary_fg_p95": 630.9441101074221,
  "summary_fg_stdv": 149.24900817871094,
  "tsnr": 24.20654193055816
}