{
  "bids_meta": {
    "AcquisitionMatrixPE": 300,
    "AcquisitionNumber": 1,
    "AcquisitionTime": "15:22:37.520000",
    "BaseResolution": 320,
    "CoilCombinationMethod": "Adaptive Combine",
    "CoilString": "C:HEA;HEP",
    "ConversionSoftware": "dcm2niix",
    "ConversionSoftwareVersion": "v1.0.20211220",
    "Dcm2bidsVersion": "2.1.6",
    "DeviceSerialNumber": "40463",
    "DwellTime": 7.4e-06,
    "EchoTime": 0.00224,
    "FlipAngle": 8,
    "ImageOrientationPatientDICOM": [
      0,
      1,
      0,
      0,
      0,
      -1
    ],
    "ImageOrientationText": "Sag",
    "ImageType": [
      "ORIGINAL",
      "PRIMARY",
      "M",
      "ND"
    ],
    "ImagingFrequency": 123.121,
    "InPlanePhaseEncodingDirectionDICOM": "ROW",
    "InversionTime": 1.06,
    "MRAcquisitionType": "3D",
    "MagneticFieldStrength": 3,
    "Manufacturer": "Siemens",
    "ManufacturersModelName": "Verio",
    "MatrixCoilMode": "GRAPPA",
    "Modality": "MR",
    "ParallelReductionFactorInPlane": 2,
    "PartialFourier": 1,
    "PatientPosition": "HFS",
    "PercentPhaseFOV": 93.75,
    "PercentSampling": 100,
    "PhaseEncodingSteps": 299,
    "PhaseResolution": 1,
    "PixelBandwidth": 211,
    "ProtocolName": "T1w_MPR2_0.8iso",
    "PulseSequenceDetails": "%SiemensSeq%\\tfl",
    "ReceiveCoilName": "32Ch_Head",
    "ReconMatrixPE": 300,
    "RefLinesPE": 32,
    "RepetitionTime": 2.4,
    "SAR": 0.03184,
    "ScanOptions": "IR\\WE",
    "ScanningSequence": "GR\\IR",
    "SequenceName": "*tfl3d1_ns",
    "SequenceVariant": "SP\\MP",
    "SeriesDescription": "T1w_MPR2_0.8iso",
    "SeriesNumber": 16,
    "ShimSetting": [
      2849,
      7510,
      -15122,
      154,
      908,
      -954,
      -505,
      1198
    ],
    "SliceThickness": 0.8,
    "SoftwareVersions": "syngo MR B17",
    "StationName": "MRC40463",
    "TxRefAmp": 449.981,
    "acq_id": "02",
    "dataset": "ds004056",
    "modality": "T1w",
    "session_id": "02",
    "subject_id": "27"
  },
  "cjv": 0.42119381207545514,
  "cnr": 3.2362878693733848,
  "efc": 0.5524644532367121,
  "fber": -1.0,
  "fwhm_avg": 4.27521243629437,
  "fwhm_x": 4.34618743523676,
  "fwhm_y": 4.034024939888344,
  "fwhm_z": 4.445424933758007,
  "icvs_csf": 0.18320688693777226,
  "icvs_gm": 0.428206669281753,
  "icvs_wm": 0.38858644378047474,
  "inu_med": 0.8815237879753113,
  "inu_range": 0.5596546232700348,
  "provenance": {
    "md5sum": "62fde5b8b2a110e864b44ae5992d7397",
    "settings": {
      "testing": false
    },
    "software": "mriqc",
    "version": "23.0.1",
    "warnings": {
      "large_rot_frame": true,
      "small_air_mask": false
    },
    "webapi_port": null,
    "webapi_url": "https://mriqc.nimh.nih.gov/api/v1"
  },
  "qi_1": 0.0,
  "qi_2": 0.005050481549425691,
  "rpve_csf": 25.719265721512038,
  "rpve_gm": 11.607859066112368,
  "rpve_wm": 14.302212182708415,
  "size_x": 224,
  "size_y": 300,
  "size_z": 320,
  "snr_csf": 1.7843861891277393,
  "snr_gm": 13.834190542768905,
  "snr_total": 11.12103967622692,
  "snr_wm": 17.74454229678411,
  "snrd_csf": 20.316025774874856,
  "snrd_gm": 51.44811490414132,
  "snrd_total": 46.91748384955108,
  "snrd_wm": 68.98831086963709,
  "spacing_x": 0.800000011920929,
  "spacing_y": 0.800000011920929,
  "spacing_z": 0.800000011920929,
  "summary_bg_k": 4.677169949485196,
  "summary_bg_mad": 0.0,
  "summary_bg_mean": 6.0543691581501475,
  "summary_bg_median": 0.0,
  "summary_bg_n": 6174350.0,
  "summary_bg_p05": 0.0,
  "summary_bg_p95": 26.21627362817526,
  "summary_bg_stdv": 9.496742683741928,
  "summary_csf_k": 41.81318234476738,
  "summary_csf_mad": 86.24102131314588,
  "summary_csf_mean": 319.0841125791273,
  "summary_csf_median": 294.4975567534566,
  "summary_csf_n": 85375.0,
  "summary_csf_p05": 140.79881024584174,
  "summary_csf_p95": 530.2740597724915,
  "summary_csf_stdv": 165.04041211106653,
  "summary_gm_k": 0.1044027473890572,
  "summary_gm_mad": 53.7352747845971,
  "summary_gm_mean": 745.6404232545514,
  "summary_gm_median": 745.7828763723373,
  "summary_gm_n": 92915.0,
  "summary_gm_p05": 656.7962607167661,
  "summary_gm_p95": 833.4820477962494,
  "summary_gm_stdv": 53.9083845059494,
  "summary_wm_k": 0.37908571474869923,
  "summary_wm_mad": 53.35730098775351,
  "summary_wm_mean": 1004.9511260087828,
  "summary_wm_median": 1000.0424896478653,
  "summary_wm_n": 454946.0,
  "summary_wm_p05": 921.1387293115258,
  "summary_wm_p95": 1106.3097511455417,
  "summary_wm_stdv": 56.357688682129066,
  "tpm_overlap_csf": 0.1483769878471,
  "tpm_overlap_gm": 0.45152428598752725,
  "tpm_overlap_wm": 0.47987501772786323,
  "wm2max": 0.5490598609620678
}