{
  "bids_meta": {
    "AcquisitionMatrixPE": 302,
    "AcquisitionNumber": 1,
    "AcquisitionTime": "15:29:18.220000",
    "BaseResolution": 320,
    "CoilCombinationMethod": "Adaptive Combine",
    "CoilString": "C:HEA;HEP",
    "ConversionSoftware": "dcm2niix",
    "ConversionSoftwareVersion": "v1.0.20211220",
    "Dcm2bidsVersion": "2.1.6",
    "DeviceSerialNumber": "40463",
    "DwellTime": 2.1e-06,
    "EchoTime": 0.56,
    "EchoTrainLength": 167,
    "FlipAngle": 120,
    "ImageOrientationPatientDICOM": [
      0,
      1,
      0,
      0,
      0,
      -1
    ],
    "ImageOrientationText": "Sag",
    "ImageType": [
      "ORIGINAL",
      "PRIMARY",
      "M",
      "ND"
    ],
    "ImagingFrequency": 123.121,
    "InPlanePhaseEncodingDirectionDICOM": "ROW",
    "MRAcquisitionType": "3D",
    "MagneticFieldStrength": 3,
    "Manufacturer": "Siemens",
    "ManufacturersModelName": "Verio",
    "MatrixCoilMode": "GRAPPA",
    "Modality": "MR",
    "ParallelReductionFactorInPlane": 2,
    "PartialFourier": 1,
    "PatientPosition": "HFS",
    "PercentPhaseFOV": 93.75,
    "PercentSampling": 100.667,
    "PhaseEncodingDirection": "i",
    "PhaseEncodingSteps": 290,
    "PhaseResolution": 1.00667,
    "PixelBandwidth": 744,
    "ProtocolName": "T2w_SPC2_0.8iso",
    "PulseSequenceDetails": "%SiemensSeq%\\tse_vfl",
    "ReceiveCoilName": "32Ch_Head",
    "ReconMatrixPE": 300,
    "RefLinesPE": 32,
    "RepetitionTime": 3.2,
    "SAR": 0.104355,
    "ScanOptions": "PFP",
    "ScanningSequence": "SE",
    "SequenceName": "*spc3d1_334ns",
    "SequenceVariant": "SK\\SP",
    "SeriesDescription": "T2w_SPC2_0.8iso",
    "SeriesNumber": 17,
    "ShimSetting": [
      2849,
      7510,
      -15122,
      154,
      908,
      -954,
      -505,
      1198
    ],
    "SliceThickness": 0.8,
    "SoftwareVersions": "syngo MR B17",
    "SpoilingState": true,
    "StationName": "MRC40463",
    "TxRefAmp": 449.981,
    "acq_id": "02",
    "dataset": "ds004056",
    "modality": "T2w",
    "session_id": "02",
    "subject_id": "27"
  },
  "cjv": 0.23872278599342628,
  "cnr": 2.420916155780858,
  "efc": 0.5105555038939643,
  "fber": -1.0,
  "fwhm_avg": 2.8403582910086964,
  "fwhm_x": 2.8089874581428247,
  "fwhm_y": 3.0060249552067377,
  "fwhm_z": 2.706062459676527,
  "icvs_csf": 0.452631297531458,
  "icvs_gm": 0.3935188227547255,
  "icvs_wm": 0.1538498797138165,
  "inu_med": 0.9081921577453613,
  "inu_range": 0.5788330912590028,
  "provenance": {
    "md5sum": "13f89457bc2b45018f8bc1b085b9f28d",
    "settings": {
      "testing": false
    },
    "software": "mriqc",
    "version": "23.0.1",
    "warnings": {
      "large_rot_frame": true,
      "small_air_mask": false
    },
    "webapi_port": null,
    "webapi_url": "https://mriqc.nimh.nih.gov/api/v1"
  },
  "qi_1": 0.0,
  "qi_2": 0.012812566955039673,
  "rpve_csf": 11.499645235413968,
  "rpve_gm": 13.399616766195223,
  "rpve_wm": 35.15009995949139,
  "size_x": 224,
  "size_y": 300,
  "size_z": 320,
  "snr_csf": 10.509639611081722,
  "snr_gm": 9.007052126115555,
  "snr_total": 7.709728038036089,
  "snr_wm": 3.612492376910989,
  "snrd_csf": 68.06761272765613,
  "snrd_gm": 41.332285978013765,
  "snrd_total": 78.97618891135691,
  "snrd_wm": 127.52866802840083,
  "spacing_x": 0.800000011920929,
  "spacing_y": 0.800000011920929,
  "spacing_z": 0.800000011920929,
  "summary_bg_k": 6.9101820457586935,
  "summary_bg_mad": 0.0,
  "summary_bg_mean": 3.3025030219500726,
  "summary_bg_median": 0.0,
  "summary_bg_n": 6199712.0,
  "summary_bg_p05": 0.0,
  "summary_bg_p95": 14.22010900452733,
  "summary_bg_stdv": 5.1371697617259535,
  "summary_csf_k": 0.8802981526278733,
  "summary_csf_mad": 46.105588065754006,
  "summary_csf_mean": 536.0032868737959,
  "summary_csf_median": 533.7436324059963,
  "summary_csf_n": 158110.0,
  "summary_csf_p05": 457.2580952849239,
  "summary_csf_p95": 623.2836958263069,
  "summary_csf_stdv": 50.785941694281796,
  "summary_gm_k": 0.5913834919558543,
  "summary_gm_mad": 34.665595824551175,
  "summary_gm_mean": 324.2444466762619,
  "summary_gm_median": 324.1019270326942,
  "summary_gm_n": 351709.0,
  "summary_gm_p05": 266.1258432716131,
  "summary_gm_p95": 383.0337886121124,
  "summary_gm_stdv": 35.98307878553147,
  "summary_wm_k": 2.752902016619557,
  "summary_wm_mad": 126.6866814505407,
  "summary_wm_mean": 899.7461796670024,
  "summary_wm_median": 1000.0000261757523,
  "summary_wm_n": 59030.0,
  "summary_wm_p05": 136.35569277824837,
  "summary_wm_p95": 1160.0345316119492,
  "summary_wm_stdv": 276.814855655249,
  "tpm_overlap_csf": 0.10547593666017333,
  "tpm_overlap_gm": 0.25765802294751455,
  "tpm_overlap_wm": 0.03534106237911102,
  "wm2max": 0.8790548986659563
}