{
  "bids_meta": {
    "AcquisitionMatrixPE": 300,
    "AcquisitionNumber": 1,
    "AcquisitionTime": "15:09:54.475000",
    "BaseResolution": 320,
    "CoilCombinationMethod": "Adaptive Combine",
    "CoilString": "C:HEA;HEP",
    "ConversionSoftware": "dcm2niix",
    "ConversionSoftwareVersion": "v1.0.20211220",
    "Dcm2bidsVersion": "2.1.6",
    "DeviceSerialNumber": "40463",
    "DwellTime": 7.4e-06,
    "EchoTime": 0.00224,
    "FlipAngle": 8,
    "ImageOrientationPatientDICOM": [
      0,
      1,
      0,
      0,
      0,
      -1
    ],
    "ImageOrientationText": "Sag",
    "ImageType": [
      "ORIGINAL",
      "PRIMARY",
      "M",
      "ND"
    ],
    "ImagingFrequency": 123.121,
    "InPlanePhaseEncodingDirectionDICOM": "ROW",
    "InversionTime": 1.06,
    "MRAcquisitionType": "3D",
    "MagneticFieldStrength": 3,
    "Manufacturer": "Siemens",
    "ManufacturersModelName": "Verio",
    "MatrixCoilMode": "GRAPPA",
    "Modality": "MR",
    "ParallelReductionFactorInPlane": 2,
    "PartialFourier": 1,
    "PatientPosition": "HFS",
    "PercentPhaseFOV": 93.75,
    "PercentSampling": 100,
    "PhaseEncodingSteps": 299,
    "PhaseResolution": 1,
    "PixelBandwidth": 211,
    "ProtocolName": "T1w_MPR1_0.8iso",
    "PulseSequenceDetails": "%SiemensSeq%\\tfl",
    "ReceiveCoilName": "32Ch_Head",
    "ReconMatrixPE": 300,
    "RefLinesPE": 32,
    "RepetitionTime": 2.4,
    "SAR": 0.03184,
    "ScanOptions": "IR\\WE",
    "ScanningSequence": "GR\\IR",
    "SequenceName": "*tfl3d1_ns",
    "SequenceVariant": "SP\\MP",
    "SeriesDescription": "T1w_MPR1_0.8iso",
    "SeriesNumber": 14,
    "ShimSetting": [
      2849,
      7510,
      -15122,
      154,
      908,
      -954,
      -505,
      1198
    ],
    "SliceThickness": 0.8,
    "SoftwareVersions": "syngo MR B17",
    "StationName": "MRC40463",
    "TxRefAmp": 449.981,
    "acq_id": "01",
    "dataset": "ds004056",
    "modality": "T1w",
    "session_id": "02",
    "subject_id": "27"
  },
  "cjv": 0.41923361701483886,
  "cnr": 3.263766146877796,
  "efc": 0.551668013296885,
  "fber": -1.0,
  "fwhm_avg": 4.259558269860968,
  "fwhm_x": 4.345387435248681,
  "fwhm_y": 3.9986624404152864,
  "fwhm_z": 4.434624933918939,
  "icvs_csf": 0.18100382471441526,
  "icvs_gm": 0.4329258386694391,
  "icvs_wm": 0.3860703366161456,
  "inu_med": 0.8606188297271729,
  "inu_range": 0.5459417998790741,
  "provenance": {
    "md5sum": "9590f248e5c8f577a2a99fcc06d22388",
    "settings": {
      "testing": false
    },
    "software": "mriqc",
    "version": "23.0.1",
    "warnings": {
      "large_rot_frame": true,
      "small_air_mask": false
    },
    "webapi_port": null,
    "webapi_url": "https://mriqc.nimh.nih.gov/api/v1"
  },
  "qi_1": 0.0,
  "qi_2": 0.00510649060123306,
  "rpve_csf": 26.014076464837448,
  "rpve_gm": 11.521336917276095,
  "rpve_wm": 14.353527203466655,
  "size_x": 224,
  "size_y": 300,
  "size_z": 320,
  "snr_csf": 1.7472359811965825,
  "snr_gm": 14.237793126847905,
  "snr_total": 11.430631546618232,
  "snr_wm": 18.30686553181021,
  "snrd_csf": 21.94957232653925,
  "snrd_gm": 54.62284934056734,
  "snrd_total": 49.78445482700098,
  "snrd_wm": 72.78094281389635,
  "spacing_x": 0.800000011920929,
  "spacing_y": 0.800000011920929,
  "spacing_z": 0.800000011920929,
  "summary_bg_k": 5.608760698991357,
  "summary_bg_mad": 0.0,
  "summary_bg_mean": 5.723503945248586,
  "summary_bg_median": 0.0,
  "summary_bg_n": 6233231.0,
  "summary_bg_p05": 0.0,
  "summary_bg_p95": 24.700935948640108,
  "summary_bg_stdv": 9.0018506049654,
  "summary_csf_k": 43.49362661277642,
  "summary_csf_mad": 81.77829082954004,
  "summary_csf_mean": 327.09970414435026,
  "summary_csf_median": 301.59638653323054,
  "summary_csf_n": 83325.0,
  "summary_csf_p05": 141.68130236193537,
  "summary_csf_p95": 538.0639581486583,
  "summary_csf_stdv": 172.6123889470045,
  "summary_gm_k": 0.10404370275247521,
  "summary_gm_mad": 52.78361924748995,
  "summary_gm_mean": 749.877206611046,
  "summary_gm_median": 750.5410008989275,
  "summary_gm_n": 96387.0,
  "summary_gm_p05": 662.9649552628398,
  "summary_gm_p95": 835.1366030238569,
  "summary_gm_stdv": 52.71442707655319,
  "summary_wm_k": 0.3579016025970718,
  "summary_wm_mad": 51.815112472306645,
  "summary_wm_mean": 1004.410197416232,
  "summary_wm_median": 1000.0408679768443,
  "summary_wm_n": 449235.0,
  "summary_wm_p05": 922.3043687269092,
  "summary_wm_p95": 1102.1925072222948,
  "summary_wm_stdv": 54.62648716077813,
  "tpm_overlap_csf": 0.14060384776747237,
  "tpm_overlap_gm": 0.44702762154534514,
  "tpm_overlap_wm": 0.47666513311476566,
  "wm2max": 0.5831349395295686
}