{
  "bids_meta": {
    "AcquisitionMatrixPE": 302,
    "AcquisitionNumber": 1,
    "AcquisitionTime": "13:52:1.225000",
    "BaseResolution": 320,
    "CoilCombinationMethod": "Adaptive Combine",
    "CoilString": "C:HEA;HEP",
    "ConversionSoftware": "dcm2niix",
    "ConversionSoftwareVersion": "v1.0.20211220",
    "Dcm2bidsVersion": "2.1.6",
    "DeviceSerialNumber": "40462",
    "DwellTime": 2.1e-06,
    "EchoTime": 0.56,
    "EchoTrainLength": 167,
    "FlipAngle": 120,
    "ImageOrientationPatientDICOM": [
      0,
      1,
      0,
      0,
      0,
      -1
    ],
    "ImageOrientationText": "Sag",
    "ImageType": [
      "ORIGINAL",
      "PRIMARY",
      "M",
      "ND"
    ],
    "ImagingFrequency": 123.21,
    "InPlanePhaseEncodingDirectionDICOM": "ROW",
    "MRAcquisitionType": "3D",
    "MagneticFieldStrength": 3,
    "Manufacturer": "Siemens",
    "ManufacturersModelName": "Verio",
    "MatrixCoilMode": "GRAPPA",
    "Modality": "MR",
    "ParallelReductionFactorInPlane": 2,
    "PartialFourier": 1,
    "PatientPosition": "HFS",
    "PercentPhaseFOV": 93.75,
    "PercentSampling": 100.667,
    "PhaseEncodingDirection": "i",
    "PhaseEncodingSteps": 290,
    "PhaseResolution": 1.00667,
    "PixelBandwidth": 744,
    "ProtocolName": "T2w_SPC2_0.8iso",
    "PulseSequenceDetails": "%SiemensSeq%\\tse_vfl",
    "ReceiveCoilName": "32Ch_Head",
    "ReconMatrixPE": 300,
    "RefLinesPE": 32,
    "RepetitionTime": 3.2,
    "SAR": 0.109316,
    "ScanOptions": "PFP",
    "ScanningSequence": "SE",
    "SequenceName": "*spc3d1_334ns",
    "SequenceVariant": "SK\\SP",
    "SeriesDescription": "T2w_SPC2_0.8iso",
    "SeriesNumber": 18,
    "ShimSetting": [
      998,
      10243,
      917,
      481,
      6,
      -626,
      262,
      -50
    ],
    "SliceThickness": 0.8,
    "SoftwareVersions": "syngo MR B17",
    "SpoilingState": true,
    "StationName": "MRC40462",
    "TxRefAmp": 397.889,
    "acq_id": "02",
    "dataset": "ds004056",
    "modality": "T2w",
    "session_id": "02",
    "subject_id": "29"
  },
  "cjv": 0.24177820794091356,
  "cnr": 2.2600983566565116,
  "efc": 0.4875260830407209,
  "fber": -1.0,
  "fwhm_avg": 2.946712456090563,
  "fwhm_x": 2.8572749574232854,
  "fwhm_y": 3.174562452695333,
  "fwhm_z": 2.80829995815307,
  "icvs_csf": 0.36720496370754935,
  "icvs_gm": 0.48045761977268525,
  "icvs_wm": 0.1523374165197654,
  "inu_med": 0.9516531229019165,
  "inu_range": 0.6847286939620971,
  "provenance": {
    "md5sum": "94da4fc23f1a79c4b218a38092e35b99",
    "settings": {
      "testing": false
    },
    "software": "mriqc",
    "version": "23.0.1",
    "warnings": {
      "large_rot_frame": true,
      "small_air_mask": false
    },
    "webapi_port": null,
    "webapi_url": "https://mriqc.nimh.nih.gov/api/v1"
  },
  "qi_1": 0.0,
  "qi_2": 0.017500591536622413,
  "rpve_csf": 13.751291345923807,
  "rpve_gm": 11.594184242862662,
  "rpve_wm": 39.508469864368024,
  "size_x": 224,
  "size_y": 300,
  "size_z": 320,
  "snr_csf": 9.359896532083457,
  "snr_gm": 7.72733357120298,
  "snr_total": 6.823941592283481,
  "snr_wm": 3.384594673564006,
  "snrd_csf": 55.163220110683724,
  "snrd_gm": 31.483449703240815,
  "snrd_total": 61.14056189158409,
  "snrd_wm": 96.77501586082774,
  "spacing_x": 0.800000011920929,
  "spacing_y": 0.800000011920929,
  "spacing_z": 0.800000011920929,
  "summary_bg_k": 11.28665167774288,
  "summary_bg_mad": 0.0,
  "summary_bg_mean": 3.7911172923041274,
  "summary_bg_median": 0.0,
  "summary_bg_n": 7320463.0,
  "summary_bg_p05": 0.0,
  "summary_bg_p95": 19.655423562973738,
  "summary_bg_stdv": 6.7702328947384185,
  "summary_csf_k": 1.4731553149724972,
  "summary_csf_mad": 54.165008993249735,
  "summary_csf_mean": 572.2844677430802,
  "summary_csf_median": 570.0612076707184,
  "summary_csf_n": 113485.0,
  "summary_csf_p05": 478.12020033225417,
  "summary_csf_p95": 674.4857007563114,
  "summary_csf_stdv": 60.90438009612369,
  "summary_gm_k": 1.0254724918141056,
  "summary_gm_mad": 38.81492526379741,
  "summary_gm_mean": 325.45608723070046,
  "summary_gm_median": 325.3525324203074,
  "summary_gm_n": 445711.0,
  "summary_gm_p05": 257.2460853420198,
  "summary_gm_p95": 393.83644990995526,
  "summary_gm_stdv": 42.10406661504576,
  "summary_wm_k": 2.420580580321321,
  "summary_wm_mad": 124.31968853801231,
  "summary_wm_mean": 948.2174468695839,
  "summary_wm_median": 1000.080892726779,
  "summary_wm_n": 62015.0,
  "summary_wm_p05": 155.8063047233969,
  "summary_wm_p95": 1327.1859663426876,
  "summary_wm_stdv": 295.4778713350268,
  "tpm_overlap_csf": 0.11210792207383756,
  "tpm_overlap_gm": 0.3065917496566848,
  "tpm_overlap_wm": 0.027439777976604834,
  "wm2max": 0.7897123634737806
}