{
  "bids_meta": {
    "AcquisitionMatrixPE": 300,
    "AcquisitionNumber": 1,
    "AcquisitionTime": "15:35:24.565000",
    "BaseResolution": 320,
    "CoilCombinationMethod": "Adaptive Combine",
    "CoilString": "C:HEA;HEP",
    "ConversionSoftware": "dcm2niix",
    "ConversionSoftwareVersion": "v1.0.20211220",
    "Dcm2bidsVersion": "2.1.6",
    "DeviceSerialNumber": "40463",
    "DwellTime": 7.4e-06,
    "EchoTime": 0.00224,
    "FlipAngle": 8,
    "ImageOrientationPatientDICOM": [
      0,
      1,
      0,
      0,
      0,
      -1
    ],
    "ImageOrientationText": "Sag",
    "ImageType": [
      "ORIGINAL",
      "PRIMARY",
      "M",
      "ND"
    ],
    "ImagingFrequency": 123.122,
    "InPlanePhaseEncodingDirectionDICOM": "ROW",
    "InversionTime": 1.06,
    "MRAcquisitionType": "3D",
    "MagneticFieldStrength": 3,
    "Manufacturer": "Siemens",
    "ManufacturersModelName": "Verio",
    "MatrixCoilMode": "GRAPPA",
    "Modality": "MR",
    "ParallelReductionFactorInPlane": 2,
    "PartialFourier": 1,
    "PatientPosition": "HFS",
    "PercentPhaseFOV": 93.75,
    "PercentSampling": 100,
    "PhaseEncodingSteps": 299,
    "PhaseResolution": 1,
    "PixelBandwidth": 211,
    "ProtocolName": "T1w_MPR2_0.8iso",
    "PulseSequenceDetails": "%SiemensSeq%\\tfl",
    "ReceiveCoilName": "32Ch_Head",
    "ReconMatrixPE": 300,
    "RefLinesPE": 32,
    "RepetitionTime": 2.4,
    "SAR": 0.0330854,
    "ScanOptions": "IR\\WE",
    "ScanningSequence": "GR\\IR",
    "SequenceName": "*tfl3d1_ns",
    "SequenceVariant": "SP\\MP",
    "SeriesDescription": "T1w_MPR2_0.8iso",
    "SeriesNumber": 16,
    "ShimSetting": [
      2843,
      7532,
      -15102,
      131,
      788,
      -882,
      -190,
      1141
    ],
    "SliceThickness": 0.8,
    "SoftwareVersions": "syngo MR B17",
    "StationName": "MRC40463",
    "TxRefAmp": 440.277,
    "acq_id": "02",
    "dataset": "ds004056",
    "modality": "T1w",
    "session_id": "02",
    "subject_id": "10"
  },
  "cjv": 0.3975836399106718,
  "cnr": 3.4209230080351003,
  "efc": 0.5455580036319013,
  "fber": 36845.27067221892,
  "fwhm_avg": 4.83970826121606,
  "fwhm_x": 4.814737428254821,
  "fwhm_y": 4.748162429246866,
  "fwhm_z": 4.9562249261464935,
  "icvs_csf": 0.16494772789567239,
  "icvs_gm": 0.4483537663737352,
  "icvs_wm": 0.3866985057305924,
  "inu_med": 0.7126729488372803,
  "inu_range": 0.6999244987964629,
  "provenance": {
    "md5sum": "9e016d03fbbf14426426bb6d9882ec45",
    "settings": {
      "testing": false
    },
    "software": "mriqc",
    "version": "23.0.1",
    "warnings": {
      "large_rot_frame": true,
      "small_air_mask": false
    },
    "webapi_port": null,
    "webapi_url": "https://mriqc.nimh.nih.gov/api/v1"
  },
  "qi_1": 0.0,
  "qi_2": 0.005516039079420553,
  "rpve_csf": 28.808169406384692,
  "rpve_gm": 11.89293681047854,
  "rpve_wm": 15.49460930727602,
  "size_x": 224,
  "size_y": 300,
  "size_z": 320,
  "snr_csf": 2.7853582220425634,
  "snr_gm": 13.713009077409167,
  "snr_total": 12.799256797034188,
  "snr_wm": 21.899403091650832,
  "snrd_csf": 22.078141017833065,
  "snrd_gm": 55.66573270724677,
  "snrd_total": 50.53410079634856,
  "snrd_wm": 73.85842866396585,
  "spacing_x": 0.800000011920929,
  "spacing_y": 0.800000011920929,
  "spacing_z": 0.800000011920929,
  "summary_bg_k": 4.594798637991115,
  "summary_bg_mad": 0.0,
  "summary_bg_mean": 6.2108531365531325,
  "summary_bg_median": 0.0,
  "summary_bg_n": 6651557.0,
  "summary_bg_p05": 0.0,
  "summary_bg_p95": 24.386779367923737,
  "summary_bg_stdv": 8.870584481936412,
  "summary_csf_k": 3.4053241720389584,
  "summary_csf_mad": 81.50872232461732,
  "summary_csf_mean": 306.61371120652086,
  "summary_csf_median": 298.9392973780632,
  "summary_csf_n": 62737.0,
  "summary_csf_p05": 131.12037295103073,
  "summary_csf_p95": 498.07747592926,
  "summary_csf_stdv": 107.32440535757641,
  "summary_gm_k": 0.1909785564959514,
  "summary_gm_mad": 54.40935383426221,
  "summary_gm_mean": 752.6898118675635,
  "summary_gm_median": 753.717217862606,
  "summary_gm_n": 105972.0,
  "summary_gm_p05": 660.931441488862,
  "summary_gm_p95": 840.7519760727882,
  "summary_gm_stdv": 54.9634042674568,
  "summary_wm_k": 0.4647053004613717,
  "summary_wm_mad": 43.52748306740977,
  "summary_wm_mean": 1001.9379572567442,
  "summary_wm_median": 1000.047365963459,
  "summary_wm_n": 476390.0,
  "summary_wm_p05": 930.6279124617577,
  "summary_wm_p95": 1079.647707939148,
  "summary_wm_stdv": 45.665460020425364,
  "tpm_overlap_csf": 0.15131648490742092,
  "tpm_overlap_gm": 0.45251302592375603,
  "tpm_overlap_wm": 0.505038502725316,
  "wm2max": 0.6402413047922968
}