{
  "aor": 0.0008594277929155314,
  "aqi": 0.014628623024523163,
  "bids_meta": {
    "AcquisitionMatrixPE": 130,
    "AcquisitionNumber": 1,
    "AcquisitionTime": "12:22:19.242500",
    "BandwidthPerPixelPhaseEncode": 24.038,
    "BaseResolution": 130,
    "CoilCombinationMethod": "Sum of Squares",
    "CoilString": "C:A32",
    "ConversionSoftware": "dcm2niix",
    "ConversionSoftwareVersion": "v1.0.20211220",
    "Dcm2bidsVersion": "2.1.6",
    "DerivedVendorReportedEchoSpacing": 0.000640012,
    "DeviceSerialNumber": "18981",
    "DwellTime": 2e-06,
    "EchoTime": 0.0222,
    "EffectiveEchoSpacing": 0.000320006,
    "FlipAngle": 45,
    "ImageComments": "Unaliased MB5/PE4",
    "ImageOrientationPatientDICOM": [
      1,
      -1e-16,
      0,
      1e-16,
      0.939693,
      -0.34202
    ],
    "ImageOrientationText": "Tra>Cor(-20.0)",
    "ImageType": [
      "ORIGINAL",
      "PRIMARY",
      "M",
      "MB",
      "ND",
      "MOSAIC"
    ],
    "ImagingFrequency": 297.223,
    "InPlanePhaseEncodingDirectionDICOM": "COL",
    "MRAcquisitionType": "2D",
    "MagneticFieldStrength": 6.98,
    "Manufacturer": "Siemens",
    "ManufacturersModelName": "Investigational_Device_7T",
    "MatrixCoilMode": "GRAPPA",
    "Modality": "MR",
    "MultibandAccelerationFactor": 5,
    "ParallelReductionFactorInPlane": 2,
    "PartialFourier": 0.875,
    "PatientPosition": "HFS",
    "PercentPhaseFOV": 100,
    "PercentSampling": 100,
    "PhaseEncodingDirection": "j-",
    "PhaseEncodingSteps": 114,
    "PhaseResolution": 1,
    "PixelBandwidth": 1923,
    "ProtocolName": "MB5_TR1s_TE22p2_IPAT2_1.6mm_85slices_AP_367vols",
    "PulseSequenceDetails": "%CustomerSeq%\\cmrr_mbep2d_bold",
    "ReceiveCoilName": "32Ch_Head_7T",
    "ReconMatrixPE": 130,
    "RefLinesPE": 96,
    "RepetitionTime": 1,
    "SAR": 0.118024,
    "ScanOptions": "PFP\\FS",
    "ScanningSequence": "EP",
    "SequenceName": "epfid2d1_130",
    "SequenceVariant": "SK\\SS",
    "SeriesDescription": "MB5_TR1s_TE22p2_IPAT2_1.6mm_85slices_AP_367vols",
    "SeriesNumber": 13,
    "ShimSetting": [
      -1,
      101,
      925,
      545,
      -300,
      98,
      -264,
      -20
    ],
    "SliceThickness": 1.6,
    "SliceTiming": [
      0,
      0.53,
      0.06,
      0.59,
      0.1175,
      0.65,
      0.1775,
      0.7075,
      0.235,
      0.7675,
      0.295,
      0.8275,
      0.355,
      0.885,
      0.4125,
      0.945,
      0.4725,
      0,
      0.53,
      0.06,
      0.59,
      0.1175,
      0.65,
      0.1775,
      0.7075,
      0.235,
      0.7675,
      0.295,
      0.8275,
      0.355,
      0.885,
      0.4125,
      0.945,
      0.4725,
      0,
      0.53,
      0.06,
      0.59,
      0.1175,
      0.65,
      0.1775,
      0.7075,
      0.235,
      0.7675,
      0.295,
      0.8275,
      0.355,
      0.885,
      0.4125,
      0.945,
      0.4725,
      0,
      0.53,
      0.06,
      0.59,
      0.1175,
      0.65,
      0.1775,
      0.7075,
      0.235,
      0.7675,
      0.295,
      0.8275,
      0.355,
      0.885,
      0.4125,
      0.945,
      0.4725,
      0,
      0.53,
      0.06,
      0.59,
      0.1175,
      0.65,
      0.1775,
      0.7075,
      0.235,
      0.7675,
      0.295,
      0.8275,
      0.355,
      0.885,
      0.4125,
      0.945,
      0.4725
    ],
    "SoftwareVersions": "syngo MR B17",
    "SpacingBetweenSlices": 1.6,
    "StationName": "MRC18981",
    "TaskName": "GDMotor",
    "TotalReadoutTime": 0.0412808,
    "TxRefAmp": 220,
    "dataset": "ds004056",
    "modality": "bold",
    "run_id": 3,
    "session_id": "01",
    "subject_id": "25",
    "task_id": "GDMotor"
  },
  "dummy_trs": 0,
  "dvars_nstd": 59.49608706904375,
  "dvars_std": 1.0643444872404366,
  "dvars_vstd": 0.9805232761475415,
  "efc": 0.4642241914162002,
  "fber": 1483.603759765625,
  "fd_mean": 0.27037772345708966,
  "fd_num": 226,
  "fd_perc": 61.58038147138964,
  "fwhm_avg": 2.5163457958368585,
  "fwhm_x": 2.431737463764288,
  "fwhm_y": 2.6050812111812647,
  "fwhm_z": 2.5122187125650237,
  "gcor": 0.00643893,
  "gsr_x": 0.005935870110988617,
  "gsr_y": 0.04276338592171669,
  "provenance": {
    "md5sum": "319fa8f58d5b46a68fee9a08df1af2c5",
    "settings": {
      "fd_thres": 0.2,
      "testing": false
    },
    "software": "mriqc",
    "version": "23.0.1",
    "webapi_port": null,
    "webapi_url": "https://mriqc.nimh.nih.gov/api/v1"
  },
  "size_t": 367,
  "size_x": 130,
  "size_y": 130,
  "size_z": 85,
  "snr": 1.8964011689548657,
  "spacing_tr": 1.0,
  "spacing_x": 1.600000023841858,
  "spacing_y": 1.600000023841858,
  "spacing_z": 1.600000023841858,
  "summary_bg_k": 92.85300075050816,
  "summary_bg_mad": 7.380692423962744,
  "summary_bg_mean": 21.56757164001465,
  "summary_bg_median": 9.149863243103027,
  "summary_bg_n": 1013208.0,
  "summary_bg_p05": 3.686648368835449,
  "summary_bg_p95": 71.90272598266552,
  "summary_bg_stdv": 44.847801208496094,
  "summary_fg_k": 7.151897386309283,
  "summary_fg_mad": 130.9901320800783,
  "summary_fg_mean": 404.3913879394531,
  "summary_fg_median": 360.931884765625,
  "summary_fg_n": 269689.0,
  "summary_fg_p05": 202.7493133544922,
  "summary_fg_p95": 769.1847167968748,
  "summary_fg_stdv": 190.3242950439453,
  "tsnr": 22.07226310065016
}