{
  "bids_meta": {
    "AcquisitionMatrixPE": 300,
    "AcquisitionNumber": 1,
    "AcquisitionTime": "11:15:47.755000",
    "BaseResolution": 320,
    "CoilCombinationMethod": "Adaptive Combine",
    "CoilString": "C:A32",
    "ConversionSoftware": "dcm2niix",
    "ConversionSoftwareVersion": "v1.0.20211220",
    "Dcm2bidsVersion": "2.1.6",
    "DeviceSerialNumber": "18981",
    "DwellTime": 6.5e-06,
    "EchoTime": 0.00299,
    "ImageComments": "DENOISED IMAGE (lambda = 150)",
    "ImageOrientationPatientDICOM": [
      0,
      1,
      0,
      0,
      0,
      -1
    ],
    "ImageOrientationText": "Sag",
    "ImageType": [
      "ORIGINAL",
      "PRIMARY",
      "M",
      "ND",
      "UNI"
    ],
    "ImagingFrequency": 297.224,
    "InPlanePhaseEncodingDirectionDICOM": "ROW",
    "MRAcquisitionType": "3D",
    "MagneticFieldStrength": 6.98,
    "Manufacturer": "Siemens",
    "ManufacturersModelName": "Investigational_Device_7T",
    "MatrixCoilMode": "GRAPPA",
    "Modality": "MR",
    "ParallelReductionFactorInPlane": 3,
    "PartialFourier": 0.75,
    "PatientPosition": "HFS",
    "PercentPhaseFOV": 93.75,
    "PercentSampling": 100,
    "PhaseEncodingSteps": 226,
    "PhaseResolution": 1,
    "PixelBandwidth": 240,
    "ProtocolName": "mp2rage-wip900_0.75iso_7T",
    "PulseSequenceDetails": "%CustomerSeq%\\tfl_wip900b17a",
    "ReceiveCoilName": "32Ch_Head_7T",
    "ReconMatrixPE": 300,
    "RefLinesPE": 32,
    "RepetitionTime": 6,
    "SAR": 0.0475751,
    "ScanOptions": "IR\\PFP",
    "ScanningSequence": "GR\\IR",
    "SequenceName": "tfl3d1_ns",
    "SequenceVariant": "SP\\MP",
    "SeriesDescription": "mp2rage-wip900_0.75iso_7T_UNI-DEN",
    "SeriesNumber": 27,
    "ShimSetting": [
      -30,
      30,
      929,
      340,
      -173,
      -661,
      557,
      22
    ],
    "SliceThickness": 0.75,
    "SoftwareVersions": "syngo MR B17",
    "StationName": "MRC18981",
    "TxRefAmp": 240,
    "acq_id": "MP2R",
    "dataset": "ds004056",
    "modality": "T1w",
    "session_id": "01",
    "subject_id": "12"
  },
  "cjv": 0.297115524866805,
  "cnr": 3.8914727299601575,
  "efc": 0.5151392531629488,
  "fber": 8375.568981717632,
  "fwhm_avg": 4.243022222222222,
  "fwhm_x": 4.26056,
  "fwhm_y": 4.7581066666666665,
  "fwhm_z": 3.7104,
  "icvs_csf": 0.3072308465634573,
  "icvs_gm": 0.3714681061254276,
  "icvs_wm": 0.32130104731111514,
  "inu_med": 0.705417275428772,
  "inu_range": 0.08221322298049927,
  "provenance": {
    "md5sum": "f51a8c89939706ee9e9f5de76019ce0e",
    "settings": {
      "testing": false
    },
    "software": "mriqc",
    "version": "23.0.1",
    "warnings": {
      "large_rot_frame": true,
      "small_air_mask": false
    },
    "webapi_port": null,
    "webapi_url": "https://mriqc.nimh.nih.gov/api/v1"
  },
  "qi_1": 5.3109978617393064e-05,
  "qi_2": 0.0005769970387835964,
  "rpve_csf": 14.516744076697439,
  "rpve_gm": 10.755849614362441,
  "rpve_wm": 16.098543986277882,
  "size_x": 224,
  "size_y": 300,
  "size_z": 320,
  "snr_csf": 1.0109407583345442,
  "snr_gm": 4.844693424072908,
  "snr_total": 5.909916229780102,
  "snr_wm": 11.874114506932852,
  "snrd_csf": 3.990465967402426,
  "snrd_gm": 26.34406783816409,
  "snrd_total": 28.131381282212384,
  "snrd_wm": 54.05961004107063,
  "spacing_x": 0.75,
  "spacing_y": 0.75,
  "spacing_z": 0.75,
  "summary_bg_k": 1689.645579795226,
  "summary_bg_mad": 0.0,
  "summary_bg_mean": 4.059843448508705,
  "summary_bg_median": 0.0,
  "summary_bg_n": 6059434.0,
  "summary_bg_p05": 0.0,
  "summary_bg_p95": 17.991004809737206,
  "summary_bg_stdv": 12.11877797237425,
  "summary_csf_k": 4.038897380177674,
  "summary_csf_mad": 62.04204646621129,
  "summary_csf_mean": 92.27285964615517,
  "summary_csf_median": 73.81603443995118,
  "summary_csf_n": 123142.0,
  "summary_csf_p05": 14.169386141002178,
  "summary_csf_p95": 231.76647372543812,
  "summary_csf_stdv": 73.01687473931278,
  "summary_gm_k": 12.25949806986556,
  "summary_gm_mad": 96.75682694414407,
  "summary_gm_mean": 479.79174704475383,
  "summary_gm_median": 487.31517439708114,
  "summary_gm_n": 46946.0,
  "summary_gm_p05": 303.96566949784756,
  "summary_gm_p95": 622.3873465368524,
  "summary_gm_stdv": 100.58634087781127,
  "summary_wm_k": 3.6535646473867773,
  "summary_wm_mad": 55.56979925846112,
  "summary_wm_mean": 985.2705994341533,
  "summary_wm_median": 1000.0000173412263,
  "summary_wm_n": 473298.0,
  "summary_wm_p05": 797.307242564857,
  "summary_wm_p95": 1086.6037757880986,
  "summary_wm_stdv": 84.216718673203,
  "tpm_overlap_csf": 0.1424029190303934,
  "tpm_overlap_gm": 0.42493153921124205,
  "tpm_overlap_wm": 0.48220936030999495,
  "wm2max": 0.5701332439453616
}