{
  "bids_meta": {
    "AcquisitionMatrixPE": 300,
    "AcquisitionNumber": 1,
    "AcquisitionTime": "13:23:25.852500",
    "BaseResolution": 320,
    "CoilCombinationMethod": "Adaptive Combine",
    "CoilString": "C:HEA;HEP",
    "ConversionSoftware": "dcm2niix",
    "ConversionSoftwareVersion": "v1.0.20211220",
    "Dcm2bidsVersion": "2.1.6",
    "DeviceSerialNumber": "40463",
    "DwellTime": 7.4e-06,
    "EchoTime": 0.00224,
    "FlipAngle": 8,
    "ImageOrientationPatientDICOM": [
      0,
      1,
      0,
      0,
      0,
      -1
    ],
    "ImageOrientationText": "Sag",
    "ImageType": [
      "ORIGINAL",
      "PRIMARY",
      "M",
      "ND"
    ],
    "ImagingFrequency": 123.122,
    "InPlanePhaseEncodingDirectionDICOM": "ROW",
    "InversionTime": 1.06,
    "MRAcquisitionType": "3D",
    "MagneticFieldStrength": 3,
    "Manufacturer": "Siemens",
    "ManufacturersModelName": "Verio",
    "MatrixCoilMode": "GRAPPA",
    "Modality": "MR",
    "ParallelReductionFactorInPlane": 2,
    "PartialFourier": 1,
    "PatientPosition": "HFS",
    "PercentPhaseFOV": 93.75,
    "PercentSampling": 100,
    "PhaseEncodingSteps": 299,
    "PhaseResolution": 1,
    "PixelBandwidth": 211,
    "ProtocolName": "T1w_MPR1_0.8iso",
    "PulseSequenceDetails": "%SiemensSeq%\\tfl",
    "ReceiveCoilName": "32Ch_Head",
    "ReconMatrixPE": 300,
    "RefLinesPE": 32,
    "RepetitionTime": 2.4,
    "SAR": 0.0327087,
    "ScanOptions": "IR\\WE",
    "ScanningSequence": "GR\\IR",
    "SequenceName": "*tfl3d1_ns",
    "SequenceVariant": "SP\\MP",
    "SeriesDescription": "T1w_MPR1_0.8iso",
    "SeriesNumber": 13,
    "ShimSetting": [
      2887,
      7437,
      -15075,
      126,
      1096,
      -744,
      -101,
      1111
    ],
    "SliceThickness": 0.8,
    "SoftwareVersions": "syngo MR B17",
    "StationName": "MRC40463",
    "TxRefAmp": 468.502,
    "acq_id": "01",
    "dataset": "ds004056",
    "modality": "T1w",
    "session_id": "02",
    "subject_id": "25"
  },
  "cjv": 0.46400968201110876,
  "cnr": 3.002280089679492,
  "efc": 0.5295213439138278,
  "fber": 22184.95674556213,
  "fwhm_avg": 4.439962433839404,
  "fwhm_x": 4.435774933901802,
  "fwhm_y": 4.30659993582666,
  "fwhm_z": 4.577512431789749,
  "icvs_csf": 0.20863398156163648,
  "icvs_gm": 0.41148984256521254,
  "icvs_wm": 0.379876175873151,
  "inu_med": 0.8256972432136536,
  "inu_range": 0.535586416721344,
  "provenance": {
    "md5sum": "45f314db97ac20980d6d2ab2186c42ef",
    "settings": {
      "testing": false
    },
    "software": "mriqc",
    "version": "23.0.1",
    "warnings": {
      "large_rot_frame": true,
      "small_air_mask": false
    },
    "webapi_port": null,
    "webapi_url": "https://mriqc.nimh.nih.gov/api/v1"
  },
  "qi_1": 0.0,
  "qi_2": 0.005122790420653569,
  "rpve_csf": 25.205532795101668,
  "rpve_gm": 12.961131083217381,
  "rpve_wm": 15.89907295781742,
  "size_x": 224,
  "size_y": 300,
  "size_z": 320,
  "snr_csf": 2.6852060082256255,
  "snr_gm": 13.484697583617645,
  "snr_total": 11.298063727165472,
  "snr_wm": 17.724287589653144,
  "snrd_csf": 30.32775346700803,
  "snrd_gm": 79.6888985297389,
  "snrd_total": 71.6850093979344,
  "snrd_wm": 105.03837619705627,
  "spacing_x": 0.800000011920929,
  "spacing_y": 0.800000011920929,
  "spacing_z": 0.800000011920929,
  "summary_bg_k": 8.302362829276825,
  "summary_bg_mad": 6.237355383431402,
  "summary_bg_mean": 7.505281118880741,
  "summary_bg_median": 4.207032274454832,
  "summary_bg_n": 7231685.0,
  "summary_bg_p05": 0.0,
  "summary_bg_p95": 28.90887315198779,
  "summary_bg_stdv": 10.637021426367923,
  "summary_csf_k": 27.613214129693368,
  "summary_csf_mad": 69.46926087601581,
  "summary_csf_mean": 300.13380438119975,
  "summary_csf_median": 288.7413618825376,
  "summary_csf_n": 114404.0,
  "summary_csf_p05": 148.9443811662495,
  "summary_csf_p95": 487.62398807909307,
  "summary_csf_stdv": 107.52996196862574,
  "summary_gm_k": 0.07279126639820177,
  "summary_gm_mad": 56.02175156311324,
  "summary_gm_mean": 758.7502456848503,
  "summary_gm_median": 758.6938845776021,
  "summary_gm_n": 73402.0,
  "summary_gm_p05": 666.6409306824207,
  "summary_gm_p95": 851.3643844947219,
  "summary_gm_stdv": 56.26293891885764,
  "summary_wm_k": 0.18511231038012887,
  "summary_wm_mad": 55.96452811922855,
  "summary_wm_mean": 1004.0683716748462,
  "summary_wm_median": 1000.0385892763734,
  "summary_wm_n": 442923.0,
  "summary_wm_p05": 918.7154975123703,
  "summary_wm_p95": 1103.05298506096,
  "summary_wm_stdv": 56.421870572195985,
  "tpm_overlap_csf": 0.1512760402897522,
  "tpm_overlap_gm": 0.43951047153515466,
  "tpm_overlap_wm": 0.4867198925469064,
  "wm2max": 0.5915255011186704
}