{
  "bids_meta": {
    "AcquisitionMatrixPE": 300,
    "AcquisitionNumber": 1,
    "AcquisitionTime": "13:36:8.420000",
    "BaseResolution": 320,
    "CoilCombinationMethod": "Adaptive Combine",
    "CoilString": "C:HEA;HEP",
    "ConversionSoftware": "dcm2niix",
    "ConversionSoftwareVersion": "v1.0.20211220",
    "Dcm2bidsVersion": "2.1.6",
    "DeviceSerialNumber": "40463",
    "DwellTime": 7.4e-06,
    "EchoTime": 0.00224,
    "FlipAngle": 8,
    "ImageOrientationPatientDICOM": [
      0,
      1,
      0,
      0,
      0,
      -1
    ],
    "ImageOrientationText": "Sag",
    "ImageType": [
      "ORIGINAL",
      "PRIMARY",
      "M",
      "ND"
    ],
    "ImagingFrequency": 123.122,
    "InPlanePhaseEncodingDirectionDICOM": "ROW",
    "InversionTime": 1.06,
    "MRAcquisitionType": "3D",
    "MagneticFieldStrength": 3,
    "Manufacturer": "Siemens",
    "ManufacturersModelName": "Verio",
    "MatrixCoilMode": "GRAPPA",
    "Modality": "MR",
    "ParallelReductionFactorInPlane": 2,
    "PartialFourier": 1,
    "PatientPosition": "HFS",
    "PercentPhaseFOV": 93.75,
    "PercentSampling": 100,
    "PhaseEncodingSteps": 299,
    "PhaseResolution": 1,
    "PixelBandwidth": 211,
    "ProtocolName": "T1w_MPR2_0.8iso",
    "PulseSequenceDetails": "%SiemensSeq%\\tfl",
    "ReceiveCoilName": "32Ch_Head",
    "ReconMatrixPE": 300,
    "RefLinesPE": 32,
    "RepetitionTime": 2.4,
    "SAR": 0.0327087,
    "ScanOptions": "IR\\WE",
    "ScanningSequence": "GR\\IR",
    "SequenceName": "*tfl3d1_ns",
    "SequenceVariant": "SP\\MP",
    "SeriesDescription": "T1w_MPR2_0.8iso",
    "SeriesNumber": 15,
    "ShimSetting": [
      2887,
      7437,
      -15075,
      126,
      1096,
      -744,
      -101,
      1111
    ],
    "SliceThickness": 0.8,
    "SoftwareVersions": "syngo MR B17",
    "StationName": "MRC40463",
    "TxRefAmp": 468.502,
    "acq_id": "02",
    "dataset": "ds004056",
    "modality": "T1w",
    "session_id": "02",
    "subject_id": "25"
  },
  "cjv": 0.4756045261082404,
  "cnr": 2.9301951863048092,
  "efc": 0.5280701312891327,
  "fber": -1.0,
  "fwhm_avg": 4.401766601075233,
  "fwhm_x": 4.4357499339021755,
  "fwhm_y": 4.194362437499129,
  "fwhm_z": 4.575187431824395,
  "icvs_csf": 0.20890077649437525,
  "icvs_gm": 0.40856793788045,
  "icvs_wm": 0.38253128562517474,
  "inu_med": 0.8632032871246338,
  "inu_range": 0.5698267221450806,
  "provenance": {
    "md5sum": "66b1c084d693580c9249c5fd8a55efb6",
    "settings": {
      "testing": false
    },
    "software": "mriqc",
    "version": "23.0.1",
    "warnings": {
      "large_rot_frame": true,
      "small_air_mask": false
    },
    "webapi_port": null,
    "webapi_url": "https://mriqc.nimh.nih.gov/api/v1"
  },
  "qi_1": 0.0,
  "qi_2": 0.005476666137687806,
  "rpve_csf": 25.20963937272367,
  "rpve_gm": 12.98207767707009,
  "rpve_wm": 15.704553835690348,
  "size_x": 224,
  "size_y": 300,
  "size_z": 320,
  "snr_csf": 2.669791383766865,
  "snr_gm": 13.508289335274545,
  "snr_total": 11.000928597180097,
  "snr_wm": 16.82470507249888,
  "snrd_csf": 18.057337875061897,
  "snrd_gm": 47.241201478723134,
  "snrd_total": 42.52845603187448,
  "snrd_wm": 62.28682874183841,
  "spacing_x": 0.800000011920929,
  "spacing_y": 0.800000011920929,
  "spacing_z": 0.800000011920929,
  "summary_bg_k": 5.476016303397181,
  "summary_bg_mad": 0.0,
  "summary_bg_mean": 6.80531583655275,
  "summary_bg_median": 0.0,
  "summary_bg_n": 7205506.0,
  "summary_bg_p05": 0.0,
  "summary_bg_p95": 28.640211783349514,
  "summary_bg_stdv": 10.518929645836492,
  "summary_csf_k": 31.23395722854002,
  "summary_csf_mad": 71.01622597659097,
  "summary_csf_mean": 301.7029079257199,
  "summary_csf_median": 289.9302598647773,
  "summary_csf_n": 115394.0,
  "summary_csf_p05": 154.15905299037695,
  "summary_csf_p95": 488.170334469527,
  "summary_csf_stdv": 108.59612678452248,
  "summary_gm_k": 0.10137627542604122,
  "summary_gm_mad": 55.81604589321318,
  "summary_gm_mean": 758.4745782583568,
  "summary_gm_median": 758.5090291723609,
  "summary_gm_n": 65432.0,
  "summary_gm_p05": 666.6528136990964,
  "summary_gm_p95": 850.489767305553,
  "summary_gm_stdv": 56.15094659002194,
  "summary_wm_k": 0.15124775943744373,
  "summary_wm_mad": 59.077622996124205,
  "summary_wm_mean": 1004.3678921557874,
  "summary_wm_median": 1000.0829894319177,
  "summary_wm_n": 441989.0,
  "summary_wm_p05": 914.4944145083427,
  "summary_wm_p95": 1109.0818244218826,
  "summary_wm_stdv": 59.44127126021513,
  "tpm_overlap_csf": 0.15793895001068695,
  "tpm_overlap_gm": 0.4412464161248709,
  "tpm_overlap_wm": 0.48708585576310404,
  "wm2max": 0.5584424549954388
}