{
  "bids_meta": {
    "AcquisitionMatrixPE": 302,
    "AcquisitionNumber": 1,
    "AcquisitionTime": "13:30:5.205000",
    "BaseResolution": 320,
    "CoilCombinationMethod": "Adaptive Combine",
    "CoilString": "C:HEA;HEP",
    "ConversionSoftware": "dcm2niix",
    "ConversionSoftwareVersion": "v1.0.20211220",
    "Dcm2bidsVersion": "2.1.6",
    "DeviceSerialNumber": "40463",
    "DwellTime": 2.1e-06,
    "EchoTime": 0.56,
    "EchoTrainLength": 167,
    "FlipAngle": 120,
    "ImageOrientationPatientDICOM": [
      0,
      1,
      0,
      0,
      0,
      -1
    ],
    "ImageOrientationText": "Sag",
    "ImageType": [
      "ORIGINAL",
      "PRIMARY",
      "M",
      "ND"
    ],
    "ImagingFrequency": 123.122,
    "InPlanePhaseEncodingDirectionDICOM": "ROW",
    "MRAcquisitionType": "3D",
    "MagneticFieldStrength": 3,
    "Manufacturer": "Siemens",
    "ManufacturersModelName": "Verio",
    "MatrixCoilMode": "GRAPPA",
    "Modality": "MR",
    "ParallelReductionFactorInPlane": 2,
    "PartialFourier": 1,
    "PatientPosition": "HFS",
    "PercentPhaseFOV": 93.75,
    "PercentSampling": 100.667,
    "PhaseEncodingDirection": "i",
    "PhaseEncodingSteps": 290,
    "PhaseResolution": 1.00667,
    "PixelBandwidth": 744,
    "ProtocolName": "T2w_SPC1_0.8iso",
    "PulseSequenceDetails": "%SiemensSeq%\\tse_vfl",
    "ReceiveCoilName": "32Ch_Head",
    "ReconMatrixPE": 300,
    "RefLinesPE": 32,
    "RepetitionTime": 3.2,
    "SAR": 0.107202,
    "ScanOptions": "PFP",
    "ScanningSequence": "SE",
    "SequenceName": "*spc3d1_334ns",
    "SequenceVariant": "SK\\SP",
    "SeriesDescription": "T2w_SPC1_0.8iso",
    "SeriesNumber": 14,
    "ShimSetting": [
      2887,
      7437,
      -15075,
      126,
      1096,
      -744,
      -101,
      1111
    ],
    "SliceThickness": 0.8,
    "SoftwareVersions": "syngo MR B17",
    "SpoilingState": true,
    "StationName": "MRC40463",
    "TxRefAmp": 468.502,
    "acq_id": "01",
    "dataset": "ds004056",
    "modality": "T2w",
    "session_id": "02",
    "subject_id": "25"
  },
  "cjv": 0.3061832406131354,
  "cnr": 1.6768785084712663,
  "efc": 0.4926422191313658,
  "fber": 8203.967860422406,
  "fwhm_avg": 3.0650207876609645,
  "fwhm_x": 2.992274955411628,
  "fwhm_y": 3.221037452002802,
  "fwhm_z": 2.9817499555684637,
  "icvs_csf": 0.2836001671811803,
  "icvs_gm": 0.6065016751313407,
  "icvs_wm": 0.10989815768747906,
  "inu_med": 0.9359856247901917,
  "inu_range": 0.533709341287613,
  "provenance": {
    "md5sum": "37b852ed8a5478404433ab9a011aad4c",
    "settings": {
      "testing": false
    },
    "software": "mriqc",
    "version": "23.0.1",
    "warnings": {
      "large_rot_frame": true,
      "small_air_mask": false
    },
    "webapi_port": null,
    "webapi_url": "https://mriqc.nimh.nih.gov/api/v1"
  },
  "qi_1": 0.0,
  "qi_2": 0.003341177443277382,
  "rpve_csf": 15.795023052458308,
  "rpve_gm": 9.806931506684426,
  "rpve_wm": 53.99396919207796,
  "size_x": 224,
  "size_y": 300,
  "size_z": 320,
  "snr_csf": 4.620387354322305,
  "snr_gm": 6.973973234811428,
  "snr_total": 4.716627505871066,
  "snr_wm": 2.555521928479465,
  "snrd_csf": 54.878285287036036,
  "snrd_gm": 23.768398810928634,
  "snrd_total": 49.61322834962183,
  "snrd_wm": 70.1930009509008,
  "spacing_x": 0.800000011920929,
  "spacing_y": 0.800000011920929,
  "spacing_z": 0.800000011920929,
  "summary_bg_k": 18.472676479577515,
  "summary_bg_mad": 0.0,
  "summary_bg_mean": 5.433331751835593,
  "summary_bg_median": 0.0,
  "summary_bg_n": 7239215.0,
  "summary_bg_p05": 0.0,
  "summary_bg_p95": 22.624434009194374,
  "summary_bg_stdv": 9.33578997574303,
  "summary_csf_k": -1.1769406679970145,
  "summary_csf_mad": 215.3779027078329,
  "summary_csf_mean": 751.8729639320159,
  "summary_csf_median": 782.0236299932003,
  "summary_csf_n": 51471.0,
  "summary_csf_p05": 502.3216612711549,
  "summary_csf_p95": 952.4768265336752,
  "summary_csf_stdv": 169.2533489609987,
  "summary_gm_k": 0.6888330713684288,
  "summary_gm_mad": 45.41481216588844,
  "summary_gm_mean": 341.6533390345456,
  "summary_gm_median": 338.7031759470701,
  "summary_gm_n": 548640.0,
  "summary_gm_p05": 267.2289168834686,
  "summary_gm_p95": 426.78448028862476,
  "summary_gm_stdv": 48.56670019623898,
  "summary_wm_k": -0.15060188796753904,
  "summary_wm_mad": 157.14297728552583,
  "summary_wm_mean": 838.6463123439363,
  "summary_wm_median": 1000.2605787813663,
  "summary_wm_n": 30644.0,
  "summary_wm_p05": 43.637913554906845,
  "summary_wm_p95": 1195.2974142447113,
  "summary_wm_stdv": 391.40507731188694,
  "tpm_overlap_csf": 0.11913174870997388,
  "tpm_overlap_gm": 0.382414259617746,
  "tpm_overlap_wm": 0.027049966119214994,
  "wm2max": 0.8778692614770459
}