{
  "bids_meta": {
    "AcquisitionMatrixPE": 302,
    "AcquisitionNumber": 1,
    "AcquisitionTime": "13:42:48.212500",
    "BaseResolution": 320,
    "CoilCombinationMethod": "Adaptive Combine",
    "CoilString": "C:HEA;HEP",
    "ConversionSoftware": "dcm2niix",
    "ConversionSoftwareVersion": "v1.0.20211220",
    "Dcm2bidsVersion": "2.1.6",
    "DeviceSerialNumber": "40463",
    "DwellTime": 2.1e-06,
    "EchoTime": 0.56,
    "EchoTrainLength": 167,
    "FlipAngle": 120,
    "ImageOrientationPatientDICOM": [
      0,
      1,
      0,
      0,
      0,
      -1
    ],
    "ImageOrientationText": "Sag",
    "ImageType": [
      "ORIGINAL",
      "PRIMARY",
      "M",
      "ND"
    ],
    "ImagingFrequency": 123.122,
    "InPlanePhaseEncodingDirectionDICOM": "ROW",
    "MRAcquisitionType": "3D",
    "MagneticFieldStrength": 3,
    "Manufacturer": "Siemens",
    "ManufacturersModelName": "Verio",
    "MatrixCoilMode": "GRAPPA",
    "Modality": "MR",
    "ParallelReductionFactorInPlane": 2,
    "PartialFourier": 1,
    "PatientPosition": "HFS",
    "PercentPhaseFOV": 93.75,
    "PercentSampling": 100.667,
    "PhaseEncodingDirection": "i",
    "PhaseEncodingSteps": 290,
    "PhaseResolution": 1.00667,
    "PixelBandwidth": 744,
    "ProtocolName": "T2w_SPC2_0.8iso",
    "PulseSequenceDetails": "%SiemensSeq%\\tse_vfl",
    "ReceiveCoilName": "32Ch_Head",
    "ReconMatrixPE": 300,
    "RefLinesPE": 32,
    "RepetitionTime": 3.2,
    "SAR": 0.107202,
    "ScanOptions": "PFP",
    "ScanningSequence": "SE",
    "SequenceName": "*spc3d1_334ns",
    "SequenceVariant": "SK\\SP",
    "SeriesDescription": "T2w_SPC2_0.8iso",
    "SeriesNumber": 16,
    "ShimSetting": [
      2887,
      7437,
      -15075,
      126,
      1096,
      -744,
      -101,
      1111
    ],
    "SliceThickness": 0.8,
    "SoftwareVersions": "syngo MR B17",
    "SpoilingState": true,
    "StationName": "MRC40463",
    "TxRefAmp": 468.502,
    "acq_id": "02",
    "dataset": "ds004056",
    "modality": "T2w",
    "session_id": "02",
    "subject_id": "25"
  },
  "cjv": 0.30156132796223906,
  "cnr": 1.8110298338401372,
  "efc": 0.4882720552886824,
  "fber": 7091.970254341205,
  "fwhm_avg": 3.1389082865599547,
  "fwhm_x": 3.115399953576923,
  "fwhm_y": 3.257687451456674,
  "fwhm_z": 3.0436374546462677,
  "icvs_csf": 0.29741833335936557,
  "icvs_gm": 0.5899498343329249,
  "icvs_wm": 0.11263183230770954,
  "inu_med": 0.909546971321106,
  "inu_range": 0.534079962968826,
  "provenance": {
    "md5sum": "33fd1a4d118e4e4d9a57a5a793d7ff30",
    "settings": {
      "testing": false
    },
    "software": "mriqc",
    "version": "23.0.1",
    "warnings": {
      "large_rot_frame": true,
      "small_air_mask": false
    },
    "webapi_port": null,
    "webapi_url": "https://mriqc.nimh.nih.gov/api/v1"
  },
  "qi_1": 0.0,
  "qi_2": 0.008099022963280456,
  "rpve_csf": 15.301334742276078,
  "rpve_gm": 10.029303221157557,
  "rpve_wm": 54.162666417833286,
  "size_x": 224,
  "size_y": 300,
  "size_z": 320,
  "snr_csf": 3.5952052306670392,
  "snr_gm": 6.303655551724692,
  "snr_total": 4.169433705822823,
  "snr_wm": 2.609440335076737,
  "snrd_csf": 47.031453563402486,
  "snrd_gm": 21.968401370099382,
  "snrd_total": 47.37319229465879,
  "snrd_wm": 73.11972195047453,
  "spacing_x": 0.800000011920929,
  "spacing_y": 0.800000011920929,
  "spacing_z": 0.800000011920929,
  "summary_bg_k": 17.665426168072404,
  "summary_bg_mad": 0.0,
  "summary_bg_mean": 5.346739251142503,
  "summary_bg_median": 0.0,
  "summary_bg_n": 7255253.0,
  "summary_bg_p05": 0.0,
  "summary_bg_p95": 22.35037847980857,
  "summary_bg_stdv": 8.960109521869553,
  "summary_csf_k": -1.3926592869747085,
  "summary_csf_mad": 211.1869631623104,
  "summary_csf_mean": 698.8256823930213,
  "summary_csf_median": 643.2354772239923,
  "summary_csf_n": 51113.0,
  "summary_csf_p05": 464.3977976359427,
  "summary_csf_p95": 936.0675124339759,
  "summary_csf_stdv": 178.91306438309834,
  "summary_gm_k": 0.8162203442813425,
  "summary_gm_mad": 44.622649384078095,
  "summary_gm_mean": 303.41789033108995,
  "summary_gm_median": 300.45542011782527,
  "summary_gm_n": 558104.0,
  "summary_gm_p05": 231.2509259544313,
  "summary_gm_p95": 386.6887740753591,
  "summary_gm_stdv": 47.663637151046686,
  "summary_wm_k": 0.16492739584430938,
  "summary_wm_mad": 166.34413623192927,
  "summary_wm_mean": 856.2514809330747,
  "summary_wm_median": 1000.037117285654,
  "summary_wm_n": 36136.0,
  "summary_wm_p05": 44.156229466199875,
  "summary_wm_p95": 1210.905389111489,
  "summary_wm_stdv": 383.2328590221295,
  "tpm_overlap_csf": 0.11927327626645112,
  "tpm_overlap_gm": 0.3734315485442887,
  "tpm_overlap_wm": 0.024399940735953144,
  "wm2max": 0.8620332743542243
}