{
  "bids_meta": {
    "AcquisitionMatrixPE": 300,
    "AcquisitionNumber": 1,
    "AcquisitionTime": "10:38:36.867500",
    "BaseResolution": 320,
    "CoilCombinationMethod": "Adaptive Combine",
    "CoilString": "C:HEA;HEP",
    "ConversionSoftware": "dcm2niix",
    "ConversionSoftwareVersion": "v1.0.20211220",
    "Dcm2bidsVersion": "2.1.6",
    "DeviceSerialNumber": "40462",
    "DwellTime": 7.4e-06,
    "EchoTime": 0.00224,
    "FlipAngle": 8,
    "ImageOrientationPatientDICOM": [
      0,
      1,
      0,
      0,
      0,
      -1
    ],
    "ImageOrientationText": "Sag",
    "ImageType": [
      "ORIGINAL",
      "PRIMARY",
      "M",
      "ND"
    ],
    "ImagingFrequency": 123.21,
    "InPlanePhaseEncodingDirectionDICOM": "ROW",
    "InversionTime": 1.06,
    "MRAcquisitionType": "3D",
    "MagneticFieldStrength": 3,
    "Manufacturer": "Siemens",
    "ManufacturersModelName": "Verio",
    "MatrixCoilMode": "GRAPPA",
    "Modality": "MR",
    "ParallelReductionFactorInPlane": 2,
    "PartialFourier": 1,
    "PatientPosition": "HFS",
    "PercentPhaseFOV": 93.75,
    "PercentSampling": 100,
    "PhaseEncodingSteps": 299,
    "PhaseResolution": 1,
    "PixelBandwidth": 211,
    "ProtocolName": "T1w_MPR2_0.8iso",
    "PulseSequenceDetails": "%SiemensSeq%\\tfl",
    "ReceiveCoilName": "32Ch_Head",
    "ReconMatrixPE": 300,
    "RefLinesPE": 32,
    "RepetitionTime": 2.4,
    "SAR": 0.0287101,
    "ScanOptions": "IR\\WE",
    "ScanningSequence": "GR\\IR",
    "SequenceName": "*tfl3d1_ns",
    "SequenceVariant": "SP\\MP",
    "SeriesDescription": "T1w_MPR2_0.8iso",
    "SeriesNumber": 16,
    "ShimSetting": [
      1001,
      10180,
      953,
      447,
      137,
      -529,
      73,
      -229
    ],
    "SliceThickness": 0.8,
    "SoftwareVersions": "syngo MR B17",
    "StationName": "MRC40462",
    "TxRefAmp": 397.321,
    "acq_id": "02",
    "dataset": "ds004056",
    "modality": "T1w",
    "session_id": "02",
    "subject_id": "19"
  },
  "cjv": 0.5006301137409438,
  "cnr": 2.7142567224386234,
  "efc": 0.567900539628794,
  "fber": 20828.580170019362,
  "fwhm_avg": 4.853845761005395,
  "fwhm_x": 4.797112428517454,
  "fwhm_y": 4.81633742823098,
  "fwhm_z": 4.948087426267752,
  "icvs_csf": 0.21804012386863306,
  "icvs_gm": 0.37674599611871806,
  "icvs_wm": 0.40521388001264885,
  "inu_med": 0.9205790758132935,
  "inu_range": 0.8790910363197326,
  "provenance": {
    "md5sum": "360e75467991d6d78516101f854bff78",
    "settings": {
      "testing": false
    },
    "software": "mriqc",
    "version": "23.0.1",
    "warnings": {
      "large_rot_frame": true,
      "small_air_mask": false
    },
    "webapi_port": null,
    "webapi_url": "https://mriqc.nimh.nih.gov/api/v1"
  },
  "qi_1": 0.0,
  "qi_2": 0.005059891834477523,
  "rpve_csf": 21.282382949891893,
  "rpve_gm": 11.745759823337306,
  "rpve_wm": 12.729239780062157,
  "size_x": 224,
  "size_y": 300,
  "size_z": 320,
  "snr_csf": 2.8291164289732826,
  "snr_gm": 14.056241247711569,
  "snr_total": 10.972594801002836,
  "snr_wm": 16.032426726323656,
  "snrd_csf": 23.9969020348629,
  "snrd_gm": 58.09056894274018,
  "snrd_total": 52.41060220167225,
  "snrd_wm": 75.14433562741368,
  "spacing_x": 0.800000011920929,
  "spacing_y": 0.800000011920929,
  "spacing_z": 0.800000011920929,
  "summary_bg_k": 4.471700341152277,
  "summary_bg_mad": 0.0,
  "summary_bg_mean": 5.953847448008179,
  "summary_bg_median": 0.0,
  "summary_bg_n": 6763051.0,
  "summary_bg_p05": 0.0,
  "summary_bg_p95": 24.04429292678833,
  "summary_bg_stdv": 8.71929341832652,
  "summary_csf_k": 2.0062810452930506,
  "summary_csf_mad": 90.44929209485254,
  "summary_csf_mean": 331.8767499349728,
  "summary_csf_median": 319.37781196832657,
  "summary_csf_n": 156763.0,
  "summary_csf_p05": 163.4062802195549,
  "summary_csf_p95": 541.8929789662361,
  "summary_csf_stdv": 112.88923638186515,
  "summary_gm_k": 0.17307528161400088,
  "summary_gm_mad": 54.449379381214165,
  "summary_gm_mean": 773.4247153078929,
  "summary_gm_median": 773.1347478926182,
  "summary_gm_n": 72902.0,
  "summary_gm_p05": 684.2631393104791,
  "summary_gm_p95": 864.4345136880875,
  "summary_gm_stdv": 55.002573709975074,
  "summary_wm_k": 0.5741348340939059,
  "summary_wm_mad": 59.17900960743593,
  "summary_wm_mean": 1007.6286771066398,
  "summary_wm_median": 1000.1054911017418,
  "summary_wm_n": 547778.0,
  "summary_wm_p05": 918.7450876235962,
  "summary_wm_p95": 1122.699747800827,
  "summary_wm_stdv": 62.38011221248422,
  "tpm_overlap_csf": 0.16353907934130385,
  "tpm_overlap_gm": 0.4210660729497072,
  "tpm_overlap_wm": 0.4832032803674966,
  "wm2max": 0.5221185344234316
}