{
  "bids_meta": {
    "AcquisitionMatrixPE": 302,
    "AcquisitionNumber": 1,
    "AcquisitionTime": "10:45:17.210000",
    "BaseResolution": 320,
    "CoilCombinationMethod": "Adaptive Combine",
    "CoilString": "C:HEA;HEP",
    "ConversionSoftware": "dcm2niix",
    "ConversionSoftwareVersion": "v1.0.20211220",
    "Dcm2bidsVersion": "2.1.6",
    "DeviceSerialNumber": "40462",
    "DwellTime": 2.1e-06,
    "EchoTime": 0.56,
    "EchoTrainLength": 167,
    "FlipAngle": 120,
    "ImageOrientationPatientDICOM": [
      0,
      1,
      0,
      0,
      0,
      -1
    ],
    "ImageOrientationText": "Sag",
    "ImageType": [
      "ORIGINAL",
      "PRIMARY",
      "M",
      "ND"
    ],
    "ImagingFrequency": 123.21,
    "InPlanePhaseEncodingDirectionDICOM": "ROW",
    "MRAcquisitionType": "3D",
    "MagneticFieldStrength": 3,
    "Manufacturer": "Siemens",
    "ManufacturersModelName": "Verio",
    "MatrixCoilMode": "GRAPPA",
    "Modality": "MR",
    "ParallelReductionFactorInPlane": 2,
    "PartialFourier": 1,
    "PatientPosition": "HFS",
    "PercentPhaseFOV": 93.75,
    "PercentSampling": 100.667,
    "PhaseEncodingDirection": "i",
    "PhaseEncodingSteps": 290,
    "PhaseResolution": 1.00667,
    "PixelBandwidth": 744,
    "ProtocolName": "T2w_SPC2_0.8iso",
    "PulseSequenceDetails": "%SiemensSeq%\\tse_vfl",
    "ReceiveCoilName": "32Ch_Head",
    "ReconMatrixPE": 300,
    "RefLinesPE": 32,
    "RepetitionTime": 3.2,
    "SAR": 0.0940968,
    "ScanOptions": "PFP",
    "ScanningSequence": "SE",
    "SequenceName": "*spc3d1_334ns",
    "SequenceVariant": "SK\\SP",
    "SeriesDescription": "T2w_SPC2_0.8iso",
    "SeriesNumber": 17,
    "ShimSetting": [
      1001,
      10180,
      953,
      447,
      137,
      -529,
      73,
      -229
    ],
    "SliceThickness": 0.8,
    "SoftwareVersions": "syngo MR B17",
    "SpoilingState": true,
    "StationName": "MRC40462",
    "TxRefAmp": 397.321,
    "acq_id": "02",
    "dataset": "ds004056",
    "modality": "T2w",
    "session_id": "02",
    "subject_id": "19"
  },
  "cjv": 0.2512479370701731,
  "cnr": 1.685765980082315,
  "efc": 0.5147181730328527,
  "fber": 6451.373401300326,
  "fwhm_avg": 3.1725457860587176,
  "fwhm_x": 3.142299953176082,
  "fwhm_y": 3.3631874498846015,
  "fwhm_z": 3.012149955115468,
  "icvs_csf": 0.2195728533256415,
  "icvs_gm": 0.641362659455206,
  "icvs_wm": 0.13906448721915254,
  "inu_med": 0.8931376338005066,
  "inu_range": 0.7850287854671478,
  "provenance": {
    "md5sum": "01fa4174fce05144bb8b643d3ae5225b",
    "settings": {
      "testing": false
    },
    "software": "mriqc",
    "version": "23.0.1",
    "warnings": {
      "large_rot_frame": true,
      "small_air_mask": false
    },
    "webapi_port": null,
    "webapi_url": "https://mriqc.nimh.nih.gov/api/v1"
  },
  "qi_1": 0.0,
  "qi_2": 0.00748386850346952,
  "rpve_csf": 15.802619711044619,
  "rpve_gm": 8.284728004101554,
  "rpve_wm": 38.470547341412896,
  "size_x": 224,
  "size_y": 300,
  "size_z": 320,
  "snr_csf": 3.781935731293798,
  "snr_gm": 8.429468050326255,
  "snr_total": 4.946439857743366,
  "snr_wm": 2.6279157916100453,
  "snrd_csf": 79.16901489728427,
  "snrd_gm": 40.25459174519359,
  "snrd_total": 77.65456017639934,
  "snrd_wm": 113.54007388672015,
  "spacing_x": 0.800000011920929,
  "spacing_y": 0.800000011920929,
  "spacing_z": 0.800000011920929,
  "summary_bg_k": 9.224064010605948,
  "summary_bg_mad": 0.0,
  "summary_bg_mean": 3.7303930816350115,
  "summary_bg_median": 0.0,
  "summary_bg_n": 6882649.0,
  "summary_bg_p05": 0.0,
  "summary_bg_p95": 15.991858765482903,
  "summary_bg_stdv": 5.768411914027084,
  "summary_csf_k": -1.2937452400875806,
  "summary_csf_mad": 241.8016423103155,
  "summary_csf_mean": 734.956612422195,
  "summary_csf_median": 697.0754315517843,
  "summary_csf_n": 21859.0,
  "summary_csf_p05": 495.9148093443364,
  "summary_csf_p95": 963.436800353229,
  "summary_csf_stdv": 184.31288527363262,
  "summary_gm_k": 0.4754058260456251,
  "summary_gm_mad": 39.62371289084504,
  "summary_gm_mean": 357.7687301911396,
  "summary_gm_median": 354.4377424567938,
  "summary_gm_n": 833064.0,
  "summary_gm_p05": 294.7348030656576,
  "summary_gm_p95": 433.233992010355,
  "summary_gm_stdv": 42.04743734826915,
  "summary_wm_k": -0.11085119902685303,
  "summary_wm_mad": 122.49942063262158,
  "summary_wm_mean": 829.7183313778588,
  "summary_wm_median": 999.7092436440289,
  "summary_wm_n": 68389.0,
  "summary_wm_p05": 52.046231254935265,
  "summary_wm_p95": 1168.5687341541052,
  "summary_wm_stdv": 380.4162743027971,
  "tpm_overlap_csf": 0.130395392406391,
  "tpm_overlap_gm": 0.4005435065166008,
  "tpm_overlap_wm": 0.029599913534152675,
  "wm2max": 0.8530402960696343
}