{
  "bids_meta": {
    "AcquisitionMatrixPE": 300,
    "AcquisitionNumber": 1,
    "AcquisitionTime": "10:24:30.975000",
    "BaseResolution": 320,
    "CoilCombinationMethod": "Adaptive Combine",
    "CoilString": "C:HEA;HEP",
    "ConversionSoftware": "dcm2niix",
    "ConversionSoftwareVersion": "v1.0.20211220",
    "Dcm2bidsVersion": "2.1.6",
    "DeviceSerialNumber": "40462",
    "DwellTime": 7.4e-06,
    "EchoTime": 0.00224,
    "FlipAngle": 8,
    "ImageOrientationPatientDICOM": [
      0,
      1,
      0,
      0,
      0,
      -1
    ],
    "ImageOrientationText": "Sag",
    "ImageType": [
      "ORIGINAL",
      "PRIMARY",
      "M",
      "ND"
    ],
    "ImagingFrequency": 123.21,
    "InPlanePhaseEncodingDirectionDICOM": "ROW",
    "InversionTime": 1.06,
    "MRAcquisitionType": "3D",
    "MagneticFieldStrength": 3,
    "Manufacturer": "Siemens",
    "ManufacturersModelName": "Verio",
    "MatrixCoilMode": "GRAPPA",
    "Modality": "MR",
    "ParallelReductionFactorInPlane": 2,
    "PartialFourier": 1,
    "PatientPosition": "HFS",
    "PercentPhaseFOV": 93.75,
    "PercentSampling": 100,
    "PhaseEncodingSteps": 299,
    "PhaseResolution": 1,
    "PixelBandwidth": 211,
    "ProtocolName": "T1w_MPR1_0.8iso",
    "PulseSequenceDetails": "%SiemensSeq%\\tfl",
    "ReceiveCoilName": "32Ch_Head",
    "ReconMatrixPE": 300,
    "RefLinesPE": 32,
    "RepetitionTime": 2.4,
    "SAR": 0.0287101,
    "ScanOptions": "IR\\WE",
    "ScanningSequence": "GR\\IR",
    "SequenceName": "*tfl3d1_ns",
    "SequenceVariant": "SP\\MP",
    "SeriesDescription": "T1w_MPR1_0.8iso",
    "SeriesNumber": 14,
    "ShimSetting": [
      1001,
      10180,
      953,
      447,
      137,
      -529,
      73,
      -229
    ],
    "SliceThickness": 0.8,
    "SoftwareVersions": "syngo MR B17",
    "StationName": "MRC40462",
    "TxRefAmp": 397.321,
    "acq_id": "01",
    "dataset": "ds004056",
    "modality": "T1w",
    "session_id": "02",
    "subject_id": "19"
  },
  "cjv": 0.5003290037649551,
  "cnr": 2.7129931319740717,
  "efc": 0.5650680929756148,
  "fber": 22723.488006060095,
  "fwhm_avg": 4.78865409531016,
  "fwhm_x": 4.7925749285850685,
  "fwhm_y": 4.669199930423499,
  "fwhm_z": 4.904187426921912,
  "icvs_csf": 0.21408682977628118,
  "icvs_gm": 0.3819731337873514,
  "icvs_wm": 0.4039400364363674,
  "inu_med": 0.9129574596881866,
  "inu_range": 0.8700323820114134,
  "provenance": {
    "md5sum": "e9021e3df54c6a315daa832cebc0cee2",
    "settings": {
      "testing": false
    },
    "software": "mriqc",
    "version": "23.0.1",
    "warnings": {
      "large_rot_frame": true,
      "small_air_mask": false
    },
    "webapi_port": null,
    "webapi_url": "https://mriqc.nimh.nih.gov/api/v1"
  },
  "qi_1": 0.0,
  "qi_2": 0.00498684246940466,
  "rpve_csf": 21.73891153956905,
  "rpve_gm": 11.699570900853942,
  "rpve_wm": 12.777846034970347,
  "size_x": 224,
  "size_y": 300,
  "size_z": 320,
  "snr_csf": 2.8925529222313062,
  "snr_gm": 14.192100139878765,
  "snr_total": 11.078615507465452,
  "snr_wm": 16.15119346028629,
  "snrd_csf": 25.11999607634846,
  "snrd_gm": 60.475505498968076,
  "snrd_total": 54.54661065300942,
  "snrd_wm": 78.04433038371171,
  "spacing_x": 0.800000011920929,
  "spacing_y": 0.800000011920929,
  "spacing_z": 0.800000011920929,
  "summary_bg_k": 4.535217975792785,
  "summary_bg_mad": 0.0,
  "summary_bg_mean": 5.7107224672721815,
  "summary_bg_median": 0.0,
  "summary_bg_n": 6822132.0,
  "summary_bg_p05": 0.0,
  "summary_bg_p95": 23.130608320236206,
  "summary_bg_stdv": 8.394832266772507,
  "summary_csf_k": 2.1894878087007124,
  "summary_csf_mad": 86.76844543464327,
  "summary_csf_mean": 334.0264931910833,
  "summary_csf_median": 321.88434897363186,
  "summary_csf_n": 150431.0,
  "summary_csf_p05": 168.24526526033878,
  "summary_csf_p95": 540.079764097929,
  "summary_csf_stdv": 111.27999651250218,
  "summary_gm_k": 0.1785244356840332,
  "summary_gm_mad": 53.731396789595955,
  "summary_gm_mean": 775.5002289851992,
  "summary_gm_median": 774.9252291768789,
  "summary_gm_n": 75052.0,
  "summary_gm_p05": 686.5403831601143,
  "summary_gm_p95": 865.7527471929789,
  "summary_gm_stdv": 54.602212423333576,
  "summary_wm_k": 0.5585337364325405,
  "summary_wm_mad": 58.90498382573312,
  "summary_wm_mean": 1007.2176777634622,
  "summary_wm_median": 1000.0498567074537,
  "summary_wm_n": 536545.0,
  "summary_wm_p05": 918.4446717500687,
  "summary_wm_p95": 1120.7377936542034,
  "summary_wm_stdv": 61.91795839925175,
  "tpm_overlap_csf": 0.15874081960976372,
  "tpm_overlap_gm": 0.4197223623094377,
  "tpm_overlap_wm": 0.47778431914645547,
  "wm2max": 0.5330977119927719
}