{
  "bids_meta": {
    "AcquisitionMatrixPE": 302,
    "AcquisitionNumber": 1,
    "AcquisitionTime": "11:04:20.815000",
    "BaseResolution": 320,
    "CoilCombinationMethod": "Adaptive Combine",
    "CoilString": "C:HEA;HEP",
    "ConversionSoftware": "dcm2niix",
    "ConversionSoftwareVersion": "v1.0.20211220",
    "Dcm2bidsVersion": "2.1.6",
    "DeviceSerialNumber": "40463",
    "DwellTime": 2.1e-06,
    "EchoTime": 0.56,
    "EchoTrainLength": 167,
    "FlipAngle": 120,
    "ImageOrientationPatientDICOM": [
      0,
      1,
      0,
      0,
      0,
      -1
    ],
    "ImageOrientationText": "Sag",
    "ImageType": [
      "ORIGINAL",
      "PRIMARY",
      "M",
      "ND"
    ],
    "ImagingFrequency": 123.122,
    "InPlanePhaseEncodingDirectionDICOM": "ROW",
    "MRAcquisitionType": "3D",
    "MagneticFieldStrength": 3,
    "Manufacturer": "Siemens",
    "ManufacturersModelName": "Verio",
    "MatrixCoilMode": "GRAPPA",
    "Modality": "MR",
    "ParallelReductionFactorInPlane": 2,
    "PartialFourier": 1,
    "PatientPosition": "HFS",
    "PercentPhaseFOV": 93.75,
    "PercentSampling": 100.667,
    "PhaseEncodingDirection": "i",
    "PhaseEncodingSteps": 290,
    "PhaseResolution": 1.00667,
    "PixelBandwidth": 744,
    "ProtocolName": "T2w_SPC2_0.8iso",
    "PulseSequenceDetails": "%SiemensSeq%\\tse_vfl",
    "ReceiveCoilName": "32Ch_Head",
    "ReconMatrixPE": 300,
    "RefLinesPE": 32,
    "RepetitionTime": 3.2,
    "SAR": 0.107349,
    "ScanOptions": "PFP",
    "ScanningSequence": "SE",
    "SequenceName": "*spc3d1_334ns",
    "SequenceVariant": "SK\\SP",
    "SeriesDescription": "T2w_SPC2_0.8iso",
    "SeriesNumber": 23,
    "ShimSetting": [
      2868,
      7440,
      -15116,
      100,
      881,
      -1142,
      -71,
      1384
    ],
    "SliceThickness": 0.8,
    "SoftwareVersions": "syngo MR B17",
    "SpoilingState": true,
    "StationName": "MRC40463",
    "TxRefAmp": 440.829,
    "acq_id": "02",
    "dataset": "ds004056",
    "modality": "T2w",
    "session_id": "02",
    "subject_id": "11"
  },
  "cjv": 0.29072807913589693,
  "cnr": 2.2520912150826113,
  "efc": 0.49245319695340634,
  "fber": 9358.72556481333,
  "fwhm_avg": 2.94031245618593,
  "fwhm_x": 2.9027249567460274,
  "fwhm_y": 3.132712453318947,
  "fwhm_z": 2.7854999584928164,
  "icvs_csf": 0.3773371674775711,
  "icvs_gm": 0.47232288387694854,
  "icvs_wm": 0.15033994864548036,
  "inu_med": 0.9142118096351624,
  "inu_range": 0.6130212068557738,
  "provenance": {
    "md5sum": "ae2133dd6ac61c19663596f330712cd7",
    "settings": {
      "testing": false
    },
    "software": "mriqc",
    "version": "23.0.1",
    "warnings": {
      "large_rot_frame": true,
      "small_air_mask": false
    },
    "webapi_port": null,
    "webapi_url": "https://mriqc.nimh.nih.gov/api/v1"
  },
  "qi_1": 0.0,
  "qi_2": 0.014446621545988048,
  "rpve_csf": 14.253175458927462,
  "rpve_gm": 12.766219063265794,
  "rpve_wm": 42.64135435317871,
  "size_x": 224,
  "size_y": 300,
  "size_z": 320,
  "snr_csf": 9.645647346280795,
  "snr_gm": 9.552570060196668,
  "snr_total": 7.534237711317935,
  "snr_wm": 3.4044957274763425,
  "snrd_csf": 57.65662623641197,
  "snrd_gm": 34.785619771336926,
  "snrd_total": 65.56256145812729,
  "snrd_wm": 104.24543836663301,
  "spacing_x": 0.800000011920929,
  "spacing_y": 0.800000011920929,
  "spacing_z": 0.800000011920929,
  "summary_bg_k": 6.622878745362357,
  "summary_bg_mad": 0.0,
  "summary_bg_mean": 4.221134623548921,
  "summary_bg_median": 0.0,
  "summary_bg_n": 6919651.0,
  "summary_bg_p05": 0.0,
  "summary_bg_p95": 16.863407008349895,
  "summary_bg_stdv": 6.284407963149282,
  "summary_csf_k": 1.4377954958529626,
  "summary_csf_mad": 51.05986018465716,
  "summary_csf_mean": 556.0623562946331,
  "summary_csf_median": 553.0722473189235,
  "summary_csf_n": 98049.0,
  "summary_csf_p05": 468.69345895573497,
  "summary_csf_p95": 654.5757067427037,
  "summary_csf_stdv": 57.338756754154005,
  "summary_gm_k": 0.7501411477887259,
  "summary_gm_mad": 32.67831051818058,
  "summary_gm_mean": 334.06607551374947,
  "summary_gm_median": 333.681697268039,
  "summary_gm_n": 428147.0,
  "summary_gm_p05": 277.3911696486175,
  "summary_gm_p95": 391.61106303334236,
  "summary_gm_stdv": 34.9310505428226,
  "summary_wm_k": 2.1722855911699925,
  "summary_wm_mad": 161.03223491340495,
  "summary_wm_mean": 913.1480258124085,
  "summary_wm_median": 999.9762843176723,
  "summary_wm_n": 50370.0,
  "summary_wm_p05": 134.1947177425027,
  "summary_wm_p95": 1215.9466504119337,
  "summary_wm_stdv": 293.71937520435347,
  "tpm_overlap_csf": 0.11454271656178021,
  "tpm_overlap_gm": 0.30589288558222727,
  "tpm_overlap_wm": 0.023889306176076052,
  "wm2max": 0.8474125873295262
}