{
  "bids_meta": {
    "AcquisitionMatrixPE": 300,
    "AcquisitionNumber": 1,
    "AcquisitionTime": "10:29:13.912500",
    "BaseResolution": 320,
    "CoilCombinationMethod": "Adaptive Combine",
    "CoilString": "C:HEA;HEP",
    "ConversionSoftware": "dcm2niix",
    "ConversionSoftwareVersion": "v1.0.20211220",
    "Dcm2bidsVersion": "2.1.6",
    "DeviceSerialNumber": "40463",
    "DwellTime": 7.4e-06,
    "EchoTime": 0.00224,
    "FlipAngle": 8,
    "ImageOrientationPatientDICOM": [
      0,
      1,
      0,
      0,
      0,
      -1
    ],
    "ImageOrientationText": "Sag",
    "ImageType": [
      "ORIGINAL",
      "PRIMARY",
      "M",
      "ND"
    ],
    "ImagingFrequency": 123.122,
    "InPlanePhaseEncodingDirectionDICOM": "ROW",
    "InversionTime": 1.06,
    "MRAcquisitionType": "3D",
    "MagneticFieldStrength": 3,
    "Manufacturer": "Siemens",
    "ManufacturersModelName": "Verio",
    "MatrixCoilMode": "GRAPPA",
    "Modality": "MR",
    "ParallelReductionFactorInPlane": 2,
    "PartialFourier": 1,
    "PatientPosition": "HFS",
    "PercentPhaseFOV": 93.75,
    "PercentSampling": 100,
    "PhaseEncodingSteps": 299,
    "PhaseResolution": 1,
    "PixelBandwidth": 211,
    "ProtocolName": "T1w_MPR1_0.8iso",
    "PulseSequenceDetails": "%SiemensSeq%\\tfl",
    "ReceiveCoilName": "32Ch_Head",
    "ReconMatrixPE": 300,
    "RefLinesPE": 32,
    "RepetitionTime": 2.4,
    "SAR": 0.0327535,
    "ScanOptions": "IR\\WE",
    "ScanningSequence": "GR\\IR",
    "SequenceName": "*tfl3d1_ns",
    "SequenceVariant": "SP\\MP",
    "SeriesDescription": "T1w_MPR1_0.8iso",
    "SeriesNumber": 18,
    "ShimSetting": [
      2868,
      7440,
      -15116,
      100,
      881,
      -1142,
      -71,
      1384
    ],
    "SliceThickness": 0.8,
    "SoftwareVersions": "syngo MR B17",
    "StationName": "MRC40463",
    "TxRefAmp": 440.829,
    "acq_id": "01",
    "dataset": "ds004056",
    "modality": "T1w",
    "session_id": "02",
    "subject_id": "11"
  },
  "cjv": 0.4154740029933479,
  "cnr": 3.266133316739647,
  "efc": 0.5287733586098827,
  "fber": -1.0,
  "fwhm_avg": 4.37960410140548,
  "fwhm_x": 4.425749934051187,
  "fwhm_y": 4.184937437639572,
  "fwhm_z": 4.528124932525681,
  "icvs_csf": 0.18641955283051706,
  "icvs_gm": 0.422179163163717,
  "icvs_wm": 0.39140128400576596,
  "inu_med": 0.851464569568634,
  "inu_range": 0.5599542587995529,
  "provenance": {
    "md5sum": "384c9225718dce86181b7973db36ae1a",
    "settings": {
      "testing": false
    },
    "software": "mriqc",
    "version": "23.0.1",
    "warnings": {
      "large_rot_frame": true,
      "small_air_mask": false
    },
    "webapi_port": null,
    "webapi_url": "https://mriqc.nimh.nih.gov/api/v1"
  },
  "qi_1": 0.0,
  "qi_2": 0.005963629640716992,
  "rpve_csf": 28.62382241211761,
  "rpve_gm": 13.221718808604386,
  "rpve_wm": 16.017432556184414,
  "size_x": 224,
  "size_y": 300,
  "size_z": 320,
  "snr_csf": 2.416756771987166,
  "snr_gm": 13.846051630321451,
  "snr_total": 11.989118642451409,
  "snr_wm": 19.70454752504561,
  "snrd_csf": 21.052611543357425,
  "snrd_gm": 55.29692228831339,
  "snrd_total": 49.864684467473346,
  "snrd_wm": 73.24451957074922,
  "spacing_x": 0.800000011920929,
  "spacing_y": 0.800000011920929,
  "spacing_z": 0.800000011920929,
  "summary_bg_k": 3.8709432848125642,
  "summary_bg_mad": 0.0,
  "summary_bg_mean": 6.0681927383585625,
  "summary_bg_median": 0.0,
  "summary_bg_n": 6929237.0,
  "summary_bg_p05": 0.0,
  "summary_bg_p95": 24.009403243660927,
  "summary_bg_stdv": 8.944886648886445,
  "summary_csf_k": 18.643201234770828,
  "summary_csf_mad": 86.0038762559674,
  "summary_csf_mean": 302.3432597356055,
  "summary_csf_median": 287.44124722480774,
  "summary_csf_n": 74926.0,
  "summary_csf_p05": 129.1239977767691,
  "summary_csf_p95": 510.82943614572287,
  "summary_csf_stdv": 118.9359774978466,
  "summary_gm_k": 0.15249847933432292,
  "summary_gm_mad": 54.26583219623992,
  "summary_gm_mean": 754.4486805847404,
  "summary_gm_median": 754.9949932582676,
  "summary_gm_n": 74515.0,
  "summary_gm_p05": 664.330113876611,
  "summary_gm_p95": 842.5957355126739,
  "summary_gm_stdv": 54.527452831927896,
  "summary_wm_k": 0.5802494907241633,
  "summary_wm_mad": 47.54483463065057,
  "summary_wm_mean": 1004.1987816075385,
  "summary_wm_median": 1000.0420144759119,
  "summary_wm_n": 434155.0,
  "summary_wm_p05": 928.3496005944908,
  "summary_wm_p95": 1094.9463164582849,
  "summary_wm_stdv": 50.75178009001872,
  "tpm_overlap_csf": 0.14330460900367936,
  "tpm_overlap_gm": 0.45444078434352797,
  "tpm_overlap_wm": 0.5056245401862045,
  "wm2max": 0.5935623707616035
}