{
  "bids_meta": {
    "AcquisitionMatrixPE": 300,
    "AcquisitionNumber": 1,
    "AcquisitionTime": "10:02:33.322500",
    "BaseResolution": 320,
    "CoilCombinationMethod": "Adaptive Combine",
    "CoilString": "C:HEA;HEP",
    "ConversionSoftware": "dcm2niix",
    "ConversionSoftwareVersion": "v1.0.20211220",
    "Dcm2bidsVersion": "2.1.6",
    "DeviceSerialNumber": "40462",
    "DwellTime": 7.4e-06,
    "EchoTime": 0.00224,
    "FlipAngle": 8,
    "ImageOrientationPatientDICOM": [
      0,
      1,
      0,
      0,
      0,
      -1
    ],
    "ImageOrientationText": "Sag",
    "ImageType": [
      "ORIGINAL",
      "PRIMARY",
      "M",
      "ND"
    ],
    "ImagingFrequency": 123.21,
    "InPlanePhaseEncodingDirectionDICOM": "ROW",
    "InversionTime": 1.06,
    "MRAcquisitionType": "3D",
    "MagneticFieldStrength": 3,
    "Manufacturer": "Siemens",
    "ManufacturersModelName": "Verio",
    "MatrixCoilMode": "GRAPPA",
    "Modality": "MR",
    "ParallelReductionFactorInPlane": 2,
    "PartialFourier": 1,
    "PatientPosition": "HFS",
    "PercentPhaseFOV": 93.75,
    "PercentSampling": 100,
    "PhaseEncodingSteps": 299,
    "PhaseResolution": 1,
    "PixelBandwidth": 211,
    "ProtocolName": "T1w_MPR1_0.8iso",
    "PulseSequenceDetails": "%SiemensSeq%\\tfl",
    "ReceiveCoilName": "32Ch_Head",
    "ReconMatrixPE": 300,
    "RefLinesPE": 32,
    "RepetitionTime": 2.4,
    "SAR": 0.0274328,
    "ScanOptions": "IR\\WE",
    "ScanningSequence": "GR\\IR",
    "SequenceName": "*tfl3d1_ns",
    "SequenceVariant": "SP\\MP",
    "SeriesDescription": "T1w_MPR1_0.8iso",
    "SeriesNumber": 14,
    "ShimSetting": [
      961,
      10311,
      978,
      438,
      -193,
      -508,
      91,
      -145
    ],
    "SliceThickness": 0.8,
    "SoftwareVersions": "syngo MR B17",
    "StationName": "MRC40462",
    "TxRefAmp": 386.513,
    "acq_id": "01",
    "dataset": "ds004056",
    "modality": "T1w",
    "session_id": "02",
    "subject_id": "21"
  },
  "cjv": 0.4579443672742239,
  "cnr": 2.977168050933313,
  "efc": 0.55268203227532,
  "fber": 16529.730624,
  "fwhm_avg": 4.507587432831713,
  "fwhm_x": 4.483337433193066,
  "fwhm_y": 4.36091243501734,
  "fwhm_z": 4.678512430284732,
  "icvs_csf": 0.1838433970147049,
  "icvs_gm": 0.4328183235025813,
  "icvs_wm": 0.3833382794827138,
  "inu_med": 0.8214116096496582,
  "inu_range": 0.7302642673254012,
  "provenance": {
    "md5sum": "1186f1ef4f0095b5e5a22c94b5a287ee",
    "settings": {
      "testing": false
    },
    "software": "mriqc",
    "version": "23.0.1",
    "warnings": {
      "large_rot_frame": true,
      "small_air_mask": false
    },
    "webapi_port": null,
    "webapi_url": "https://mriqc.nimh.nih.gov/api/v1"
  },
  "qi_1": 0.0,
  "qi_2": 0.003893902777903306,
  "rpve_csf": 26.646646052565956,
  "rpve_gm": 11.886023650092605,
  "rpve_wm": 14.832341157343087,
  "size_x": 224,
  "size_y": 300,
  "size_z": 320,
  "snr_csf": 2.079341303015026,
  "snr_gm": 13.347498001725764,
  "snr_total": 11.17558682945201,
  "snr_wm": 18.099921183615248,
  "snrd_csf": 18.187201069741853,
  "snrd_gm": 44.68791778922095,
  "snrd_total": 40.525617620585834,
  "snrd_wm": 58.70173400279471,
  "spacing_x": 0.800000011920929,
  "spacing_y": 0.800000011920929,
  "spacing_z": 0.800000011920929,
  "summary_bg_k": 6.317728800571313,
  "summary_bg_mad": 0.0,
  "summary_bg_mean": 7.802052053444365,
  "summary_bg_median": 0.0,
  "summary_bg_n": 7109867.0,
  "summary_bg_p05": 0.0,
  "summary_bg_p95": 29.979698657989502,
  "summary_bg_stdv": 11.161480475500174,
  "summary_csf_k": 23.48600938195706,
  "summary_csf_mad": 97.57553863024839,
  "summary_csf_mean": 326.47221178800464,
  "summary_csf_median": 309.853168964386,
  "summary_csf_n": 68952.0,
  "summary_csf_p05": 112.69533967971802,
  "summary_csf_p95": 552.9011826515198,
  "summary_csf_stdv": 149.01397939390506,
  "summary_gm_k": 0.12243949750469074,
  "summary_gm_mad": 56.1374332722089,
  "summary_gm_mean": 761.1771125815156,
  "summary_gm_median": 761.3427095413208,
  "summary_gm_n": 75374.0,
  "summary_gm_p05": 666.6824011802673,
  "summary_gm_p95": 854.5394420623779,
  "summary_gm_stdv": 57.03972826914046,
  "summary_wm_k": 0.38563259718671805,
  "summary_wm_mad": 53.19756768937502,
  "summary_wm_mean": 1004.0987626975574,
  "summary_wm_median": 1000.0944199562073,
  "summary_wm_n": 433647.0,
  "summary_wm_p05": 920.6836276054382,
  "summary_wm_p95": 1101.6476984024048,
  "summary_wm_stdv": 55.25401225174657,
  "tpm_overlap_csf": 0.14206184224986343,
  "tpm_overlap_gm": 0.45382143166721567,
  "tpm_overlap_wm": 0.4919955459024819,
  "wm2max": 0.5815192027891399
}