{
  "bids_meta": {
    "AcquisitionMatrixPE": 302,
    "AcquisitionNumber": 1,
    "AcquisitionTime": "10:21:55.815000",
    "BaseResolution": 320,
    "CoilCombinationMethod": "Adaptive Combine",
    "CoilString": "C:HEA;HEP",
    "ConversionSoftware": "dcm2niix",
    "ConversionSoftwareVersion": "v1.0.20211220",
    "Dcm2bidsVersion": "2.1.6",
    "DeviceSerialNumber": "40462",
    "DwellTime": 2.1e-06,
    "EchoTime": 0.56,
    "EchoTrainLength": 167,
    "FlipAngle": 120,
    "ImageOrientationPatientDICOM": [
      0,
      1,
      0,
      0,
      0,
      -1
    ],
    "ImageOrientationText": "Sag",
    "ImageType": [
      "ORIGINAL",
      "PRIMARY",
      "M",
      "ND"
    ],
    "ImagingFrequency": 123.21,
    "InPlanePhaseEncodingDirectionDICOM": "ROW",
    "MRAcquisitionType": "3D",
    "MagneticFieldStrength": 3,
    "Manufacturer": "Siemens",
    "ManufacturersModelName": "Verio",
    "MatrixCoilMode": "GRAPPA",
    "Modality": "MR",
    "ParallelReductionFactorInPlane": 2,
    "PartialFourier": 1,
    "PatientPosition": "HFS",
    "PercentPhaseFOV": 93.75,
    "PercentSampling": 100.667,
    "PhaseEncodingDirection": "i",
    "PhaseEncodingSteps": 290,
    "PhaseResolution": 1.00667,
    "PixelBandwidth": 744,
    "ProtocolName": "T2w_SPC2_0.8iso",
    "PulseSequenceDetails": "%SiemensSeq%\\tse_vfl",
    "ReceiveCoilName": "32Ch_Head",
    "ReconMatrixPE": 300,
    "RefLinesPE": 32,
    "RepetitionTime": 3.2,
    "SAR": 0.0899105,
    "ScanOptions": "PFP",
    "ScanningSequence": "SE",
    "SequenceName": "*spc3d1_334ns",
    "SequenceVariant": "SK\\SP",
    "SeriesDescription": "T2w_SPC2_0.8iso",
    "SeriesNumber": 17,
    "ShimSetting": [
      961,
      10311,
      978,
      438,
      -193,
      -508,
      91,
      -145
    ],
    "SliceThickness": 0.8,
    "SoftwareVersions": "syngo MR B17",
    "SpoilingState": true,
    "StationName": "MRC40462",
    "TxRefAmp": 386.513,
    "acq_id": "02",
    "dataset": "ds004056",
    "modality": "T2w",
    "session_id": "02",
    "subject_id": "21"
  },
  "cjv": 0.426681601604912,
  "cnr": 1.6849019565111831,
  "efc": 0.5162116684222298,
  "fber": 5676.731298416002,
  "fwhm_avg": 2.9133916232537493,
  "fwhm_x": 2.824737457908132,
  "fwhm_y": 3.104174953744189,
  "fwhm_z": 2.811262458108925,
  "icvs_csf": 0.3383737601806951,
  "icvs_gm": 0.5285590755586269,
  "icvs_wm": 0.13306716426067805,
  "inu_med": 0.8703587651252747,
  "inu_range": 0.6789993345737457,
  "provenance": {
    "md5sum": "109b782d97be90aa9d34d47ae3f675a9",
    "settings": {
      "testing": false
    },
    "software": "mriqc",
    "version": "23.0.1",
    "warnings": {
      "large_rot_frame": true,
      "small_air_mask": false
    },
    "webapi_port": null,
    "webapi_url": "https://mriqc.nimh.nih.gov/api/v1"
  },
  "qi_1": 0.0,
  "qi_2": 0.005877468869201272,
  "rpve_csf": 13.710749334997889,
  "rpve_gm": 10.349794898465943,
  "rpve_wm": 45.36087178815446,
  "size_x": 224,
  "size_y": 300,
  "size_z": 320,
  "snr_csf": 5.256563376939687,
  "snr_gm": 7.2913887970542275,
  "snr_total": 5.032373009202655,
  "snr_wm": 2.5491668536140515,
  "snrd_csf": 71.49663490106228,
  "snrd_gm": 39.961441262419754,
  "snrd_total": 77.00950359958416,
  "snrd_wm": 119.57043463527044,
  "spacing_x": 0.800000011920929,
  "spacing_y": 0.800000011920929,
  "spacing_z": 0.800000011920929,
  "summary_bg_k": 21.698372277396476,
  "summary_bg_mad": 5.478664531545496,
  "summary_bg_mean": 7.275148586167841,
  "summary_bg_median": 3.6953030712902546,
  "summary_bg_n": 7103288.0,
  "summary_bg_p05": 0.0,
  "summary_bg_p95": 29.384030628949404,
  "summary_bg_stdv": 12.667865487281084,
  "summary_csf_k": 0.23930946186130386,
  "summary_csf_mad": 84.29586599915864,
  "summary_csf_mean": 625.1107582030926,
  "summary_csf_median": 597.9000369347632,
  "summary_csf_n": 61123.0,
  "summary_csf_p05": 487.44870237633586,
  "summary_csf_p95": 873.0599490776658,
  "summary_csf_stdv": 113.74259246636666,
  "summary_gm_k": 0.47660272452841657,
  "summary_gm_mad": 44.43385854550002,
  "summary_gm_mean": 335.7686724612714,
  "summary_gm_median": 334.1828218884766,
  "summary_gm_n": 464625.0,
  "summary_gm_p05": 263.3604271635413,
  "summary_gm_p95": 412.8035803362727,
  "summary_gm_stdv": 45.83248425826727,
  "summary_wm_k": -0.062026881313049564,
  "summary_wm_mad": 239.6254514418037,
  "summary_wm_mean": 873.6682758550094,
  "summary_wm_median": 999.9235262423754,
  "summary_wm_n": 36330.0,
  "summary_wm_p05": 52.15346876028925,
  "summary_wm_p95": 1283.3150445371866,
  "summary_wm_stdv": 392.24963366051406,
  "tpm_overlap_csf": 0.11681425878354647,
  "tpm_overlap_gm": 0.34247802095352436,
  "tpm_overlap_wm": 0.027262490701757687,
  "wm2max": 0.8079235564623466
}