{
  "bids_meta": {
    "AcquisitionMatrixPE": 302,
    "AcquisitionNumber": 1,
    "AcquisitionTime": "14:40:56.397500",
    "BaseResolution": 320,
    "CoilCombinationMethod": "Adaptive Combine",
    "CoilString": "C:HEA;HEP",
    "ConversionSoftware": "dcm2niix",
    "ConversionSoftwareVersion": "v1.0.20211220",
    "Dcm2bidsVersion": "2.1.6",
    "DeviceSerialNumber": "40463",
    "DwellTime": 2.1e-06,
    "EchoTime": 0.56,
    "EchoTrainLength": 167,
    "FlipAngle": 120,
    "ImageOrientationPatientDICOM": [
      0,
      1,
      0,
      0,
      0,
      -1
    ],
    "ImageOrientationText": "Sag",
    "ImageType": [
      "ORIGINAL",
      "PRIMARY",
      "M",
      "ND"
    ],
    "ImagingFrequency": 123.122,
    "InPlanePhaseEncodingDirectionDICOM": "ROW",
    "MRAcquisitionType": "3D",
    "MagneticFieldStrength": 3,
    "Manufacturer": "Siemens",
    "ManufacturersModelName": "Verio",
    "MatrixCoilMode": "GRAPPA",
    "Modality": "MR",
    "ParallelReductionFactorInPlane": 2,
    "PartialFourier": 1,
    "PatientPosition": "HFS",
    "PercentPhaseFOV": 93.75,
    "PercentSampling": 100.667,
    "PhaseEncodingDirection": "i",
    "PhaseEncodingSteps": 290,
    "PhaseResolution": 1.00667,
    "PixelBandwidth": 744,
    "ProtocolName": "T2w_SPC1_0.8iso",
    "PulseSequenceDetails": "%SiemensSeq%\\tse_vfl",
    "ReceiveCoilName": "32Ch_Head",
    "ReconMatrixPE": 300,
    "RefLinesPE": 32,
    "RepetitionTime": 3.2,
    "SAR": 0.0945445,
    "ScanOptions": "PFP",
    "ScanningSequence": "SE",
    "SequenceName": "*spc3d1_334ns",
    "SequenceVariant": "SK\\SP",
    "SeriesDescription": "T2w_SPC1_0.8iso",
    "SeriesNumber": 15,
    "ShimSetting": [
      2861,
      7473,
      -15105,
      261,
      840,
      -1150,
      -102,
      1065
    ],
    "SliceThickness": 0.8,
    "SoftwareVersions": "syngo MR B17",
    "SpoilingState": true,
    "StationName": "MRC40463",
    "TxRefAmp": 438.67,
    "acq_id": "01",
    "dataset": "ds004056",
    "modality": "T2w",
    "session_id": "02",
    "subject_id": "09"
  },
  "cjv": 0.2894640788949099,
  "cnr": 2.2218156104889455,
  "efc": 0.4885660988756774,
  "fber": 6544.00549433778,
  "fwhm_avg": 3.7211457778839403,
  "fwhm_x": 3.7061499447740625,
  "fwhm_y": 3.8005999433666475,
  "fwhm_z": 3.656687445511111,
  "icvs_csf": 0.2447589315971109,
  "icvs_gm": 0.5630422670646424,
  "icvs_wm": 0.19219880133824663,
  "inu_med": 0.866612046957016,
  "inu_range": 0.9861004948616018,
  "provenance": {
    "md5sum": "2c44f59fe52a0d88cceadfbd6a000c1e",
    "settings": {
      "testing": false
    },
    "software": "mriqc",
    "version": "23.0.1",
    "warnings": {
      "large_rot_frame": true,
      "small_air_mask": false
    },
    "webapi_port": null,
    "webapi_url": "https://mriqc.nimh.nih.gov/api/v1"
  },
  "qi_1": 0.0,
  "qi_2": 0.005663288981867192,
  "rpve_csf": 18.604960018359407,
  "rpve_gm": 10.745304948053237,
  "rpve_wm": 33.21425850744605,
  "size_x": 224,
  "size_y": 300,
  "size_z": 320,
  "snr_csf": 10.612508682062568,
  "snr_gm": 8.354113693317915,
  "snr_total": 7.533605881031119,
  "snr_wm": 3.634195267712873,
  "snrd_csf": 54.02213928312166,
  "snrd_gm": 35.328079429321164,
  "snrd_total": 60.76168541615427,
  "snrd_wm": 92.93483753602,
  "spacing_x": 0.800000011920929,
  "spacing_y": 0.800000011920929,
  "spacing_z": 0.800000011920929,
  "summary_bg_k": 6.946237382333148,
  "summary_bg_mad": 0.0,
  "summary_bg_mean": 4.979254133109185,
  "summary_bg_median": 0.0,
  "summary_bg_n": 6621850.0,
  "summary_bg_p05": 0.0,
  "summary_bg_p95": 19.152284123003483,
  "summary_bg_stdv": 7.0494165444613115,
  "summary_csf_k": 3.383443767228756,
  "summary_csf_mad": 46.94307084981157,
  "summary_csf_mean": 584.4309171396721,
  "summary_csf_median": 581.2904952764511,
  "summary_csf_n": 33224.0,
  "summary_csf_p05": 506.9260171534494,
  "summary_csf_p95": 677.2346361508593,
  "summary_csf_stdv": 54.77326469867384,
  "summary_gm_k": 0.5161879247727028,
  "summary_gm_mad": 41.92051819780983,
  "summary_gm_mean": 385.7774523925559,
  "summary_gm_median": 380.1381630040705,
  "summary_gm_n": 505813.0,
  "summary_gm_p05": 320.6540493629873,
  "summary_gm_p95": 471.36492024734616,
  "summary_gm_stdv": 45.503066056962204,
  "summary_wm_k": 3.1951217169910127,
  "summary_wm_mad": 137.50720922055166,
  "summary_wm_mean": 945.4078331162112,
  "summary_wm_median": 999.9999714307487,
  "summary_wm_n": 107360.0,
  "summary_wm_p05": 195.4960065783933,
  "summary_wm_p95": 1234.7901698498051,
  "summary_wm_stdv": 275.1627913547285,
  "tpm_overlap_csf": 0.1119987861218116,
  "tpm_overlap_gm": 0.357396124201575,
  "tpm_overlap_wm": 0.05325362954130666,
  "wm2max": 0.8051934105113941
}