{
  "bids_meta": {
    "AcquisitionMatrixPE": 300,
    "AcquisitionNumber": 1,
    "AcquisitionTime": "11:27:46.955000",
    "BaseResolution": 320,
    "CoilCombinationMethod": "Adaptive Combine",
    "CoilString": "C:A32",
    "ConversionSoftware": "dcm2niix",
    "ConversionSoftwareVersion": "v1.0.20211220",
    "Dcm2bidsVersion": "2.1.6",
    "DeviceSerialNumber": "18981",
    "DwellTime": 6.5e-06,
    "EchoTime": 0.00299,
    "ImageComments": "DENOISED IMAGE (lambda = 150)",
    "ImageOrientationPatientDICOM": [
      0,
      1,
      0,
      0,
      0,
      -1
    ],
    "ImageOrientationText": "Sag",
    "ImageType": [
      "ORIGINAL",
      "PRIMARY",
      "M",
      "ND",
      "UNI"
    ],
    "ImagingFrequency": 297.224,
    "InPlanePhaseEncodingDirectionDICOM": "ROW",
    "MRAcquisitionType": "3D",
    "MagneticFieldStrength": 6.98,
    "Manufacturer": "Siemens",
    "ManufacturersModelName": "Investigational_Device_7T",
    "MatrixCoilMode": "GRAPPA",
    "Modality": "MR",
    "ParallelReductionFactorInPlane": 3,
    "PartialFourier": 0.75,
    "PatientPosition": "HFS",
    "PercentPhaseFOV": 93.75,
    "PercentSampling": 100,
    "PhaseEncodingSteps": 226,
    "PhaseResolution": 1,
    "PixelBandwidth": 240,
    "ProtocolName": "mp2rage-wip900_0.75iso_7T",
    "PulseSequenceDetails": "%CustomerSeq%\\tfl_wip900b17a",
    "ReceiveCoilName": "32Ch_Head_7T",
    "ReconMatrixPE": 300,
    "RefLinesPE": 32,
    "RepetitionTime": 6,
    "SAR": 0.0634538,
    "ScanOptions": "IR\\PFP",
    "ScanningSequence": "GR\\IR",
    "SequenceName": "tfl3d1_ns",
    "SequenceVariant": "SP\\MP",
    "SeriesDescription": "mp2rage-wip900_0.75iso_7T_UNI-DEN",
    "SeriesNumber": 25,
    "ShimSetting": [
      -26,
      101,
      827,
      486,
      -149,
      -387,
      -781,
      59
    ],
    "SliceThickness": 0.75,
    "SoftwareVersions": "syngo MR B17",
    "StationName": "MRC18981",
    "TxRefAmp": 240,
    "acq_id": "MP2R",
    "dataset": "ds004056",
    "modality": "T1w",
    "session_id": "01",
    "subject_id": "16"
  },
  "cjv": 0.292582787783758,
  "cnr": 4.548688276361217,
  "efc": 0.5179195257415657,
  "fber": 12466.877526753864,
  "fwhm_avg": 4.314942222222222,
  "fwhm_x": 4.326146666666667,
  "fwhm_y": 4.79504,
  "fwhm_z": 3.8236399999999997,
  "icvs_csf": 0.27234240023419903,
  "icvs_gm": 0.39929637222147807,
  "icvs_wm": 0.32836122754432295,
  "inu_med": 0.6597703099250793,
  "inu_range": 0.1221118927001954,
  "provenance": {
    "md5sum": "092a655f546d78ec811798813a417f96",
    "settings": {
      "testing": false
    },
    "software": "mriqc",
    "version": "23.0.1",
    "warnings": {
      "large_rot_frame": true,
      "small_air_mask": false
    },
    "webapi_port": null,
    "webapi_url": "https://mriqc.nimh.nih.gov/api/v1"
  },
  "qi_1": 5.8112620819826945e-05,
  "qi_2": 0.000859824707399606,
  "rpve_csf": 14.08746785295972,
  "rpve_gm": 9.331469068996569,
  "rpve_wm": 14.438259506076049,
  "size_x": 224,
  "size_y": 300,
  "size_z": 320,
  "snr_csf": 0.8792168933152718,
  "snr_gm": 4.966009046784582,
  "snr_total": 7.429110608113979,
  "snr_wm": 16.442105884242086,
  "snrd_csf": 7.015705472046836,
  "snrd_gm": 39.27410071434796,
  "snrd_total": 42.727031317676655,
  "snrd_wm": 81.89128776663519,
  "spacing_x": 0.75,
  "spacing_y": 0.75,
  "spacing_z": 0.75,
  "summary_bg_k": 182.67972111411214,
  "summary_bg_mad": 0.0,
  "summary_bg_mean": 3.6140158873013695,
  "summary_bg_median": 0.0,
  "summary_bg_n": 5203548.0,
  "summary_bg_p05": 0.0,
  "summary_bg_p95": 15.892456024885178,
  "summary_bg_stdv": 8.000307667578682,
  "summary_csf_k": 86.95079989551147,
  "summary_csf_mad": 73.41027444197381,
  "summary_csf_mean": 103.60055461818096,
  "summary_csf_median": 85.6734601855278,
  "summary_csf_n": 123430.0,
  "summary_csf_p05": 13.413816094398499,
  "summary_csf_p95": 244.423057615757,
  "summary_csf_stdv": 97.44252389072302,
  "summary_gm_k": -0.3573163748808743,
  "summary_gm_mad": 101.94430337701664,
  "summary_gm_mean": 474.7559847890714,
  "summary_gm_median": 479.6022463142872,
  "summary_gm_n": 83615.0,
  "summary_gm_p05": 309.296354714036,
  "summary_gm_p95": 625.2004718780518,
  "summary_gm_stdv": 96.57642059599898,
  "summary_wm_k": 2.6579807385095684,
  "summary_wm_mad": 50.32365103089371,
  "summary_wm_mean": 994.8398023604984,
  "summary_wm_median": 1000.0291503071785,
  "summary_wm_n": 545275.0,
  "summary_wm_p05": 888.7819581329823,
  "summary_wm_p95": 1081.6784656643867,
  "summary_wm_stdv": 60.82117706527732,
  "tpm_overlap_csf": 0.14214737482808004,
  "tpm_overlap_gm": 0.4294962568441331,
  "tpm_overlap_wm": 0.45837353725959223,
  "wm2max": 0.60181805419065
}