{
  "bids_meta": {
    "AcquisitionMatrixPE": 300,
    "AcquisitionNumber": 1,
    "AcquisitionTime": "15:26:59.745000",
    "BaseResolution": 320,
    "CoilCombinationMethod": "Adaptive Combine",
    "CoilString": "C:A32",
    "ConversionSoftware": "dcm2niix",
    "ConversionSoftwareVersion": "v1.0.20211220",
    "Dcm2bidsVersion": "2.1.6",
    "DeviceSerialNumber": "18981",
    "DwellTime": 6.5e-06,
    "EchoTime": 0.00299,
    "ImageComments": "DENOISED IMAGE (lambda = 150)",
    "ImageOrientationPatientDICOM": [
      0,
      1,
      0,
      0,
      0,
      -1
    ],
    "ImageOrientationText": "Sag",
    "ImageType": [
      "ORIGINAL",
      "PRIMARY",
      "M",
      "ND",
      "UNI"
    ],
    "ImagingFrequency": 297.223,
    "InPlanePhaseEncodingDirectionDICOM": "ROW",
    "MRAcquisitionType": "3D",
    "MagneticFieldStrength": 6.98,
    "Manufacturer": "Siemens",
    "ManufacturersModelName": "Investigational_Device_7T",
    "MatrixCoilMode": "GRAPPA",
    "Modality": "MR",
    "ParallelReductionFactorInPlane": 3,
    "PartialFourier": 0.75,
    "PatientPosition": "HFS",
    "PercentPhaseFOV": 93.75,
    "PercentSampling": 100,
    "PhaseEncodingSteps": 226,
    "PhaseResolution": 1,
    "PixelBandwidth": 240,
    "ProtocolName": "mp2rage-wip900_0.75iso_7T",
    "PulseSequenceDetails": "%CustomerSeq%\\tfl_wip900b17a",
    "ReceiveCoilName": "32Ch_Head_7T",
    "ReconMatrixPE": 300,
    "RefLinesPE": 32,
    "RepetitionTime": 6,
    "SAR": 0.072283,
    "ScanOptions": "IR\\PFP",
    "ScanningSequence": "GR\\IR",
    "SequenceName": "tfl3d1_ns",
    "SequenceVariant": "SP\\MP",
    "SeriesDescription": "mp2rage-wip900_0.75iso_7T_UNI-DEN",
    "SeriesNumber": 29,
    "ShimSetting": [
      -69,
      118,
      995,
      590,
      -203,
      44,
      -609,
      6
    ],
    "SliceThickness": 0.75,
    "SoftwareVersions": "syngo MR B17",
    "StationName": "MRC18981",
    "TxRefAmp": 220,
    "acq_id": "MP2R",
    "dataset": "ds004056",
    "modality": "T1w",
    "session_id": "01",
    "subject_id": "28"
  },
  "cjv": 0.2623504300498894,
  "cnr": 4.403339576997391,
  "efc": 0.5011801462317972,
  "fber": 9002.04757879483,
  "fwhm_avg": 4.202133333333333,
  "fwhm_x": 4.39536,
  "fwhm_y": 4.5036266666666664,
  "fwhm_z": 3.7074133333333332,
  "icvs_csf": 0.29065305424561255,
  "icvs_gm": 0.4048852181460717,
  "icvs_wm": 0.30446172760831575,
  "inu_med": 0.6736389398574829,
  "inu_range": 0.09312514066696176,
  "provenance": {
    "md5sum": "6fd474a807d1b2fe1a371e2dc0d25833",
    "settings": {
      "testing": false
    },
    "software": "mriqc",
    "version": "23.0.1",
    "warnings": {
      "large_rot_frame": true,
      "small_air_mask": false
    },
    "webapi_port": null,
    "webapi_url": "https://mriqc.nimh.nih.gov/api/v1"
  },
  "qi_1": 0.00025765647921364916,
  "qi_2": 0.0010569712909276787,
  "rpve_csf": 14.525305649082402,
  "rpve_gm": 10.035497997187296,
  "rpve_wm": 16.861650065664314,
  "size_x": 224,
  "size_y": 300,
  "size_z": 320,
  "snr_csf": 0.8605592681387034,
  "snr_gm": 5.109494782258271,
  "snr_total": 5.975524351647606,
  "snr_wm": 11.956519004545843,
  "snrd_csf": 6.24010048706772,
  "snrd_gm": 46.421861098225406,
  "snrd_total": 51.27588051845944,
  "snrd_wm": 101.16567997008518,
  "spacing_x": 0.75,
  "spacing_y": 0.75,
  "spacing_z": 0.75,
  "summary_bg_k": 140.67889355184994,
  "summary_bg_mad": 0.0,
  "summary_bg_mean": 3.313144709069369,
  "summary_bg_median": 0.0,
  "summary_bg_n": 4911915.0,
  "summary_bg_p05": 0.0,
  "summary_bg_p95": 11.790475882589817,
  "summary_bg_stdv": 6.476051247339158,
  "summary_csf_k": 121.09912137281627,
  "summary_csf_mad": 52.0007331511273,
  "summary_csf_mean": 78.14199286386786,
  "summary_csf_median": 61.68365937657654,
  "summary_csf_n": 85206.0,
  "summary_csf_p05": 12.8992132935673,
  "summary_csf_p95": 193.2718603964895,
  "summary_csf_stdv": 71.67815128075176,
  "summary_gm_k": 0.09950545454243409,
  "summary_gm_mad": 86.36050825561156,
  "summary_gm_mean": 450.8345707620925,
  "summary_gm_median": 458.8820762652904,
  "summary_gm_n": 59774.0,
  "summary_gm_p05": 284.3776247277856,
  "summary_gm_p95": 583.3310900535434,
  "summary_gm_stdv": 89.80892579967819,
  "summary_wm_k": 3.5028891485007945,
  "summary_wm_mad": 55.60911093339519,
  "summary_wm_mean": 982.8481802926248,
  "summary_wm_median": 1000.0270599499345,
  "summary_wm_n": 433758.0,
  "summary_wm_p05": 796.8536336258986,
  "summary_wm_p95": 1079.9643230438232,
  "summary_wm_stdv": 83.63854954952843,
  "tpm_overlap_csf": 0.1498210159570264,
  "tpm_overlap_gm": 0.4437744107346531,
  "tpm_overlap_wm": 0.474190304556371,
  "wm2max": 0.6175994121281961
}