{
  "bids_meta": {
    "AcquisitionMatrixPE": 300,
    "AcquisitionNumber": 1,
    "AcquisitionTime": "17:22:52.507500",
    "BaseResolution": 320,
    "CoilCombinationMethod": "Adaptive Combine",
    "CoilString": "C:HEA;HEP",
    "ConversionSoftware": "dcm2niix",
    "ConversionSoftwareVersion": "v1.0.20211220",
    "Dcm2bidsVersion": "2.1.6",
    "DeviceSerialNumber": "40463",
    "DwellTime": 7.4e-06,
    "EchoTime": 0.00224,
    "FlipAngle": 8,
    "ImageOrientationPatientDICOM": [
      0,
      1,
      0,
      0,
      0,
      -1
    ],
    "ImageOrientationText": "Sag",
    "ImageType": [
      "ORIGINAL",
      "PRIMARY",
      "M",
      "ND"
    ],
    "ImagingFrequency": 123.122,
    "InPlanePhaseEncodingDirectionDICOM": "ROW",
    "InversionTime": 1.06,
    "MRAcquisitionType": "3D",
    "MagneticFieldStrength": 3,
    "Manufacturer": "Siemens",
    "ManufacturersModelName": "Verio",
    "MatrixCoilMode": "GRAPPA",
    "Modality": "MR",
    "ParallelReductionFactorInPlane": 2,
    "PartialFourier": 1,
    "PatientPosition": "HFS",
    "PercentPhaseFOV": 93.75,
    "PercentSampling": 100,
    "PhaseEncodingSteps": 299,
    "PhaseResolution": 1,
    "PixelBandwidth": 211,
    "ProtocolName": "T1w_MPR2_0.8iso",
    "PulseSequenceDetails": "%SiemensSeq%\\tfl",
    "ReceiveCoilName": "32Ch_Head",
    "ReconMatrixPE": 300,
    "RefLinesPE": 32,
    "RepetitionTime": 2.4,
    "SAR": 0.0300122,
    "ScanOptions": "IR\\WE",
    "ScanningSequence": "GR\\IR",
    "SequenceName": "*tfl3d1_ns",
    "SequenceVariant": "SP\\MP",
    "SeriesDescription": "T1w_MPR2_0.8iso",
    "SeriesNumber": 16,
    "ShimSetting": [
      2865,
      7504,
      -15100,
      201,
      973,
      -939,
      -405,
      1146
    ],
    "SliceThickness": 0.8,
    "SoftwareVersions": "syngo MR B17",
    "StationName": "MRC40463",
    "TxRefAmp": 448.349,
    "acq_id": "02",
    "dataset": "ds004056",
    "modality": "T1w",
    "session_id": "02",
    "subject_id": "04"
  },
  "cjv": 0.4350799165020896,
  "cnr": 3.132283919120552,
  "efc": 0.5387332307013447,
  "fber": 30491.322664359857,
  "fwhm_avg": 4.628229097700679,
  "fwhm_x": 4.521862432618999,
  "fwhm_y": 4.55991243205201,
  "fwhm_z": 4.802912428431028,
  "icvs_csf": 0.1977371402164106,
  "icvs_gm": 0.42161506931932907,
  "icvs_wm": 0.38064779046426034,
  "inu_med": 0.7701698243618011,
  "inu_range": 0.6266237825155258,
  "provenance": {
    "md5sum": "b7363faa6850994dfeb645ee9ea184db",
    "settings": {
      "testing": false
    },
    "software": "mriqc",
    "version": "23.0.1",
    "warnings": {
      "large_rot_frame": true,
      "small_air_mask": false
    },
    "webapi_port": null,
    "webapi_url": "https://mriqc.nimh.nih.gov/api/v1"
  },
  "qi_1": 0.0,
  "qi_2": 0.0053386756403338365,
  "rpve_csf": 26.174327463396057,
  "rpve_gm": 12.716963896095177,
  "rpve_wm": 15.818747674551327,
  "size_x": 224,
  "size_y": 300,
  "size_z": 320,
  "snr_csf": 2.866299439223939,
  "snr_gm": 13.294594099904058,
  "snr_total": 12.203102641578695,
  "snr_wm": 20.44841438560809,
  "snrd_csf": 18.39758510420548,
  "snrd_gm": 45.88769974286241,
  "snrd_total": 41.51171185934297,
  "snrd_wm": 60.249850730961015,
  "spacing_x": 0.800000011920929,
  "spacing_y": 0.800000011920929,
  "spacing_z": 0.800000011920929,
  "summary_bg_k": 4.131536304122264,
  "summary_bg_mad": 0.0,
  "summary_bg_mean": 7.550312182799937,
  "summary_bg_median": 0.0,
  "summary_bg_n": 7482606.0,
  "summary_bg_p05": 0.0,
  "summary_bg_p95": 29.963025581091642,
  "summary_bg_stdv": 10.874122718819638,
  "summary_csf_k": 9.511707700116423,
  "summary_csf_mad": 81.09605735173174,
  "summary_csf_mean": 318.26333258989416,
  "summary_csf_median": 305.3678564541042,
  "summary_csf_n": 94324.0,
  "summary_csf_p05": 172.3830237686634,
  "summary_csf_p95": 512.1276082245629,
  "summary_csf_stdv": 106.53675382038729,
  "summary_gm_k": 0.03907350354638872,
  "summary_gm_mad": 57.65570511020555,
  "summary_gm_mean": 762.0922939722091,
  "summary_gm_median": 761.655860196799,
  "summary_gm_n": 75027.0,
  "summary_gm_p05": 668.8767327591777,
  "summary_gm_p95": 856.3050204366446,
  "summary_gm_stdv": 57.290262386195266,
  "summary_wm_k": 0.5505220148863579,
  "summary_wm_mad": 46.06155238859044,
  "summary_wm_mean": 1003.1398625289621,
  "summary_wm_median": 1000.0425417348742,
  "summary_wm_n": 448068.0,
  "summary_wm_p05": 928.6837900318205,
  "summary_wm_p95": 1088.996602077037,
  "summary_wm_stdv": 48.905573162121236,
  "tpm_overlap_csf": 0.14173030433216488,
  "tpm_overlap_gm": 0.4435320527476433,
  "tpm_overlap_wm": 0.5027189339623246,
  "wm2max": 0.6264476368247797
}