{
  "bids_meta": {
    "AcquisitionMatrixPE": 302,
    "AcquisitionNumber": 1,
    "AcquisitionTime": "10:50:5.230000",
    "BaseResolution": 320,
    "CoilCombinationMethod": "Adaptive Combine",
    "CoilString": "C:HEA;HEP",
    "ConversionSoftware": "dcm2niix",
    "ConversionSoftwareVersion": "v1.0.20211220",
    "Dcm2bidsVersion": "2.1.6",
    "DeviceSerialNumber": "40463",
    "DwellTime": 2.1e-06,
    "EchoTime": 0.56,
    "EchoTrainLength": 167,
    "FlipAngle": 120,
    "ImageOrientationPatientDICOM": [
      0,
      1,
      0,
      0,
      0,
      -1
    ],
    "ImageOrientationText": "Sag",
    "ImageType": [
      "ORIGINAL",
      "PRIMARY",
      "M",
      "ND"
    ],
    "ImagingFrequency": 123.122,
    "InPlanePhaseEncodingDirectionDICOM": "ROW",
    "MRAcquisitionType": "3D",
    "MagneticFieldStrength": 3,
    "Manufacturer": "Siemens",
    "ManufacturersModelName": "Verio",
    "MatrixCoilMode": "GRAPPA",
    "Modality": "MR",
    "ParallelReductionFactorInPlane": 2,
    "PartialFourier": 1,
    "PatientPosition": "HFS",
    "PercentPhaseFOV": 93.75,
    "PercentSampling": 100.667,
    "PhaseEncodingDirection": "i",
    "PhaseEncodingSteps": 290,
    "PhaseResolution": 1.00667,
    "PixelBandwidth": 744,
    "ProtocolName": "T2w_SPC2_0.8iso",
    "PulseSequenceDetails": "%SiemensSeq%\\tse_vfl",
    "ReceiveCoilName": "32Ch_Head",
    "ReconMatrixPE": 300,
    "RefLinesPE": 32,
    "RepetitionTime": 3.2,
    "SAR": 0.0960616,
    "ScanOptions": "PFP",
    "ScanningSequence": "SE",
    "SequenceName": "*spc3d1_334ns",
    "SequenceVariant": "SK\\SP",
    "SeriesDescription": "T2w_SPC2_0.8iso",
    "SeriesNumber": 17,
    "ShimSetting": [
      2838,
      7484,
      -15150,
      -89,
      969,
      -1263,
      313,
      1178
    ],
    "SliceThickness": 0.8,
    "SoftwareVersions": "syngo MR B17",
    "SpoilingState": true,
    "StationName": "MRC40463",
    "TxRefAmp": 454.149,
    "acq_id": "02",
    "dataset": "ds004056",
    "modality": "T2w",
    "session_id": "02",
    "subject_id": "12"
  },
  "cjv": 0.725577498003461,
  "cnr": 1.2500399555202137,
  "efc": 0.5417894070517214,
  "fber": 3971.5850361604207,
  "fwhm_avg": 3.1548874529885134,
  "fwhm_x": 3.0663874543072662,
  "fwhm_y": 3.4917624479686853,
  "fwhm_z": 2.9065124566895895,
  "icvs_csf": 0.3380771695649684,
  "icvs_gm": 0.5043772529228552,
  "icvs_wm": 0.15754557751217638,
  "inu_med": 0.8558221459388733,
  "inu_range": 0.9068285703659055,
  "provenance": {
    "md5sum": "c12f025b10188557ddc789ee3a60b6b8",
    "settings": {
      "testing": false
    },
    "software": "mriqc",
    "version": "23.0.1",
    "warnings": {
      "large_rot_frame": true,
      "small_air_mask": false
    },
    "webapi_port": null,
    "webapi_url": "https://mriqc.nimh.nih.gov/api/v1"
  },
  "qi_1": 0.0,
  "qi_2": 0.004928947726476293,
  "rpve_csf": 13.955574085014652,
  "rpve_gm": 10.997065342819429,
  "rpve_wm": 38.024514858080266,
  "size_x": 224,
  "size_y": 300,
  "size_z": 320,
  "snr_csf": 4.902204666779582,
  "snr_gm": 9.163635026171763,
  "snr_total": 5.363650759629653,
  "snr_wm": 2.025112585937614,
  "snrd_csf": 51.37819076896225,
  "snrd_gm": 30.67092451375488,
  "snrd_total": 54.22292212321492,
  "snrd_wm": 80.61965108692766,
  "spacing_x": 0.800000011920929,
  "spacing_y": 0.800000011920929,
  "spacing_z": 0.800000011920929,
  "summary_bg_k": 14.755311148100343,
  "summary_bg_mad": 8.130288436485934,
  "summary_bg_mean": 7.12461754065232,
  "summary_bg_median": 5.483796216547489,
  "summary_bg_n": 6639742.0,
  "summary_bg_p05": 0.0,
  "summary_bg_p95": 25.106536895036697,
  "summary_bg_stdv": 9.748974629460212,
  "summary_csf_k": 2.381363486164772,
  "summary_csf_mad": 78.31524825265667,
  "summary_csf_mean": 671.4152509709292,
  "summary_csf_median": 637.6069323830307,
  "summary_csf_n": 84253.0,
  "summary_csf_p05": 533.0514201819897,
  "summary_csf_p95": 1040.9764825187622,
  "summary_csf_stdv": 130.06457131623594,
  "summary_gm_k": 0.4883090639484102,
  "summary_gm_mad": 39.72086699994031,
  "summary_gm_mean": 381.257601893644,
  "summary_gm_median": 380.6283132955432,
  "summary_gm_n": 474696.0,
  "summary_gm_p05": 314.65758411213756,
  "summary_gm_p95": 450.4641277641058,
  "summary_gm_stdv": 41.536782214729335,
  "summary_wm_k": -1.5341049732018188,
  "summary_wm_mad": 410.0408119895195,
  "summary_wm_mean": 762.8839754222373,
  "summary_wm_median": 1000.4954952672124,
  "summary_wm_n": 45958.0,
  "summary_wm_p05": 39.372665787301955,
  "summary_wm_p95": 1346.7063803205267,
  "summary_wm_stdv": 494.0390066537314,
  "tpm_overlap_csf": 0.1164380136370753,
  "tpm_overlap_gm": 0.3303552532467401,
  "tpm_overlap_wm": 0.027168787094560717,
  "wm2max": 0.7455749489180473
}