{
  "bids_meta": {
    "AcquisitionMatrixPE": 302,
    "AcquisitionNumber": 1,
    "AcquisitionTime": "18:26:13.212500",
    "BaseResolution": 320,
    "CoilCombinationMethod": "Adaptive Combine",
    "CoilString": "C:HEA;HEP",
    "ConversionSoftware": "dcm2niix",
    "ConversionSoftwareVersion": "v1.0.20211220",
    "Dcm2bidsVersion": "2.1.6",
    "DeviceSerialNumber": "40463",
    "DwellTime": 2.1e-06,
    "EchoTime": 0.56,
    "EchoTrainLength": 167,
    "FlipAngle": 120,
    "ImageOrientationPatientDICOM": [
      0,
      1,
      0,
      0,
      0,
      -1
    ],
    "ImageOrientationText": "Sag",
    "ImageType": [
      "ORIGINAL",
      "PRIMARY",
      "M",
      "ND"
    ],
    "ImagingFrequency": 123.122,
    "InPlanePhaseEncodingDirectionDICOM": "ROW",
    "MRAcquisitionType": "3D",
    "MagneticFieldStrength": 3,
    "Manufacturer": "Siemens",
    "ManufacturersModelName": "Verio",
    "MatrixCoilMode": "GRAPPA",
    "Modality": "MR",
    "ParallelReductionFactorInPlane": 2,
    "PartialFourier": 1,
    "PatientPosition": "HFS",
    "PercentPhaseFOV": 93.75,
    "PercentSampling": 100.667,
    "PhaseEncodingDirection": "i",
    "PhaseEncodingSteps": 290,
    "PhaseResolution": 1.00667,
    "PixelBandwidth": 744,
    "ProtocolName": "T2w_SPC1_0.8iso",
    "PulseSequenceDetails": "%SiemensSeq%\\tse_vfl",
    "ReceiveCoilName": "32Ch_Head",
    "ReconMatrixPE": 300,
    "RefLinesPE": 32,
    "RepetitionTime": 3.2,
    "SAR": 0.102129,
    "ScanOptions": "PFP",
    "ScanningSequence": "SE",
    "SequenceName": "*spc3d1_334ns",
    "SequenceVariant": "SK\\SP",
    "SeriesDescription": "T2w_SPC1_0.8iso",
    "SeriesNumber": 15,
    "ShimSetting": [
      2827,
      7534,
      -15074,
      147,
      705,
      -786,
      -608,
      1155
    ],
    "SliceThickness": 0.8,
    "SoftwareVersions": "syngo MR B17",
    "SpoilingState": true,
    "StationName": "MRC40463",
    "TxRefAmp": 463.166,
    "acq_id": "01",
    "dataset": "ds004056",
    "modality": "T2w",
    "session_id": "02",
    "subject_id": "05"
  },
  "cjv": 0.21198792324695984,
  "cnr": 1.6967789396667374,
  "efc": 0.4989433825794015,
  "fber": 5118.690415758855,
  "fwhm_avg": 3.2604207847492774,
  "fwhm_x": 3.1116749536324297,
  "fwhm_y": 3.4391499487526724,
  "fwhm_z": 3.230437451862731,
  "icvs_csf": 0.2788722567573195,
  "icvs_gm": 0.6383075361182551,
  "icvs_wm": 0.08282020712442544,
  "inu_med": 0.9040015339851379,
  "inu_range": 0.734057143330574,
  "provenance": {
    "md5sum": "ff2d1c48cb3db969f67a9003b1d2f7a1",
    "settings": {
      "testing": false
    },
    "software": "mriqc",
    "version": "23.0.1",
    "warnings": {
      "large_rot_frame": true,
      "small_air_mask": false
    },
    "webapi_port": null,
    "webapi_url": "https://mriqc.nimh.nih.gov/api/v1"
  },
  "qi_1": 0.0,
  "qi_2": 0.0060213982314097055,
  "rpve_csf": 12.88186041187284,
  "rpve_gm": 7.692956372159829,
  "rpve_wm": 54.94828707996701,
  "size_x": 224,
  "size_y": 300,
  "size_z": 320,
  "snr_csf": 6.268486244993576,
  "snr_gm": 5.600283941663964,
  "snr_total": 4.807501373432028,
  "snr_wm": 2.5537339336385436,
  "snrd_csf": 99.37894224938978,
  "snrd_gm": 35.564116873120454,
  "snrd_total": 81.125211175255,
  "snrd_wm": 108.4325744032548,
  "spacing_x": 0.800000011920929,
  "spacing_y": 0.800000011920929,
  "spacing_z": 0.800000011920929,
  "summary_bg_k": 11.175215838224895,
  "summary_bg_mad": 6.042016688443793,
  "summary_bg_mean": 6.637514314566263,
  "summary_bg_median": 4.075278326869011,
  "summary_bg_n": 7262951.0,
  "summary_bg_p05": 0.0,
  "summary_bg_p95": 25.23009391129017,
  "summary_bg_stdv": 9.757775207591143,
  "summary_csf_k": 2.7042711671427497,
  "summary_csf_mad": 92.93843647729835,
  "summary_csf_mean": 877.6374688825407,
  "summary_csf_median": 916.5255167484283,
  "summary_csf_n": 114273.0,
  "summary_csf_p05": 558.3818152472377,
  "summary_csf_p95": 1038.16570635885,
  "summary_csf_stdv": 146.21097832453148,
  "summary_gm_k": 0.6704477187228628,
  "summary_gm_mad": 50.78009531411188,
  "summary_gm_mean": 337.7520613448225,
  "summary_gm_median": 327.9912208467722,
  "summary_gm_n": 718871.0,
  "summary_gm_p05": 258.25359284877777,
  "summary_gm_p95": 452.287209816277,
  "summary_gm_stdv": 58.56685056219471,
  "summary_wm_k": -0.5211157825279682,
  "summary_wm_mad": 91.68251166003756,
  "summary_wm_mean": 801.6003727237986,
  "summary_wm_median": 1000.022932805121,
  "summary_wm_n": 39593.0,
  "summary_wm_p05": 47.15417551696301,
  "summary_wm_p95": 1115.2846249893307,
  "summary_wm_stdv": 391.5875067360787,
  "tpm_overlap_csf": 0.1400831116031308,
  "tpm_overlap_gm": 0.41330338573072306,
  "tpm_overlap_wm": 0.052770787534839055,
  "wm2max": 0.8740519880735598
}