{
  "bids_meta": {
    "AcquisitionMatrixPE": 300,
    "AcquisitionNumber": 1,
    "AcquisitionTime": "18:19:32.427500",
    "BaseResolution": 320,
    "CoilCombinationMethod": "Adaptive Combine",
    "CoilString": "C:HEA;HEP",
    "ConversionSoftware": "dcm2niix",
    "ConversionSoftwareVersion": "v1.0.20211220",
    "Dcm2bidsVersion": "2.1.6",
    "DeviceSerialNumber": "40463",
    "DwellTime": 7.4e-06,
    "EchoTime": 0.00224,
    "FlipAngle": 8,
    "ImageOrientationPatientDICOM": [
      0,
      1,
      0,
      0,
      0,
      -1
    ],
    "ImageOrientationText": "Sag",
    "ImageType": [
      "ORIGINAL",
      "PRIMARY",
      "M",
      "ND"
    ],
    "ImagingFrequency": 123.122,
    "InPlanePhaseEncodingDirectionDICOM": "ROW",
    "InversionTime": 1.06,
    "MRAcquisitionType": "3D",
    "MagneticFieldStrength": 3,
    "Manufacturer": "Siemens",
    "ManufacturersModelName": "Verio",
    "MatrixCoilMode": "GRAPPA",
    "Modality": "MR",
    "ParallelReductionFactorInPlane": 2,
    "PartialFourier": 1,
    "PatientPosition": "HFS",
    "PercentPhaseFOV": 93.75,
    "PercentSampling": 100,
    "PhaseEncodingSteps": 299,
    "PhaseResolution": 1,
    "PixelBandwidth": 211,
    "ProtocolName": "T1w_MPR1_0.8iso",
    "PulseSequenceDetails": "%SiemensSeq%\\tfl",
    "ReceiveCoilName": "32Ch_Head",
    "ReconMatrixPE": 300,
    "RefLinesPE": 32,
    "RepetitionTime": 2.4,
    "SAR": 0.0311609,
    "ScanOptions": "IR\\WE",
    "ScanningSequence": "GR\\IR",
    "SequenceName": "*tfl3d1_ns",
    "SequenceVariant": "SP\\MP",
    "SeriesDescription": "T1w_MPR1_0.8iso",
    "SeriesNumber": 14,
    "ShimSetting": [
      2827,
      7534,
      -15074,
      147,
      705,
      -786,
      -608,
      1155
    ],
    "SliceThickness": 0.8,
    "SoftwareVersions": "syngo MR B17",
    "StationName": "MRC40463",
    "TxRefAmp": 463.166,
    "acq_id": "01",
    "dataset": "ds004056",
    "modality": "T1w",
    "session_id": "02",
    "subject_id": "05"
  },
  "cjv": 0.46273517295152256,
  "cnr": 2.94369986132958,
  "efc": 0.5465040668912395,
  "fber": 15806.326610331635,
  "fwhm_avg": 4.860233260910214,
  "fwhm_x": 4.8434249278273445,
  "fwhm_y": 4.6958999300256385,
  "fwhm_z": 5.04137492487766,
  "icvs_csf": 0.21679525018899728,
  "icvs_gm": 0.40736776054576884,
  "icvs_wm": 0.37583698926523385,
  "inu_med": 0.8931289911270142,
  "inu_range": 0.8145576506853102,
  "provenance": {
    "md5sum": "3dc27db901851c405ae85b8c803d958e",
    "settings": {
      "testing": false
    },
    "software": "mriqc",
    "version": "23.0.1",
    "warnings": {
      "large_rot_frame": true,
      "small_air_mask": false
    },
    "webapi_port": null,
    "webapi_url": "https://mriqc.nimh.nih.gov/api/v1"
  },
  "qi_1": 0.0,
  "qi_2": 0.004528110945511092,
  "rpve_csf": 20.57627464788054,
  "rpve_gm": 10.6082227135868,
  "rpve_wm": 12.723243755765369,
  "size_x": 224,
  "size_y": 300,
  "size_z": 320,
  "snr_csf": 2.860530819426379,
  "snr_gm": 13.606143614542226,
  "snr_total": 10.763101925562959,
  "snr_wm": 15.822631342720273,
  "snrd_csf": 16.043462522352872,
  "snrd_gm": 40.51865268423018,
  "snrd_total": 36.850416535901,
  "snrd_wm": 53.989134401119934,
  "spacing_x": 0.800000011920929,
  "spacing_y": 0.800000011920929,
  "spacing_z": 0.800000011920929,
  "summary_bg_k": 4.4303536581564655,
  "summary_bg_mad": 0.0,
  "summary_bg_mean": 8.626700364989713,
  "summary_bg_median": 0.0,
  "summary_bg_n": 7252120.0,
  "summary_bg_p05": 0.0,
  "summary_bg_p95": 33.92013707756996,
  "summary_bg_stdv": 12.135248378612639,
  "summary_csf_k": 68.90619076776603,
  "summary_csf_mad": 66.28422264639512,
  "summary_csf_mean": 310.26468563268776,
  "summary_csf_median": 297.17689714953303,
  "summary_csf_n": 199902.0,
  "summary_csf_p05": 191.7131798118353,
  "summary_csf_p95": 478.63889629393816,
  "summary_csf_stdv": 103.88846427521905,
  "summary_gm_k": 0.17504911004006596,
  "summary_gm_mad": 54.34828819626395,
  "summary_gm_mean": 750.85009959188,
  "summary_gm_median": 750.5367039442062,
  "summary_gm_n": 96622.0,
  "summary_gm_p05": 660.852290879935,
  "summary_gm_p95": 841.1871968619525,
  "summary_gm_stdv": 55.161318395240805,
  "summary_wm_k": 0.3189011829465267,
  "summary_wm_mad": 61.111984384671615,
  "summary_wm_mean": 1006.2356071404274,
  "summary_wm_median": 1000.0536616556346,
  "summary_wm_n": 497392.0,
  "summary_wm_p05": 913.4821725636721,
  "summary_wm_p95": 1120.8136433400214,
  "summary_wm_stdv": 63.203940905691674,
  "tpm_overlap_csf": 0.14228278847594147,
  "tpm_overlap_gm": 0.42789182178832946,
  "tpm_overlap_wm": 0.4532812336867307,
  "wm2max": 0.5536473035210221
}