{
  "bids_meta": {
    "AcquisitionMatrixPE": 300,
    "AcquisitionNumber": 1,
    "AcquisitionTime": "18:32:15.530000",
    "BaseResolution": 320,
    "CoilCombinationMethod": "Adaptive Combine",
    "CoilString": "C:HEA;HEP",
    "ConversionSoftware": "dcm2niix",
    "ConversionSoftwareVersion": "v1.0.20211220",
    "Dcm2bidsVersion": "2.1.6",
    "DeviceSerialNumber": "40463",
    "DwellTime": 7.4e-06,
    "EchoTime": 0.00224,
    "FlipAngle": 8,
    "ImageOrientationPatientDICOM": [
      0,
      1,
      0,
      0,
      0,
      -1
    ],
    "ImageOrientationText": "Sag",
    "ImageType": [
      "ORIGINAL",
      "PRIMARY",
      "M",
      "ND"
    ],
    "ImagingFrequency": 123.122,
    "InPlanePhaseEncodingDirectionDICOM": "ROW",
    "InversionTime": 1.06,
    "MRAcquisitionType": "3D",
    "MagneticFieldStrength": 3,
    "Manufacturer": "Siemens",
    "ManufacturersModelName": "Verio",
    "MatrixCoilMode": "GRAPPA",
    "Modality": "MR",
    "ParallelReductionFactorInPlane": 2,
    "PartialFourier": 1,
    "PatientPosition": "HFS",
    "PercentPhaseFOV": 93.75,
    "PercentSampling": 100,
    "PhaseEncodingSteps": 299,
    "PhaseResolution": 1,
    "PixelBandwidth": 211,
    "ProtocolName": "T1w_MPR2_0.8iso",
    "PulseSequenceDetails": "%SiemensSeq%\\tfl",
    "ReceiveCoilName": "32Ch_Head",
    "ReconMatrixPE": 300,
    "RefLinesPE": 32,
    "RepetitionTime": 2.4,
    "SAR": 0.0311609,
    "ScanOptions": "IR\\WE",
    "ScanningSequence": "GR\\IR",
    "SequenceName": "*tfl3d1_ns",
    "SequenceVariant": "SP\\MP",
    "SeriesDescription": "T1w_MPR2_0.8iso",
    "SeriesNumber": 16,
    "ShimSetting": [
      2827,
      7534,
      -15074,
      147,
      705,
      -786,
      -608,
      1155
    ],
    "SliceThickness": 0.8,
    "SoftwareVersions": "syngo MR B17",
    "StationName": "MRC40463",
    "TxRefAmp": 463.166,
    "acq_id": "02",
    "dataset": "ds004056",
    "modality": "T1w",
    "session_id": "02",
    "subject_id": "05"
  },
  "cjv": 0.45732008730023543,
  "cnr": 2.9894448748818245,
  "efc": 0.5463176239677272,
  "fber": 16723.192148760332,
  "fwhm_avg": 4.823970761450568,
  "fwhm_x": 4.814549928257616,
  "fwhm_y": 4.666724930460379,
  "fwhm_z": 4.990637425633707,
  "icvs_csf": 0.2191639094633962,
  "icvs_gm": 0.4135650752200131,
  "icvs_wm": 0.3672710153165907,
  "inu_med": 0.891638994216919,
  "inu_range": 0.8162888050079341,
  "provenance": {
    "md5sum": "b569fd90035e19109d311147581e9f0f",
    "settings": {
      "testing": false
    },
    "software": "mriqc",
    "version": "23.0.1",
    "warnings": {
      "large_rot_frame": true,
      "small_air_mask": false
    },
    "webapi_port": null,
    "webapi_url": "https://mriqc.nimh.nih.gov/api/v1"
  },
  "qi_1": 0.0,
  "qi_2": 0.004582274520706574,
  "rpve_csf": 20.228681193985743,
  "rpve_gm": 10.5029137642019,
  "rpve_wm": 12.999480957870876,
  "size_x": 224,
  "size_y": 300,
  "size_z": 320,
  "snr_csf": 2.8965051855384276,
  "snr_gm": 13.513258108588984,
  "snr_total": 10.985199118984212,
  "snr_wm": 16.54583406282523,
  "snrd_csf": 16.493737228026067,
  "snrd_gm": 42.09958830169931,
  "snrd_total": 38.193967464461814,
  "snrd_wm": 55.988576863660064,
  "spacing_x": 0.800000011920929,
  "spacing_y": 0.800000011920929,
  "spacing_z": 0.800000011920929,
  "summary_bg_k": 3.990039964024313,
  "summary_bg_mad": 0.0,
  "summary_bg_mean": 8.32049471808968,
  "summary_bg_median": 0.0,
  "summary_bg_n": 7247480.0,
  "summary_bg_p05": 0.0,
  "summary_bg_p95": 32.841427981853485,
  "summary_bg_stdv": 11.701879278102638,
  "summary_csf_k": 67.53503656356742,
  "summary_csf_mad": 63.648070568350235,
  "summary_csf_mean": 308.0417368588564,
  "summary_csf_median": 294.6069274842739,
  "summary_csf_n": 200328.0,
  "summary_csf_p05": 193.345857873559,
  "summary_csf_p95": 476.3429112665352,
  "summary_csf_stdv": 101.7109148096292,
  "summary_gm_k": 0.15746027144724684,
  "summary_gm_mad": 55.05558104162296,
  "summary_gm_mean": 752.170461631146,
  "summary_gm_median": 751.9721083492041,
  "summary_gm_n": 101664.0,
  "summary_gm_p05": 661.2825441509485,
  "summary_gm_p95": 843.0909722596407,
  "summary_gm_stdv": 55.646714062367536,
  "summary_wm_k": 0.3020935795231168,
  "summary_wm_mad": 58.397104746461345,
  "summary_wm_mean": 1005.3066586895634,
  "summary_wm_median": 1000.0536795258522,
  "summary_wm_n": 490044.0,
  "summary_wm_p05": 915.3743112981319,
  "summary_wm_p95": 1113.9254281818867,
  "summary_wm_stdv": 60.44135674011817,
  "tpm_overlap_csf": 0.14670991287255816,
  "tpm_overlap_gm": 0.435480703390755,
  "tpm_overlap_wm": 0.46122573965939806,
  "wm2max": 0.552259594013928
}