{
  "bids_meta": {
    "AcquisitionMatrixPE": 302,
    "AcquisitionNumber": 1,
    "AcquisitionTime": "18:38:55.227500",
    "BaseResolution": 320,
    "CoilCombinationMethod": "Adaptive Combine",
    "CoilString": "C:HEA;HEP",
    "ConversionSoftware": "dcm2niix",
    "ConversionSoftwareVersion": "v1.0.20211220",
    "Dcm2bidsVersion": "2.1.6",
    "DeviceSerialNumber": "40463",
    "DwellTime": 2.1e-06,
    "EchoTime": 0.56,
    "EchoTrainLength": 167,
    "FlipAngle": 120,
    "ImageOrientationPatientDICOM": [
      0,
      1,
      0,
      0,
      0,
      -1
    ],
    "ImageOrientationText": "Sag",
    "ImageType": [
      "ORIGINAL",
      "PRIMARY",
      "M",
      "ND"
    ],
    "ImagingFrequency": 123.122,
    "InPlanePhaseEncodingDirectionDICOM": "ROW",
    "MRAcquisitionType": "3D",
    "MagneticFieldStrength": 3,
    "Manufacturer": "Siemens",
    "ManufacturersModelName": "Verio",
    "MatrixCoilMode": "GRAPPA",
    "Modality": "MR",
    "ParallelReductionFactorInPlane": 2,
    "PartialFourier": 1,
    "PatientPosition": "HFS",
    "PercentPhaseFOV": 93.75,
    "PercentSampling": 100.667,
    "PhaseEncodingDirection": "i",
    "PhaseEncodingSteps": 290,
    "PhaseResolution": 1.00667,
    "PixelBandwidth": 744,
    "ProtocolName": "T2w_SPC2_0.8iso",
    "PulseSequenceDetails": "%SiemensSeq%\\tse_vfl",
    "ReceiveCoilName": "32Ch_Head",
    "ReconMatrixPE": 300,
    "RefLinesPE": 32,
    "RepetitionTime": 3.2,
    "SAR": 0.102129,
    "ScanOptions": "PFP",
    "ScanningSequence": "SE",
    "SequenceName": "*spc3d1_334ns",
    "SequenceVariant": "SK\\SP",
    "SeriesDescription": "T2w_SPC2_0.8iso",
    "SeriesNumber": 17,
    "ShimSetting": [
      2827,
      7534,
      -15074,
      147,
      705,
      -786,
      -608,
      1155
    ],
    "SliceThickness": 0.8,
    "SoftwareVersions": "syngo MR B17",
    "SpoilingState": true,
    "StationName": "MRC40463",
    "TxRefAmp": 463.166,
    "acq_id": "02",
    "dataset": "ds004056",
    "modality": "T2w",
    "session_id": "02",
    "subject_id": "05"
  },
  "cjv": 0.22001684448858264,
  "cnr": 1.6932485672815605,
  "efc": 0.5026194673433126,
  "fber": 4889.038395378963,
  "fwhm_avg": 3.328962450394594,
  "fwhm_x": 3.1882374524915598,
  "fwhm_y": 3.5177249475818133,
  "fwhm_z": 3.2809249511104084,
  "icvs_csf": 0.262961519181724,
  "icvs_gm": 0.6506460173408063,
  "icvs_wm": 0.08639246347746968,
  "inu_med": 0.9289672374725342,
  "inu_range": 0.8531019985675812,
  "provenance": {
    "md5sum": "ce897f007b4d404efee06b03a4e03285",
    "settings": {
      "testing": false
    },
    "software": "mriqc",
    "version": "23.0.1",
    "warnings": {
      "large_rot_frame": true,
      "small_air_mask": false
    },
    "webapi_port": null,
    "webapi_url": "https://mriqc.nimh.nih.gov/api/v1"
  },
  "qi_1": 0.0,
  "qi_2": 0.006368607042703752,
  "rpve_csf": 13.441084021991337,
  "rpve_gm": 7.6306567039468245,
  "rpve_wm": 53.94043214221078,
  "size_x": 224,
  "size_y": 300,
  "size_z": 320,
  "snr_csf": 6.597797352436879,
  "snr_gm": 6.098685618064395,
  "snr_total": 5.11146118804162,
  "snr_wm": 2.637900593623585,
  "snrd_csf": 96.30202230961217,
  "snrd_gm": 37.47217714094739,
  "snrd_total": 80.21852251475276,
  "snrd_wm": 106.88136809369871,
  "spacing_x": 0.800000011920929,
  "spacing_y": 0.800000011920929,
  "spacing_z": 0.800000011920929,
  "summary_bg_k": 9.75264114211868,
  "summary_bg_mad": 6.130159081187448,
  "summary_bg_mean": 6.3873494793993135,
  "summary_bg_median": 4.134729467332363,
  "summary_bg_n": 7244769.0,
  "summary_bg_p05": 0.0,
  "summary_bg_p95": 22.414586059749126,
  "summary_bg_stdv": 9.013716782681742,
  "summary_csf_k": 3.7943698960638574,
  "summary_csf_mad": 84.53166733005848,
  "summary_csf_mean": 868.6110486945433,
  "summary_csf_median": 901.1050471290946,
  "summary_csf_n": 93209.0,
  "summary_csf_p05": 574.2776534557343,
  "summary_csf_p95": 1016.7082142829895,
  "summary_csf_stdv": 136.5759154448034,
  "summary_gm_k": 0.2913695512440868,
  "summary_gm_mad": 51.22805454395826,
  "summary_gm_mean": 361.1650488271444,
  "summary_gm_median": 350.62989477068186,
  "summary_gm_n": 791855.0,
  "summary_gm_p05": 283.57957422733307,
  "summary_gm_p95": 473.1726371124387,
  "summary_gm_stdv": 57.492662408150906,
  "summary_wm_k": -0.394103870227255,
  "summary_wm_mad": 91.66559514968598,
  "summary_wm_mean": 810.7693635196905,
  "summary_wm_median": 1000.0967573001981,
  "summary_wm_n": 49437.0,
  "summary_wm_p05": 59.84960454702379,
  "summary_wm_p95": 1114.200782775879,
  "summary_wm_stdv": 379.12218709286503,
  "tpm_overlap_csf": 0.13408756904884572,
  "tpm_overlap_gm": 0.4134451656674413,
  "tpm_overlap_wm": 0.046786216978479685,
  "wm2max": 0.8727606507564728
}