{
  "bids_meta": {
    "AcquisitionMatrixPE": 302,
    "AcquisitionNumber": 1,
    "AcquisitionTime": "14:45:1.217500",
    "BaseResolution": 320,
    "CoilCombinationMethod": "Adaptive Combine",
    "CoilString": "C:HEA;HEP",
    "ConversionSoftware": "dcm2niix",
    "ConversionSoftwareVersion": "v1.0.20211220",
    "Dcm2bidsVersion": "2.1.6",
    "DeviceSerialNumber": "40463",
    "DwellTime": 2.1e-06,
    "EchoTime": 0.56,
    "EchoTrainLength": 167,
    "FlipAngle": 120,
    "ImageOrientationPatientDICOM": [
      0,
      1,
      0,
      0,
      0,
      -1
    ],
    "ImageOrientationText": "Sag",
    "ImageType": [
      "ORIGINAL",
      "PRIMARY",
      "M",
      "ND"
    ],
    "ImagingFrequency": 123.122,
    "InPlanePhaseEncodingDirectionDICOM": "ROW",
    "MRAcquisitionType": "3D",
    "MagneticFieldStrength": 3,
    "Manufacturer": "Siemens",
    "ManufacturersModelName": "Verio",
    "MatrixCoilMode": "GRAPPA",
    "Modality": "MR",
    "ParallelReductionFactorInPlane": 2,
    "PartialFourier": 1,
    "PatientPosition": "HFS",
    "PercentPhaseFOV": 93.75,
    "PercentSampling": 100.667,
    "PhaseEncodingDirection": "i",
    "PhaseEncodingSteps": 290,
    "PhaseResolution": 1.00667,
    "PixelBandwidth": 744,
    "ProtocolName": "T2w_SPC1_0.8iso",
    "PulseSequenceDetails": "%SiemensSeq%\\tse_vfl",
    "ReceiveCoilName": "32Ch_Head",
    "ReconMatrixPE": 300,
    "RefLinesPE": 32,
    "RepetitionTime": 3.2,
    "SAR": 0.0968066,
    "ScanOptions": "PFP",
    "ScanningSequence": "SE",
    "SequenceName": "*spc3d1_334ns",
    "SequenceVariant": "SK\\SP",
    "SeriesDescription": "T2w_SPC1_0.8iso",
    "SeriesNumber": 15,
    "ShimSetting": [
      2879,
      7423,
      -15100,
      254,
      853,
      -971,
      -25,
      1149
    ],
    "SliceThickness": 0.8,
    "SoftwareVersions": "syngo MR B17",
    "SpoilingState": true,
    "StationName": "MRC40463",
    "TxRefAmp": 431.188,
    "acq_id": "01",
    "dataset": "ds004056",
    "modality": "T2w",
    "session_id": "02",
    "subject_id": "08"
  },
  "cjv": 0.26935033667319697,
  "cnr": 2.004090694847057,
  "efc": 0.5028463709670141,
  "fber": 6114.541025561,
  "fwhm_avg": 3.160429119572603,
  "fwhm_x": 3.159399952921272,
  "fwhm_y": 3.3252499504499147,
  "fwhm_z": 2.9966374553466224,
  "icvs_csf": 0.3412068847171904,
  "icvs_gm": 0.5068693743330144,
  "icvs_wm": 0.1519237409497952,
  "inu_med": 0.8510560393333435,
  "inu_range": 0.6806398302316665,
  "provenance": {
    "md5sum": "2a4c9f426a3699202f1296617b05db0a",
    "settings": {
      "testing": false
    },
    "software": "mriqc",
    "version": "23.0.1",
    "warnings": {
      "large_rot_frame": true,
      "small_air_mask": false
    },
    "webapi_port": null,
    "webapi_url": "https://mriqc.nimh.nih.gov/api/v1"
  },
  "qi_1": 0.0,
  "qi_2": 0.0043278034615762085,
  "rpve_csf": 14.7438004341835,
  "rpve_gm": 11.53630204977273,
  "rpve_wm": 41.87974842865478,
  "size_x": 224,
  "size_y": 300,
  "size_z": 320,
  "snr_csf": 5.497026134566348,
  "snr_gm": 8.439244018661688,
  "snr_total": 5.644822299235479,
  "snr_wm": 2.9981967444783986,
  "snrd_csf": 64.05090994381321,
  "snrd_gm": 36.36695335202364,
  "snrd_total": 70.56131633571052,
  "snrd_wm": 111.26608571129469,
  "spacing_x": 0.800000011920929,
  "spacing_y": 0.800000011920929,
  "spacing_z": 0.800000011920929,
  "summary_bg_k": 16.254686585372525,
  "summary_bg_mad": 5.887576917475788,
  "summary_bg_mean": 6.106327496826814,
  "summary_bg_median": 3.9711102843284607,
  "summary_bg_n": 6321937.0,
  "summary_bg_p05": 0.0,
  "summary_bg_p95": 21.865926003083587,
  "summary_bg_stdv": 8.879861954372423,
  "summary_csf_k": 1.5922392596729429,
  "summary_csf_mad": 65.86726676426038,
  "summary_csf_mean": 601.2794717589909,
  "summary_csf_median": 575.6124357134104,
  "summary_csf_n": 76953.0,
  "summary_csf_p05": 483.820221491158,
  "summary_csf_p95": 874.7859567590058,
  "summary_csf_stdv": 104.71274496145483,
  "summary_gm_k": 0.8680180573760952,
  "summary_gm_mad": 36.09820597527342,
  "summary_gm_mean": 328.4821726026103,
  "summary_gm_median": 326.8223764002323,
  "summary_gm_n": 428707.0,
  "summary_gm_p05": 268.22368026711047,
  "summary_gm_p95": 394.1326957195997,
  "summary_gm_stdv": 38.7264539934044,
  "summary_wm_k": 0.9695028766561471,
  "summary_wm_mad": 145.20236572724662,
  "summary_wm_mean": 875.7701717190089,
  "summary_wm_median": 999.9255695939064,
  "summary_wm_n": 62392.0,
  "summary_wm_p05": 75.20290100947022,
  "summary_wm_p95": 1182.1362420744263,
  "summary_wm_stdv": 333.506317806472,
  "tpm_overlap_csf": 0.1160378937135876,
  "tpm_overlap_gm": 0.33440309873659735,
  "tpm_overlap_wm": 0.03845432872865076,
  "wm2max": 0.8565536211698165
}