{
  "bids_meta": {
    "AcquisitionMatrixPE": 302,
    "AcquisitionNumber": 1,
    "AcquisitionTime": "14:57:44.222500",
    "BaseResolution": 320,
    "CoilCombinationMethod": "Adaptive Combine",
    "CoilString": "C:HEA;HEP",
    "ConversionSoftware": "dcm2niix",
    "ConversionSoftwareVersion": "v1.0.20211220",
    "Dcm2bidsVersion": "2.1.6",
    "DeviceSerialNumber": "40463",
    "DwellTime": 2.1e-06,
    "EchoTime": 0.56,
    "EchoTrainLength": 167,
    "FlipAngle": 120,
    "ImageOrientationPatientDICOM": [
      0,
      1,
      0,
      0,
      0,
      -1
    ],
    "ImageOrientationText": "Sag",
    "ImageType": [
      "ORIGINAL",
      "PRIMARY",
      "M",
      "ND"
    ],
    "ImagingFrequency": 123.122,
    "InPlanePhaseEncodingDirectionDICOM": "ROW",
    "MRAcquisitionType": "3D",
    "MagneticFieldStrength": 3,
    "Manufacturer": "Siemens",
    "ManufacturersModelName": "Verio",
    "MatrixCoilMode": "GRAPPA",
    "Modality": "MR",
    "ParallelReductionFactorInPlane": 2,
    "PartialFourier": 1,
    "PatientPosition": "HFS",
    "PercentPhaseFOV": 93.75,
    "PercentSampling": 100.667,
    "PhaseEncodingDirection": "i",
    "PhaseEncodingSteps": 290,
    "PhaseResolution": 1.00667,
    "PixelBandwidth": 744,
    "ProtocolName": "T2w_SPC2_0.8iso",
    "PulseSequenceDetails": "%SiemensSeq%\\tse_vfl",
    "ReceiveCoilName": "32Ch_Head",
    "ReconMatrixPE": 300,
    "RefLinesPE": 32,
    "RepetitionTime": 3.2,
    "SAR": 0.0968066,
    "ScanOptions": "PFP",
    "ScanningSequence": "SE",
    "SequenceName": "*spc3d1_334ns",
    "SequenceVariant": "SK\\SP",
    "SeriesDescription": "T2w_SPC2_0.8iso",
    "SeriesNumber": 17,
    "ShimSetting": [
      2879,
      7423,
      -15100,
      254,
      853,
      -971,
      -25,
      1149
    ],
    "SliceThickness": 0.8,
    "SoftwareVersions": "syngo MR B17",
    "SpoilingState": true,
    "StationName": "MRC40463",
    "TxRefAmp": 431.188,
    "acq_id": "02",
    "dataset": "ds004056",
    "modality": "T2w",
    "session_id": "02",
    "subject_id": "08"
  },
  "cjv": 0.24949868601699465,
  "cnr": 2.1584555561395242,
  "efc": 0.49764486535388996,
  "fber": 6575.47225765306,
  "fwhm_avg": 3.1403874532045806,
  "fwhm_x": 3.1572624529531232,
  "fwhm_y": 3.337512450267189,
  "fwhm_z": 2.926387456393429,
  "icvs_csf": 0.3602513472752168,
  "icvs_gm": 0.4852289818953197,
  "icvs_wm": 0.15451967082946352,
  "inu_med": 0.8452858328819275,
  "inu_range": 0.7314388394355772,
  "provenance": {
    "md5sum": "f5c8e1a54e0e12f092f0e95c001cda1b",
    "settings": {
      "testing": false
    },
    "software": "mriqc",
    "version": "23.0.1",
    "warnings": {
      "large_rot_frame": true,
      "small_air_mask": false
    },
    "webapi_port": null,
    "webapi_url": "https://mriqc.nimh.nih.gov/api/v1"
  },
  "qi_1": 0.0,
  "qi_2": 0.009269900142644031,
  "rpve_csf": 14.346134426367094,
  "rpve_gm": 12.026966511289817,
  "rpve_wm": 41.64953987432417,
  "size_x": 224,
  "size_y": 300,
  "size_z": 320,
  "snr_csf": 6.371033331003022,
  "snr_gm": 9.05983054029862,
  "snr_total": 6.212355881281691,
  "snr_wm": 3.20620377254343,
  "snrd_csf": 56.48390962360191,
  "snrd_gm": 32.778267342158564,
  "snrd_total": 63.65589778371731,
  "snrd_wm": 101.70551638539145,
  "spacing_x": 0.800000011920929,
  "spacing_y": 0.800000011920929,
  "spacing_z": 0.800000011920929,
  "summary_bg_k": 9.106215813245164,
  "summary_bg_mad": 0.0,
  "summary_bg_mean": 4.694846476054765,
  "summary_bg_median": 0.0,
  "summary_bg_n": 6331450.0,
  "summary_bg_p05": 0.0,
  "summary_bg_p95": 17.076502880081534,
  "summary_bg_stdv": 6.441340204264948,
  "summary_csf_k": 2.541202296777306,
  "summary_csf_mad": 55.17374727542788,
  "summary_csf_mean": 573.7743764049579,
  "summary_csf_median": 555.3531721830368,
  "summary_csf_n": 91781.0,
  "summary_csf_p05": 473.5377494953573,
  "summary_csf_p95": 827.6917699668556,
  "summary_csf_stdv": 87.16798639974691,
  "summary_gm_k": 0.9257617593626324,
  "summary_gm_mad": 33.34429729969774,
  "summary_gm_mean": 323.7309122939096,
  "summary_gm_median": 322.27788176201284,
  "summary_gm_n": 423652.0,
  "summary_gm_p05": 267.75956515967846,
  "summary_gm_p95": 383.4497098568827,
  "summary_gm_stdv": 35.572133493162916,
  "summary_wm_k": 1.6488165526226046,
  "summary_wm_mad": 135.74017089719476,
  "summary_wm_mean": 887.5295253467194,
  "summary_wm_median": 999.9747101347893,
  "summary_wm_n": 61389.0,
  "summary_wm_p05": 88.90912847667934,
  "summary_wm_p95": 1171.675784278661,
  "summary_wm_stdv": 311.8849070321896,
  "tpm_overlap_csf": 0.11334312774565726,
  "tpm_overlap_gm": 0.31794261118852135,
  "tpm_overlap_wm": 0.034103853236901564,
  "wm2max": 0.8622818499127399
}