{
  "bids_meta": {
    "AcquisitionMatrixPE": 300,
    "AcquisitionNumber": 1,
    "AcquisitionTime": "14:51:3.572500",
    "BaseResolution": 320,
    "CoilCombinationMethod": "Adaptive Combine",
    "CoilString": "C:HEA;HEP",
    "ConversionSoftware": "dcm2niix",
    "ConversionSoftwareVersion": "v1.0.20211220",
    "Dcm2bidsVersion": "2.1.6",
    "DeviceSerialNumber": "40463",
    "DwellTime": 7.4e-06,
    "EchoTime": 0.00224,
    "FlipAngle": 8,
    "ImageOrientationPatientDICOM": [
      0,
      1,
      0,
      0,
      0,
      -1
    ],
    "ImageOrientationText": "Sag",
    "ImageType": [
      "ORIGINAL",
      "PRIMARY",
      "M",
      "ND"
    ],
    "ImagingFrequency": 123.122,
    "InPlanePhaseEncodingDirectionDICOM": "ROW",
    "InversionTime": 1.06,
    "MRAcquisitionType": "3D",
    "MagneticFieldStrength": 3,
    "Manufacturer": "Siemens",
    "ManufacturersModelName": "Verio",
    "MatrixCoilMode": "GRAPPA",
    "Modality": "MR",
    "ParallelReductionFactorInPlane": 2,
    "PartialFourier": 1,
    "PatientPosition": "HFS",
    "PercentPhaseFOV": 93.75,
    "PercentSampling": 100,
    "PhaseEncodingSteps": 299,
    "PhaseResolution": 1,
    "PixelBandwidth": 211,
    "ProtocolName": "T1w_MPR2_0.8iso",
    "PulseSequenceDetails": "%SiemensSeq%\\tfl",
    "ReceiveCoilName": "32Ch_Head",
    "ReconMatrixPE": 300,
    "RefLinesPE": 32,
    "RepetitionTime": 2.4,
    "SAR": 0.0295369,
    "ScanOptions": "IR\\WE",
    "ScanningSequence": "GR\\IR",
    "SequenceName": "*tfl3d1_ns",
    "SequenceVariant": "SP\\MP",
    "SeriesDescription": "T1w_MPR2_0.8iso",
    "SeriesNumber": 16,
    "ShimSetting": [
      2879,
      7423,
      -15100,
      254,
      853,
      -971,
      -25,
      1149
    ],
    "SliceThickness": 0.8,
    "SoftwareVersions": "syngo MR B17",
    "StationName": "MRC40463",
    "TxRefAmp": 431.188,
    "acq_id": "02",
    "dataset": "ds004056",
    "modality": "T1w",
    "session_id": "02",
    "subject_id": "08"
  },
  "cjv": 0.40723016110585525,
  "cnr": 3.319864601989922,
  "efc": 0.535395139834068,
  "fber": 26422.834235735114,
  "fwhm_avg": 4.9512457595540225,
  "fwhm_x": 5.004137425432542,
  "fwhm_y": 4.80378742841799,
  "fwhm_z": 5.045812424811536,
  "icvs_csf": 0.21004957855581952,
  "icvs_gm": 0.4214470906329864,
  "icvs_wm": 0.3685033308111941,
  "inu_med": 0.7758151888847351,
  "inu_range": 0.807002258300781,
  "provenance": {
    "md5sum": "87e1f76402b009f42d634e84f3132855",
    "settings": {
      "testing": false
    },
    "software": "mriqc",
    "version": "23.0.1",
    "warnings": {
      "large_rot_frame": true,
      "small_air_mask": false
    },
    "webapi_port": null,
    "webapi_url": "https://mriqc.nimh.nih.gov/api/v1"
  },
  "qi_1": 0.0,
  "qi_2": 0.004332472409456223,
  "rpve_csf": 25.587051425849026,
  "rpve_gm": 13.031166549974818,
  "rpve_wm": 16.66167724972638,
  "size_x": 224,
  "size_y": 300,
  "size_z": 320,
  "snr_csf": 2.5200422510994764,
  "snr_gm": 13.59437170859069,
  "snr_total": 12.000651727329542,
  "snr_wm": 19.887541222298463,
  "snrd_csf": 20.773185134114172,
  "snrd_gm": 53.65253191869925,
  "snrd_total": 48.645357576191564,
  "snrd_wm": 71.51035567576126,
  "spacing_x": 0.800000011920929,
  "spacing_y": 0.800000011920929,
  "spacing_z": 0.800000011920929,
  "summary_bg_k": 4.705427533469793,
  "summary_bg_mad": 0.0,
  "summary_bg_mean": 6.383979937129541,
  "summary_bg_median": 0.0,
  "summary_bg_n": 6314145.0,
  "summary_bg_p05": 0.0,
  "summary_bg_p95": 25.89026501774788,
  "summary_bg_stdv": 9.161841730047524,
  "summary_csf_k": 1.7558148747931446,
  "summary_csf_mad": 90.29345707238527,
  "summary_csf_mean": 310.988678966201,
  "summary_csf_median": 290.5053580105305,
  "summary_csf_n": 100052.0,
  "summary_csf_p05": 148.87132725641132,
  "summary_csf_p95": 529.2509166248142,
  "summary_csf_stdv": 115.27739509458203,
  "summary_gm_k": 0.1159010689143698,
  "summary_gm_mad": 54.98202189354776,
  "summary_gm_mean": 750.1650086302676,
  "summary_gm_median": 750.3109365552664,
  "summary_gm_n": 80903.0,
  "summary_gm_p05": 659.741077080369,
  "summary_gm_p95": 840.5537126109001,
  "summary_gm_stdv": 55.192421946556905,
  "summary_wm_k": 0.9418337191887076,
  "summary_wm_mad": 46.717643447436856,
  "summary_wm_mean": 1003.6993376608943,
  "summary_wm_median": 1000.046037375927,
  "summary_wm_n": 404796.0,
  "summary_wm_p05": 928.2258893996477,
  "summary_wm_p95": 1091.0765777230263,
  "summary_wm_stdv": 50.2849895293718,
  "tpm_overlap_csf": 0.1486535110384231,
  "tpm_overlap_gm": 0.45571781043530485,
  "tpm_overlap_wm": 0.49048001531089325,
  "wm2max": 0.5618157819819354
}