{
  "bids_meta": {
    "AcquisitionMatrixPE": 300,
    "AcquisitionNumber": 1,
    "AcquisitionTime": "11:36:7.877500",
    "BaseResolution": 320,
    "CoilCombinationMethod": "Adaptive Combine",
    "CoilString": "C:HEA;HEP",
    "ConversionSoftware": "dcm2niix",
    "ConversionSoftwareVersion": "v1.0.20211220",
    "Dcm2bidsVersion": "2.1.6",
    "DeviceSerialNumber": "40463",
    "DwellTime": 7.4e-06,
    "EchoTime": 0.00224,
    "FlipAngle": 8,
    "ImageOrientationPatientDICOM": [
      0,
      1,
      0,
      0,
      0,
      -1
    ],
    "ImageOrientationText": "Sag",
    "ImageType": [
      "ORIGINAL",
      "PRIMARY",
      "M",
      "ND"
    ],
    "ImagingFrequency": 123.122,
    "InPlanePhaseEncodingDirectionDICOM": "ROW",
    "InversionTime": 1.06,
    "MRAcquisitionType": "3D",
    "MagneticFieldStrength": 3,
    "Manufacturer": "Siemens",
    "ManufacturersModelName": "Verio",
    "MatrixCoilMode": "GRAPPA",
    "Modality": "MR",
    "ParallelReductionFactorInPlane": 2,
    "PartialFourier": 1,
    "PatientPosition": "HFS",
    "PercentPhaseFOV": 93.75,
    "PercentSampling": 100,
    "PhaseEncodingSteps": 299,
    "PhaseResolution": 1,
    "PixelBandwidth": 211,
    "ProtocolName": "T1w_MPR1_0.8iso",
    "PulseSequenceDetails": "%SiemensSeq%\\tfl",
    "ReceiveCoilName": "32Ch_Head",
    "ReconMatrixPE": 300,
    "RefLinesPE": 32,
    "RepetitionTime": 2.4,
    "SAR": 0.0253251,
    "ScanOptions": "IR\\WE",
    "ScanningSequence": "GR\\IR",
    "SequenceName": "*tfl3d1_ns",
    "SequenceVariant": "SP\\MP",
    "SeriesDescription": "T1w_MPR1_0.8iso",
    "SeriesNumber": 14,
    "ShimSetting": [
      2869,
      7567,
      -15125,
      81,
      1015,
      -780,
      -642,
      1161
    ],
    "SliceThickness": 0.8,
    "SoftwareVersions": "syngo MR B17",
    "StationName": "MRC40463",
    "TxRefAmp": 440.218,
    "acq_id": "01",
    "dataset": "ds004056",
    "modality": "T1w",
    "session_id": "02",
    "subject_id": "18"
  },
  "cjv": 0.4415148022487676,
  "cnr": 3.0886722888815554,
  "efc": 0.5462193166111561,
  "fber": 18276.172233700643,
  "fwhm_avg": 4.360229101694189,
  "fwhm_x": 4.3663499349363155,
  "fwhm_y": 4.211412437245064,
  "fwhm_z": 4.502924932901189,
  "icvs_csf": 0.19737209167952752,
  "icvs_gm": 0.41395617007750424,
  "icvs_wm": 0.38867173824296825,
  "inu_med": 0.7987359464168549,
  "inu_range": 0.5291512757539749,
  "provenance": {
    "md5sum": "cfac7e05ed08e9b3b6e3d48413a01e91",
    "settings": {
      "testing": false
    },
    "software": "mriqc",
    "version": "23.0.1",
    "warnings": {
      "large_rot_frame": true,
      "small_air_mask": false
    },
    "webapi_port": null,
    "webapi_url": "https://mriqc.nimh.nih.gov/api/v1"
  },
  "qi_1": 0.0,
  "qi_2": 0.003991052924914139,
  "rpve_csf": 25.73953631761232,
  "rpve_gm": 12.580913384929897,
  "rpve_wm": 15.1648527867834,
  "size_x": 224,
  "size_y": 300,
  "size_z": 320,
  "snr_csf": 2.343169608386358,
  "snr_gm": 13.470008624304135,
  "snr_total": 11.708230709335893,
  "snr_wm": 19.31151389531719,
  "snrd_csf": 28.53794310798031,
  "snrd_gm": 72.65705752373766,
  "snrd_total": 65.5677206401745,
  "snrd_wm": 95.50816128880551,
  "spacing_x": 0.800000011920929,
  "spacing_y": 0.800000011920929,
  "spacing_z": 0.800000011920929,
  "summary_bg_k": 5.529083793954289,
  "summary_bg_mad": 6.860032720553636,
  "summary_bg_mean": 8.63787095315204,
  "summary_bg_median": 4.627021756023169,
  "summary_bg_n": 6984948.0,
  "summary_bg_p05": 0.0,
  "summary_bg_p95": 31.262573082000017,
  "summary_bg_stdv": 11.381829374911144,
  "summary_csf_k": 32.30815361721547,
  "summary_csf_mad": 73.67078617290208,
  "summary_csf_mean": 314.539738295217,
  "summary_csf_median": 298.8251354955137,
  "summary_csf_n": 105750.0,
  "summary_csf_p05": 145.89200771600008,
  "summary_csf_p95": 517.3815022669733,
  "summary_csf_stdv": 127.52970230488754,
  "summary_gm_k": 0.13189249682606885,
  "summary_gm_mad": 56.13296339166062,
  "summary_gm_mean": 760.5899747385496,
  "summary_gm_median": 760.8030816055834,
  "summary_gm_n": 74262.0,
  "summary_gm_p05": 667.5404287414625,
  "summary_gm_p95": 852.2169375158846,
  "summary_gm_stdv": 56.4808813700692,
  "summary_wm_k": 0.3849697398559959,
  "summary_wm_mad": 49.51154050486537,
  "summary_wm_mean": 1003.8534444292216,
  "summary_wm_median": 1000.0804588496685,
  "summary_wm_n": 469221.0,
  "summary_wm_p05": 925.4848211482167,
  "summary_wm_p95": 1095.5580469109118,
  "summary_wm_stdv": 51.786690499180146,
  "tpm_overlap_csf": 0.14746115449481095,
  "tpm_overlap_gm": 0.45021021749931023,
  "tpm_overlap_wm": 0.497227704761738,
  "wm2max": 0.6047247159574727
}