{
  "bids_meta": {
    "AcquisitionMatrixPE": 302,
    "AcquisitionNumber": 1,
    "AcquisitionTime": "11:42:47.217500",
    "BaseResolution": 320,
    "CoilCombinationMethod": "Adaptive Combine",
    "CoilString": "C:HEA;HEP",
    "ConversionSoftware": "dcm2niix",
    "ConversionSoftwareVersion": "v1.0.20211220",
    "Dcm2bidsVersion": "2.1.6",
    "DeviceSerialNumber": "40463",
    "DwellTime": 2.1e-06,
    "EchoTime": 0.56,
    "EchoTrainLength": 167,
    "FlipAngle": 120,
    "ImageOrientationPatientDICOM": [
      0,
      1,
      0,
      0,
      0,
      -1
    ],
    "ImageOrientationText": "Sag",
    "ImageType": [
      "ORIGINAL",
      "PRIMARY",
      "M",
      "ND"
    ],
    "ImagingFrequency": 123.122,
    "InPlanePhaseEncodingDirectionDICOM": "ROW",
    "MRAcquisitionType": "3D",
    "MagneticFieldStrength": 3,
    "Manufacturer": "Siemens",
    "ManufacturersModelName": "Verio",
    "MatrixCoilMode": "GRAPPA",
    "Modality": "MR",
    "ParallelReductionFactorInPlane": 2,
    "PartialFourier": 1,
    "PatientPosition": "HFS",
    "PercentPhaseFOV": 93.75,
    "PercentSampling": 100.667,
    "PhaseEncodingDirection": "i",
    "PhaseEncodingSteps": 290,
    "PhaseResolution": 1.00667,
    "PixelBandwidth": 744,
    "ProtocolName": "T2w_SPC1_0.8iso",
    "PulseSequenceDetails": "%SiemensSeq%\\tse_vfl",
    "ReceiveCoilName": "32Ch_Head",
    "ReconMatrixPE": 300,
    "RefLinesPE": 32,
    "RepetitionTime": 3.2,
    "SAR": 0.0830027,
    "ScanOptions": "PFP",
    "ScanningSequence": "SE",
    "SequenceName": "*spc3d1_334ns",
    "SequenceVariant": "SK\\SP",
    "SeriesDescription": "T2w_SPC1_0.8iso",
    "SeriesNumber": 15,
    "ShimSetting": [
      2869,
      7567,
      -15125,
      81,
      1015,
      -780,
      -642,
      1161
    ],
    "SliceThickness": 0.8,
    "SoftwareVersions": "syngo MR B17",
    "SpoilingState": true,
    "StationName": "MRC40463",
    "TxRefAmp": 440.218,
    "acq_id": "01",
    "dataset": "ds004056",
    "modality": "T2w",
    "session_id": "02",
    "subject_id": "18"
  },
  "cjv": 0.2492659298099881,
  "cnr": 2.3701770644463784,
  "efc": 0.5020601996932381,
  "fber": 6368.216354812124,
  "fwhm_avg": 3.1056124537227685,
  "fwhm_x": 2.9949124553723268,
  "fwhm_y": 3.29949995083362,
  "fwhm_z": 3.022424954962359,
  "icvs_csf": 0.3106498639075755,
  "icvs_gm": 0.5494795427559638,
  "icvs_wm": 0.13987059333646068,
  "inu_med": 0.9213147163391113,
  "inu_range": 0.616641366481781,
  "provenance": {
    "md5sum": "bdac35a2f05086b63f4eae9a7185a705",
    "settings": {
      "testing": false
    },
    "software": "mriqc",
    "version": "23.0.1",
    "warnings": {
      "large_rot_frame": true,
      "small_air_mask": false
    },
    "webapi_port": null,
    "webapi_url": "https://mriqc.nimh.nih.gov/api/v1"
  },
  "qi_1": 0.0,
  "qi_2": 0.008815329419377793,
  "rpve_csf": 14.548614903363674,
  "rpve_gm": 10.401261671690444,
  "rpve_wm": 43.63412789728537,
  "size_x": 224,
  "size_y": 300,
  "size_z": 320,
  "snr_csf": 7.283767654019703,
  "snr_gm": 7.554007507336206,
  "snr_total": 6.131289176987077,
  "snr_wm": 3.556092369605322,
  "snrd_csf": 48.08106467145086,
  "snrd_gm": 27.143068858201065,
  "snrd_total": 52.874456093919314,
  "snrd_wm": 83.39923475210601,
  "spacing_x": 0.800000011920929,
  "spacing_y": 0.800000011920929,
  "spacing_z": 0.800000011920929,
  "summary_bg_k": 10.573376307584612,
  "summary_bg_mad": 0.0,
  "summary_bg_mean": 5.47045322934226,
  "summary_bg_median": 0.0,
  "summary_bg_n": 6977566.0,
  "summary_bg_p05": 0.0,
  "summary_bg_p95": 21.198179125785828,
  "summary_bg_stdv": 7.855618771918558,
  "summary_csf_k": 4.193955286208281,
  "summary_csf_mad": 59.15299640195208,
  "summary_csf_mean": 586.6995895404455,
  "summary_csf_median": 576.5311074256897,
  "summary_csf_n": 64025.0,
  "summary_csf_p05": 483.6845669746399,
  "summary_csf_p95": 722.5388224124907,
  "summary_csf_stdv": 79.15225092324437,
  "summary_gm_k": 1.0611022226649416,
  "summary_gm_mad": 39.38643405808837,
  "summary_gm_mean": 328.3419875885872,
  "summary_gm_median": 325.46749234199524,
  "summary_gm_n": 544228.0,
  "summary_gm_p05": 263.62916350364685,
  "summary_gm_p95": 403.53219866752625,
  "summary_gm_stdv": 43.085367999460225,
  "summary_wm_k": 3.822230829526708,
  "summary_wm_mad": 128.7577001656874,
  "summary_wm_mean": 957.86074521309,
  "summary_wm_median": 1000.0247186422348,
  "summary_wm_n": 59422.0,
  "summary_wm_p05": 125.97704350948334,
  "summary_wm_p95": 1263.9222604930399,
  "summary_wm_stdv": 281.21212838963817,
  "tpm_overlap_csf": 0.119355859113451,
  "tpm_overlap_gm": 0.3480009249481051,
  "tpm_overlap_wm": 0.026259344617867064,
  "wm2max": 0.8055511277596238
}