{
  "aor": 0.0014418032786885247,
  "aqi": 0.009704125409836065,
  "bids_meta": {
    "AcquisitionMatrixPE": 130,
    "AcquisitionNumber": 1,
    "AcquisitionTime": "16:55:37.655000",
    "BandwidthPerPixelPhaseEncode": 24.038,
    "BaseResolution": 130,
    "CoilCombinationMethod": "Sum of Squares",
    "CoilString": "C:A32",
    "ConversionSoftware": "dcm2niix",
    "ConversionSoftwareVersion": "v1.0.20211220",
    "Dcm2bidsVersion": "2.1.6",
    "DerivedVendorReportedEchoSpacing": 0.000640012,
    "DeviceSerialNumber": "18981",
    "DwellTime": 2e-06,
    "EchoTime": 0.0222,
    "EffectiveEchoSpacing": 0.000320006,
    "FlipAngle": 45,
    "ImageComments": "Unaliased MB5/PE4",
    "ImageOrientationPatientDICOM": [
      1,
      -1e-16,
      0,
      1e-16,
      0.939693,
      -0.34202
    ],
    "ImageOrientationText": "Tra>Cor(-20.0)",
    "ImageType": [
      "ORIGINAL",
      "PRIMARY",
      "M",
      "MB",
      "ND",
      "MOSAIC"
    ],
    "ImagingFrequency": 297.223,
    "InPlanePhaseEncodingDirectionDICOM": "COL",
    "MRAcquisitionType": "2D",
    "MagneticFieldStrength": 6.98,
    "Manufacturer": "Siemens",
    "ManufacturersModelName": "Investigational_Device_7T",
    "MatrixCoilMode": "GRAPPA",
    "Modality": "MR",
    "MultibandAccelerationFactor": 5,
    "ParallelReductionFactorInPlane": 2,
    "PartialFourier": 0.875,
    "PatientPosition": "HFS",
    "PercentPhaseFOV": 100,
    "PercentSampling": 100,
    "PhaseEncodingDirection": "j-",
    "PhaseEncodingSteps": 114,
    "PhaseResolution": 1,
    "PixelBandwidth": 1923,
    "ProtocolName": "MB5_TR1s_TE22p2_IPAT2_1.6mm_85slices_AP_367vols",
    "PulseSequenceDetails": "%CustomerSeq%\\cmrr_mbep2d_bold",
    "ReceiveCoilName": "32Ch_Head_7T",
    "ReconMatrixPE": 130,
    "RefLinesPE": 96,
    "RepetitionTime": 1,
    "SAR": 0.0794705,
    "ScanOptions": "PFP\\FS",
    "ScanningSequence": "EP",
    "SequenceName": "epfid2d1_130",
    "SequenceVariant": "SK\\SS",
    "SeriesDescription": "MB5_TR1s_TE22p2_IPAT2_1.6mm_85slices_AP_367vols",
    "SeriesNumber": 21,
    "ShimSetting": [
      -65,
      62,
      879,
      345,
      -546,
      -59,
      -547,
      125
    ],
    "SliceThickness": 1.6,
    "SliceTiming": [
      0,
      0.5325,
      0.06,
      0.59,
      0.12,
      0.65,
      0.1775,
      0.71,
      0.2375,
      0.7675,
      0.295,
      0.8275,
      0.355,
      0.8875,
      0.415,
      0.945,
      0.4725,
      0,
      0.5325,
      0.06,
      0.59,
      0.12,
      0.65,
      0.1775,
      0.71,
      0.2375,
      0.7675,
      0.295,
      0.8275,
      0.355,
      0.8875,
      0.415,
      0.945,
      0.4725,
      0,
      0.5325,
      0.06,
      0.59,
      0.12,
      0.65,
      0.1775,
      0.71,
      0.2375,
      0.7675,
      0.295,
      0.8275,
      0.355,
      0.8875,
      0.415,
      0.945,
      0.4725,
      0,
      0.5325,
      0.06,
      0.59,
      0.12,
      0.65,
      0.1775,
      0.71,
      0.2375,
      0.7675,
      0.295,
      0.8275,
      0.355,
      0.8875,
      0.415,
      0.945,
      0.4725,
      0,
      0.5325,
      0.06,
      0.59,
      0.12,
      0.65,
      0.1775,
      0.71,
      0.2375,
      0.7675,
      0.295,
      0.8275,
      0.355,
      0.8875,
      0.415,
      0.945,
      0.4725
    ],
    "SoftwareVersions": "syngo MR B17",
    "SpacingBetweenSlices": 1.6,
    "StationName": "MRC18981",
    "TaskName": "GDMotor",
    "TotalReadoutTime": 0.0412808,
    "TxRefAmp": 211.262,
    "dataset": "ds004056",
    "modality": "bold",
    "run_id": 8,
    "session_id": "01",
    "subject_id": "23",
    "task_id": "GDMotor"
  },
  "dummy_trs": 1,
  "dvars_nstd": 52.66878478180824,
  "dvars_std": 1.0535719887671233,
  "dvars_vstd": 1.0230808200821921,
  "efc": 0.49880578629081374,
  "fber": 794.5578002929688,
  "fd_mean": 0.09431805332368531,
  "fd_num": 13,
  "fd_perc": 3.551912568306011,
  "fwhm_avg": 2.6188707943091174,
  "fwhm_x": 2.457456213381049,
  "fwhm_y": 2.7942187083628967,
  "fwhm_z": 2.604937461183407,
  "gcor": 0.0116343,
  "gsr_x": -0.004610046278685331,
  "gsr_y": 0.05481811985373497,
  "provenance": {
    "md5sum": "ce1165884216d8e951e3be91a1e64d37",
    "settings": {
      "fd_thres": 0.2,
      "testing": false
    },
    "software": "mriqc",
    "version": "23.0.1",
    "webapi_port": null,
    "webapi_url": "https://mriqc.nimh.nih.gov/api/v1"
  },
  "size_t": 366,
  "size_x": 130,
  "size_y": 130,
  "size_z": 85,
  "snr": 1.6505059309896322,
  "spacing_tr": 1.0,
  "spacing_x": 1.600000023841858,
  "spacing_y": 1.600000023841858,
  "spacing_z": 1.600000023841858,
  "summary_bg_k": 75.02247373971645,
  "summary_bg_mad": 9.446525189720823,
  "summary_bg_mean": 24.690425872802734,
  "summary_bg_median": 11.620218276977539,
  "summary_bg_n": 944215.0,
  "summary_bg_p05": 4.590163707733154,
  "summary_bg_p95": 83.38797760009766,
  "summary_bg_stdv": 40.43180465698242,
  "summary_fg_k": 7.255658075868936,
  "summary_fg_mad": 139.97628149460402,
  "summary_fg_mean": 393.01300048828125,
  "summary_fg_median": 343.5983581542969,
  "summary_fg_n": 325125.0,
  "summary_fg_p05": 173.8333282470703,
  "summary_fg_p95": 787.7071044921873,
  "summary_fg_stdv": 208.17727661132812,
  "tsnr": 23.606427557766438
}