{
  "bids_meta": {
    "AcquisitionMatrixPE": 300,
    "AcquisitionNumber": 1,
    "AcquisitionTime": "12:55:58.120000",
    "BaseResolution": 320,
    "CoilCombinationMethod": "Adaptive Combine",
    "CoilString": "C:A32",
    "ConversionSoftware": "dcm2niix",
    "ConversionSoftwareVersion": "v1.0.20211220",
    "Dcm2bidsVersion": "2.1.6",
    "DeviceSerialNumber": "18981",
    "DwellTime": 6.5e-06,
    "EchoTime": 0.00299,
    "ImageComments": "DENOISED IMAGE (lambda = 150)",
    "ImageOrientationPatientDICOM": [
      0,
      1,
      0,
      0,
      0,
      -1
    ],
    "ImageOrientationText": "Sag",
    "ImageType": [
      "ORIGINAL",
      "PRIMARY",
      "M",
      "ND",
      "UNI"
    ],
    "ImagingFrequency": 297.224,
    "InPlanePhaseEncodingDirectionDICOM": "ROW",
    "MRAcquisitionType": "3D",
    "MagneticFieldStrength": 6.98,
    "Manufacturer": "Siemens",
    "ManufacturersModelName": "Investigational_Device_7T",
    "MatrixCoilMode": "GRAPPA",
    "Modality": "MR",
    "ParallelReductionFactorInPlane": 3,
    "PartialFourier": 0.75,
    "PatientPosition": "HFS",
    "PercentPhaseFOV": 93.75,
    "PercentSampling": 100,
    "PhaseEncodingSteps": 226,
    "PhaseResolution": 1,
    "PixelBandwidth": 240,
    "ProtocolName": "mp2rage-wip900_0.75iso_7T",
    "PulseSequenceDetails": "%CustomerSeq%\\tfl_wip900b17a",
    "ReceiveCoilName": "32Ch_Head_7T",
    "ReconMatrixPE": 300,
    "RefLinesPE": 32,
    "RepetitionTime": 6,
    "SAR": 0.035836,
    "ScanOptions": "IR\\PFP",
    "ScanningSequence": "GR\\IR",
    "SequenceName": "tfl3d1_ns",
    "SequenceVariant": "SP\\MP",
    "SeriesDescription": "mp2rage-wip900_0.75iso_7T_UNI-DEN",
    "SeriesNumber": 27,
    "ShimSetting": [
      -44,
      -21,
      1013,
      470,
      -77,
      32,
      -188,
      132
    ],
    "SliceThickness": 0.75,
    "SoftwareVersions": "syngo MR B17",
    "StationName": "MRC18981",
    "TxRefAmp": 150.427,
    "acq_id": "MP2R",
    "dataset": "ds004056",
    "modality": "T1w",
    "session_id": "01",
    "subject_id": "13"
  },
  "cjv": 0.29753833801538354,
  "cnr": 4.47122784741374,
  "efc": 0.47097923825874954,
  "fber": -1.0,
  "fwhm_avg": 4.328164444444445,
  "fwhm_x": 4.469946666666667,
  "fwhm_y": 4.696386666666666,
  "fwhm_z": 3.81816,
  "icvs_csf": 0.28529960457102094,
  "icvs_gm": 0.3844898979514563,
  "icvs_wm": 0.33021049747752274,
  "inu_med": 0.742853045463562,
  "inu_range": 0.24227435588836665,
  "provenance": {
    "md5sum": "4c234d91fe305fbd736cf40fbd74245b",
    "settings": {
      "testing": false
    },
    "software": "mriqc",
    "version": "23.0.1",
    "warnings": {
      "large_rot_frame": true,
      "small_air_mask": false
    },
    "webapi_port": null,
    "webapi_url": "https://mriqc.nimh.nih.gov/api/v1"
  },
  "qi_1": 1.1176755924239478e-05,
  "qi_2": 0.0020203191513147754,
  "rpve_csf": 15.376486829849155,
  "rpve_gm": 10.805519008751586,
  "rpve_wm": 16.384503324365564,
  "size_x": 224,
  "size_y": 300,
  "size_z": 320,
  "snr_csf": 0.9645931420355407,
  "snr_gm": 4.70369883343081,
  "snr_total": 6.608902287133709,
  "snr_wm": 14.158414885934775,
  "snrd_csf": 12.939763063689279,
  "snrd_gm": 66.58640132136001,
  "snrd_total": 74.74531131209592,
  "snrd_wm": 144.7097695512385,
  "spacing_x": 0.75,
  "spacing_y": 0.75,
  "spacing_z": 0.75,
  "summary_bg_k": 41.147023150593206,
  "summary_bg_mad": 0.0,
  "summary_bg_mean": 2.3706901577739594,
  "summary_bg_median": 0.0,
  "summary_bg_n": 5908370.0,
  "summary_bg_p05": 0.0,
  "summary_bg_p95": 8.054743848741055,
  "summary_bg_stdv": 4.527405162925774,
  "summary_csf_k": 197.84298846830734,
  "summary_csf_mad": 58.65309301149558,
  "summary_csf_mean": 103.10118594617629,
  "summary_csf_median": 89.42191290482879,
  "summary_csf_n": 98619.0,
  "summary_csf_p05": 17.64202745631337,
  "summary_csf_p95": 224.89129949361086,
  "summary_csf_stdv": 92.7038101726127,
  "summary_gm_k": -0.23536882143573656,
  "summary_gm_mad": 101.18979560091354,
  "summary_gm_mean": 455.17838084297927,
  "summary_gm_median": 460.1539727039635,
  "summary_gm_n": 60140.0,
  "summary_gm_p05": 287.15518225356936,
  "summary_gm_p95": 607.3169940572229,
  "summary_gm_stdv": 97.8272978975152,
  "summary_wm_k": 1.9187665917284926,
  "summary_wm_mad": 59.44570237651579,
  "summary_wm_mean": 995.5061011889254,
  "summary_wm_median": 1000.0356533266604,
  "summary_wm_n": 492147.0,
  "summary_wm_p05": 872.1576846130192,
  "summary_wm_p95": 1100.3635468408465,
  "summary_wm_stdv": 70.63182180985244,
  "tpm_overlap_csf": 0.14697071893191227,
  "tpm_overlap_gm": 0.41756107935414644,
  "tpm_overlap_wm": 0.47993813984933603,
  "wm2max": 0.4681727890463206
}