{
  "bids_meta": {
    "AcquisitionMatrixPE": 302,
    "AcquisitionNumber": 1,
    "AcquisitionTime": "15:16:35.222500",
    "BaseResolution": 320,
    "CoilCombinationMethod": "Adaptive Combine",
    "CoilString": "C:HEA;HEP",
    "ConversionSoftware": "dcm2niix",
    "ConversionSoftwareVersion": "v1.0.20211220",
    "Dcm2bidsVersion": "2.1.6",
    "DeviceSerialNumber": "40463",
    "DwellTime": 2.1e-06,
    "EchoTime": 0.56,
    "EchoTrainLength": 167,
    "FlipAngle": 120,
    "ImageOrientationPatientDICOM": [
      0,
      1,
      0,
      0,
      0,
      -1
    ],
    "ImageOrientationText": "Sag",
    "ImageType": [
      "ORIGINAL",
      "PRIMARY",
      "M",
      "ND"
    ],
    "ImagingFrequency": 123.121,
    "InPlanePhaseEncodingDirectionDICOM": "ROW",
    "MRAcquisitionType": "3D",
    "MagneticFieldStrength": 3,
    "Manufacturer": "Siemens",
    "ManufacturersModelName": "Verio",
    "MatrixCoilMode": "GRAPPA",
    "Modality": "MR",
    "ParallelReductionFactorInPlane": 2,
    "PartialFourier": 1,
    "PatientPosition": "HFS",
    "PercentPhaseFOV": 93.75,
    "PercentSampling": 100.667,
    "PhaseEncodingDirection": "i",
    "PhaseEncodingSteps": 290,
    "PhaseResolution": 1.00667,
    "PixelBandwidth": 744,
    "ProtocolName": "T2w_SPC1_0.8iso",
    "PulseSequenceDetails": "%SiemensSeq%\\tse_vfl",
    "ReceiveCoilName": "32Ch_Head",
    "ReconMatrixPE": 300,
    "RefLinesPE": 32,
    "RepetitionTime": 3.2,
    "SAR": 0.104355,
    "ScanOptions": "PFP",
    "ScanningSequence": "SE",
    "SequenceName": "*spc3d1_334ns",
    "SequenceVariant": "SK\\SP",
    "SeriesDescription": "T2w_SPC1_0.8iso",
    "SeriesNumber": 15,
    "ShimSetting": [
      2849,
      7510,
      -15122,
      154,
      908,
      -954,
      -505,
      1198
    ],
    "SliceThickness": 0.8,
    "SoftwareVersions": "syngo MR B17",
    "SpoilingState": true,
    "StationName": "MRC40463",
    "TxRefAmp": 449.981,
    "acq_id": "01",
    "dataset": "ds004056",
    "modality": "T2w",
    "session_id": "02",
    "subject_id": "27"
  },
  "cjv": 0.24071220004708194,
  "cnr": 2.390499668333533,
  "efc": 0.5095582350522375,
  "fber": 16064.041535999999,
  "fwhm_avg": 2.8733082905177034,
  "fwhm_x": 2.8432874576317153,
  "fwhm_y": 3.0301749548468746,
  "fwhm_z": 2.74646245907452,
  "icvs_csf": 0.4479380060645774,
  "icvs_gm": 0.3999630252063313,
  "icvs_wm": 0.15209896872909132,
  "inu_med": 0.9009204208850861,
  "inu_range": 0.5709092497825623,
  "provenance": {
    "md5sum": "c2187759427646370200f68aabee1eb7",
    "settings": {
      "testing": false
    },
    "software": "mriqc",
    "version": "23.0.1",
    "warnings": {
      "large_rot_frame": true,
      "small_air_mask": false
    },
    "webapi_port": null,
    "webapi_url": "https://mriqc.nimh.nih.gov/api/v1"
  },
  "qi_1": 0.0,
  "qi_2": 0.013700999703324335,
  "rpve_csf": 11.48824935315053,
  "rpve_gm": 13.04971123696511,
  "rpve_wm": 35.87600420426854,
  "size_x": 224,
  "size_y": 300,
  "size_z": 320,
  "snr_csf": 10.184407018703714,
  "snr_gm": 8.772461902217254,
  "snr_total": 7.504541604474807,
  "snr_wm": 3.5567558925034555,
  "snrd_csf": 66.60836938107595,
  "snrd_gm": 40.048119568890144,
  "snrd_total": 76.99938052571775,
  "snrd_wm": 124.34165262718717,
  "spacing_x": 0.800000011920929,
  "spacing_y": 0.800000011920929,
  "spacing_z": 0.800000011920929,
  "summary_bg_k": 7.728621148724567,
  "summary_bg_mad": 0.0,
  "summary_bg_mean": 3.3708765963129035,
  "summary_bg_median": 0.0,
  "summary_bg_n": 6246022.0,
  "summary_bg_p05": 0.0,
  "summary_bg_p95": 14.297404520213604,
  "summary_bg_stdv": 5.26860161685438,
  "summary_csf_k": 0.9399931620311834,
  "summary_csf_mad": 47.31494209761392,
  "summary_csf_mean": 537.7371872082276,
  "summary_csf_median": 535.6639664918184,
  "summary_csf_n": 150829.0,
  "summary_csf_p05": 455.95764106959103,
  "summary_csf_p95": 627.8810891285539,
  "summary_csf_stdv": 52.596306272172384,
  "summary_gm_k": 0.6680720299698795,
  "summary_gm_mad": 34.91330485265529,
  "summary_gm_mean": 322.5331242802277,
  "summary_gm_median": 322.0666528567672,
  "summary_gm_n": 350038.0,
  "summary_gm_p05": 263.3540997952223,
  "summary_gm_p95": 383.097703948617,
  "summary_gm_stdv": 36.71331906608398,
  "summary_wm_k": 2.695622818973326,
  "summary_wm_mad": 128.26258520193633,
  "summary_wm_mean": 900.0432260171845,
  "summary_wm_median": 999.9545622467995,
  "summary_wm_n": 57421.0,
  "summary_wm_p05": 120.72101018577814,
  "summary_wm_p95": 1166.7954989373684,
  "summary_wm_stdv": 281.1398603700751,
  "tpm_overlap_csf": 0.10618850004649831,
  "tpm_overlap_gm": 0.26319280153754604,
  "tpm_overlap_wm": 0.03444408720893048,
  "wm2max": 0.8783117288087376
}