{
  "aor": 0.0009561475409836065,
  "aqi": 0.015429758387978143,
  "bids_meta": {
    "AcquisitionMatrixPE": 130,
    "AcquisitionNumber": 1,
    "AcquisitionTime": "16:40:18.262500",
    "BandwidthPerPixelPhaseEncode": 24.038,
    "BaseResolution": 130,
    "CoilCombinationMethod": "Sum of Squares",
    "CoilString": "C:A32",
    "ConversionSoftware": "dcm2niix",
    "ConversionSoftwareVersion": "v1.0.20211220",
    "Dcm2bidsVersion": "2.1.6",
    "DerivedVendorReportedEchoSpacing": 0.000640012,
    "DeviceSerialNumber": "18981",
    "DwellTime": 2e-06,
    "EchoTime": 0.0222,
    "EffectiveEchoSpacing": 0.000320006,
    "FlipAngle": 45,
    "ImageComments": "Unaliased MB5/PE4",
    "ImageOrientationPatientDICOM": [
      1,
      -1e-16,
      0,
      1e-16,
      0.939693,
      -0.34202
    ],
    "ImageOrientationText": "Tra>Cor(-20.0)",
    "ImageType": [
      "ORIGINAL",
      "PRIMARY",
      "M",
      "MB",
      "ND",
      "MOSAIC"
    ],
    "ImagingFrequency": 297.223,
    "InPlanePhaseEncodingDirectionDICOM": "COL",
    "MRAcquisitionType": "2D",
    "MagneticFieldStrength": 6.98,
    "Manufacturer": "Siemens",
    "ManufacturersModelName": "Investigational_Device_7T",
    "MatrixCoilMode": "GRAPPA",
    "Modality": "MR",
    "MultibandAccelerationFactor": 5,
    "ParallelReductionFactorInPlane": 2,
    "PartialFourier": 0.875,
    "PatientPosition": "HFS",
    "PercentPhaseFOV": 100,
    "PercentSampling": 100,
    "PhaseEncodingDirection": "j-",
    "PhaseEncodingSteps": 114,
    "PhaseResolution": 1,
    "PixelBandwidth": 1923,
    "ProtocolName": "MB5_TR1s_TE22p2_IPAT2_1.6mm_85slices_AP_367vols",
    "PulseSequenceDetails": "%CustomerSeq%\\cmrr_mbep2d_bold",
    "ReceiveCoilName": "32Ch_Head_7T",
    "ReconMatrixPE": 130,
    "RefLinesPE": 96,
    "RepetitionTime": 1,
    "SAR": 0.106507,
    "ScanOptions": "PFP\\FS",
    "ScanningSequence": "EP",
    "SequenceName": "epfid2d1_130",
    "SequenceVariant": "SK\\SS",
    "SeriesDescription": "MB5_TR1s_TE22p2_IPAT2_1.6mm_85slices_AP_367vols",
    "SeriesNumber": 15,
    "ShimSetting": [
      -30,
      110,
      807,
      584,
      -281,
      -208,
      -518,
      109
    ],
    "SliceThickness": 1.6,
    "SliceTiming": [
      0,
      0.5325,
      0.06,
      0.59,
      0.1175,
      0.65,
      0.1775,
      0.7075,
      0.2375,
      0.7675,
      0.295,
      0.8275,
      0.355,
      0.885,
      0.4125,
      0.945,
      0.4725,
      0,
      0.5325,
      0.06,
      0.59,
      0.1175,
      0.65,
      0.1775,
      0.7075,
      0.2375,
      0.7675,
      0.295,
      0.8275,
      0.355,
      0.885,
      0.4125,
      0.945,
      0.4725,
      0,
      0.5325,
      0.06,
      0.59,
      0.1175,
      0.65,
      0.1775,
      0.7075,
      0.2375,
      0.7675,
      0.295,
      0.8275,
      0.355,
      0.885,
      0.4125,
      0.945,
      0.4725,
      0,
      0.5325,
      0.06,
      0.59,
      0.1175,
      0.65,
      0.1775,
      0.7075,
      0.2375,
      0.7675,
      0.295,
      0.8275,
      0.355,
      0.885,
      0.4125,
      0.945,
      0.4725,
      0,
      0.5325,
      0.06,
      0.59,
      0.1175,
      0.65,
      0.1775,
      0.7075,
      0.2375,
      0.7675,
      0.295,
      0.8275,
      0.355,
      0.885,
      0.4125,
      0.945,
      0.4725
    ],
    "SoftwareVersions": "syngo MR B17",
    "SpacingBetweenSlices": 1.6,
    "StationName": "MRC18981",
    "TaskName": "GDMotor",
    "TotalReadoutTime": 0.0412808,
    "TxRefAmp": 220,
    "dataset": "ds004056",
    "modality": "bold",
    "run_id": 5,
    "session_id": "01",
    "subject_id": "27",
    "task_id": "GDMotor"
  },
  "dummy_trs": 1,
  "dvars_nstd": 48.32051084336987,
  "dvars_std": 1.0079120768767122,
  "dvars_vstd": 0.977805950821918,
  "efc": 0.4962242935532933,
  "fber": 1487.0596923828125,
  "fd_mean": 0.16990634058153614,
  "fd_num": 93,
  "fd_perc": 25.40983606557377,
  "fwhm_avg": 2.5238749623913326,
  "fwhm_x": 2.3480749650109565,
  "fwhm_y": 2.6641937103004203,
  "fwhm_z": 2.5593562118626205,
  "gcor": 0.0111509,
  "gsr_x": -0.005340798757970333,
  "gsr_y": 0.05217846482992172,
  "provenance": {
    "md5sum": "9013ef7645f2db31544cf76d051f6aea",
    "settings": {
      "fd_thres": 0.2,
      "testing": false
    },
    "software": "mriqc",
    "version": "23.0.1",
    "webapi_port": null,
    "webapi_url": "https://mriqc.nimh.nih.gov/api/v1"
  },
  "size_t": 366,
  "size_x": 130,
  "size_y": 130,
  "size_z": 85,
  "snr": 2.262876144931144,
  "spacing_tr": 1.0,
  "spacing_x": 1.600000023841858,
  "spacing_y": 1.600000023841858,
  "spacing_z": 1.600000023841858,
  "summary_bg_k": 80.31718513096375,
  "summary_bg_mad": 7.453519183747985,
  "summary_bg_mean": 22.04672622680664,
  "summary_bg_median": 9.273223876953125,
  "summary_bg_n": 978984.0,
  "summary_bg_p05": 3.7076501846313477,
  "summary_bg_p95": 80.22363395690911,
  "summary_bg_stdv": 41.98125076293945,
  "summary_fg_k": 4.9541331575740015,
  "summary_fg_mad": 131.5201596584683,
  "summary_fg_mean": 391.7203369140625,
  "summary_fg_median": 366.79644775390625,
  "summary_fg_n": 299668.0,
  "summary_fg_p05": 187.6120147705078,
  "summary_fg_p95": 684.0308532714841,
  "summary_fg_stdv": 162.09275817871094,
  "tsnr": 21.94309224607423
}