{
  "bids_meta": {
    "AcquisitionMatrixPE": 300,
    "AcquisitionNumber": 1,
    "AcquisitionTime": "11:48:50.440000",
    "BaseResolution": 320,
    "CoilCombinationMethod": "Adaptive Combine",
    "CoilString": "C:HEA;HEP",
    "ConversionSoftware": "dcm2niix",
    "ConversionSoftwareVersion": "v1.0.20211220",
    "Dcm2bidsVersion": "2.1.6",
    "DeviceSerialNumber": "40463",
    "DwellTime": 7.4e-06,
    "EchoTime": 0.00224,
    "FlipAngle": 8,
    "ImageOrientationPatientDICOM": [
      0,
      1,
      0,
      0,
      0,
      -1
    ],
    "ImageOrientationText": "Sag",
    "ImageType": [
      "ORIGINAL",
      "PRIMARY",
      "M",
      "ND"
    ],
    "ImagingFrequency": 123.122,
    "InPlanePhaseEncodingDirectionDICOM": "ROW",
    "InversionTime": 1.06,
    "MRAcquisitionType": "3D",
    "MagneticFieldStrength": 3,
    "Manufacturer": "Siemens",
    "ManufacturersModelName": "Verio",
    "MatrixCoilMode": "GRAPPA",
    "Modality": "MR",
    "ParallelReductionFactorInPlane": 2,
    "PartialFourier": 1,
    "PatientPosition": "HFS",
    "PercentPhaseFOV": 93.75,
    "PercentSampling": 100,
    "PhaseEncodingSteps": 299,
    "PhaseResolution": 1,
    "PixelBandwidth": 211,
    "ProtocolName": "T1w_MPR2_0.8iso",
    "PulseSequenceDetails": "%SiemensSeq%\\tfl",
    "ReceiveCoilName": "32Ch_Head",
    "ReconMatrixPE": 300,
    "RefLinesPE": 32,
    "RepetitionTime": 2.4,
    "SAR": 0.0253251,
    "ScanOptions": "IR\\WE",
    "ScanningSequence": "GR\\IR",
    "SequenceName": "*tfl3d1_ns",
    "SequenceVariant": "SP\\MP",
    "SeriesDescription": "T1w_MPR2_0.8iso",
    "SeriesNumber": 16,
    "ShimSetting": [
      2869,
      7567,
      -15125,
      81,
      1015,
      -780,
      -642,
      1161
    ],
    "SliceThickness": 0.8,
    "SoftwareVersions": "syngo MR B17",
    "StationName": "MRC40463",
    "TxRefAmp": 440.218,
    "acq_id": "02",
    "dataset": "ds004056",
    "modality": "T1w",
    "session_id": "02",
    "subject_id": "18"
  },
  "cjv": 0.43612012408057693,
  "cnr": 3.140184558311081,
  "efc": 0.5468975280233072,
  "fber": 19078.78752557505,
  "fwhm_avg": 4.336566602046788,
  "fwhm_x": 4.36566243494656,
  "fwhm_y": 4.15718743805308,
  "fwhm_z": 4.486849933140726,
  "icvs_csf": 0.19774254464474925,
  "icvs_gm": 0.4186536329306598,
  "icvs_wm": 0.38360382242459096,
  "inu_med": 0.7983371317386627,
  "inu_range": 0.5283962637186048,
  "provenance": {
    "md5sum": "fee5f202a2c3cc4d38fd5482ff728626",
    "settings": {
      "testing": false
    },
    "software": "mriqc",
    "version": "23.0.1",
    "warnings": {
      "large_rot_frame": true,
      "small_air_mask": false
    },
    "webapi_port": null,
    "webapi_url": "https://mriqc.nimh.nih.gov/api/v1"
  },
  "qi_1": 0.0,
  "qi_2": 0.003985983548500796,
  "rpve_csf": 25.615102796570053,
  "rpve_gm": 12.496516049971868,
  "rpve_wm": 15.37083659874608,
  "size_x": 224,
  "size_y": 300,
  "size_z": 320,
  "snr_csf": 2.383643656035515,
  "snr_gm": 13.698753498487848,
  "snr_total": 12.024774121252618,
  "snr_wm": 19.991925209234488,
  "snrd_csf": 28.838877511783693,
  "snrd_gm": 74.15998297047481,
  "snrd_total": 66.75509869503423,
  "snrd_wm": 97.2664356028442,
  "spacing_x": 0.800000011920929,
  "spacing_y": 0.800000011920929,
  "spacing_z": 0.800000011920929,
  "summary_bg_k": 24.204341624000936,
  "summary_bg_mad": 6.735761195476579,
  "summary_bg_mean": 8.426408671617219,
  "summary_bg_median": 4.543201886117458,
  "summary_bg_n": 6955815.0,
  "summary_bg_p05": 0.0,
  "summary_bg_p95": 30.687263648957014,
  "summary_bg_stdv": 11.105639470703242,
  "summary_csf_k": 35.598988878279904,
  "summary_csf_mad": 71.76647382816864,
  "summary_csf_mean": 312.750842220476,
  "summary_csf_median": 296.50587582215667,
  "summary_csf_n": 106019.0,
  "summary_csf_p05": 153.1843770492822,
  "summary_csf_p95": 516.9379011530425,
  "summary_csf_stdv": 124.39127665165965,
  "summary_gm_k": 0.07191277404874485,
  "summary_gm_mad": 56.0292863078279,
  "summary_gm_mean": 761.901905964455,
  "summary_gm_median": 762.4731819964945,
  "summary_gm_n": 80385.0,
  "summary_gm_p05": 670.0809763669968,
  "summary_gm_p95": 851.6355841033162,
  "summary_gm_stdv": 55.65969483518678,
  "summary_wm_k": 0.44590769590323953,
  "summary_wm_mad": 47.57896771713911,
  "summary_wm_mean": 1003.4509659610139,
  "summary_wm_median": 1000.0413388051093,
  "summary_wm_n": 466212.0,
  "summary_wm_p05": 927.3501086272299,
  "summary_wm_p95": 1091.5662058927119,
  "summary_wm_stdv": 50.02220925800598,
  "tpm_overlap_csf": 0.14260846289789897,
  "tpm_overlap_gm": 0.44870784621428433,
  "tpm_overlap_wm": 0.4957070840597044,
  "wm2max": 0.5997919121133404
}