{
  "bids_meta": {
    "AcquisitionMatrixPE": 302,
    "AcquisitionNumber": 1,
    "AcquisitionTime": "11:55:30.202500",
    "BaseResolution": 320,
    "CoilCombinationMethod": "Adaptive Combine",
    "CoilString": "C:HEA;HEP",
    "ConversionSoftware": "dcm2niix",
    "ConversionSoftwareVersion": "v1.0.20211220",
    "Dcm2bidsVersion": "2.1.6",
    "DeviceSerialNumber": "40463",
    "DwellTime": 2.1e-06,
    "EchoTime": 0.56,
    "EchoTrainLength": 167,
    "FlipAngle": 120,
    "ImageOrientationPatientDICOM": [
      0,
      1,
      0,
      0,
      0,
      -1
    ],
    "ImageOrientationText": "Sag",
    "ImageType": [
      "ORIGINAL",
      "PRIMARY",
      "M",
      "ND"
    ],
    "ImagingFrequency": 123.122,
    "InPlanePhaseEncodingDirectionDICOM": "ROW",
    "MRAcquisitionType": "3D",
    "MagneticFieldStrength": 3,
    "Manufacturer": "Siemens",
    "ManufacturersModelName": "Verio",
    "MatrixCoilMode": "GRAPPA",
    "Modality": "MR",
    "ParallelReductionFactorInPlane": 2,
    "PartialFourier": 1,
    "PatientPosition": "HFS",
    "PercentPhaseFOV": 93.75,
    "PercentSampling": 100.667,
    "PhaseEncodingDirection": "i",
    "PhaseEncodingSteps": 290,
    "PhaseResolution": 1.00667,
    "PixelBandwidth": 744,
    "ProtocolName": "T2w_SPC2_0.8iso",
    "PulseSequenceDetails": "%SiemensSeq%\\tse_vfl",
    "ReceiveCoilName": "32Ch_Head",
    "ReconMatrixPE": 300,
    "RefLinesPE": 32,
    "RepetitionTime": 3.2,
    "SAR": 0.0830027,
    "ScanOptions": "PFP",
    "ScanningSequence": "SE",
    "SequenceName": "*spc3d1_334ns",
    "SequenceVariant": "SK\\SP",
    "SeriesDescription": "T2w_SPC2_0.8iso",
    "SeriesNumber": 17,
    "ShimSetting": [
      2869,
      7567,
      -15125,
      81,
      1015,
      -780,
      -642,
      1161
    ],
    "SliceThickness": 0.8,
    "SoftwareVersions": "syngo MR B17",
    "SpoilingState": true,
    "StationName": "MRC40463",
    "TxRefAmp": 440.218,
    "acq_id": "02",
    "dataset": "ds004056",
    "modality": "T2w",
    "session_id": "02",
    "subject_id": "18"
  },
  "cjv": 0.2949703112178451,
  "cnr": 1.9296524852124082,
  "efc": 0.5012304712674379,
  "fber": 6655.993056432268,
  "fwhm_avg": 3.01919578834381,
  "fwhm_x": 2.9429999561458833,
  "fwhm_y": 3.181937452585437,
  "fwhm_z": 2.9326499563001103,
  "icvs_csf": 0.30299564881993607,
  "icvs_gm": 0.5773238861380252,
  "icvs_wm": 0.11968046504203872,
  "inu_med": 0.8924687504768372,
  "inu_range": 0.4519597291946411,
  "provenance": {
    "md5sum": "a6646688018207b4f88195fa15d1d40f",
    "settings": {
      "testing": false
    },
    "software": "mriqc",
    "version": "23.0.1",
    "warnings": {
      "large_rot_frame": true,
      "small_air_mask": false
    },
    "webapi_port": null,
    "webapi_url": "https://mriqc.nimh.nih.gov/api/v1"
  },
  "qi_1": 0.0,
  "qi_2": 0.005886423597390639,
  "rpve_csf": 14.763929857806698,
  "rpve_gm": 9.867707084064154,
  "rpve_wm": 48.91016550617914,
  "size_x": 224,
  "size_y": 300,
  "size_z": 320,
  "snr_csf": 4.112278300186032,
  "snr_gm": 6.9076709435641765,
  "snr_total": 4.63186159990759,
  "snr_wm": 2.87563555597256,
  "snrd_csf": 70.6620917138771,
  "snrd_gm": 37.71945028675138,
  "snrd_total": 75.09257260875825,
  "snrd_wm": 116.89617582564625,
  "spacing_x": 0.800000011920929,
  "spacing_y": 0.800000011920929,
  "spacing_z": 0.800000011920929,
  "summary_bg_k": 14.35125180582925,
  "summary_bg_mad": 5.602888187709782,
  "summary_bg_mean": 6.3103811354105845,
  "summary_bg_median": 3.779090654104948,
  "summary_bg_n": 7013869.0,
  "summary_bg_p05": 0.0,
  "summary_bg_p95": 24.300988003611565,
  "summary_bg_stdv": 9.923983204130451,
  "summary_csf_k": -0.11008178328314866,
  "summary_csf_mad": 95.10725392049137,
  "summary_csf_mean": 651.3635401626524,
  "summary_csf_median": 604.3196485228837,
  "summary_csf_n": 61339.0,
  "summary_csf_p05": 485.46963928081095,
  "summary_csf_p95": 949.9653254313394,
  "summary_csf_stdv": 146.9537512603949,
  "summary_gm_k": 1.0618750157834587,
  "summary_gm_mad": 42.94365566656042,
  "summary_gm_mean": 325.54082888351195,
  "summary_gm_median": 322.58604842983186,
  "summary_gm_n": 544431.0,
  "summary_gm_p05": 255.27996551431715,
  "summary_gm_p95": 407.80693450942636,
  "summary_gm_stdv": 46.69964084934259,
  "summary_wm_k": 1.3527862895839098,
  "summary_wm_mad": 156.79221596176458,
  "summary_wm_mean": 903.9241349593154,
  "summary_wm_median": 999.7249469300732,
  "summary_wm_n": 42250.0,
  "summary_wm_p05": 55.89705606736243,
  "summary_wm_p95": 1245.0668607559055,
  "summary_wm_stdv": 347.6494487346452,
  "tpm_overlap_csf": 0.12102468419047341,
  "tpm_overlap_gm": 0.3690673019324399,
  "tpm_overlap_wm": 0.031344436677181585,
  "wm2max": 0.8393072289156627
}