{
  "bids_meta": {
    "AcquisitionMatrixPE": 300,
    "AcquisitionNumber": 1,
    "AcquisitionTime": "11:07:53.852500",
    "BaseResolution": 320,
    "CoilCombinationMethod": "Adaptive Combine",
    "CoilString": "C:A32",
    "ConversionSoftware": "dcm2niix",
    "ConversionSoftwareVersion": "v1.0.20211220",
    "Dcm2bidsVersion": "2.1.6",
    "DeviceSerialNumber": "18981",
    "DwellTime": 6.5e-06,
    "EchoTime": 0.00299,
    "ImageComments": "DENOISED IMAGE (lambda = 150)",
    "ImageOrientationPatientDICOM": [
      0,
      1,
      0,
      0,
      0,
      -1
    ],
    "ImageOrientationText": "Sag",
    "ImageType": [
      "ORIGINAL",
      "PRIMARY",
      "M",
      "ND",
      "UNI"
    ],
    "ImagingFrequency": 297.224,
    "InPlanePhaseEncodingDirectionDICOM": "ROW",
    "MRAcquisitionType": "3D",
    "MagneticFieldStrength": 6.98,
    "Manufacturer": "Siemens",
    "ManufacturersModelName": "Investigational_Device_7T",
    "MatrixCoilMode": "GRAPPA",
    "Modality": "MR",
    "ParallelReductionFactorInPlane": 3,
    "PartialFourier": 0.75,
    "PatientPosition": "HFS",
    "PercentPhaseFOV": 93.75,
    "PercentSampling": 100,
    "PhaseEncodingSteps": 226,
    "PhaseResolution": 1,
    "PixelBandwidth": 240,
    "ProtocolName": "mp2rage-wip900_0.75iso_7T",
    "PulseSequenceDetails": "%CustomerSeq%\\tfl_wip900b17a",
    "ReceiveCoilName": "32Ch_Head_7T",
    "ReconMatrixPE": 300,
    "RefLinesPE": 32,
    "RepetitionTime": 6,
    "SAR": 0.0475146,
    "ScanOptions": "IR\\PFP",
    "ScanningSequence": "GR\\IR",
    "SequenceName": "tfl3d1_ns",
    "SequenceVariant": "SP\\MP",
    "SeriesDescription": "mp2rage-wip900_0.75iso_7T_UNI-DEN",
    "SeriesNumber": 27,
    "ShimSetting": [
      9,
      74,
      885,
      639,
      -53,
      -190,
      -301,
      141
    ],
    "SliceThickness": 0.75,
    "SoftwareVersions": "syngo MR B17",
    "StationName": "MRC18981",
    "TxRefAmp": 163.37,
    "acq_id": "MP2R",
    "dataset": "ds004056",
    "modality": "T1w",
    "session_id": "01",
    "subject_id": "09"
  },
  "cjv": 0.3071420102079782,
  "cnr": 4.285588320607598,
  "efc": 0.4445502161129118,
  "fber": -1.0,
  "fwhm_avg": 4.246817777777778,
  "fwhm_x": 4.453493333333333,
  "fwhm_y": 4.492173333333334,
  "fwhm_z": 3.7947866666666665,
  "icvs_csf": 0.2934423322685316,
  "icvs_gm": 0.4046842876219107,
  "icvs_wm": 0.30187338010955767,
  "inu_med": 0.8635843992233276,
  "inu_range": 0.2761253237724304,
  "provenance": {
    "md5sum": "9e4ca7b370fd06f2cf9ab2c6c7c1539d",
    "settings": {
      "testing": false
    },
    "software": "mriqc",
    "version": "23.0.1",
    "warnings": {
      "large_rot_frame": true,
      "small_air_mask": false
    },
    "webapi_port": null,
    "webapi_url": "https://mriqc.nimh.nih.gov/api/v1"
  },
  "qi_1": 3.1494438082234676e-06,
  "qi_2": 0.0021786037712880147,
  "rpve_csf": 16.364342474021505,
  "rpve_gm": 11.346796886155287,
  "rpve_wm": 18.184114739651847,
  "size_x": 224,
  "size_y": 300,
  "size_z": 320,
  "snr_csf": 1.3399282053615444,
  "snr_gm": 5.065147335047975,
  "snr_total": 6.248245173890115,
  "snr_wm": 12.339659981260825,
  "snrd_csf": 12.454513568289327,
  "snrd_gm": 61.219603993477264,
  "snrd_total": 67.88678684985047,
  "snrd_wm": 129.9862429877848,
  "spacing_x": 0.75,
  "spacing_y": 0.75,
  "spacing_z": 0.75,
  "summary_bg_k": 244.3758360527888,
  "summary_bg_mad": 0.0,
  "summary_bg_mean": 2.404456579902341,
  "summary_bg_median": 0.0,
  "summary_bg_n": 6310900.0,
  "summary_bg_p05": 0.0,
  "summary_bg_p95": 8.724020652472973,
  "summary_bg_stdv": 5.040229025398563,
  "summary_csf_k": 181.38372399592345,
  "summary_csf_mad": 59.83450362766082,
  "summary_csf_mean": 105.68952152945162,
  "summary_csf_median": 95.81760498136282,
  "summary_csf_n": 122538.0,
  "summary_csf_p05": 18.694329969584942,
  "summary_csf_p95": 217.22078313678503,
  "summary_csf_stdv": 71.50921491627753,
  "summary_gm_k": -0.1439783251471165,
  "summary_gm_mad": 93.8005025080314,
  "summary_gm_mean": 466.7345467193291,
  "summary_gm_median": 470.9871485866606,
  "summary_gm_n": 81101.0,
  "summary_gm_p05": 306.2571115605533,
  "summary_gm_p95": 612.8441230617464,
  "summary_gm_stdv": 92.9853000743646,
  "summary_wm_k": 1.546061398361764,
  "summary_wm_mad": 68.69283613566147,
  "summary_wm_mean": 995.4202302636274,
  "summary_wm_median": 1000.0366867259145,
  "summary_wm_n": 391411.0,
  "summary_wm_p05": 851.8016467317939,
  "summary_wm_p95": 1117.6643433384597,
  "summary_wm_stdv": 81.04237967393703,
  "tpm_overlap_csf": 0.14113895677177737,
  "tpm_overlap_gm": 0.42831330643137333,
  "tpm_overlap_wm": 0.47032414141787854,
  "wm2max": 0.4318343701030438
}