{
  "bids_meta": {
    "AcquisitionMatrixPE": 300,
    "AcquisitionNumber": 1,
    "AcquisitionTime": "12:48:16.342500",
    "BaseResolution": 320,
    "CoilCombinationMethod": "Adaptive Combine",
    "CoilString": "C:A32",
    "ConversionSoftware": "dcm2niix",
    "ConversionSoftwareVersion": "v1.0.20211220",
    "Dcm2bidsVersion": "2.1.6",
    "DeviceSerialNumber": "18981",
    "DwellTime": 6.5e-06,
    "EchoTime": 0.00299,
    "ImageComments": "DENOISED IMAGE (lambda = 150)",
    "ImageOrientationPatientDICOM": [
      0,
      1,
      0,
      0,
      0,
      -1
    ],
    "ImageOrientationText": "Sag",
    "ImageType": [
      "ORIGINAL",
      "PRIMARY",
      "M",
      "ND",
      "UNI"
    ],
    "ImagingFrequency": 297.224,
    "InPlanePhaseEncodingDirectionDICOM": "ROW",
    "MRAcquisitionType": "3D",
    "MagneticFieldStrength": 6.98,
    "Manufacturer": "Siemens",
    "ManufacturersModelName": "Investigational_Device_7T",
    "MatrixCoilMode": "GRAPPA",
    "Modality": "MR",
    "ParallelReductionFactorInPlane": 3,
    "PartialFourier": 0.75,
    "PatientPosition": "HFS",
    "PercentPhaseFOV": 93.75,
    "PercentSampling": 100,
    "PhaseEncodingSteps": 226,
    "PhaseResolution": 1,
    "PixelBandwidth": 240,
    "ProtocolName": "mp2rage-wip900_0.75iso_7T",
    "PulseSequenceDetails": "%CustomerSeq%\\tfl_wip900b17a",
    "ReceiveCoilName": "32Ch_Head_7T",
    "ReconMatrixPE": 300,
    "RefLinesPE": 32,
    "RepetitionTime": 6,
    "SAR": 0.0465808,
    "ScanOptions": "IR\\PFP",
    "ScanningSequence": "GR\\IR",
    "SequenceName": "tfl3d1_ns",
    "SequenceVariant": "SP\\MP",
    "SeriesDescription": "mp2rage-wip900_0.75iso_7T_UNI-DEN",
    "SeriesNumber": 27,
    "ShimSetting": [
      3,
      30,
      911,
      611,
      -175,
      -358,
      -122,
      -63
    ],
    "SliceThickness": 0.75,
    "SoftwareVersions": "syngo MR B17",
    "StationName": "MRC18981",
    "TxRefAmp": 173.443,
    "acq_id": "MP2R",
    "dataset": "ds004056",
    "modality": "T1w",
    "session_id": "01",
    "subject_id": "10"
  },
  "cjv": 0.3009445335861197,
  "cnr": 4.344933097855132,
  "efc": 0.4819386581654754,
  "fber": 13514.402414418111,
  "fwhm_avg": 4.369822222222222,
  "fwhm_x": 4.396746666666666,
  "fwhm_y": 4.765933333333334,
  "fwhm_z": 3.9467866666666667,
  "icvs_csf": 0.2884434159461065,
  "icvs_gm": 0.38020102672852973,
  "icvs_wm": 0.33135555732536376,
  "inu_med": 0.7216605544090271,
  "inu_range": 0.2039407610893249,
  "provenance": {
    "md5sum": "989b247212a68d9e08600eac81017296",
    "settings": {
      "testing": false
    },
    "software": "mriqc",
    "version": "23.0.1",
    "warnings": {
      "large_rot_frame": true,
      "small_air_mask": false
    },
    "webapi_port": null,
    "webapi_url": "https://mriqc.nimh.nih.gov/api/v1"
  },
  "qi_1": 3.731150552721489e-05,
  "qi_2": 0.0014186152052951375,
  "rpve_csf": 15.3757912343328,
  "rpve_gm": 10.706189269224323,
  "rpve_wm": 16.051624051421026,
  "size_x": 224,
  "size_y": 300,
  "size_z": 320,
  "snr_csf": 1.2344004876648986,
  "snr_gm": 5.213324361047144,
  "snr_total": 6.665144104748187,
  "snr_wm": 13.547707465532515,
  "snrd_csf": 10.64205544395313,
  "snrd_gm": 58.334465965056836,
  "snrd_total": 63.16113830834046,
  "snrd_wm": 120.50689351601142,
  "spacing_x": 0.75,
  "spacing_y": 0.75,
  "spacing_z": 0.75,
  "summary_bg_k": 72.47650018947796,
  "summary_bg_mad": 0.0,
  "summary_bg_mean": 2.9204256369534147,
  "summary_bg_median": 0.0,
  "summary_bg_n": 7156530.0,
  "summary_bg_p05": 0.0,
  "summary_bg_p95": 11.268648516386747,
  "summary_bg_stdv": 5.436505441475715,
  "summary_csf_k": 8.497506612261006,
  "summary_csf_mad": 65.59232207147767,
  "summary_csf_mean": 101.52355192125337,
  "summary_csf_median": 88.31075838487595,
  "summary_csf_n": 126000.0,
  "summary_csf_p05": 13.199661055579782,
  "summary_csf_p95": 232.01247919537127,
  "summary_csf_stdv": 71.54113176973789,
  "summary_gm_k": 1.716047248883684,
  "summary_gm_mad": 92.0449506139062,
  "summary_gm_mean": 478.95468280144985,
  "summary_gm_median": 484.07574612647295,
  "summary_gm_n": 54570.0,
  "summary_gm_p05": 318.8405902813189,
  "summary_gm_p95": 620.5692351981997,
  "summary_gm_stdv": 92.85271301320509,
  "summary_wm_k": 1.6772503438238413,
  "summary_wm_mad": 63.21962521926578,
  "summary_wm_mean": 994.0694836663375,
  "summary_wm_median": 999.9999730363488,
  "summary_wm_n": 500820.0,
  "summary_wm_p05": 861.3625310015865,
  "summary_wm_p95": 1102.0262108948082,
  "summary_wm_stdv": 73.81315083879288,
  "tpm_overlap_csf": 0.1356015782383503,
  "tpm_overlap_gm": 0.4109743933172459,
  "tpm_overlap_wm": 0.47878656818168347,
  "wm2max": 0.6267345280923092
}