{
  "bids_meta": {
    "AcquisitionMatrixPE": 302,
    "AcquisitionNumber": 1,
    "AcquisitionTime": "10:37:22.245000",
    "BaseResolution": 320,
    "CoilCombinationMethod": "Adaptive Combine",
    "CoilString": "C:HEA;HEP",
    "ConversionSoftware": "dcm2niix",
    "ConversionSoftwareVersion": "v1.0.20211220",
    "Dcm2bidsVersion": "2.1.6",
    "DeviceSerialNumber": "40463",
    "DwellTime": 2.1e-06,
    "EchoTime": 0.56,
    "EchoTrainLength": 167,
    "FlipAngle": 120,
    "ImageOrientationPatientDICOM": [
      0,
      1,
      0,
      0,
      0,
      -1
    ],
    "ImageOrientationText": "Sag",
    "ImageType": [
      "ORIGINAL",
      "PRIMARY",
      "M",
      "ND"
    ],
    "ImagingFrequency": 123.122,
    "InPlanePhaseEncodingDirectionDICOM": "ROW",
    "MRAcquisitionType": "3D",
    "MagneticFieldStrength": 3,
    "Manufacturer": "Siemens",
    "ManufacturersModelName": "Verio",
    "MatrixCoilMode": "GRAPPA",
    "Modality": "MR",
    "ParallelReductionFactorInPlane": 2,
    "PartialFourier": 1,
    "PatientPosition": "HFS",
    "PercentPhaseFOV": 93.75,
    "PercentSampling": 100.667,
    "PhaseEncodingDirection": "i",
    "PhaseEncodingSteps": 290,
    "PhaseResolution": 1.00667,
    "PixelBandwidth": 744,
    "ProtocolName": "T2w_SPC1_0.8iso",
    "PulseSequenceDetails": "%SiemensSeq%\\tse_vfl",
    "ReceiveCoilName": "32Ch_Head",
    "ReconMatrixPE": 300,
    "RefLinesPE": 32,
    "RepetitionTime": 3.2,
    "SAR": 0.0960616,
    "ScanOptions": "PFP",
    "ScanningSequence": "SE",
    "SequenceName": "*spc3d1_334ns",
    "SequenceVariant": "SK\\SP",
    "SeriesDescription": "T2w_SPC1_0.8iso",
    "SeriesNumber": 15,
    "ShimSetting": [
      2838,
      7484,
      -15150,
      -89,
      969,
      -1263,
      313,
      1178
    ],
    "SliceThickness": 0.8,
    "SoftwareVersions": "syngo MR B17",
    "SpoilingState": true,
    "StationName": "MRC40463",
    "TxRefAmp": 454.149,
    "acq_id": "01",
    "dataset": "ds004056",
    "modality": "T2w",
    "session_id": "02",
    "subject_id": "12"
  },
  "cjv": 0.733330915831164,
  "cnr": 1.2651292907837826,
  "efc": 0.53603038092811,
  "fber": 3732.9119571683523,
  "fwhm_avg": 3.1333624533092608,
  "fwhm_x": 3.041262454681658,
  "fwhm_y": 3.4640874483810746,
  "fwhm_z": 2.8947374568650504,
  "icvs_csf": 0.32522536288249654,
  "icvs_gm": 0.5135001085294929,
  "icvs_wm": 0.1612745285880106,
  "inu_med": 0.8648183345794678,
  "inu_range": 0.8871683776378632,
  "provenance": {
    "md5sum": "b5434984e403cf10170619e494999a3e",
    "settings": {
      "testing": false
    },
    "software": "mriqc",
    "version": "23.0.1",
    "warnings": {
      "large_rot_frame": true,
      "small_air_mask": false
    },
    "webapi_port": null,
    "webapi_url": "https://mriqc.nimh.nih.gov/api/v1"
  },
  "qi_1": 0.0,
  "qi_2": 0.005325503524602895,
  "rpve_csf": 14.387333447377925,
  "rpve_gm": 10.823415671529737,
  "rpve_wm": 37.127461562945435,
  "size_x": 224,
  "size_y": 300,
  "size_z": 320,
  "snr_csf": 4.136095852410088,
  "snr_gm": 8.616495712373512,
  "snr_total": 4.91407988814842,
  "snr_wm": 1.9896480996616597,
  "snrd_csf": 49.1557362979658,
  "snrd_gm": 28.536194573259777,
  "snrd_total": 52.18768111212918,
  "snrd_wm": 78.87111246516193,
  "spacing_x": 0.800000011920929,
  "spacing_y": 0.800000011920929,
  "spacing_z": 0.800000011920929,
  "summary_bg_k": 17.21685181277899,
  "summary_bg_mad": 8.322659043479947,
  "summary_bg_mean": 7.3228012785270975,
  "summary_bg_median": 5.613548219203949,
  "summary_bg_n": 6667599.0,
  "summary_bg_p05": 0.0,
  "summary_bg_p95": 26.364754557609558,
  "summary_bg_stdv": 10.107225490752889,
  "summary_csf_k": 2.110118951888257,
  "summary_csf_mad": 82.10443415927408,
  "summary_csf_mean": 669.7169536027118,
  "summary_csf_median": 624.4599342048168,
  "summary_csf_n": 72012.0,
  "summary_csf_p05": 518.6855480968952,
  "summary_csf_p95": 1084.045542061329,
  "summary_csf_stdv": 150.9770616223049,
  "summary_gm_k": 0.5434159770368767,
  "summary_gm_mad": 40.0235738270721,
  "summary_gm_mean": 362.6683916183344,
  "summary_gm_median": 362.5153751671314,
  "summary_gm_n": 472847.0,
  "summary_gm_p05": 294.23822969198227,
  "summary_gm_p95": 431.5178667604923,
  "summary_gm_stdv": 42.07220707064363,
  "summary_wm_k": -1.5533236394276184,
  "summary_wm_mad": 428.8974798080986,
  "summary_wm_mean": 764.0797802051835,
  "summary_wm_median": 1001.9552835524082,
  "summary_wm_n": 48093.0,
  "summary_wm_p05": 36.973729956150045,
  "summary_wm_p95": 1363.0515032708645,
  "summary_wm_stdv": 503.57893278569486,
  "tpm_overlap_csf": 0.11719004893363993,
  "tpm_overlap_gm": 0.3378552064423903,
  "tpm_overlap_wm": 0.030191143113537974,
  "wm2max": 0.7410145772594752
}