{
  "bids_meta": {
    "AcquisitionMatrixPE": 300,
    "AcquisitionNumber": 1,
    "AcquisitionTime": "10:43:25.692500",
    "BaseResolution": 320,
    "CoilCombinationMethod": "Adaptive Combine",
    "CoilString": "C:HEA;HEP",
    "ConversionSoftware": "dcm2niix",
    "ConversionSoftwareVersion": "v1.0.20211220",
    "Dcm2bidsVersion": "2.1.6",
    "DeviceSerialNumber": "40463",
    "DwellTime": 7.4e-06,
    "EchoTime": 0.00224,
    "FlipAngle": 8,
    "ImageOrientationPatientDICOM": [
      0,
      1,
      0,
      0,
      0,
      -1
    ],
    "ImageOrientationText": "Sag",
    "ImageType": [
      "ORIGINAL",
      "PRIMARY",
      "M",
      "ND"
    ],
    "ImagingFrequency": 123.122,
    "InPlanePhaseEncodingDirectionDICOM": "ROW",
    "InversionTime": 1.06,
    "MRAcquisitionType": "3D",
    "MagneticFieldStrength": 3,
    "Manufacturer": "Siemens",
    "ManufacturersModelName": "Verio",
    "MatrixCoilMode": "GRAPPA",
    "Modality": "MR",
    "ParallelReductionFactorInPlane": 2,
    "PartialFourier": 1,
    "PatientPosition": "HFS",
    "PercentPhaseFOV": 93.75,
    "PercentSampling": 100,
    "PhaseEncodingSteps": 299,
    "PhaseResolution": 1,
    "PixelBandwidth": 211,
    "ProtocolName": "T1w_MPR2_0.8iso",
    "PulseSequenceDetails": "%SiemensSeq%\\tfl",
    "ReceiveCoilName": "32Ch_Head",
    "ReconMatrixPE": 300,
    "RefLinesPE": 32,
    "RepetitionTime": 2.4,
    "SAR": 0.0293096,
    "ScanOptions": "IR\\WE",
    "ScanningSequence": "GR\\IR",
    "SequenceName": "*tfl3d1_ns",
    "SequenceVariant": "SP\\MP",
    "SeriesDescription": "T1w_MPR2_0.8iso",
    "SeriesNumber": 16,
    "ShimSetting": [
      2838,
      7484,
      -15150,
      -89,
      969,
      -1263,
      313,
      1178
    ],
    "SliceThickness": 0.8,
    "SoftwareVersions": "syngo MR B17",
    "StationName": "MRC40463",
    "TxRefAmp": 454.149,
    "acq_id": "02",
    "dataset": "ds004056",
    "modality": "T1w",
    "session_id": "02",
    "subject_id": "12"
  },
  "cjv": 0.49492167420573585,
  "cnr": 2.7278920295440323,
  "efc": 0.583596887023511,
  "fber": 16961.51041322314,
  "fwhm_avg": 5.171158256277071,
  "fwhm_x": 5.105349923924358,
  "fwhm_y": 5.188237422689238,
  "fwhm_z": 5.219887422217616,
  "icvs_csf": 0.19697022588013802,
  "icvs_gm": 0.4024399204194774,
  "icvs_wm": 0.4005898537003846,
  "inu_med": 0.8941368758678436,
  "inu_range": 1.1161225438117974,
  "provenance": {
    "md5sum": "3fc5e2d838bcda21ed3d40e0332608e0",
    "settings": {
      "testing": false
    },
    "software": "mriqc",
    "version": "23.0.1",
    "warnings": {
      "large_rot_frame": true,
      "small_air_mask": false
    },
    "webapi_port": null,
    "webapi_url": "https://mriqc.nimh.nih.gov/api/v1"
  },
  "qi_1": 0.0,
  "qi_2": 0.0030768895307612242,
  "rpve_csf": 25.64028833938539,
  "rpve_gm": 12.438591423267022,
  "rpve_wm": 14.240985849989576,
  "size_x": 224,
  "size_y": 300,
  "size_z": 320,
  "snr_csf": 2.575632741110829,
  "snr_gm": 13.350067922281928,
  "snr_total": 10.535987143320611,
  "snr_wm": 15.682260766569076,
  "snrd_csf": 19.758049060901378,
  "snrd_gm": 46.45491605631843,
  "snrd_total": 42.329226516729335,
  "snrd_wm": 60.77471443296819,
  "spacing_x": 0.800000011920929,
  "spacing_y": 0.800000011920929,
  "spacing_z": 0.800000011920929,
  "summary_bg_k": 7.446985942608666,
  "summary_bg_mad": 0.0,
  "summary_bg_mean": 6.8235847064729995,
  "summary_bg_median": 0.0,
  "summary_bg_n": 6585596.0,
  "summary_bg_p05": 0.0,
  "summary_bg_p95": 28.70237720757723,
  "summary_bg_stdv": 10.780370279847666,
  "summary_csf_k": 3.1099897715914624,
  "summary_csf_mad": 103.54007924864028,
  "summary_csf_mean": 330.3734391523789,
  "summary_csf_median": 325.12173783034086,
  "summary_csf_n": 86095.0,
  "summary_csf_p05": 112.8444558598101,
  "summary_csf_p95": 545.3050638221206,
  "summary_csf_stdv": 126.2291181807745,
  "summary_gm_k": 0.14560265706489206,
  "summary_gm_mad": 56.56906708744416,
  "summary_gm_mean": 765.0896615774772,
  "summary_gm_median": 764.4227925762534,
  "summary_gm_n": 60639.0,
  "summary_gm_p05": 671.4981302395463,
  "summary_gm_p95": 859.7536422237754,
  "summary_gm_stdv": 57.259370809049855,
  "summary_wm_k": 0.5131744525926343,
  "summary_wm_mad": 60.05154719342796,
  "summary_wm_mean": 1009.025365297889,
  "summary_wm_median": 1000.0572785139084,
  "summary_wm_n": 459498.0,
  "summary_wm_p05": 920.1947758644819,
  "summary_wm_p95": 1127.871656857431,
  "summary_wm_stdv": 63.76989932719763,
  "tpm_overlap_csf": 0.1454569076009537,
  "tpm_overlap_gm": 0.43869780103371747,
  "tpm_overlap_wm": 0.4782791567715589,
  "wm2max": 0.43734028160545174
}