{
  "bids_meta": {
    "AcquisitionMatrixPE": 300,
    "AcquisitionNumber": 1,
    "AcquisitionTime": "10:30:42.510000",
    "BaseResolution": 320,
    "CoilCombinationMethod": "Adaptive Combine",
    "CoilString": "C:HEA;HEP",
    "ConversionSoftware": "dcm2niix",
    "ConversionSoftwareVersion": "v1.0.20211220",
    "Dcm2bidsVersion": "2.1.6",
    "DeviceSerialNumber": "40463",
    "DwellTime": 7.4e-06,
    "EchoTime": 0.00224,
    "FlipAngle": 8,
    "ImageOrientationPatientDICOM": [
      0,
      1,
      0,
      0,
      0,
      -1
    ],
    "ImageOrientationText": "Sag",
    "ImageType": [
      "ORIGINAL",
      "PRIMARY",
      "M",
      "ND"
    ],
    "ImagingFrequency": 123.122,
    "InPlanePhaseEncodingDirectionDICOM": "ROW",
    "InversionTime": 1.06,
    "MRAcquisitionType": "3D",
    "MagneticFieldStrength": 3,
    "Manufacturer": "Siemens",
    "ManufacturersModelName": "Verio",
    "MatrixCoilMode": "GRAPPA",
    "Modality": "MR",
    "ParallelReductionFactorInPlane": 2,
    "PartialFourier": 1,
    "PatientPosition": "HFS",
    "PercentPhaseFOV": 93.75,
    "PercentSampling": 100,
    "PhaseEncodingSteps": 299,
    "PhaseResolution": 1,
    "PixelBandwidth": 211,
    "ProtocolName": "T1w_MPR1_0.8iso",
    "PulseSequenceDetails": "%SiemensSeq%\\tfl",
    "ReceiveCoilName": "32Ch_Head",
    "ReconMatrixPE": 300,
    "RefLinesPE": 32,
    "RepetitionTime": 2.4,
    "SAR": 0.0293096,
    "ScanOptions": "IR\\WE",
    "ScanningSequence": "GR\\IR",
    "SequenceName": "*tfl3d1_ns",
    "SequenceVariant": "SP\\MP",
    "SeriesDescription": "T1w_MPR1_0.8iso",
    "SeriesNumber": 14,
    "ShimSetting": [
      2838,
      7484,
      -15150,
      -89,
      969,
      -1263,
      313,
      1178
    ],
    "SliceThickness": 0.8,
    "SoftwareVersions": "syngo MR B17",
    "StationName": "MRC40463",
    "TxRefAmp": 454.149,
    "acq_id": "01",
    "dataset": "ds004056",
    "modality": "T1w",
    "session_id": "02",
    "subject_id": "12"
  },
  "cjv": 0.49455989701604025,
  "cnr": 2.738532351896433,
  "efc": 0.582907907209258,
  "fber": 16509.913719008266,
  "fwhm_avg": 5.198666589200498,
  "fwhm_x": 5.1373749234471475,
  "fwhm_y": 5.217237422257105,
  "fwhm_z": 5.241387421897241,
  "icvs_csf": 0.1969207567960401,
  "icvs_gm": 0.4008731657470024,
  "icvs_wm": 0.4022060774569575,
  "inu_med": 0.9081100821495056,
  "inu_range": 1.1416132211685177,
  "provenance": {
    "md5sum": "cebba1f9e8be03a1ddc835ffaadedac2",
    "settings": {
      "testing": false
    },
    "software": "mriqc",
    "version": "23.0.1",
    "warnings": {
      "large_rot_frame": true,
      "small_air_mask": false
    },
    "webapi_port": null,
    "webapi_url": "https://mriqc.nimh.nih.gov/api/v1"
  },
  "qi_1": 0.0,
  "qi_2": 0.002657092634817428,
  "rpve_csf": 25.75688562577044,
  "rpve_gm": 12.484584908962656,
  "rpve_wm": 14.203915363733731,
  "size_x": 224,
  "size_y": 300,
  "size_z": 320,
  "snr_csf": 2.5928471243003557,
  "snr_gm": 13.350131580410299,
  "snr_total": 10.572665170267394,
  "snr_wm": 15.775016806091525,
  "snrd_csf": 19.249171458081666,
  "snrd_gm": 44.95619453526478,
  "snrd_total": 41.012904608556816,
  "snrd_wm": 58.833347832324,
  "spacing_x": 0.800000011920929,
  "spacing_y": 0.800000011920929,
  "spacing_z": 0.800000011920929,
  "summary_bg_k": 8.72138851683147,
  "summary_bg_mad": 0.0,
  "summary_bg_mean": 7.0095572229771985,
  "summary_bg_median": 0.0,
  "summary_bg_n": 6614160.0,
  "summary_bg_p05": 0.0,
  "summary_bg_p95": 29.771428737789392,
  "summary_bg_stdv": 11.13609651951202,
  "summary_csf_k": 2.300914612298013,
  "summary_csf_mad": 102.68079422113306,
  "summary_csf_mean": 332.40504738425636,
  "summary_csf_median": 327.2000018283725,
  "summary_csf_n": 87625.0,
  "summary_csf_p05": 116.17142922058702,
  "summary_csf_p95": 549.5314316421749,
  "summary_csf_stdv": 126.1926056918028,
  "summary_gm_k": 0.1428136903011339,
  "summary_gm_mad": 56.67776512701156,
  "summary_gm_mean": 764.3971252983538,
  "summary_gm_median": 764.1714328415692,
  "summary_gm_n": 61252.0,
  "summary_gm_p05": 671.1428608931601,
  "summary_gm_p95": 859.142861943692,
  "summary_gm_stdv": 57.24027439601949,
  "summary_wm_k": 0.4756344328692239,
  "summary_wm_mad": 59.981850089572774,
  "summary_wm_mean": 1009.0127531455405,
  "summary_wm_median": 1000.0571484453976,
  "summary_wm_n": 459431.0,
  "summary_wm_p05": 920.6285765729845,
  "summary_wm_p95": 1127.3142920136452,
  "summary_wm_stdv": 63.39492834604994,
  "tpm_overlap_csf": 0.14297168510415423,
  "tpm_overlap_gm": 0.4383690180575328,
  "tpm_overlap_wm": 0.47442878440503344,
  "wm2max": 0.4411868508621559
}