{
  "bids_meta": {
    "AcquisitionMatrixPE": 300,
    "AcquisitionNumber": 1,
    "AcquisitionTime": "17:19:12.720000",
    "BaseResolution": 320,
    "CoilCombinationMethod": "Adaptive Combine",
    "CoilString": "C:A32",
    "ConversionSoftware": "dcm2niix",
    "ConversionSoftwareVersion": "v1.0.20211220",
    "Dcm2bidsVersion": "2.1.6",
    "DeviceSerialNumber": "18981",
    "DwellTime": 6.5e-06,
    "EchoTime": 0.00299,
    "ImageComments": "DENOISED IMAGE (lambda = 150)",
    "ImageOrientationPatientDICOM": [
      0,
      1,
      0,
      0,
      0,
      -1
    ],
    "ImageOrientationText": "Sag",
    "ImageType": [
      "ORIGINAL",
      "PRIMARY",
      "M",
      "ND",
      "UNI"
    ],
    "ImagingFrequency": 297.223,
    "InPlanePhaseEncodingDirectionDICOM": "ROW",
    "MRAcquisitionType": "3D",
    "MagneticFieldStrength": 6.98,
    "Manufacturer": "Siemens",
    "ManufacturersModelName": "Investigational_Device_7T",
    "MatrixCoilMode": "GRAPPA",
    "Modality": "MR",
    "ParallelReductionFactorInPlane": 3,
    "PartialFourier": 0.75,
    "PatientPosition": "HFS",
    "PercentPhaseFOV": 93.75,
    "PercentSampling": 100,
    "PhaseEncodingSteps": 226,
    "PhaseResolution": 1,
    "PixelBandwidth": 240,
    "ProtocolName": "mp2rage-wip900_0.75iso_7T",
    "PulseSequenceDetails": "%CustomerSeq%\\tfl_wip900b17a",
    "ReceiveCoilName": "32Ch_Head_7T",
    "ReconMatrixPE": 300,
    "RefLinesPE": 32,
    "RepetitionTime": 6,
    "SAR": 0.0813284,
    "ScanOptions": "IR\\PFP",
    "ScanningSequence": "GR\\IR",
    "SequenceName": "tfl3d1_ns",
    "SequenceVariant": "SP\\MP",
    "SeriesDescription": "mp2rage-wip900_0.75iso_7T_UNI-DEN",
    "SeriesNumber": 27,
    "ShimSetting": [
      -28,
      110,
      785,
      620,
      -340,
      97,
      -163,
      132
    ],
    "SliceThickness": 0.75,
    "SoftwareVersions": "syngo MR B17",
    "StationName": "MRC18981",
    "TxRefAmp": 220,
    "acq_id": "MP2R",
    "dataset": "ds004056",
    "modality": "T1w",
    "session_id": "01",
    "subject_id": "29"
  },
  "cjv": 0.30043169199370473,
  "cnr": 4.203230639735359,
  "efc": 0.4903439476154941,
  "fber": -1.0,
  "fwhm_avg": 4.685724444444445,
  "fwhm_x": 4.6626666666666665,
  "fwhm_y": 5.166253333333334,
  "fwhm_z": 4.228253333333334,
  "icvs_csf": 0.2928609695763445,
  "icvs_gm": 0.3722659250117896,
  "icvs_wm": 0.3348731054118659,
  "inu_med": 0.6845918297767639,
  "inu_range": 0.139119154214859,
  "provenance": {
    "md5sum": "80aa0a6b0ccfd419dccfe4f5062a6a7c",
    "settings": {
      "testing": false
    },
    "software": "mriqc",
    "version": "23.0.1",
    "warnings": {
      "large_rot_frame": true,
      "small_air_mask": false
    },
    "webapi_port": null,
    "webapi_url": "https://mriqc.nimh.nih.gov/api/v1"
  },
  "qi_1": 1.1212172495069273e-05,
  "qi_2": 0.0010898724024970446,
  "rpve_csf": 15.461929458542759,
  "rpve_gm": 11.025770883419275,
  "rpve_wm": 15.95592853186548,
  "size_x": 224,
  "size_y": 300,
  "size_z": 320,
  "snr_csf": 1.2288273032651307,
  "snr_gm": 5.403071665686157,
  "snr_total": 6.753794412027801,
  "snr_wm": 13.629484267132117,
  "snrd_csf": 11.026706185769324,
  "snrd_gm": 55.968693527362525,
  "snrd_total": 59.505601798982866,
  "snrd_wm": 111.52140568381674,
  "spacing_x": 0.75,
  "spacing_y": 0.75,
  "spacing_z": 0.75,
  "summary_bg_k": 103.84372874839228,
  "summary_bg_mad": 0.0,
  "summary_bg_mean": 2.9219901487326903,
  "summary_bg_median": 0.0,
  "summary_bg_n": 5360316.0,
  "summary_bg_p05": 0.0,
  "summary_bg_p95": 12.395626991987228,
  "summary_bg_stdv": 5.874703502682736,
  "summary_csf_k": 1.8615832373268102,
  "summary_csf_mad": 78.14812349872221,
  "summary_csf_mean": 113.60807225376499,
  "summary_csf_median": 98.87808012589812,
  "summary_csf_n": 139041.0,
  "summary_csf_p05": 14.260709756985307,
  "summary_csf_p95": 264.4974296577275,
  "summary_csf_stdv": 80.46511034615143,
  "summary_gm_k": 6.022623964910119,
  "summary_gm_mad": 91.54859105566152,
  "summary_gm_mean": 497.21488107259376,
  "summary_gm_median": 501.8794252704829,
  "summary_gm_n": 52123.0,
  "summary_gm_p05": 337.20696391165257,
  "summary_gm_p95": 636.8540302943438,
  "summary_gm_stdv": 92.88690617576741,
  "summary_wm_k": 2.249111521900308,
  "summary_wm_mad": 58.11123391358441,
  "summary_wm_mean": 993.7204990984216,
  "summary_wm_median": 1000.0286850109696,
  "summary_wm_n": 518327.0,
  "summary_wm_p05": 857.8605992304163,
  "summary_wm_p95": 1098.619829326868,
  "summary_wm_stdv": 73.37238157663946,
  "tpm_overlap_csf": 0.14797280014047456,
  "tpm_overlap_gm": 0.4359522413715376,
  "tpm_overlap_wm": 0.5081960403175843,
  "wm2max": 0.5675944125889976
}