{
  "bids_meta": {
    "AcquisitionMatrixPE": 300,
    "AcquisitionNumber": 1,
    "AcquisitionTime": "13:16:53.817500",
    "BaseResolution": 320,
    "CoilCombinationMethod": "Adaptive Combine",
    "CoilString": "C:A32",
    "ConversionSoftware": "dcm2niix",
    "ConversionSoftwareVersion": "v1.0.20211220",
    "Dcm2bidsVersion": "2.1.6",
    "DeviceSerialNumber": "18981",
    "DwellTime": 6.5e-06,
    "EchoTime": 0.00299,
    "ImageComments": "DENOISED IMAGE (lambda = 150)",
    "ImageOrientationPatientDICOM": [
      0,
      1,
      0,
      0,
      0,
      -1
    ],
    "ImageOrientationText": "Sag",
    "ImageType": [
      "ORIGINAL",
      "PRIMARY",
      "M",
      "ND",
      "UNI"
    ],
    "ImagingFrequency": 297.224,
    "InPlanePhaseEncodingDirectionDICOM": "ROW",
    "MRAcquisitionType": "3D",
    "MagneticFieldStrength": 6.98,
    "Manufacturer": "Siemens",
    "ManufacturersModelName": "Investigational_Device_7T",
    "MatrixCoilMode": "GRAPPA",
    "Modality": "MR",
    "ParallelReductionFactorInPlane": 3,
    "PartialFourier": 0.75,
    "PatientPosition": "HFS",
    "PercentPhaseFOV": 93.75,
    "PercentSampling": 100,
    "PhaseEncodingSteps": 226,
    "PhaseResolution": 1,
    "PixelBandwidth": 240,
    "ProtocolName": "mp2rage-wip900_0.75iso_7T",
    "PulseSequenceDetails": "%CustomerSeq%\\tfl_wip900b17a",
    "ReceiveCoilName": "32Ch_Head_7T",
    "ReconMatrixPE": 300,
    "RefLinesPE": 32,
    "RepetitionTime": 6,
    "SAR": 0.0903603,
    "ScanOptions": "IR\\PFP",
    "ScanningSequence": "GR\\IR",
    "SequenceName": "tfl3d1_ns",
    "SequenceVariant": "SP\\MP",
    "SeriesDescription": "mp2rage-wip900_0.75iso_7T_UNI-DEN",
    "SeriesNumber": 27,
    "ShimSetting": [
      -100,
      129,
      744,
      507,
      -98,
      -128,
      -690,
      65
    ],
    "SliceThickness": 0.75,
    "SoftwareVersions": "syngo MR B17",
    "StationName": "MRC18981",
    "TxRefAmp": 270,
    "acq_id": "MP2R",
    "dataset": "ds004056",
    "modality": "T1w",
    "session_id": "01",
    "subject_id": "02"
  },
  "cjv": 0.2819075771578839,
  "cnr": 4.4738179300099405,
  "efc": 0.4934912711857725,
  "fber": 12337.537460389316,
  "fwhm_avg": 4.441933333333334,
  "fwhm_x": 4.553146666666667,
  "fwhm_y": 4.81108,
  "fwhm_z": 3.9615733333333334,
  "icvs_csf": 0.3077972070860006,
  "icvs_gm": 0.39894800145515485,
  "icvs_wm": 0.2932547914588445,
  "inu_med": 0.7034042477607727,
  "inu_range": 0.1085727572441102,
  "provenance": {
    "md5sum": "6fab8b6195ae8bf8357f2ac995b406c1",
    "settings": {
      "testing": false
    },
    "software": "mriqc",
    "version": "23.0.1",
    "warnings": {
      "large_rot_frame": true,
      "small_air_mask": false
    },
    "webapi_port": null,
    "webapi_url": "https://mriqc.nimh.nih.gov/api/v1"
  },
  "qi_1": 0.00014049250770672113,
  "qi_2": 0.0009849117988714128,
  "rpve_csf": 13.106882051364419,
  "rpve_gm": 9.384879772587928,
  "rpve_wm": 15.86764988091643,
  "size_x": 224,
  "size_y": 300,
  "size_z": 320,
  "snr_csf": 0.9923702333679343,
  "snr_gm": 4.075632145961606,
  "snr_total": 6.8674069485476315,
  "snr_wm": 15.534218466313352,
  "snrd_csf": 5.9537732213796355,
  "snrd_gm": 43.13443260194286,
  "snrd_total": 49.16015011986571,
  "snrd_wm": 98.39224453627465,
  "spacing_x": 0.75,
  "spacing_y": 0.75,
  "spacing_z": 0.75,
  "summary_bg_k": 95.81426478265529,
  "summary_bg_mad": 0.0,
  "summary_bg_mean": 3.443692737033266,
  "summary_bg_median": 0.0,
  "summary_bg_n": 6133231.0,
  "summary_bg_p05": 0.0,
  "summary_bg_p95": 14.37505792081356,
  "summary_bg_stdv": 6.658414837147223,
  "summary_csf_k": 3.9025632322651758,
  "summary_csf_mad": 51.845406505958195,
  "summary_csf_mean": 76.51300239840954,
  "summary_csf_median": 60.51059283874929,
  "summary_csf_n": 146650.0,
  "summary_csf_p05": 10.641276642680168,
  "summary_csf_p95": 191.83584803724634,
  "summary_csf_stdv": 60.97561625108352,
  "summary_gm_k": 8.189059540536617,
  "summary_gm_mad": 108.22317754463613,
  "summary_gm_mean": 432.8404305332103,
  "summary_gm_median": 438.3925943188369,
  "summary_gm_n": 85928.0,
  "summary_gm_p05": 255.7173452861607,
  "summary_gm_p95": 590.0541226100177,
  "summary_gm_stdv": 107.56369262029318,
  "summary_wm_k": 4.5416114524046876,
  "summary_wm_mad": 50.09819727769601,
  "summary_wm_mean": 993.1386455425842,
  "summary_wm_median": 999.9999708160758,
  "summary_wm_n": 445695.0,
  "summary_wm_p05": 880.3322808519006,
  "summary_wm_p95": 1079.5061759073287,
  "summary_wm_stdv": 64.37394009493354,
  "tpm_overlap_csf": 0.14322745592580446,
  "tpm_overlap_gm": 0.4222764542638445,
  "tpm_overlap_wm": 0.45722179329765705,
  "wm2max": 0.7478012006142678
}