{
  "bids_meta": {
    "AcquisitionMatrixPE": 302,
    "AcquisitionNumber": 1,
    "AcquisitionTime": "12:21:18.222500",
    "BaseResolution": 320,
    "CoilCombinationMethod": "Adaptive Combine",
    "CoilString": "C:HEA;HEP",
    "ConversionSoftware": "dcm2niix",
    "ConversionSoftwareVersion": "v1.0.20211220",
    "Dcm2bidsVersion": "2.1.6",
    "DeviceSerialNumber": "40463",
    "DwellTime": 2.1e-06,
    "EchoTime": 0.56,
    "EchoTrainLength": 167,
    "FlipAngle": 120,
    "ImageOrientationPatientDICOM": [
      0,
      1,
      0,
      0,
      0,
      -1
    ],
    "ImageOrientationText": "Sag",
    "ImageType": [
      "ORIGINAL",
      "PRIMARY",
      "M",
      "ND"
    ],
    "ImagingFrequency": 123.122,
    "InPlanePhaseEncodingDirectionDICOM": "ROW",
    "MRAcquisitionType": "3D",
    "MagneticFieldStrength": 3,
    "Manufacturer": "Siemens",
    "ManufacturersModelName": "Verio",
    "MatrixCoilMode": "GRAPPA",
    "Modality": "MR",
    "ParallelReductionFactorInPlane": 2,
    "PartialFourier": 1,
    "PatientPosition": "HFS",
    "PercentPhaseFOV": 93.75,
    "PercentSampling": 100.667,
    "PhaseEncodingDirection": "i",
    "PhaseEncodingSteps": 290,
    "PhaseResolution": 1.00667,
    "PixelBandwidth": 744,
    "ProtocolName": "T2w_SPC2_0.8iso",
    "PulseSequenceDetails": "%SiemensSeq%\\tse_vfl",
    "ReceiveCoilName": "32Ch_Head",
    "ReconMatrixPE": 300,
    "RefLinesPE": 32,
    "RepetitionTime": 3.2,
    "SAR": 0.0967495,
    "ScanOptions": "PFP",
    "ScanningSequence": "SE",
    "SequenceName": "*spc3d1_334ns",
    "SequenceVariant": "SK\\SP",
    "SeriesDescription": "T2w_SPC2_0.8iso",
    "SeriesNumber": 17,
    "ShimSetting": [
      2854,
      7492,
      -15129,
      11,
      944,
      -1136,
      9,
      1124
    ],
    "SliceThickness": 0.8,
    "SoftwareVersions": "syngo MR B17",
    "SpoilingState": true,
    "StationName": "MRC40463",
    "TxRefAmp": 438.977,
    "acq_id": "02",
    "dataset": "ds004056",
    "modality": "T2w",
    "session_id": "02",
    "subject_id": "17"
  },
  "cjv": 0.17017517586454606,
  "cnr": 2.2133297548808124,
  "efc": 0.5000341722649435,
  "fber": 4126.025556216538,
  "fwhm_avg": 3.6512791122583685,
  "fwhm_x": 3.4402624487360947,
  "fwhm_y": 3.880487442176231,
  "fwhm_z": 3.6330874458627784,
  "icvs_csf": 0.29068409473196366,
  "icvs_gm": 0.6005706857884495,
  "icvs_wm": 0.10874521947958683,
  "inu_med": 0.8849664926528931,
  "inu_range": 0.8121644973754882,
  "provenance": {
    "md5sum": "820b81145ad20521f792ca117bc61638",
    "settings": {
      "testing": false
    },
    "software": "mriqc",
    "version": "23.0.1",
    "warnings": {
      "large_rot_frame": true,
      "small_air_mask": false
    },
    "webapi_port": null,
    "webapi_url": "https://mriqc.nimh.nih.gov/api/v1"
  },
  "qi_1": 0.0,
  "qi_2": 0.005117050671153145,
  "rpve_csf": 14.40325638634179,
  "rpve_gm": 9.508348611529787,
  "rpve_wm": 54.741405188867965,
  "size_x": 224,
  "size_y": 300,
  "size_z": 320,
  "snr_csf": 3.7947861840869774,
  "snr_gm": 7.346807667771639,
  "snr_total": 4.808060445098682,
  "snr_wm": 3.2825874834374282,
  "snrd_csf": 65.60269121662414,
  "snrd_gm": 31.190163698589686,
  "snrd_total": 64.88312252558289,
  "snrd_wm": 97.85651266153485,
  "spacing_x": 0.800000011920929,
  "spacing_y": 0.800000011920929,
  "spacing_z": 0.800000011920929,
  "summary_bg_k": 8.756444922008749,
  "summary_bg_mad": 6.694372235071708,
  "summary_bg_mean": 5.436677078446942,
  "summary_bg_median": 4.5152854565531015,
  "summary_bg_n": 6353923.0,
  "summary_bg_p05": 0.0,
  "summary_bg_p95": 20.257100326940417,
  "summary_bg_stdv": 7.570021764887318,
  "summary_csf_k": -1.3560986580791037,
  "summary_csf_mad": 211.3117006332881,
  "summary_csf_mean": 717.5705247754539,
  "summary_csf_median": 670.3471744609997,
  "summary_csf_n": 56798.0,
  "summary_csf_p05": 490.26624055579305,
  "summary_csf_p95": 967.6281407084316,
  "summary_csf_stdv": 176.6479692834353,
  "summary_gm_k": 1.597540407818073,
  "summary_gm_mad": 37.31289442498985,
  "summary_gm_mean": 323.29308831151604,
  "summary_gm_median": 318.7100668977946,
  "summary_gm_n": 636754.0,
  "summary_gm_p05": 261.36840896867216,
  "summary_gm_p95": 402.8720269650221,
  "summary_gm_stdv": 43.380721402882365,
  "summary_wm_k": 2.7551583965084507,
  "summary_wm_mad": 78.61314717578743,
  "summary_wm_mean": 895.6798262113894,
  "summary_wm_median": 999.926002252847,
  "summary_wm_n": 50807.0,
  "summary_wm_p05": 70.72220056895168,
  "summary_wm_p95": 1121.9620780348778,
  "summary_wm_stdv": 304.61218986978776,
  "tpm_overlap_csf": 0.13196673326341204,
  "tpm_overlap_gm": 0.3863060836283563,
  "tpm_overlap_wm": 0.027679126753517923,
  "wm2max": 0.8788792262150029
}