{
  "bids_meta": {
    "AcquisitionMatrixPE": 300,
    "AcquisitionNumber": 1,
    "AcquisitionTime": "12:14:37.577500",
    "BaseResolution": 320,
    "CoilCombinationMethod": "Adaptive Combine",
    "CoilString": "C:HEA;HEP",
    "ConversionSoftware": "dcm2niix",
    "ConversionSoftwareVersion": "v1.0.20211220",
    "Dcm2bidsVersion": "2.1.6",
    "DeviceSerialNumber": "40463",
    "DwellTime": 7.4e-06,
    "EchoTime": 0.00224,
    "FlipAngle": 8,
    "ImageOrientationPatientDICOM": [
      0,
      1,
      0,
      0,
      0,
      -1
    ],
    "ImageOrientationText": "Sag",
    "ImageType": [
      "ORIGINAL",
      "PRIMARY",
      "M",
      "ND"
    ],
    "ImagingFrequency": 123.122,
    "InPlanePhaseEncodingDirectionDICOM": "ROW",
    "InversionTime": 1.06,
    "MRAcquisitionType": "3D",
    "MagneticFieldStrength": 3,
    "Manufacturer": "Siemens",
    "ManufacturersModelName": "Verio",
    "MatrixCoilMode": "GRAPPA",
    "Modality": "MR",
    "ParallelReductionFactorInPlane": 2,
    "PartialFourier": 1,
    "PatientPosition": "HFS",
    "PercentPhaseFOV": 93.75,
    "PercentSampling": 100,
    "PhaseEncodingSteps": 299,
    "PhaseResolution": 1,
    "PixelBandwidth": 211,
    "ProtocolName": "T1w_MPR2_0.8iso",
    "PulseSequenceDetails": "%SiemensSeq%\\tfl",
    "ReceiveCoilName": "32Ch_Head",
    "ReconMatrixPE": 300,
    "RefLinesPE": 32,
    "RepetitionTime": 2.4,
    "SAR": 0.0295194,
    "ScanOptions": "IR\\WE",
    "ScanningSequence": "GR\\IR",
    "SequenceName": "*tfl3d1_ns",
    "SequenceVariant": "SP\\MP",
    "SeriesDescription": "T1w_MPR2_0.8iso",
    "SeriesNumber": 16,
    "ShimSetting": [
      2854,
      7492,
      -15129,
      11,
      944,
      -1136,
      9,
      1124
    ],
    "SliceThickness": 0.8,
    "SoftwareVersions": "syngo MR B17",
    "StationName": "MRC40463",
    "TxRefAmp": 438.977,
    "acq_id": "02",
    "dataset": "ds004056",
    "modality": "T1w",
    "session_id": "02",
    "subject_id": "17"
  },
  "cjv": 0.45164655136820436,
  "cnr": 2.975785599720046,
  "efc": 0.5470034133030769,
  "fber": 23824.830449826994,
  "fwhm_avg": 4.801208261789755,
  "fwhm_x": 4.66113743054364,
  "fwhm_y": 4.752974929175155,
  "fwhm_z": 4.989512425650471,
  "icvs_csf": 0.21511659459127822,
  "icvs_gm": 0.40896388866330535,
  "icvs_wm": 0.3759195167454164,
  "inu_med": 0.8853604793548584,
  "inu_range": 0.8934942007064808,
  "provenance": {
    "md5sum": "833e484874862b8dc7f75ac57c7def3d",
    "settings": {
      "testing": false
    },
    "software": "mriqc",
    "version": "23.0.1",
    "warnings": {
      "large_rot_frame": true,
      "small_air_mask": false
    },
    "webapi_port": null,
    "webapi_url": "https://mriqc.nimh.nih.gov/api/v1"
  },
  "qi_1": 0.0,
  "qi_2": 0.004669602365660501,
  "rpve_csf": 23.65317555707547,
  "rpve_gm": 12.459740601596533,
  "rpve_wm": 15.224445841590729,
  "size_x": 224,
  "size_y": 300,
  "size_z": 320,
  "snr_csf": 2.958125025603069,
  "snr_gm": 13.214530686544622,
  "snr_total": 11.244921518786533,
  "snr_wm": 17.562108844211913,
  "snrd_csf": 20.16010076450938,
  "snrd_gm": 53.10695104984113,
  "snrd_total": 47.7794797294857,
  "snrd_wm": 70.07138737410659,
  "spacing_x": 0.800000011920929,
  "spacing_y": 0.800000011920929,
  "spacing_z": 0.800000011920929,
  "summary_bg_k": 5.195222549862823,
  "summary_bg_mad": 0.0,
  "summary_bg_mean": 6.284025662392963,
  "summary_bg_median": 0.0,
  "summary_bg_n": 6403281.0,
  "summary_bg_p05": 0.0,
  "summary_bg_p95": 25.286148887127638,
  "summary_bg_stdv": 9.350102851089938,
  "summary_csf_k": 13.324958096934154,
  "summary_csf_mad": 65.02185826461043,
  "summary_csf_mean": 300.90864902324887,
  "summary_csf_median": 287.7248396463692,
  "summary_csf_n": 140130.0,
  "summary_csf_p05": 177.23663249984384,
  "summary_csf_p95": 483.53190019726753,
  "summary_csf_stdv": 97.26560254175567,
  "summary_gm_k": 0.04296454800208327,
  "summary_gm_mad": 57.575946399422016,
  "summary_gm_mean": 758.0341680950086,
  "summary_gm_median": 757.9420933164656,
  "summary_gm_n": 82294.0,
  "summary_gm_p05": 664.2723870463669,
  "summary_gm_p95": 852.2541728839278,
  "summary_gm_stdv": 57.35636824295393,
  "summary_wm_k": 0.8760052116452877,
  "summary_wm_mad": 51.77506157421709,
  "summary_wm_mean": 1006.9832608846223,
  "summary_wm_median": 1000.0584288500249,
  "summary_wm_n": 465361.0,
  "summary_wm_p05": 926.3022947981954,
  "summary_wm_p95": 1112.3569607436657,
  "summary_wm_stdv": 56.94403577743344,
  "tpm_overlap_csf": 0.16263050441379362,
  "tpm_overlap_gm": 0.4450691179122878,
  "tpm_overlap_wm": 0.49301920526155535,
  "wm2max": 0.5354909318323953
}