{
  "bids_meta": {
    "AcquisitionMatrixPE": 300,
    "AcquisitionNumber": 1,
    "AcquisitionTime": "15:13:36.400000",
    "BaseResolution": 320,
    "CoilCombinationMethod": "Adaptive Combine",
    "CoilString": "C:A32",
    "ConversionSoftware": "dcm2niix",
    "ConversionSoftwareVersion": "v1.0.20211220",
    "Dcm2bidsVersion": "2.1.6",
    "DeviceSerialNumber": "18981",
    "DwellTime": 6.5e-06,
    "EchoTime": 0.00299,
    "ImageComments": "DENOISED IMAGE (lambda = 150)",
    "ImageOrientationPatientDICOM": [
      0,
      1,
      0,
      0,
      0,
      -1
    ],
    "ImageOrientationText": "Sag",
    "ImageType": [
      "ORIGINAL",
      "PRIMARY",
      "M",
      "ND",
      "UNI"
    ],
    "ImagingFrequency": 297.223,
    "InPlanePhaseEncodingDirectionDICOM": "ROW",
    "MRAcquisitionType": "3D",
    "MagneticFieldStrength": 6.98,
    "Manufacturer": "Siemens",
    "ManufacturersModelName": "Investigational_Device_7T",
    "MatrixCoilMode": "GRAPPA",
    "Modality": "MR",
    "ParallelReductionFactorInPlane": 3,
    "PartialFourier": 0.75,
    "PatientPosition": "HFS",
    "PercentPhaseFOV": 93.75,
    "PercentSampling": 100,
    "PhaseEncodingSteps": 226,
    "PhaseResolution": 1,
    "PixelBandwidth": 240,
    "ProtocolName": "mp2rage-wip900_0.75iso_7T",
    "PulseSequenceDetails": "%CustomerSeq%\\tfl_wip900b17a",
    "ReceiveCoilName": "32Ch_Head_7T",
    "ReconMatrixPE": 300,
    "RefLinesPE": 32,
    "RepetitionTime": 6,
    "SAR": 0.064537,
    "ScanOptions": "IR\\PFP",
    "ScanningSequence": "GR\\IR",
    "SequenceName": "tfl3d1_ns",
    "SequenceVariant": "SP\\MP",
    "SeriesDescription": "mp2rage-wip900_0.75iso_7T_UNI-DEN",
    "SeriesNumber": 25,
    "ShimSetting": [
      -13,
      102,
      750,
      610,
      -356,
      478,
      -84,
      167
    ],
    "SliceThickness": 0.75,
    "SoftwareVersions": "syngo MR B17",
    "StationName": "MRC18981",
    "TxRefAmp": 220,
    "acq_id": "MP2R",
    "dataset": "ds004056",
    "modality": "T1w",
    "session_id": "01",
    "subject_id": "26"
  },
  "cjv": 0.27304031806867873,
  "cnr": 4.555924130293786,
  "efc": 0.48375339451347377,
  "fber": -1.0,
  "fwhm_avg": 4.2322355555555555,
  "fwhm_x": 4.177826666666667,
  "fwhm_y": 4.651093333333333,
  "fwhm_z": 3.867786666666667,
  "icvs_csf": 0.2886541121220326,
  "icvs_gm": 0.39642754393385743,
  "icvs_wm": 0.31491834394410995,
  "inu_med": 0.7444560527801514,
  "inu_range": 0.12957865893840792,
  "provenance": {
    "md5sum": "b02d9d667960b634e8cbc20de0f3270d",
    "settings": {
      "testing": false
    },
    "software": "mriqc",
    "version": "23.0.1",
    "warnings": {
      "large_rot_frame": true,
      "small_air_mask": false
    },
    "webapi_port": null,
    "webapi_url": "https://mriqc.nimh.nih.gov/api/v1"
  },
  "qi_1": 5.5899809923706925e-06,
  "qi_2": 0.0005602537832085488,
  "rpve_csf": 16.823851093599597,
  "rpve_gm": 11.587152037550485,
  "rpve_wm": 17.962603754599865,
  "size_x": 224,
  "size_y": 300,
  "size_z": 320,
  "snr_csf": 0.9817843118123823,
  "snr_gm": 5.091088847955981,
  "snr_total": 6.462181795217823,
  "snr_wm": 13.313672225885107,
  "snrd_csf": 5.0751609404552145,
  "snrd_gm": 31.06973778807544,
  "snrd_total": 34.47981430209683,
  "snrd_wm": 67.29454417775982,
  "spacing_x": 0.75,
  "spacing_y": 0.75,
  "spacing_z": 0.75,
  "summary_bg_k": 592.3067738416244,
  "summary_bg_mad": 0.0,
  "summary_bg_mean": 4.234388029419124,
  "summary_bg_median": 0.0,
  "summary_bg_n": 5554362.0,
  "summary_bg_p05": 0.0,
  "summary_bg_p95": 14.188284069299698,
  "summary_bg_stdv": 9.735356866998549,
  "summary_csf_k": 16.95146004380341,
  "summary_csf_mad": 66.808284395147,
  "summary_csf_mean": 94.11620999259304,
  "summary_csf_median": 75.41712369024754,
  "summary_csf_n": 108235.0,
  "summary_csf_p05": 14.73632937669754,
  "summary_csf_p95": 240.3178672939539,
  "summary_csf_stdv": 76.81603218425305,
  "summary_gm_k": -0.05621134658606408,
  "summary_gm_mad": 90.68773199314212,
  "summary_gm_mean": 459.4217697053772,
  "summary_gm_median": 461.6977245211601,
  "summary_gm_n": 56349.0,
  "summary_gm_p05": 302.50274150669577,
  "summary_gm_p95": 602.4722958147526,
  "summary_gm_stdv": 90.68661764150707,
  "summary_wm_k": 3.400700493324617,
  "summary_wm_mad": 56.29049367618129,
  "summary_wm_mean": 991.7558320857617,
  "summary_wm_median": 1000.0000042319298,
  "summary_wm_n": 405256.0,
  "summary_wm_p05": 851.8755364269018,
  "summary_wm_p95": 1094.050668373704,
  "summary_wm_stdv": 75.11066469691889,
  "tpm_overlap_csf": 0.13088361504440665,
  "tpm_overlap_gm": 0.43299341816104747,
  "tpm_overlap_wm": 0.4618528431886194,
  "wm2max": 0.5370879120879121
}