{
  "bids_meta": {
    "AcquisitionMatrixPE": 302,
    "AcquisitionNumber": 1,
    "AcquisitionTime": "14:53:39.235000",
    "BaseResolution": 320,
    "CoilCombinationMethod": "Adaptive Combine",
    "CoilString": "C:HEA;HEP",
    "ConversionSoftware": "dcm2niix",
    "ConversionSoftwareVersion": "v1.0.20211220",
    "Dcm2bidsVersion": "2.1.6",
    "DeviceSerialNumber": "40463",
    "DwellTime": 2.1e-06,
    "EchoTime": 0.56,
    "EchoTrainLength": 167,
    "FlipAngle": 120,
    "ImageOrientationPatientDICOM": [
      0,
      1,
      0,
      0,
      0,
      -1
    ],
    "ImageOrientationText": "Sag",
    "ImageType": [
      "ORIGINAL",
      "PRIMARY",
      "M",
      "ND"
    ],
    "ImagingFrequency": 123.122,
    "InPlanePhaseEncodingDirectionDICOM": "ROW",
    "MRAcquisitionType": "3D",
    "MagneticFieldStrength": 3,
    "Manufacturer": "Siemens",
    "ManufacturersModelName": "Verio",
    "MatrixCoilMode": "GRAPPA",
    "Modality": "MR",
    "ParallelReductionFactorInPlane": 2,
    "PartialFourier": 1,
    "PatientPosition": "HFS",
    "PercentPhaseFOV": 93.75,
    "PercentSampling": 100.667,
    "PhaseEncodingDirection": "i",
    "PhaseEncodingSteps": 290,
    "PhaseResolution": 1.00667,
    "PixelBandwidth": 744,
    "ProtocolName": "T2w_SPC2_0.8iso",
    "PulseSequenceDetails": "%SiemensSeq%\\tse_vfl",
    "ReceiveCoilName": "32Ch_Head",
    "ReconMatrixPE": 300,
    "RefLinesPE": 32,
    "RepetitionTime": 3.2,
    "SAR": 0.0945445,
    "ScanOptions": "PFP",
    "ScanningSequence": "SE",
    "SequenceName": "*spc3d1_334ns",
    "SequenceVariant": "SK\\SP",
    "SeriesDescription": "T2w_SPC2_0.8iso",
    "SeriesNumber": 17,
    "ShimSetting": [
      2861,
      7473,
      -15105,
      261,
      840,
      -1150,
      -102,
      1065
    ],
    "SliceThickness": 0.8,
    "SoftwareVersions": "syngo MR B17",
    "SpoilingState": true,
    "StationName": "MRC40463",
    "TxRefAmp": 438.67,
    "acq_id": "02",
    "dataset": "ds004056",
    "modality": "T2w",
    "session_id": "02",
    "subject_id": "09"
  },
  "cjv": 0.28486204647631935,
  "cnr": 2.281776758830554,
  "efc": 0.48587634745619557,
  "fber": 6445.277538382968,
  "fwhm_avg": 3.6765499452151373,
  "fwhm_x": 3.649274945621566,
  "fwhm_y": 3.7690874438362205,
  "fwhm_z": 3.6112874461876237,
  "icvs_csf": 0.2391356683009013,
  "icvs_gm": 0.5648954652487097,
  "icvs_wm": 0.19596886645038897,
  "inu_med": 0.8703477382659912,
  "inu_range": 1.005373513698578,
  "provenance": {
    "md5sum": "7ffeb0bcdbfe36dbc631a6b45ef1a50e",
    "settings": {
      "testing": false
    },
    "software": "mriqc",
    "version": "23.0.1",
    "warnings": {
      "large_rot_frame": true,
      "small_air_mask": false
    },
    "webapi_port": null,
    "webapi_url": "https://mriqc.nimh.nih.gov/api/v1"
  },
  "qi_1": 0.0,
  "qi_2": 0.009335325374566323,
  "rpve_csf": 19.13840060089594,
  "rpve_gm": 10.748930328059728,
  "rpve_wm": 32.44751476497071,
  "size_x": 224,
  "size_y": 300,
  "size_z": 320,
  "snr_csf": 10.577559667796725,
  "snr_gm": 8.037619472061671,
  "snr_total": 7.435781657918924,
  "snr_wm": 3.6921658338983767,
  "snrd_csf": 56.139005067832656,
  "snrd_gm": 36.54241255314353,
  "snrd_total": 63.5663030982712,
  "snrd_wm": 98.01749167383744,
  "spacing_x": 0.800000011920929,
  "spacing_y": 0.800000011920929,
  "spacing_z": 0.800000011920929,
  "summary_bg_k": 7.146679207839563,
  "summary_bg_mad": 0.0,
  "summary_bg_mean": 4.744821471050512,
  "summary_bg_median": 0.0,
  "summary_bg_n": 6626977.0,
  "summary_bg_p05": 0.0,
  "summary_bg_p95": 18.264593120664358,
  "summary_bg_stdv": 6.684053602408979,
  "summary_csf_k": 2.8879061648649884,
  "summary_csf_mad": 47.2478523831154,
  "summary_csf_mean": 575.7366739615825,
  "summary_csf_median": 572.7602970302105,
  "summary_csf_n": 35109.0,
  "summary_csf_p05": 497.1546370796859,
  "summary_csf_p95": 667.5410698771476,
  "summary_csf_stdv": 54.14785244169169,
  "summary_gm_k": 0.5484757639282329,
  "summary_gm_mad": 42.02487550402952,
  "summary_gm_mean": 379.3914467311658,
  "summary_gm_median": 372.82532960548997,
  "summary_gm_n": 513821.0,
  "summary_gm_p05": 314.3190142530948,
  "summary_gm_p95": 467.69823838211596,
  "summary_gm_stdv": 46.38499845686089,
  "summary_wm_k": 3.3523676883010136,
  "summary_wm_mad": 136.64111050593152,
  "summary_wm_mean": 947.420365979988,
  "summary_wm_median": 1000.0271215606481,
  "summary_wm_n": 108942.0,
  "summary_wm_p05": 214.68213593550027,
  "summary_wm_p95": 1232.5050413275137,
  "summary_wm_stdv": 270.8498417503715,
  "tpm_overlap_csf": 0.10932760000396828,
  "tpm_overlap_gm": 0.3599378347005333,
  "tpm_overlap_wm": 0.05676385912467502,
  "wm2max": 0.8073288120761322
}