{
  "bids_meta": {
    "AcquisitionMatrixPE": 300,
    "AcquisitionNumber": 1,
    "AcquisitionTime": "14:34:16.567500",
    "BaseResolution": 320,
    "CoilCombinationMethod": "Adaptive Combine",
    "CoilString": "C:HEA;HEP",
    "ConversionSoftware": "dcm2niix",
    "ConversionSoftwareVersion": "v1.0.20211220",
    "Dcm2bidsVersion": "2.1.6",
    "DeviceSerialNumber": "40463",
    "DwellTime": 7.4e-06,
    "EchoTime": 0.00224,
    "FlipAngle": 8,
    "ImageOrientationPatientDICOM": [
      0,
      1,
      0,
      0,
      0,
      -1
    ],
    "ImageOrientationText": "Sag",
    "ImageType": [
      "ORIGINAL",
      "PRIMARY",
      "M",
      "ND"
    ],
    "ImagingFrequency": 123.122,
    "InPlanePhaseEncodingDirectionDICOM": "ROW",
    "InversionTime": 1.06,
    "MRAcquisitionType": "3D",
    "MagneticFieldStrength": 3,
    "Manufacturer": "Siemens",
    "ManufacturersModelName": "Verio",
    "MatrixCoilMode": "GRAPPA",
    "Modality": "MR",
    "ParallelReductionFactorInPlane": 2,
    "PartialFourier": 1,
    "PatientPosition": "HFS",
    "PercentPhaseFOV": 93.75,
    "PercentSampling": 100,
    "PhaseEncodingSteps": 299,
    "PhaseResolution": 1,
    "PixelBandwidth": 211,
    "ProtocolName": "T1w_MPR1_0.8iso",
    "PulseSequenceDetails": "%SiemensSeq%\\tfl",
    "ReceiveCoilName": "32Ch_Head",
    "ReconMatrixPE": 300,
    "RefLinesPE": 32,
    "RepetitionTime": 2.4,
    "SAR": 0.0288467,
    "ScanOptions": "IR\\WE",
    "ScanningSequence": "GR\\IR",
    "SequenceName": "*tfl3d1_ns",
    "SequenceVariant": "SP\\MP",
    "SeriesDescription": "T1w_MPR1_0.8iso",
    "SeriesNumber": 14,
    "ShimSetting": [
      2861,
      7473,
      -15105,
      261,
      840,
      -1150,
      -102,
      1065
    ],
    "SliceThickness": 0.8,
    "SoftwareVersions": "syngo MR B17",
    "StationName": "MRC40463",
    "TxRefAmp": 438.67,
    "acq_id": "01",
    "dataset": "ds004056",
    "modality": "T1w",
    "session_id": "02",
    "subject_id": "09"
  },
  "cjv": 0.4135650055441687,
  "cnr": 3.3083571634073383,
  "efc": 0.5212831214634024,
  "fber": 32137.61204393385,
  "fwhm_avg": 5.051570758059063,
  "fwhm_x": 5.141912423379534,
  "fwhm_y": 4.778487428794988,
  "fwhm_z": 5.234312422002667,
  "icvs_csf": 0.20872915022772548,
  "icvs_gm": 0.4442749722896185,
  "icvs_wm": 0.3469958774826561,
  "inu_med": 0.7297335565090179,
  "inu_range": 0.7736275330185887,
  "provenance": {
    "md5sum": "47ea54ffeb0dbd6c95f4eaf75929b640",
    "settings": {
      "testing": false
    },
    "software": "mriqc",
    "version": "23.0.1",
    "warnings": {
      "large_rot_frame": true,
      "small_air_mask": false
    },
    "webapi_port": null,
    "webapi_url": "https://mriqc.nimh.nih.gov/api/v1"
  },
  "qi_1": 0.0,
  "qi_2": 0.0054084214057275376,
  "rpve_csf": 25.974734126540707,
  "rpve_gm": 12.516017878776797,
  "rpve_wm": 17.07132837811778,
  "size_x": 224,
  "size_y": 300,
  "size_z": 320,
  "snr_csf": 2.9691388354362127,
  "snr_gm": 15.537801360362858,
  "snr_total": 12.682379021706161,
  "snr_wm": 19.540196869319413,
  "snrd_csf": 20.850299044619295,
  "snrd_gm": 57.3264486260945,
  "snrd_total": 51.086512075047246,
  "snrd_wm": 75.08278855442795,
  "spacing_x": 0.800000011920929,
  "spacing_y": 0.800000011920929,
  "spacing_z": 0.800000011920929,
  "summary_bg_k": 4.793101058088256,
  "summary_bg_mad": 0.0,
  "summary_bg_mean": 6.15594919416302,
  "summary_bg_median": 0.0,
  "summary_bg_n": 6800782.0,
  "summary_bg_p05": 0.0,
  "summary_bg_p95": 23.36089714989066,
  "summary_bg_stdv": 8.725914874191362,
  "summary_csf_k": 4.231800090123257,
  "summary_csf_mad": 59.95793337898382,
  "summary_csf_mean": 292.6661458674662,
  "summary_csf_median": 277.7100075110793,
  "summary_csf_n": 118007.0,
  "summary_csf_p05": 172.7893050312996,
  "summary_csf_p95": 479.77950858324766,
  "summary_csf_stdv": 93.53177679893471,
  "summary_gm_k": 0.1614437359260652,
  "summary_gm_mad": 48.83724405952984,
  "summary_gm_mean": 762.8942200677985,
  "summary_gm_median": 763.5443714484572,
  "summary_gm_n": 96520.0,
  "summary_gm_p05": 681.6208229424432,
  "summary_gm_p95": 841.715265199542,
  "summary_gm_stdv": 49.140827480091666,
  "summary_wm_k": 0.513905142341589,
  "summary_wm_mad": 48.971228268197954,
  "summary_wm_mean": 1002.707665902813,
  "summary_wm_median": 1000.0452141612768,
  "summary_wm_n": 350857.0,
  "summary_wm_p05": 923.7721108943224,
  "summary_wm_p95": 1090.8680444732308,
  "summary_wm_stdv": 51.178798028591494,
  "tpm_overlap_csf": 0.1448976201375757,
  "tpm_overlap_gm": 0.45229994974831506,
  "tpm_overlap_wm": 0.4731682664579168,
  "wm2max": 0.6411170012456187
}