{
  "bids_meta": {
    "AcquisitionMatrixPE": 300,
    "AcquisitionNumber": 1,
    "AcquisitionTime": "14:46:59.542500",
    "BaseResolution": 320,
    "CoilCombinationMethod": "Adaptive Combine",
    "CoilString": "C:HEA;HEP",
    "ConversionSoftware": "dcm2niix",
    "ConversionSoftwareVersion": "v1.0.20211220",
    "Dcm2bidsVersion": "2.1.6",
    "DeviceSerialNumber": "40463",
    "DwellTime": 7.4e-06,
    "EchoTime": 0.00224,
    "FlipAngle": 8,
    "ImageOrientationPatientDICOM": [
      0,
      1,
      0,
      0,
      0,
      -1
    ],
    "ImageOrientationText": "Sag",
    "ImageType": [
      "ORIGINAL",
      "PRIMARY",
      "M",
      "ND"
    ],
    "ImagingFrequency": 123.122,
    "InPlanePhaseEncodingDirectionDICOM": "ROW",
    "InversionTime": 1.06,
    "MRAcquisitionType": "3D",
    "MagneticFieldStrength": 3,
    "Manufacturer": "Siemens",
    "ManufacturersModelName": "Verio",
    "MatrixCoilMode": "GRAPPA",
    "Modality": "MR",
    "ParallelReductionFactorInPlane": 2,
    "PartialFourier": 1,
    "PatientPosition": "HFS",
    "PercentPhaseFOV": 93.75,
    "PercentSampling": 100,
    "PhaseEncodingSteps": 299,
    "PhaseResolution": 1,
    "PixelBandwidth": 211,
    "ProtocolName": "T1w_MPR2_0.8iso",
    "PulseSequenceDetails": "%SiemensSeq%\\tfl",
    "ReceiveCoilName": "32Ch_Head",
    "ReconMatrixPE": 300,
    "RefLinesPE": 32,
    "RepetitionTime": 2.4,
    "SAR": 0.0288467,
    "ScanOptions": "IR\\WE",
    "ScanningSequence": "GR\\IR",
    "SequenceName": "*tfl3d1_ns",
    "SequenceVariant": "SP\\MP",
    "SeriesDescription": "T1w_MPR2_0.8iso",
    "SeriesNumber": 16,
    "ShimSetting": [
      2861,
      7473,
      -15105,
      261,
      840,
      -1150,
      -102,
      1065
    ],
    "SliceThickness": 0.8,
    "SoftwareVersions": "syngo MR B17",
    "StationName": "MRC40463",
    "TxRefAmp": 438.67,
    "acq_id": "02",
    "dataset": "ds004056",
    "modality": "T1w",
    "session_id": "02",
    "subject_id": "09"
  },
  "cjv": 0.43582381370083606,
  "cnr": 3.1366662817731097,
  "efc": 0.5237363354428037,
  "fber": 26987.00754827958,
  "fwhm_avg": 5.010541592003778,
  "fwhm_x": 5.091737424127199,
  "fwhm_y": 4.74114992935136,
  "fwhm_z": 5.198737422532776,
  "icvs_csf": 0.2064714332664546,
  "icvs_gm": 0.43933256884872884,
  "icvs_wm": 0.35419599788481654,
  "inu_med": 0.7815254926681519,
  "inu_range": 0.8249017596244812,
  "provenance": {
    "md5sum": "22b7c7a29560b79b4e6ea02aa622d65a",
    "settings": {
      "testing": false
    },
    "software": "mriqc",
    "version": "23.0.1",
    "warnings": {
      "large_rot_frame": true,
      "small_air_mask": false
    },
    "webapi_port": null,
    "webapi_url": "https://mriqc.nimh.nih.gov/api/v1"
  },
  "qi_1": 0.0,
  "qi_2": 0.005231366345580658,
  "rpve_csf": 26.22765218735015,
  "rpve_gm": 12.554228475890334,
  "rpve_wm": 16.630356244712083,
  "size_x": 224,
  "size_y": 300,
  "size_z": 320,
  "snr_csf": 2.907589699202705,
  "snr_gm": 15.237439019614573,
  "snr_total": 12.001819860830679,
  "snr_wm": 17.860430863674754,
  "snrd_csf": 19.10696904709915,
  "snrd_gm": 53.06145266992677,
  "snrd_total": 47.2493377737376,
  "snrd_wm": 69.57959160418686,
  "spacing_x": 0.800000011920929,
  "spacing_y": 0.800000011920929,
  "spacing_z": 0.800000011920929,
  "summary_bg_k": 4.224211841202288,
  "summary_bg_mad": 0.0,
  "summary_bg_mean": 6.665329351930185,
  "summary_bg_median": 0.0,
  "summary_bg_n": 6775187.0,
  "summary_bg_p05": 0.0,
  "summary_bg_p95": 25.387223832309246,
  "summary_bg_stdv": 9.416503126066956,
  "summary_csf_k": 6.575260966077437,
  "summary_csf_mad": 64.33985414003527,
  "summary_csf_mean": 289.14396827473,
  "summary_csf_median": 274.6311054639518,
  "summary_csf_n": 115685.0,
  "summary_csf_p05": 167.30822059884667,
  "summary_csf_p95": 474.20034696161747,
  "summary_csf_stdv": 94.45277597408922,
  "summary_gm_k": 0.11539773084251959,
  "summary_gm_mad": 49.93642322378661,
  "summary_gm_mean": 762.1683278144721,
  "summary_gm_median": 762.6706971861422,
  "summary_gm_n": 89260.0,
  "summary_gm_p05": 679.7268792502582,
  "summary_gm_p95": 843.0024722367525,
  "summary_gm_stdv": 50.05213960207691,
  "summary_wm_k": 0.5845424844346963,
  "summary_wm_mad": 53.537280952848775,
  "summary_wm_mean": 1004.3801524250028,
  "summary_wm_median": 1000.0916478633881,
  "summary_wm_n": 355327.0,
  "summary_wm_p05": 920.6305537745357,
  "summary_wm_p95": 1102.9694772921503,
  "summary_wm_stdv": 55.99474325185074,
  "tpm_overlap_csf": 0.1466151853740564,
  "tpm_overlap_gm": 0.45156383551183804,
  "tpm_overlap_wm": 0.4714556172449869,
  "wm2max": 0.5947890548348413
}