{
  "bids_meta": {
    "AcquisitionMatrixPE": 302,
    "AcquisitionNumber": 1,
    "AcquisitionTime": "14:29:15.212500",
    "BaseResolution": 320,
    "CoilCombinationMethod": "Adaptive Combine",
    "CoilString": "C:HEA;HEP",
    "ConversionSoftware": "dcm2niix",
    "ConversionSoftwareVersion": "v1.0.20211220",
    "Dcm2bidsVersion": "2.1.6",
    "DeviceSerialNumber": "40462",
    "DwellTime": 2.1e-06,
    "EchoTime": 0.56,
    "EchoTrainLength": 167,
    "FlipAngle": 120,
    "ImageOrientationPatientDICOM": [
      0,
      1,
      0,
      0,
      0,
      -1
    ],
    "ImageOrientationText": "Sag",
    "ImageType": [
      "ORIGINAL",
      "PRIMARY",
      "M",
      "ND"
    ],
    "ImagingFrequency": 123.21,
    "InPlanePhaseEncodingDirectionDICOM": "ROW",
    "MRAcquisitionType": "3D",
    "MagneticFieldStrength": 3,
    "Manufacturer": "Siemens",
    "ManufacturersModelName": "Verio",
    "MatrixCoilMode": "GRAPPA",
    "Modality": "MR",
    "ParallelReductionFactorInPlane": 2,
    "PartialFourier": 1,
    "PatientPosition": "HFS",
    "PercentPhaseFOV": 93.75,
    "PercentSampling": 100.667,
    "PhaseEncodingDirection": "i",
    "PhaseEncodingSteps": 290,
    "PhaseResolution": 1.00667,
    "PixelBandwidth": 744,
    "ProtocolName": "T2w_SPC2_0.8iso",
    "PulseSequenceDetails": "%SiemensSeq%\\tse_vfl",
    "ReceiveCoilName": "32Ch_Head",
    "ReconMatrixPE": 300,
    "RefLinesPE": 32,
    "RepetitionTime": 3.2,
    "SAR": 0.0906047,
    "ScanOptions": "PFP",
    "ScanningSequence": "SE",
    "SequenceName": "*spc3d1_334ns",
    "SequenceVariant": "SK\\SP",
    "SeriesDescription": "T2w_SPC2_0.8iso",
    "SeriesNumber": 17,
    "ShimSetting": [
      1021,
      10223,
      980,
      511,
      51,
      -440,
      582,
      -117
    ],
    "SliceThickness": 0.8,
    "SoftwareVersions": "syngo MR B17",
    "SpoilingState": true,
    "StationName": "MRC40462",
    "TxRefAmp": 386.312,
    "acq_id": "02",
    "dataset": "ds004056",
    "modality": "T2w",
    "session_id": "02",
    "subject_id": "26"
  },
  "cjv": 0.5581575454421106,
  "cnr": 1.4193261968726152,
  "efc": 0.5052490520482436,
  "fber": 9437.099896121883,
  "fwhm_avg": 2.867904123931565,
  "fwhm_x": 2.7985249582987284,
  "fwhm_y": 3.0579249544333678,
  "fwhm_z": 2.747262459062599,
  "icvs_csf": 0.3257749072990191,
  "icvs_gm": 0.5226411694101557,
  "icvs_wm": 0.15158392329082523,
  "inu_med": 0.913712203502655,
  "inu_range": 0.5042329430580137,
  "provenance": {
    "md5sum": "2bec90a8f40420b262da95c32ec5c537",
    "settings": {
      "testing": false
    },
    "software": "mriqc",
    "version": "23.0.1",
    "warnings": {
      "large_rot_frame": true,
      "small_air_mask": false
    },
    "webapi_port": null,
    "webapi_url": "https://mriqc.nimh.nih.gov/api/v1"
  },
  "qi_1": 0.0,
  "qi_2": 0.010701695001915592,
  "rpve_csf": 15.458502387961149,
  "rpve_gm": 11.406650455665423,
  "rpve_wm": 44.20592207107803,
  "size_x": 224,
  "size_y": 300,
  "size_z": 320,
  "snr_csf": 5.238214500246416,
  "snr_gm": 8.35516390636707,
  "snr_total": 5.278169885843613,
  "snr_wm": 2.2411312509173533,
  "snrd_csf": 31.80217704230027,
  "snrd_gm": 18.963735112560023,
  "snrd_total": 34.31449554636972,
  "snrd_wm": 52.17757448424887,
  "spacing_x": 0.800000011920929,
  "spacing_y": 0.800000011920929,
  "spacing_z": 0.800000011920929,
  "summary_bg_k": 34.54653133535243,
  "summary_bg_mad": 0.0,
  "summary_bg_mean": 6.005984261880225,
  "summary_bg_median": 0.0,
  "summary_bg_n": 7146772.0,
  "summary_bg_p05": 0.0,
  "summary_bg_p95": 25.60458928346634,
  "summary_bg_stdv": 12.554278114583104,
  "summary_csf_k": 1.728544698265651,
  "summary_csf_mad": 71.6708561637059,
  "summary_csf_mean": 638.0994710348792,
  "summary_csf_median": 609.4202294945717,
  "summary_csf_n": 65017.0,
  "summary_csf_p05": 508.70712250471115,
  "summary_csf_p95": 940.8175089955329,
  "summary_csf_stdv": 116.34031840920133,
  "summary_gm_k": 1.0056250247177676,
  "summary_gm_mad": 40.451322345736735,
  "summary_gm_mean": 364.5196024737371,
  "summary_gm_median": 363.3991405367851,
  "summary_gm_n": 415894.0,
  "summary_gm_p05": 295.2666461467743,
  "summary_gm_p95": 436.5957111120224,
  "summary_gm_stdv": 43.49390481381914,
  "summary_wm_k": -1.1141703254392519,
  "summary_wm_mad": 314.80015817922776,
  "summary_wm_mean": 801.4772267389644,
  "summary_wm_median": 999.8708382248878,
  "summary_wm_n": 53747.0,
  "summary_wm_p05": 45.24855419993401,
  "summary_wm_p95": 1305.1286999881268,
  "summary_wm_stdv": 446.14144581184803,
  "tpm_overlap_csf": 0.11383517262249605,
  "tpm_overlap_gm": 0.35057864883979867,
  "tpm_overlap_wm": 0.023485411393007853,
  "wm2max": 0.7934187514769825
}