{
  "bids_meta": {
    "AcquisitionMatrixPE": 302,
    "AcquisitionNumber": 1,
    "AcquisitionTime": "14:16:32.207500",
    "BaseResolution": 320,
    "CoilCombinationMethod": "Adaptive Combine",
    "CoilString": "C:HEA;HEP",
    "ConversionSoftware": "dcm2niix",
    "ConversionSoftwareVersion": "v1.0.20211220",
    "Dcm2bidsVersion": "2.1.6",
    "DeviceSerialNumber": "40462",
    "DwellTime": 2.1e-06,
    "EchoTime": 0.56,
    "EchoTrainLength": 167,
    "FlipAngle": 120,
    "ImageOrientationPatientDICOM": [
      0,
      1,
      0,
      0,
      0,
      -1
    ],
    "ImageOrientationText": "Sag",
    "ImageType": [
      "ORIGINAL",
      "PRIMARY",
      "M",
      "ND"
    ],
    "ImagingFrequency": 123.21,
    "InPlanePhaseEncodingDirectionDICOM": "ROW",
    "MRAcquisitionType": "3D",
    "MagneticFieldStrength": 3,
    "Manufacturer": "Siemens",
    "ManufacturersModelName": "Verio",
    "MatrixCoilMode": "GRAPPA",
    "Modality": "MR",
    "ParallelReductionFactorInPlane": 2,
    "PartialFourier": 1,
    "PatientPosition": "HFS",
    "PercentPhaseFOV": 93.75,
    "PercentSampling": 100.667,
    "PhaseEncodingDirection": "i",
    "PhaseEncodingSteps": 290,
    "PhaseResolution": 1.00667,
    "PixelBandwidth": 744,
    "ProtocolName": "T2w_SPC1_0.8iso",
    "PulseSequenceDetails": "%SiemensSeq%\\tse_vfl",
    "ReceiveCoilName": "32Ch_Head",
    "ReconMatrixPE": 300,
    "RefLinesPE": 32,
    "RepetitionTime": 3.2,
    "SAR": 0.0906047,
    "ScanOptions": "PFP",
    "ScanningSequence": "SE",
    "SequenceName": "*spc3d1_334ns",
    "SequenceVariant": "SK\\SP",
    "SeriesDescription": "T2w_SPC1_0.8iso",
    "SeriesNumber": 15,
    "ShimSetting": [
      1021,
      10223,
      980,
      511,
      51,
      -440,
      582,
      -117
    ],
    "SliceThickness": 0.8,
    "SoftwareVersions": "syngo MR B17",
    "SpoilingState": true,
    "StationName": "MRC40462",
    "TxRefAmp": 386.312,
    "acq_id": "01",
    "dataset": "ds004056",
    "modality": "T2w",
    "session_id": "02",
    "subject_id": "26"
  },
  "cjv": 0.43838296518463254,
  "cnr": 1.576973844993687,
  "efc": 0.4965754433305155,
  "fber": -1.0,
  "fwhm_avg": 2.7543832922898237,
  "fwhm_x": 2.662012460332923,
  "fwhm_y": 2.96132495587282,
  "fwhm_z": 2.639812460663729,
  "icvs_csf": 0.3172264572931734,
  "icvs_gm": 0.5334489239952211,
  "icvs_wm": 0.14932461871160552,
  "inu_med": 0.9216834306716919,
  "inu_range": 0.42538385689258573,
  "provenance": {
    "md5sum": "c338e3727badb863794f282a1f1cf86c",
    "settings": {
      "testing": false
    },
    "software": "mriqc",
    "version": "23.0.1",
    "warnings": {
      "large_rot_frame": true,
      "small_air_mask": false
    },
    "webapi_port": null,
    "webapi_url": "https://mriqc.nimh.nih.gov/api/v1"
  },
  "qi_1": 9.280234307355792e-07,
  "qi_2": 0.006094606417120755,
  "rpve_csf": 15.64004345783329,
  "rpve_gm": 11.209728565656395,
  "rpve_wm": 44.89537810558357,
  "size_x": 224,
  "size_y": 300,
  "size_z": 320,
  "snr_csf": 4.807620945764764,
  "snr_gm": 7.89185551911976,
  "snr_total": 5.032967261571388,
  "snr_wm": 2.3994253198296396,
  "snrd_csf": 30.54141047170238,
  "snrd_gm": 17.819832828501365,
  "snrd_total": 33.64223698198689,
  "snrd_wm": 52.56546764575694,
  "spacing_x": 0.800000011920929,
  "spacing_y": 0.800000011920929,
  "spacing_z": 0.800000011920929,
  "summary_bg_k": 32.96581550877109,
  "summary_bg_mad": 0.0,
  "summary_bg_mean": 6.041478279252897,
  "summary_bg_median": 0.0,
  "summary_bg_n": 7187342.0,
  "summary_bg_p05": 0.0,
  "summary_bg_p95": 29.002962239086628,
  "summary_bg_stdv": 12.462345896807092,
  "summary_csf_k": 2.4456362223718617,
  "summary_csf_mad": 68.0354866966048,
  "summary_csf_mean": 611.9437214806843,
  "summary_csf_median": 580.9746206663549,
  "summary_csf_n": 56428.0,
  "summary_csf_p05": 484.89267271375286,
  "summary_csf_p95": 932.6716710738838,
  "summary_csf_stdv": 120.84344403791465,
  "summary_gm_k": 1.1521017702342435,
  "summary_gm_mad": 39.6784386981249,
  "summary_gm_mean": 340.4600088365714,
  "summary_gm_median": 338.9781433790922,
  "summary_gm_n": 435734.0,
  "summary_gm_p05": 273.5046787895262,
  "summary_gm_p95": 412.8586128037423,
  "summary_gm_stdv": 42.95285862544089,
  "summary_wm_k": -0.7205331193202844,
  "summary_wm_mad": 250.07059204704822,
  "summary_wm_mean": 823.8239917522594,
  "summary_wm_median": 999.9277097545564,
  "summary_wm_n": 50347.0,
  "summary_wm_p05": 46.41919288598001,
  "summary_wm_p95": 1269.5709476413203,
  "summary_wm_stdv": 416.7321946139355,
  "tpm_overlap_csf": 0.11672767953642882,
  "tpm_overlap_gm": 0.35743458870215034,
  "tpm_overlap_wm": 0.02332193225935325,
  "wm2max": 0.8196591748152673
}