{
  "bids_meta": {
    "AcquisitionMatrixPE": 300,
    "AcquisitionNumber": 1,
    "AcquisitionTime": "14:22:34.470000",
    "BaseResolution": 320,
    "CoilCombinationMethod": "Adaptive Combine",
    "CoilString": "C:HEA;HEP",
    "ConversionSoftware": "dcm2niix",
    "ConversionSoftwareVersion": "v1.0.20211220",
    "Dcm2bidsVersion": "2.1.6",
    "DeviceSerialNumber": "40462",
    "DwellTime": 7.4e-06,
    "EchoTime": 0.00224,
    "FlipAngle": 8,
    "ImageOrientationPatientDICOM": [
      0,
      1,
      0,
      0,
      0,
      -1
    ],
    "ImageOrientationText": "Sag",
    "ImageType": [
      "ORIGINAL",
      "PRIMARY",
      "M",
      "ND"
    ],
    "ImagingFrequency": 123.21,
    "InPlanePhaseEncodingDirectionDICOM": "ROW",
    "InversionTime": 1.06,
    "MRAcquisitionType": "3D",
    "MagneticFieldStrength": 3,
    "Manufacturer": "Siemens",
    "ManufacturersModelName": "Verio",
    "MatrixCoilMode": "GRAPPA",
    "Modality": "MR",
    "ParallelReductionFactorInPlane": 2,
    "PartialFourier": 1,
    "PatientPosition": "HFS",
    "PercentPhaseFOV": 93.75,
    "PercentSampling": 100,
    "PhaseEncodingSteps": 299,
    "PhaseResolution": 1,
    "PixelBandwidth": 211,
    "ProtocolName": "T1w_MPR2_0.8iso",
    "PulseSequenceDetails": "%SiemensSeq%\\tfl",
    "ReceiveCoilName": "32Ch_Head",
    "ReconMatrixPE": 300,
    "RefLinesPE": 32,
    "RepetitionTime": 2.4,
    "SAR": 0.0276446,
    "ScanOptions": "IR\\WE",
    "ScanningSequence": "GR\\IR",
    "SequenceName": "*tfl3d1_ns",
    "SequenceVariant": "SP\\MP",
    "SeriesDescription": "T1w_MPR2_0.8iso",
    "SeriesNumber": 16,
    "ShimSetting": [
      1021,
      10223,
      980,
      511,
      51,
      -440,
      582,
      -117
    ],
    "SliceThickness": 0.8,
    "SoftwareVersions": "syngo MR B17",
    "StationName": "MRC40462",
    "TxRefAmp": 386.312,
    "acq_id": "02",
    "dataset": "ds004056",
    "modality": "T1w",
    "session_id": "02",
    "subject_id": "26"
  },
  "cjv": 0.42118507814467077,
  "cnr": 3.234766179546915,
  "efc": 0.5385611274851063,
  "fber": 16055.705679012344,
  "fwhm_avg": 4.291958269378171,
  "fwhm_x": 4.298849935942144,
  "fwhm_y": 4.18392493765466,
  "fwhm_z": 4.39309993453771,
  "icvs_csf": 0.1952339136392682,
  "icvs_gm": 0.4254244689644219,
  "icvs_wm": 0.37934161739630995,
  "inu_med": 0.8883385062217712,
  "inu_range": 0.5259210169315338,
  "provenance": {
    "md5sum": "49dc73deca4785e787920ac5a753b991",
    "settings": {
      "testing": false
    },
    "software": "mriqc",
    "version": "23.0.1",
    "warnings": {
      "large_rot_frame": true,
      "small_air_mask": false
    },
    "webapi_port": null,
    "webapi_url": "https://mriqc.nimh.nih.gov/api/v1"
  },
  "qi_1": 0.0,
  "qi_2": 0.0033364176986620023,
  "rpve_csf": 28.131343236467806,
  "rpve_gm": 12.957392797727746,
  "rpve_wm": 15.97769906172699,
  "size_x": 224,
  "size_y": 300,
  "size_z": 320,
  "snr_csf": 2.2842766665642196,
  "snr_gm": 13.520837799283361,
  "snr_total": 11.066568664924441,
  "snr_wm": 17.39459152892574,
  "snrd_csf": 17.043043944095082,
  "snrd_gm": 43.540392413764245,
  "snrd_total": 39.79081734690473,
  "snrd_wm": 58.789015682854874,
  "spacing_x": 0.800000011920929,
  "spacing_y": 0.800000011920929,
  "spacing_z": 0.800000011920929,
  "summary_bg_k": 12.862540622230622,
  "summary_bg_mad": 0.0,
  "summary_bg_mean": 7.513763056141286,
  "summary_bg_median": 0.0,
  "summary_bg_n": 7122278.0,
  "summary_bg_p05": 0.0,
  "summary_bg_p95": 28.37419831752777,
  "summary_bg_stdv": 11.144856147666752,
  "summary_csf_k": 0.6794327320210352,
  "summary_csf_mad": 108.19294341340303,
  "summary_csf_mean": 282.4881955335167,
  "summary_csf_median": 289.92782735824585,
  "summary_csf_n": 89501.0,
  "summary_csf_p05": 60.15509343147278,
  "summary_csf_p95": 488.7265154123306,
  "summary_csf_stdv": 126.92254485064805,
  "summary_gm_k": 0.059381040948560226,
  "summary_gm_mad": 54.62813236229563,
  "summary_gm_mean": 740.7278907801526,
  "summary_gm_median": 740.6876034736633,
  "summary_gm_n": 96305.0,
  "summary_gm_p05": 650.2756634950638,
  "summary_gm_p95": 830.2926942110062,
  "summary_gm_stdv": 54.78090699176751,
  "summary_wm_k": 0.46001011233599387,
  "summary_wm_mad": 54.62813236229563,
  "summary_wm_mean": 1005.7563037456458,
  "summary_wm_median": 1000.0896345376968,
  "summary_wm_n": 387920.0,
  "summary_wm_p05": 921.4218335151672,
  "summary_wm_p95": 1109.6418315172195,
  "summary_wm_stdv": 57.4942127173679,
  "tpm_overlap_csf": 0.13557925346004032,
  "tpm_overlap_gm": 0.4394516015603036,
  "tpm_overlap_wm": 0.468261302253809,
  "wm2max": 0.515813560412741
}