{
  "bids_meta": {
    "AcquisitionMatrixPE": 302,
    "AcquisitionNumber": 1,
    "AcquisitionTime": "15:20:21.207500",
    "BaseResolution": 320,
    "CoilCombinationMethod": "Adaptive Combine",
    "CoilString": "C:HEA;HEP",
    "ConversionSoftware": "dcm2niix",
    "ConversionSoftwareVersion": "v1.0.20211220",
    "Dcm2bidsVersion": "2.1.6",
    "DeviceSerialNumber": "40463",
    "DwellTime": 2.1e-06,
    "EchoTime": 0.56,
    "EchoTrainLength": 167,
    "FlipAngle": 120,
    "ImageOrientationPatientDICOM": [
      0,
      1,
      0,
      0,
      0,
      -1
    ],
    "ImageOrientationText": "Sag",
    "ImageType": [
      "ORIGINAL",
      "PRIMARY",
      "M",
      "ND"
    ],
    "ImagingFrequency": 123.121,
    "InPlanePhaseEncodingDirectionDICOM": "ROW",
    "MRAcquisitionType": "3D",
    "MagneticFieldStrength": 3,
    "Manufacturer": "Siemens",
    "ManufacturersModelName": "Verio",
    "MatrixCoilMode": "GRAPPA",
    "Modality": "MR",
    "ParallelReductionFactorInPlane": 2,
    "PartialFourier": 1,
    "PatientPosition": "HFS",
    "PercentPhaseFOV": 93.75,
    "PercentSampling": 100.667,
    "PhaseEncodingDirection": "i",
    "PhaseEncodingSteps": 290,
    "PhaseResolution": 1.00667,
    "PixelBandwidth": 744,
    "ProtocolName": "T2w_SPC2_0.8iso",
    "PulseSequenceDetails": "%SiemensSeq%\\tse_vfl",
    "ReceiveCoilName": "32Ch_Head",
    "ReconMatrixPE": 300,
    "RefLinesPE": 32,
    "RepetitionTime": 3.2,
    "SAR": 0.103974,
    "ScanOptions": "PFP",
    "ScanningSequence": "SE",
    "SequenceName": "*spc3d1_334ns",
    "SequenceVariant": "SK\\SP",
    "SeriesDescription": "T2w_SPC2_0.8iso",
    "SeriesNumber": 17,
    "ShimSetting": [
      2857,
      7507,
      -15106,
      -66,
      721,
      -961,
      -158,
      1124
    ],
    "SliceThickness": 0.8,
    "SoftwareVersions": "syngo MR B17",
    "SpoilingState": true,
    "StationName": "MRC40463",
    "TxRefAmp": 428.552,
    "acq_id": "02",
    "dataset": "ds004056",
    "modality": "T2w",
    "session_id": "02",
    "subject_id": "07"
  },
  "cjv": 0.4581131447433218,
  "cnr": 1.647956929044117,
  "efc": 0.501738940002473,
  "fber": 5983.881975308642,
  "fwhm_avg": 3.106454120376893,
  "fwhm_x": 3.001512455273979,
  "fwhm_y": 3.3274249504175044,
  "fwhm_z": 2.9904249554391957,
  "icvs_csf": 0.44026290620264585,
  "icvs_gm": 0.40568750994787517,
  "icvs_wm": 0.15404958384947898,
  "inu_med": 0.8598985970020294,
  "inu_range": 0.8567998290061949,
  "provenance": {
    "md5sum": "0acce96e5e90b6a677bc2026fce71d0b",
    "settings": {
      "testing": false
    },
    "software": "mriqc",
    "version": "23.0.1",
    "warnings": {
      "large_rot_frame": true,
      "small_air_mask": false
    },
    "webapi_port": null,
    "webapi_url": "https://mriqc.nimh.nih.gov/api/v1"
  },
  "qi_1": 0.0,
  "qi_2": 0.006624037517901552,
  "rpve_csf": 12.265971446594019,
  "rpve_gm": 13.3681537405628,
  "rpve_wm": 38.582015131292565,
  "size_x": 224,
  "size_y": 300,
  "size_z": 320,
  "snr_csf": 10.070491410373915,
  "snr_gm": 9.576575583551307,
  "snr_total": 7.412487680169304,
  "snr_wm": 2.590396046582688,
  "snrd_csf": 73.63907597509268,
  "snrd_gm": 45.389647504595125,
  "snrd_total": 81.62748822985638,
  "snrd_wm": 125.85374120988133,
  "spacing_x": 0.800000011920929,
  "spacing_y": 0.800000011920929,
  "spacing_z": 0.800000011920929,
  "summary_bg_k": 5.479044712027852,
  "summary_bg_mad": 5.205680670551981,
  "summary_bg_mean": 6.107355737192185,
  "summary_bg_median": 3.5111782550811768,
  "summary_bg_n": 5791914.0,
  "summary_bg_p05": 0.0,
  "summary_bg_p95": 23.124400539323688,
  "summary_bg_stdv": 8.505048737955164,
  "summary_csf_k": 1.544026629829741,
  "summary_csf_mad": 48.72191752594745,
  "summary_csf_mean": 589.0925844395501,
  "summary_csf_median": 585.1323699932545,
  "summary_csf_n": 155749.0,
  "summary_csf_p05": 503.6346309632063,
  "summary_csf_p95": 690.9395322237167,
  "summary_csf_stdv": 58.103469602371504,
  "summary_gm_k": 0.5672509128953558,
  "summary_gm_mad": 35.66704646932881,
  "summary_gm_mean": 360.4546066489587,
  "summary_gm_median": 360.6638413891196,
  "summary_gm_n": 338721.0,
  "summary_gm_p05": 298.36785844154656,
  "summary_gm_p95": 421.67056357115507,
  "summary_gm_stdv": 37.660989134515894,
  "summary_wm_k": -0.037663008411429555,
  "summary_wm_mad": 257.2338300096975,
  "summary_wm_mean": 889.4696320657926,
  "summary_wm_median": 1000.0274567753077,
  "summary_wm_n": 44331.0,
  "summary_wm_p05": 65.7522990424186,
  "summary_wm_p95": 1327.7602864829823,
  "summary_wm_stdv": 386.04760030118035,
  "tpm_overlap_csf": 0.10838155469636948,
  "tpm_overlap_gm": 0.27117756786291713,
  "tpm_overlap_wm": 0.030566586606511858,
  "wm2max": 0.7898260285547154
}