{
  "bids_meta": {
    "AcquisitionMatrixPE": 300,
    "AcquisitionNumber": 1,
    "AcquisitionTime": "15:00:58.875000",
    "BaseResolution": 320,
    "CoilCombinationMethod": "Adaptive Combine",
    "CoilString": "C:HEA;HEP",
    "ConversionSoftware": "dcm2niix",
    "ConversionSoftwareVersion": "v1.0.20211220",
    "Dcm2bidsVersion": "2.1.6",
    "DeviceSerialNumber": "40463",
    "DwellTime": 7.4e-06,
    "EchoTime": 0.00224,
    "FlipAngle": 8,
    "ImageOrientationPatientDICOM": [
      0,
      1,
      0,
      0,
      0,
      -1
    ],
    "ImageOrientationText": "Sag",
    "ImageType": [
      "ORIGINAL",
      "PRIMARY",
      "M",
      "ND"
    ],
    "ImagingFrequency": 123.121,
    "InPlanePhaseEncodingDirectionDICOM": "ROW",
    "InversionTime": 1.06,
    "MRAcquisitionType": "3D",
    "MagneticFieldStrength": 3,
    "Manufacturer": "Siemens",
    "ManufacturersModelName": "Verio",
    "MatrixCoilMode": "GRAPPA",
    "Modality": "MR",
    "ParallelReductionFactorInPlane": 2,
    "PartialFourier": 1,
    "PatientPosition": "HFS",
    "PercentPhaseFOV": 93.75,
    "PercentSampling": 100,
    "PhaseEncodingSteps": 299,
    "PhaseResolution": 1,
    "PixelBandwidth": 211,
    "ProtocolName": "T1w_MPR1_0.8iso",
    "PulseSequenceDetails": "%SiemensSeq%\\tfl",
    "ReceiveCoilName": "32Ch_Head",
    "ReconMatrixPE": 300,
    "RefLinesPE": 32,
    "RepetitionTime": 2.4,
    "SAR": 0.0317239,
    "ScanOptions": "IR\\WE",
    "ScanningSequence": "GR\\IR",
    "SequenceName": "*tfl3d1_ns",
    "SequenceVariant": "SP\\MP",
    "SeriesDescription": "T1w_MPR1_0.8iso",
    "SeriesNumber": 14,
    "ShimSetting": [
      2857,
      7507,
      -15106,
      -66,
      721,
      -961,
      -158,
      1124
    ],
    "SliceThickness": 0.8,
    "SoftwareVersions": "syngo MR B17",
    "StationName": "MRC40463",
    "TxRefAmp": 428.552,
    "acq_id": "01",
    "dataset": "ds004056",
    "modality": "T1w",
    "session_id": "02",
    "subject_id": "07"
  },
  "cjv": 0.3762395280340638,
  "cnr": 3.6383131577889176,
  "efc": 0.5373383955432004,
  "fber": 17899.85041623309,
  "fwhm_avg": 4.740249929364771,
  "fwhm_x": 4.7255999295830735,
  "fwhm_y": 4.599274931465462,
  "fwhm_z": 4.895874927045779,
  "icvs_csf": 0.19475489219133943,
  "icvs_gm": 0.4550352790411876,
  "icvs_wm": 0.350209828767473,
  "inu_med": 0.7278981804847717,
  "inu_range": 0.6795976459980011,
  "provenance": {
    "md5sum": "f0491f5e9967f0054862923169d12a99",
    "settings": {
      "testing": false
    },
    "software": "mriqc",
    "version": "23.0.1",
    "warnings": {
      "large_rot_frame": true,
      "small_air_mask": false
    },
    "webapi_port": null,
    "webapi_url": "https://mriqc.nimh.nih.gov/api/v1"
  },
  "qi_1": 0.0,
  "qi_2": 0.004571612489602299,
  "rpve_csf": 26.110206195388514,
  "rpve_gm": 11.869078108933369,
  "rpve_wm": 16.570567748999267,
  "size_x": 224,
  "size_y": 300,
  "size_z": 320,
  "snr_csf": 2.1181769276146105,
  "snr_gm": 14.569925036914588,
  "snr_total": 12.620753744485334,
  "snr_wm": 21.174159268926807,
  "snrd_csf": 18.648922779369315,
  "snrd_gm": 49.26075839886266,
  "snrd_total": 44.69710720876202,
  "snrd_wm": 66.1816404480541,
  "spacing_x": 0.800000011920929,
  "spacing_y": 0.800000011920929,
  "spacing_z": 0.800000011920929,
  "summary_bg_k": 4.694384015839143,
  "summary_bg_mad": 0.0,
  "summary_bg_mean": 6.975591557323074,
  "summary_bg_median": 0.0,
  "summary_bg_n": 5855054.0,
  "summary_bg_p05": 0.0,
  "summary_bg_p95": 27.207010947167873,
  "summary_bg_stdv": 9.89949968574826,
  "summary_csf_k": 15.200368214897988,
  "summary_csf_mad": 100.61559379780293,
  "summary_csf_mean": 290.732584620074,
  "summary_csf_median": 281.7962872982025,
  "summary_csf_n": 90656.0,
  "summary_csf_p05": 72.07010146230459,
  "summary_csf_p95": 513.9540183916688,
  "summary_csf_stdv": 133.03644724558927,
  "summary_gm_k": 0.10367948874440369,
  "summary_gm_mad": 51.574423160397366,
  "summary_gm_mean": 743.8637641358847,
  "summary_gm_median": 744.3592850118876,
  "summary_gm_n": 139143.0,
  "summary_gm_p05": 659.9781206250191,
  "summary_gm_p95": 825.8926946297288,
  "summary_gm_stdv": 51.088568288550256,
  "summary_wm_k": 0.44339177184611733,
  "summary_wm_mad": 44.6242175203942,
  "summary_wm_mean": 1001.7582512071124,
  "summary_wm_median": 1000.0438516587019,
  "summary_wm_n": 402979.0,
  "summary_wm_p05": 927.3165760189295,
  "summary_wm_p95": 1082.8039864078164,
  "summary_wm_stdv": 47.22938928260763,
  "tpm_overlap_csf": 0.1329970585404888,
  "tpm_overlap_gm": 0.46551135489732204,
  "tpm_overlap_wm": 0.4952297729699171,
  "wm2max": 0.6248904949627683
}