{
  "bids_meta": {
    "AcquisitionMatrixPE": 300,
    "AcquisitionNumber": 1,
    "AcquisitionTime": "15:13:41.345000",
    "BaseResolution": 320,
    "CoilCombinationMethod": "Adaptive Combine",
    "CoilString": "C:HEA;HEP",
    "ConversionSoftware": "dcm2niix",
    "ConversionSoftwareVersion": "v1.0.20211220",
    "Dcm2bidsVersion": "2.1.6",
    "DeviceSerialNumber": "40463",
    "DwellTime": 7.4e-06,
    "EchoTime": 0.00224,
    "FlipAngle": 8,
    "ImageOrientationPatientDICOM": [
      0,
      1,
      0,
      0,
      0,
      -1
    ],
    "ImageOrientationText": "Sag",
    "ImageType": [
      "ORIGINAL",
      "PRIMARY",
      "M",
      "ND"
    ],
    "ImagingFrequency": 123.121,
    "InPlanePhaseEncodingDirectionDICOM": "ROW",
    "InversionTime": 1.06,
    "MRAcquisitionType": "3D",
    "MagneticFieldStrength": 3,
    "Manufacturer": "Siemens",
    "ManufacturersModelName": "Verio",
    "MatrixCoilMode": "GRAPPA",
    "Modality": "MR",
    "ParallelReductionFactorInPlane": 2,
    "PartialFourier": 1,
    "PatientPosition": "HFS",
    "PercentPhaseFOV": 93.75,
    "PercentSampling": 100,
    "PhaseEncodingSteps": 299,
    "PhaseResolution": 1,
    "PixelBandwidth": 211,
    "ProtocolName": "T1w_MPR2_0.8iso",
    "PulseSequenceDetails": "%SiemensSeq%\\tfl",
    "ReceiveCoilName": "32Ch_Head",
    "ReconMatrixPE": 300,
    "RefLinesPE": 32,
    "RepetitionTime": 2.4,
    "SAR": 0.0317239,
    "ScanOptions": "IR\\WE",
    "ScanningSequence": "GR\\IR",
    "SequenceName": "*tfl3d1_ns",
    "SequenceVariant": "SP\\MP",
    "SeriesDescription": "T1w_MPR2_0.8iso",
    "SeriesNumber": 16,
    "ShimSetting": [
      2857,
      7507,
      -15106,
      -66,
      721,
      -961,
      -158,
      1124
    ],
    "SliceThickness": 0.8,
    "SoftwareVersions": "syngo MR B17",
    "StationName": "MRC40463",
    "TxRefAmp": 428.552,
    "acq_id": "02",
    "dataset": "ds004056",
    "modality": "T1w",
    "session_id": "02",
    "subject_id": "07"
  },
  "cjv": 0.3710923312111757,
  "cnr": 3.67504690057946,
  "efc": 0.5386695360710357,
  "fber": 17663.267429760665,
  "fwhm_avg": 4.687779096813315,
  "fwhm_x": 4.678799930280448,
  "fwhm_y": 4.549849932201952,
  "fwhm_z": 4.834687427957543,
  "icvs_csf": 0.19685895810119536,
  "icvs_gm": 0.4543303819170552,
  "icvs_wm": 0.3488106599817494,
  "inu_med": 0.741243988275528,
  "inu_range": 0.6845023930072783,
  "provenance": {
    "md5sum": "6b4152da067df54204a6bb32489770b3",
    "settings": {
      "testing": false
    },
    "software": "mriqc",
    "version": "23.0.1",
    "warnings": {
      "large_rot_frame": true,
      "small_air_mask": false
    },
    "webapi_port": null,
    "webapi_url": "https://mriqc.nimh.nih.gov/api/v1"
  },
  "qi_1": 0.0,
  "qi_2": 0.0053703580942107984,
  "rpve_csf": 25.76888432402197,
  "rpve_gm": 11.846643280026536,
  "rpve_wm": 16.604875293150965,
  "size_x": 224,
  "size_y": 300,
  "size_z": 320,
  "snr_csf": 1.9704478180349256,
  "snr_gm": 14.31942004372501,
  "snr_total": 12.461671526214031,
  "snr_wm": 21.095146716882155,
  "snrd_csf": 17.957914948273785,
  "snrd_gm": 48.38346382593023,
  "snrd_total": 43.91645059989474,
  "snrd_wm": 65.40797302548019,
  "spacing_x": 0.800000011920929,
  "spacing_y": 0.800000011920929,
  "spacing_z": 0.800000011920929,
  "summary_bg_k": 4.580351755563241,
  "summary_bg_mad": 0.0,
  "summary_bg_mean": 7.044900264838555,
  "summary_bg_median": 0.0,
  "summary_bg_n": 5800928.0,
  "summary_bg_p05": 0.0,
  "summary_bg_p95": 27.568477988243103,
  "summary_bg_stdv": 10.017042944519053,
  "summary_csf_k": 20.364910566884152,
  "summary_csf_mad": 107.17685576739434,
  "summary_csf_mean": 283.848180774941,
  "summary_csf_median": 274.5767220854759,
  "summary_csf_n": 92258.0,
  "summary_csf_p05": 66.39482319355011,
  "summary_csf_p95": 508.6938217729327,
  "summary_csf_stdv": 139.34661526007963,
  "summary_gm_k": 0.14563245556533033,
  "summary_gm_mad": 51.715625682979365,
  "summary_gm_mean": 739.2321844493484,
  "summary_gm_median": 739.7837075591087,
  "summary_gm_n": 139222.0,
  "summary_gm_p05": 654.2416456341743,
  "summary_gm_p95": 822.0015960931778,
  "summary_gm_stdv": 51.66278022756663,
  "summary_wm_k": 0.4577971579464033,
  "summary_wm_mad": 44.88154045930738,
  "summary_wm_mean": 1001.7613698075724,
  "summary_wm_median": 1000.0886452198029,
  "summary_wm_n": 404065.0,
  "summary_wm_p05": 926.8681859970093,
  "summary_wm_p95": 1082.8827238082886,
  "summary_wm_stdv": 47.40841204409911,
  "tpm_overlap_csf": 0.13445855046028915,
  "tpm_overlap_gm": 0.4660280029344617,
  "tpm_overlap_wm": 0.4954187335713801,
  "wm2max": 0.6099037733809061
}