{
  "bids_meta": {
    "AcquisitionMatrixPE": 302,
    "AcquisitionNumber": 1,
    "AcquisitionTime": "17:43:22.235000",
    "BaseResolution": 320,
    "CoilCombinationMethod": "Adaptive Combine",
    "CoilString": "C:HEA;HEP",
    "ConversionSoftware": "dcm2niix",
    "ConversionSoftwareVersion": "v1.0.20211220",
    "Dcm2bidsVersion": "2.1.6",
    "DeviceSerialNumber": "40463",
    "DwellTime": 2.1e-06,
    "EchoTime": 0.56,
    "EchoTrainLength": 167,
    "FlipAngle": 120,
    "ImageOrientationPatientDICOM": [
      0,
      1,
      0,
      0,
      0,
      -1
    ],
    "ImageOrientationText": "Sag",
    "ImageType": [
      "ORIGINAL",
      "PRIMARY",
      "M",
      "ND"
    ],
    "ImagingFrequency": 123.122,
    "InPlanePhaseEncodingDirectionDICOM": "ROW",
    "MRAcquisitionType": "3D",
    "MagneticFieldStrength": 3,
    "Manufacturer": "Siemens",
    "ManufacturersModelName": "Verio",
    "MatrixCoilMode": "GRAPPA",
    "Modality": "MR",
    "ParallelReductionFactorInPlane": 2,
    "PartialFourier": 1,
    "PatientPosition": "HFS",
    "PercentPhaseFOV": 93.75,
    "PercentSampling": 100.667,
    "PhaseEncodingDirection": "i",
    "PhaseEncodingSteps": 290,
    "PhaseResolution": 1.00667,
    "PixelBandwidth": 744,
    "ProtocolName": "T2w_SPC2_0.8iso",
    "PulseSequenceDetails": "%SiemensSeq%\\tse_vfl",
    "ReceiveCoilName": "32Ch_Head",
    "ReconMatrixPE": 300,
    "RefLinesPE": 32,
    "RepetitionTime": 3.2,
    "SAR": 0.0823515,
    "ScanOptions": "PFP",
    "ScanningSequence": "SE",
    "SequenceName": "*spc3d1_334ns",
    "SequenceVariant": "SK\\SP",
    "SeriesDescription": "T2w_SPC2_0.8iso",
    "SeriesNumber": 17,
    "ShimSetting": [
      2816,
      7642,
      -15153,
      17,
      887,
      -824,
      -631,
      1247
    ],
    "SliceThickness": 0.8,
    "SoftwareVersions": "syngo MR B17",
    "SpoilingState": true,
    "StationName": "MRC40463",
    "TxRefAmp": 457.055,
    "acq_id": "02",
    "dataset": "ds004056",
    "modality": "T2w",
    "session_id": "02",
    "subject_id": "02"
  },
  "cjv": 0.23746607585858598,
  "cnr": 2.0032782112052456,
  "efc": 0.5209310573199744,
  "fber": 7779.239999999999,
  "fwhm_avg": 2.9023291234185926,
  "fwhm_x": 2.8469374575773263,
  "fwhm_y": 3.05438745448608,
  "fwhm_z": 2.8056624581923715,
  "icvs_csf": 0.3207785397069359,
  "icvs_gm": 0.5700051837286964,
  "icvs_wm": 0.10921627656436779,
  "inu_med": 0.8521127104759216,
  "inu_range": 0.44301837682723977,
  "provenance": {
    "md5sum": "f96506861aaafde793156d76526a231f",
    "settings": {
      "testing": false
    },
    "software": "mriqc",
    "version": "23.0.1",
    "warnings": {
      "large_rot_frame": true,
      "small_air_mask": false
    },
    "webapi_port": null,
    "webapi_url": "https://mriqc.nimh.nih.gov/api/v1"
  },
  "qi_1": 0.0,
  "qi_2": 0.004316104352602481,
  "rpve_csf": 12.241644300238743,
  "rpve_gm": 8.60740986509213,
  "rpve_wm": 46.75079316344284,
  "size_x": 224,
  "size_y": 300,
  "size_z": 320,
  "snr_csf": 4.80545255862143,
  "snr_gm": 6.629270374604828,
  "snr_total": 4.8039307027174685,
  "snr_wm": 2.9770691749261458,
  "snrd_csf": 82.3915295516919,
  "snrd_gm": 39.392935299603,
  "snrd_total": 81.6681316956215,
  "snrd_wm": 123.21993023556956,
  "spacing_x": 0.800000011920929,
  "spacing_y": 0.800000011920929,
  "spacing_z": 0.800000011920929,
  "summary_bg_k": 21.914808075931646,
  "summary_bg_mad": 5.314775571408488,
  "summary_bg_mean": 7.522900662754881,
  "summary_bg_median": 3.5847616475075483,
  "summary_bg_n": 6583954.0,
  "summary_bg_p05": 0.0,
  "summary_bg_p95": 31.117428028956056,
  "summary_bg_stdv": 13.125634436372868,
  "summary_csf_k": -0.7623586456722462,
  "summary_csf_mad": 169.88412802809853,
  "summary_csf_mean": 685.974758411964,
  "summary_csf_median": 668.398960204795,
  "summary_csf_n": 63421.0,
  "summary_csf_p05": 486.2124644033611,
  "summary_csf_p95": 897.1025109943002,
  "summary_csf_stdv": 139.09068552661458,
  "summary_gm_k": 0.5627372033513933,
  "summary_gm_mad": 45.725938939810305,
  "summary_gm_mean": 321.2582685905513,
  "summary_gm_median": 319.57407681271434,
  "summary_gm_n": 574214.0,
  "summary_gm_p05": 245.5455670505762,
  "summary_gm_p95": 403.33871436305344,
  "summary_gm_stdv": 48.20648132951694,
  "summary_wm_k": 1.5417274888222936,
  "summary_wm_mad": 115.76147265298606,
  "summary_wm_mean": 880.7089487635195,
  "summary_wm_median": 999.6182094700634,
  "summary_wm_n": 46013.0,
  "summary_wm_p05": 52.765994522720575,
  "summary_wm_p95": 1160.3470432441682,
  "summary_wm_stdv": 335.76893526174644,
  "tpm_overlap_csf": 0.12174799967379286,
  "tpm_overlap_gm": 0.3699215087771139,
  "tpm_overlap_wm": 0.035812317635283336,
  "wm2max": 0.8768933050500539
}