{
  "bids_meta": {
    "AcquisitionMatrixPE": 300,
    "AcquisitionNumber": 1,
    "AcquisitionTime": "17:36:41.512500",
    "BaseResolution": 320,
    "CoilCombinationMethod": "Adaptive Combine",
    "CoilString": "C:HEA;HEP",
    "ConversionSoftware": "dcm2niix",
    "ConversionSoftwareVersion": "v1.0.20211220",
    "Dcm2bidsVersion": "2.1.6",
    "DeviceSerialNumber": "40463",
    "DwellTime": 7.4e-06,
    "EchoTime": 0.00224,
    "FlipAngle": 8,
    "ImageOrientationPatientDICOM": [
      0,
      1,
      0,
      0,
      0,
      -1
    ],
    "ImageOrientationText": "Sag",
    "ImageType": [
      "ORIGINAL",
      "PRIMARY",
      "M",
      "ND"
    ],
    "ImagingFrequency": 123.122,
    "InPlanePhaseEncodingDirectionDICOM": "ROW",
    "InversionTime": 1.06,
    "MRAcquisitionType": "3D",
    "MagneticFieldStrength": 3,
    "Manufacturer": "Siemens",
    "ManufacturersModelName": "Verio",
    "MatrixCoilMode": "GRAPPA",
    "Modality": "MR",
    "ParallelReductionFactorInPlane": 2,
    "PartialFourier": 1,
    "PatientPosition": "HFS",
    "PercentPhaseFOV": 93.75,
    "PercentSampling": 100,
    "PhaseEncodingSteps": 299,
    "PhaseResolution": 1,
    "PixelBandwidth": 211,
    "ProtocolName": "T1w_MPR2_0.8iso",
    "PulseSequenceDetails": "%SiemensSeq%\\tfl",
    "ReceiveCoilName": "32Ch_Head",
    "ReconMatrixPE": 300,
    "RefLinesPE": 32,
    "RepetitionTime": 2.4,
    "SAR": 0.0251264,
    "ScanOptions": "IR\\WE",
    "ScanningSequence": "GR\\IR",
    "SequenceName": "*tfl3d1_ns",
    "SequenceVariant": "SP\\MP",
    "SeriesDescription": "T1w_MPR2_0.8iso",
    "SeriesNumber": 16,
    "ShimSetting": [
      2816,
      7642,
      -15153,
      17,
      887,
      -824,
      -631,
      1247
    ],
    "SliceThickness": 0.8,
    "SoftwareVersions": "syngo MR B17",
    "StationName": "MRC40463",
    "TxRefAmp": 457.055,
    "acq_id": "02",
    "dataset": "ds004056",
    "modality": "T1w",
    "session_id": "02",
    "subject_id": "02"
  },
  "cjv": 0.4729153345169255,
  "cnr": 2.835339979235734,
  "efc": 0.5569541653967145,
  "fber": -1.0,
  "fwhm_avg": 4.615274931227044,
  "fwhm_x": 4.6269749310527,
  "fwhm_y": 4.448774933708087,
  "fwhm_z": 4.770074928920344,
  "icvs_csf": 0.2123945254649941,
  "icvs_gm": 0.4067450871429612,
  "icvs_wm": 0.3808603873920447,
  "inu_med": 0.9344594180583954,
  "inu_range": 0.7639363437891006,
  "provenance": {
    "md5sum": "1821bfc5fd02412a91d36f93498bfe45",
    "settings": {
      "testing": false
    },
    "software": "mriqc",
    "version": "23.0.1",
    "warnings": {
      "large_rot_frame": true,
      "small_air_mask": false
    },
    "webapi_port": null,
    "webapi_url": "https://mriqc.nimh.nih.gov/api/v1"
  },
  "qi_1": 0.0,
  "qi_2": 0.004484629990481982,
  "rpve_csf": 20.996913996212587,
  "rpve_gm": 10.78986816504717,
  "rpve_wm": 13.107524902308578,
  "size_x": 224,
  "size_y": 300,
  "size_z": 320,
  "snr_csf": 2.6350106388291032,
  "snr_gm": 12.291772485187959,
  "snr_total": 10.21416038196078,
  "snr_wm": 15.715698021865274,
  "snrd_csf": 15.753350777998913,
  "snrd_gm": 40.487013020361985,
  "snrd_total": 36.78883855614034,
  "snrd_wm": 54.126151870060134,
  "spacing_x": 0.800000011920929,
  "spacing_y": 0.800000011920929,
  "spacing_z": 0.800000011920929,
  "summary_bg_k": 4.7939957062491905,
  "summary_bg_mad": 0.0,
  "summary_bg_mean": 7.88080558336982,
  "summary_bg_median": 0.0,
  "summary_bg_n": 6649798.0,
  "summary_bg_p05": 0.0,
  "summary_bg_p95": 33.26168775931001,
  "summary_bg_stdv": 12.105180102825146,
  "summary_csf_k": 37.16456042165595,
  "summary_csf_mad": 76.40062056317076,
  "summary_csf_mean": 302.5363033681611,
  "summary_csf_median": 291.08006880804896,
  "summary_csf_n": 136783.0,
  "summary_csf_p05": 156.6415928710252,
  "summary_csf_p95": 482.5900125466287,
  "summary_csf_stdv": 110.46596947103153,
  "summary_gm_k": 0.10529796883150544,
  "summary_gm_mad": 60.228226429360895,
  "summary_gm_mean": 748.2630800678509,
  "summary_gm_median": 748.0924345478415,
  "summary_gm_n": 59250.0,
  "summary_gm_p05": 648.4390209225938,
  "summary_gm_p95": 848.8984543159604,
  "summary_gm_stdv": 60.860719835674665,
  "summary_wm_k": 0.5153989988606176,
  "summary_wm_mad": 58.95355497053844,
  "summary_wm_mean": 1007.1425043772163,
  "summary_wm_median": 1000.1074839681387,
  "summary_wm_n": 469388.0,
  "summary_wm_p05": 915.045687969774,
  "summary_wm_p95": 1125.3089903965592,
  "summary_wm_stdv": 63.63741637468425,
  "tpm_overlap_csf": 0.16256605195137197,
  "tpm_overlap_gm": 0.43550447712789003,
  "tpm_overlap_wm": 0.46919444754086875,
  "wm2max": 0.5328065956715905
}