{
  "bids_meta": {
    "AcquisitionMatrixPE": 300,
    "AcquisitionNumber": 1,
    "AcquisitionTime": "17:23:58.707500",
    "BaseResolution": 320,
    "CoilCombinationMethod": "Adaptive Combine",
    "CoilString": "C:HEA;HEP",
    "ConversionSoftware": "dcm2niix",
    "ConversionSoftwareVersion": "v1.0.20211220",
    "Dcm2bidsVersion": "2.1.6",
    "DeviceSerialNumber": "40463",
    "DwellTime": 7.4e-06,
    "EchoTime": 0.00224,
    "FlipAngle": 8,
    "ImageOrientationPatientDICOM": [
      0,
      1,
      0,
      0,
      0,
      -1
    ],
    "ImageOrientationText": "Sag",
    "ImageType": [
      "ORIGINAL",
      "PRIMARY",
      "M",
      "ND"
    ],
    "ImagingFrequency": 123.122,
    "InPlanePhaseEncodingDirectionDICOM": "ROW",
    "InversionTime": 1.06,
    "MRAcquisitionType": "3D",
    "MagneticFieldStrength": 3,
    "Manufacturer": "Siemens",
    "ManufacturersModelName": "Verio",
    "MatrixCoilMode": "GRAPPA",
    "Modality": "MR",
    "ParallelReductionFactorInPlane": 2,
    "PartialFourier": 1,
    "PatientPosition": "HFS",
    "PercentPhaseFOV": 93.75,
    "PercentSampling": 100,
    "PhaseEncodingSteps": 299,
    "PhaseResolution": 1,
    "PixelBandwidth": 211,
    "ProtocolName": "T1w_MPR1_0.8iso",
    "PulseSequenceDetails": "%SiemensSeq%\\tfl",
    "ReceiveCoilName": "32Ch_Head",
    "ReconMatrixPE": 300,
    "RefLinesPE": 32,
    "RepetitionTime": 2.4,
    "SAR": 0.0251264,
    "ScanOptions": "IR\\WE",
    "ScanningSequence": "GR\\IR",
    "SequenceName": "*tfl3d1_ns",
    "SequenceVariant": "SP\\MP",
    "SeriesDescription": "T1w_MPR1_0.8iso",
    "SeriesNumber": 14,
    "ShimSetting": [
      2816,
      7642,
      -15153,
      17,
      887,
      -824,
      -631,
      1247
    ],
    "SliceThickness": 0.8,
    "SoftwareVersions": "syngo MR B17",
    "StationName": "MRC40463",
    "TxRefAmp": 457.055,
    "acq_id": "01",
    "dataset": "ds004056",
    "modality": "T1w",
    "session_id": "02",
    "subject_id": "02"
  },
  "cjv": 0.4757679623178086,
  "cnr": 2.8336896326204704,
  "efc": 0.5569628989135671,
  "fber": 23220.280772629714,
  "fwhm_avg": 4.598991598136352,
  "fwhm_x": 4.638012430888229,
  "fwhm_y": 4.413324934236334,
  "fwhm_z": 4.745637429284492,
  "icvs_csf": 0.21127169037945914,
  "icvs_gm": 0.41136617012538185,
  "icvs_wm": 0.37736213949515907,
  "inu_med": 0.9303701817989349,
  "inu_range": 0.7794431626796723,
  "provenance": {
    "md5sum": "02d32026ac5d55e3113cc445977ab43b",
    "settings": {
      "testing": false
    },
    "software": "mriqc",
    "version": "23.0.1",
    "warnings": {
      "large_rot_frame": true,
      "small_air_mask": false
    },
    "webapi_port": null,
    "webapi_url": "https://mriqc.nimh.nih.gov/api/v1"
  },
  "qi_1": 0.0,
  "qi_2": 0.004592006220851281,
  "rpve_csf": 21.099095715396956,
  "rpve_gm": 10.770119346138445,
  "rpve_wm": 13.221002722142744,
  "size_x": 224,
  "size_y": 300,
  "size_z": 320,
  "snr_csf": 2.329990557619487,
  "snr_gm": 12.585723019782307,
  "snr_total": 10.283655342128604,
  "snr_wm": 15.935252448984016,
  "snrd_csf": 16.046953113516313,
  "snrd_gm": 41.0245984159271,
  "snrd_total": 37.20609194168102,
  "snrd_wm": 54.546724295599624,
  "spacing_x": 0.800000011920929,
  "spacing_y": 0.800000011920929,
  "spacing_z": 0.800000011920929,
  "summary_bg_k": 4.79659317580986,
  "summary_bg_mad": 0.0,
  "summary_bg_mean": 7.982457728144008,
  "summary_bg_median": 0.0,
  "summary_bg_n": 6557829.0,
  "summary_bg_p05": 0.0,
  "summary_bg_p95": 32.92737978696823,
  "summary_bg_stdv": 12.011231756860054,
  "summary_csf_k": 60.18465950151989,
  "summary_csf_mad": 73.97964485400003,
  "summary_csf_mean": 309.040440353164,
  "summary_csf_median": 294.20388309657574,
  "summary_csf_n": 133663.0,
  "summary_csf_p05": 164.3606246866286,
  "summary_csf_p95": 489.4000968337059,
  "summary_csf_stdv": 126.26780035178837,
  "summary_gm_k": 0.10146158533900573,
  "summary_gm_mad": 59.18371588320002,
  "summary_gm_mean": 752.2430663241742,
  "summary_gm_median": 752.1425451338291,
  "summary_gm_n": 62135.0,
  "summary_gm_p05": 654.2625257670879,
  "summary_gm_p95": 850.5300069972873,
  "summary_gm_stdv": 59.76108734002648,
  "summary_wm_k": 0.425075933813571,
  "summary_wm_mad": 58.76575178797969,
  "summary_wm_mean": 1006.7549465114786,
  "summary_wm_median": 1000.0563960298896,
  "summary_wm_n": 463374.0,
  "summary_wm_p05": 915.5954115763307,
  "summary_wm_p95": 1122.631950236857,
  "summary_wm_stdv": 62.757419132712315,
  "tpm_overlap_csf": 0.16511099107544655,
  "tpm_overlap_gm": 0.4385918602899178,
  "tpm_overlap_wm": 0.4688671105347191,
  "wm2max": 0.5292415031144809
}