{
  "bids_meta": {
    "AcquisitionMatrixPE": 302,
    "AcquisitionNumber": 1,
    "AcquisitionTime": "17:49:24.817500",
    "BaseResolution": 320,
    "CoilCombinationMethod": "Adaptive Combine",
    "CoilString": "C:HEA;HEP",
    "ConversionSoftware": "dcm2niix",
    "ConversionSoftwareVersion": "v1.0.20211220",
    "Dcm2bidsVersion": "2.1.6",
    "DeviceSerialNumber": "40463",
    "DwellTime": 2.1e-06,
    "EchoTime": 0.56,
    "EchoTrainLength": 167,
    "FlipAngle": 120,
    "ImageOrientationPatientDICOM": [
      0,
      1,
      0,
      0,
      0,
      -1
    ],
    "ImageOrientationText": "Sag",
    "ImageType": [
      "ORIGINAL",
      "PRIMARY",
      "M",
      "ND"
    ],
    "ImagingFrequency": 123.122,
    "InPlanePhaseEncodingDirectionDICOM": "ROW",
    "MRAcquisitionType": "3D",
    "MagneticFieldStrength": 3,
    "Manufacturer": "Siemens",
    "ManufacturersModelName": "Verio",
    "MatrixCoilMode": "GRAPPA",
    "Modality": "MR",
    "ParallelReductionFactorInPlane": 2,
    "PartialFourier": 1,
    "PatientPosition": "HFS",
    "PercentPhaseFOV": 93.75,
    "PercentSampling": 100.667,
    "PhaseEncodingDirection": "i",
    "PhaseEncodingSteps": 290,
    "PhaseResolution": 1.00667,
    "PixelBandwidth": 744,
    "ProtocolName": "T2w_SPC1_0.8iso",
    "PulseSequenceDetails": "%SiemensSeq%\\tse_vfl",
    "ReceiveCoilName": "32Ch_Head",
    "ReconMatrixPE": 300,
    "RefLinesPE": 32,
    "RepetitionTime": 3.2,
    "SAR": 0.0823515,
    "ScanOptions": "PFP",
    "ScanningSequence": "SE",
    "SequenceName": "*spc3d1_334ns",
    "SequenceVariant": "SK\\SP",
    "SeriesDescription": "T2w_SPC1_0.8iso",
    "SeriesNumber": 18,
    "ShimSetting": [
      2816,
      7642,
      -15153,
      17,
      887,
      -824,
      -631,
      1247
    ],
    "SliceThickness": 0.8,
    "SoftwareVersions": "syngo MR B17",
    "SpoilingState": true,
    "StationName": "MRC40463",
    "TxRefAmp": 457.055,
    "acq_id": "01",
    "dataset": "ds004056",
    "modality": "T2w",
    "session_id": "02",
    "subject_id": "02"
  },
  "cjv": 0.26200770467192236,
  "cnr": 1.7916383779727976,
  "efc": 0.5244937966062113,
  "fber": 8656.234845679011,
  "fwhm_avg": 2.9269374563852337,
  "fwhm_x": 2.902862456743979,
  "fwhm_y": 3.0536999544963246,
  "fwhm_z": 2.824249957915396,
  "icvs_csf": 0.3070734914457388,
  "icvs_gm": 0.5740085516516149,
  "icvs_wm": 0.1189179569026463,
  "inu_med": 0.8786969184875488,
  "inu_range": 0.5940095543861388,
  "provenance": {
    "md5sum": "9351741300e7207a650bbd0ec49b4e63",
    "settings": {
      "testing": false
    },
    "software": "mriqc",
    "version": "23.0.1",
    "warnings": {
      "large_rot_frame": true,
      "small_air_mask": false
    },
    "webapi_port": null,
    "webapi_url": "https://mriqc.nimh.nih.gov/api/v1"
  },
  "qi_1": 0.0,
  "qi_2": 0.006635473043166763,
  "rpve_csf": 12.50057284541218,
  "rpve_gm": 8.59056829365499,
  "rpve_wm": 44.18714220453451,
  "size_x": 224,
  "size_y": 300,
  "size_z": 320,
  "snr_csf": 5.590238969188054,
  "snr_gm": 7.652955187981708,
  "snr_total": 5.338909675607606,
  "snr_wm": 2.773534869653058,
  "snrd_csf": 84.12307917622496,
  "snrd_gm": 45.077745964974554,
  "snrd_total": 86.1623919943554,
  "snrd_wm": 129.2863508418667,
  "spacing_x": 0.800000011920929,
  "spacing_y": 0.800000011920929,
  "spacing_z": 0.800000011920929,
  "summary_bg_k": 9.786430612193628,
  "summary_bg_mad": 5.066322796710614,
  "summary_bg_mean": 6.280671200258648,
  "summary_bg_median": 3.4171827975660563,
  "summary_bg_n": 6622746.0,
  "summary_bg_p05": 0.0,
  "summary_bg_p95": 24.40529907681048,
  "summary_bg_stdv": 9.58657820226579,
  "summary_csf_k": -0.2751795493149847,
  "summary_csf_mad": 127.99819401237913,
  "summary_csf_mean": 667.7434066326106,
  "summary_csf_median": 650.5434192940593,
  "summary_csf_n": 50857.0,
  "summary_csf_p05": 503.03135414235294,
  "summary_csf_p95": 863.6698034271598,
  "summary_csf_stdv": 116.37016360806767,
  "summary_gm_k": 0.6569962926707746,
  "summary_gm_mad": 42.62248339942349,
  "summary_gm_mean": 351.0824950836336,
  "summary_gm_median": 348.59673803299665,
  "summary_gm_n": 598402.0,
  "summary_gm_p05": 281.0687966849655,
  "summary_gm_p95": 430.1902447026223,
  "summary_gm_stdv": 45.550566832963575,
  "summary_wm_k": 0.6263650728505721,
  "summary_wm_mad": 127.99819401237914,
  "summary_wm_mean": 865.6200516560629,
  "summary_wm_median": 999.8015475459397,
  "summary_wm_n": 55160.0,
  "summary_wm_p05": 52.933263851329684,
  "summary_wm_p95": 1188.3198062684387,
  "summary_wm_stdv": 360.47590232362484,
  "tpm_overlap_csf": 0.118351814611104,
  "tpm_overlap_gm": 0.3725054213300195,
  "tpm_overlap_wm": 0.03419278432515598,
  "wm2max": 0.849250936329588
}