{
  "aor": 0.0008657260273972603,
  "aqi": 0.008236709616438355,
  "bids_meta": {
    "AcquisitionMatrixPE": 130,
    "AcquisitionNumber": 1,
    "AcquisitionTime": "15:13:48.952500",
    "BandwidthPerPixelPhaseEncode": 24.038,
    "BaseResolution": 130,
    "CoilCombinationMethod": "Sum of Squares",
    "CoilString": "C:A32",
    "ConversionSoftware": "dcm2niix",
    "ConversionSoftwareVersion": "v1.0.20211220",
    "Dcm2bidsVersion": "2.1.6",
    "DerivedVendorReportedEchoSpacing": 0.000640012,
    "DeviceSerialNumber": "18981",
    "DwellTime": 2e-06,
    "EchoTime": 0.0222,
    "EffectiveEchoSpacing": 0.000320006,
    "FlipAngle": 45,
    "ImageComments": "Unaliased MB5/PE4",
    "ImageOrientationPatientDICOM": [
      1,
      -1e-16,
      0,
      1e-16,
      0.939693,
      -0.34202
    ],
    "ImageOrientationText": "Tra>Cor(-20.0)",
    "ImageType": [
      "ORIGINAL",
      "PRIMARY",
      "M",
      "MB",
      "ND",
      "MOSAIC"
    ],
    "ImagingFrequency": 297.224,
    "InPlanePhaseEncodingDirectionDICOM": "COL",
    "MRAcquisitionType": "2D",
    "MagneticFieldStrength": 6.98,
    "Manufacturer": "Siemens",
    "ManufacturersModelName": "Investigational_Device_7T",
    "MatrixCoilMode": "GRAPPA",
    "Modality": "MR",
    "MultibandAccelerationFactor": 5,
    "ParallelReductionFactorInPlane": 2,
    "PartialFourier": 0.875,
    "PatientPosition": "HFS",
    "PercentPhaseFOV": 100,
    "PercentSampling": 100,
    "PhaseEncodingDirection": "j-",
    "PhaseEncodingSteps": 114,
    "PhaseResolution": 1,
    "PixelBandwidth": 1923,
    "ProtocolName": "MB5_TR1s_TE22p2_IPAT2_1.6mm_85slices_AP_367vols",
    "PulseSequenceDetails": "%CustomerSeq%\\cmrr_mbep2d_bold",
    "ReceiveCoilName": "32Ch_Head_7T",
    "ReconMatrixPE": 130,
    "RefLinesPE": 96,
    "RepetitionTime": 1,
    "SAR": 0.0761695,
    "ScanOptions": "PFP\\FS",
    "ScanningSequence": "EP",
    "SequenceName": "epfid2d1_130",
    "SequenceVariant": "SK\\SS",
    "SeriesDescription": "MB5_TR1s_TE22p2_IPAT2_1.6mm_85slices_AP_367vols",
    "SeriesNumber": 9,
    "ShimSetting": [
      15,
      30,
      797,
      394,
      -51,
      72,
      -745,
      129
    ],
    "SliceThickness": 1.6,
    "SliceTiming": [
      0,
      0.53,
      0.0575,
      0.59,
      0.1175,
      0.6475,
      0.175,
      0.7075,
      0.235,
      0.7675,
      0.295,
      0.825,
      0.3525,
      0.885,
      0.4125,
      0.9425,
      0.4725,
      0,
      0.53,
      0.0575,
      0.59,
      0.1175,
      0.6475,
      0.175,
      0.7075,
      0.235,
      0.7675,
      0.295,
      0.825,
      0.3525,
      0.885,
      0.4125,
      0.9425,
      0.4725,
      0,
      0.53,
      0.0575,
      0.59,
      0.1175,
      0.6475,
      0.175,
      0.7075,
      0.235,
      0.7675,
      0.295,
      0.825,
      0.3525,
      0.885,
      0.4125,
      0.9425,
      0.4725,
      0,
      0.53,
      0.0575,
      0.59,
      0.1175,
      0.6475,
      0.175,
      0.7075,
      0.235,
      0.7675,
      0.295,
      0.825,
      0.3525,
      0.885,
      0.4125,
      0.9425,
      0.4725,
      0,
      0.53,
      0.0575,
      0.59,
      0.1175,
      0.6475,
      0.175,
      0.7075,
      0.235,
      0.7675,
      0.295,
      0.825,
      0.3525,
      0.885,
      0.4125,
      0.9425,
      0.4725
    ],
    "SoftwareVersions": "syngo MR B17",
    "SpacingBetweenSlices": 1.6,
    "StationName": "MRC18981",
    "TaskName": "GDMotor",
    "TotalReadoutTime": 0.0412808,
    "TxRefAmp": 192.604,
    "dataset": "ds004056",
    "modality": "bold",
    "run_id": 2,
    "session_id": "01",
    "subject_id": "18",
    "task_id": "GDMotor"
  },
  "dummy_trs": 2,
  "dvars_nstd": 46.031676323736264,
  "dvars_std": 1.0150655542307692,
  "dvars_vstd": 0.9979123211813187,
  "efc": 0.4762455833963493,
  "fber": 1468.650390625,
  "fd_mean": 0.1107973112026383,
  "fd_num": 21,
  "fd_perc": 5.7534246575342465,
  "fwhm_avg": 2.5513895453146667,
  "fwhm_x": 2.327493715317641,
  "fwhm_y": 2.710937459603884,
  "fwhm_z": 2.615737461022474,
  "gcor": 0.00491613,
  "gsr_x": 0.0023893858306109905,
  "gsr_y": 0.033955253660678864,
  "provenance": {
    "md5sum": "dd0579223a7b26da70efcf26321ff616",
    "settings": {
      "fd_thres": 0.2,
      "testing": false
    },
    "software": "mriqc",
    "version": "23.0.1",
    "webapi_port": null,
    "webapi_url": "https://mriqc.nimh.nih.gov/api/v1"
  },
  "size_t": 365,
  "size_x": 130,
  "size_y": 130,
  "size_z": 85,
  "snr": 1.9120011791751288,
  "spacing_tr": 1.0,
  "spacing_x": 1.600000023841858,
  "spacing_y": 1.600000023841858,
  "spacing_z": 1.600000023841858,
  "summary_bg_k": 88.20760979511023,
  "summary_bg_mad": 6.381282402161048,
  "summary_bg_mean": 19.137496948242188,
  "summary_bg_median": 8.435616493225098,
  "summary_bg_n": 989202.0,
  "summary_bg_p05": 3.7315070629119873,
  "summary_bg_p95": 66.33699035644531,
  "summary_bg_stdv": 36.5998649597168,
  "summary_fg_k": 5.562476465754887,
  "summary_fg_mad": 125.17833409826207,
  "summary_fg_mean": 369.0835266113281,
  "summary_fg_median": 333.8863220214844,
  "summary_fg_n": 288880.0,
  "summary_fg_p05": 167.74781799316406,
  "summary_fg_p95": 702.6200225830077,
  "summary_fg_stdv": 174.62632751464844,
  "tsnr": 26.670454865321517
}