{
  "aor": 0.0004912534059945505,
  "aqi": 0.010770694277929154,
  "bids_meta": {
    "AcquisitionMatrixPE": 130,
    "AcquisitionNumber": 1,
    "AcquisitionTime": "16:01:38.510000",
    "BandwidthPerPixelPhaseEncode": 24.038,
    "BaseResolution": 130,
    "CoilCombinationMethod": "Sum of Squares",
    "CoilString": "C:A32",
    "ConversionSoftware": "dcm2niix",
    "ConversionSoftwareVersion": "v1.0.20211220",
    "Dcm2bidsVersion": "2.1.6",
    "DerivedVendorReportedEchoSpacing": 0.000640012,
    "DeviceSerialNumber": "18981",
    "DwellTime": 2e-06,
    "EchoTime": 0.0222,
    "EffectiveEchoSpacing": 0.000320006,
    "FlipAngle": 45,
    "ImageComments": "Unaliased MB5/PE4",
    "ImageOrientationPatientDICOM": [
      1,
      -1e-16,
      0,
      1e-16,
      0.939693,
      -0.34202
    ],
    "ImageOrientationText": "Tra>Cor(-20.0)",
    "ImageType": [
      "ORIGINAL",
      "PRIMARY",
      "M",
      "MB",
      "ND",
      "MOSAIC"
    ],
    "ImagingFrequency": 297.224,
    "InPlanePhaseEncodingDirectionDICOM": "COL",
    "MRAcquisitionType": "2D",
    "MagneticFieldStrength": 6.98,
    "Manufacturer": "Siemens",
    "ManufacturersModelName": "Investigational_Device_7T",
    "MatrixCoilMode": "GRAPPA",
    "Modality": "MR",
    "MultibandAccelerationFactor": 5,
    "ParallelReductionFactorInPlane": 2,
    "PartialFourier": 0.875,
    "PatientPosition": "HFS",
    "PercentPhaseFOV": 100,
    "PercentSampling": 100,
    "PhaseEncodingDirection": "j-",
    "PhaseEncodingSteps": 114,
    "PhaseResolution": 1,
    "PixelBandwidth": 1923,
    "ProtocolName": "MB5_TR1s_TE22p2_IPAT2_1.6mm_85slices_AP_367vols",
    "PulseSequenceDetails": "%CustomerSeq%\\cmrr_mbep2d_bold",
    "ReceiveCoilName": "32Ch_Head_7T",
    "ReconMatrixPE": 130,
    "RefLinesPE": 96,
    "RepetitionTime": 1,
    "SAR": 0.125937,
    "ScanOptions": "PFP\\FS",
    "ScanningSequence": "EP",
    "SequenceName": "epfid2d1_130",
    "SequenceVariant": "SK\\SS",
    "SeriesDescription": "MB5_TR1s_TE22p2_IPAT2_1.6mm_85slices_AP_367vols",
    "SeriesNumber": 9,
    "ShimSetting": [
      -42,
      32,
      886,
      465,
      -91,
      -52,
      -484,
      143
    ],
    "SliceThickness": 1.6,
    "SliceTiming": [
      0,
      0.5325,
      0.06,
      0.59,
      0.1175,
      0.65,
      0.1775,
      0.7075,
      0.2375,
      0.7675,
      0.295,
      0.8275,
      0.355,
      0.885,
      0.4125,
      0.945,
      0.4725,
      0,
      0.5325,
      0.06,
      0.59,
      0.1175,
      0.65,
      0.1775,
      0.7075,
      0.2375,
      0.7675,
      0.295,
      0.8275,
      0.355,
      0.885,
      0.4125,
      0.945,
      0.4725,
      0,
      0.5325,
      0.06,
      0.59,
      0.1175,
      0.65,
      0.1775,
      0.7075,
      0.2375,
      0.7675,
      0.295,
      0.8275,
      0.355,
      0.885,
      0.4125,
      0.945,
      0.4725,
      0,
      0.5325,
      0.06,
      0.59,
      0.1175,
      0.65,
      0.1775,
      0.7075,
      0.2375,
      0.7675,
      0.295,
      0.8275,
      0.355,
      0.885,
      0.4125,
      0.945,
      0.4725,
      0,
      0.5325,
      0.06,
      0.59,
      0.1175,
      0.65,
      0.1775,
      0.7075,
      0.2375,
      0.7675,
      0.295,
      0.8275,
      0.355,
      0.885,
      0.4125,
      0.945,
      0.4725
    ],
    "SoftwareVersions": "syngo MR B17",
    "SpacingBetweenSlices": 1.6,
    "StationName": "MRC18981",
    "TaskName": "GDMotor",
    "TotalReadoutTime": 0.0412808,
    "TxRefAmp": 250,
    "dataset": "ds004056",
    "modality": "bold",
    "run_id": 2,
    "session_id": "01",
    "subject_id": "04",
    "task_id": "GDMotor"
  },
  "dummy_trs": 0,
  "dvars_nstd": 49.30271780284153,
  "dvars_std": 1.0219058871311466,
  "dvars_vstd": 0.9854975938797818,
  "efc": 0.49783144073833213,
  "fber": 1221.4710693359375,
  "fd_mean": 0.1281861919117263,
  "fd_num": 32,
  "fd_perc": 8.719346049046322,
  "fwhm_avg": 2.352824964940176,
  "fwhm_x": 2.1613437177934687,
  "fwhm_y": 2.487874962927774,
  "fwhm_z": 2.409256214099285,
  "gcor": 0.00831517,
  "gsr_x": -0.014755028299987316,
  "gsr_y": 0.04913907125592232,
  "provenance": {
    "md5sum": "268796bf016d63a2c10483b1472a2eff",
    "settings": {
      "fd_thres": 0.2,
      "testing": false
    },
    "software": "mriqc",
    "version": "23.0.1",
    "webapi_port": null,
    "webapi_url": "https://mriqc.nimh.nih.gov/api/v1"
  },
  "size_t": 367,
  "size_x": 130,
  "size_y": 130,
  "size_z": 85,
  "snr": 2.111308939794575,
  "spacing_tr": 1.0,
  "spacing_x": 1.600000023841858,
  "spacing_y": 1.600000023841858,
  "spacing_z": 1.600000023841858,
  "summary_bg_k": 82.25556911525565,
  "summary_bg_mad": 7.2231407704766255,
  "summary_bg_mean": 21.545730590820312,
  "summary_bg_median": 9.196185111999512,
  "summary_bg_n": 976532.0,
  "summary_bg_p05": 3.8010897636413574,
  "summary_bg_p95": 79.1074913024901,
  "summary_bg_stdv": 40.33386993408203,
  "summary_fg_k": 5.660587895059761,
  "summary_fg_mad": 121.26636905876582,
  "summary_fg_mean": 363.2923583984375,
  "summary_fg_median": 334.05450439453125,
  "summary_fg_n": 298450.0,
  "summary_fg_p05": 176.13691482543948,
  "summary_fg_p95": 653.4461791992186,
  "summary_fg_stdv": 158.22125244140625,
  "tsnr": 25.258421286707744
}