{
  "bids_meta": {
    "AcquisitionMatrixPE": 302,
    "AcquisitionNumber": 1,
    "AcquisitionTime": "19:32:5.202500",
    "BaseResolution": 320,
    "CoilCombinationMethod": "Adaptive Combine",
    "CoilString": "C:HEA;HEP",
    "ConversionSoftware": "dcm2niix",
    "ConversionSoftwareVersion": "v1.0.20211220",
    "Dcm2bidsVersion": "2.1.6",
    "DeviceSerialNumber": "40463",
    "DwellTime": 2.1e-06,
    "EchoTime": 0.56,
    "EchoTrainLength": 167,
    "FlipAngle": 120,
    "ImageOrientationPatientDICOM": [
      0,
      1,
      0,
      0,
      0,
      -1
    ],
    "ImageOrientationText": "Sag",
    "ImageType": [
      "ORIGINAL",
      "PRIMARY",
      "M",
      "ND"
    ],
    "ImagingFrequency": 123.122,
    "InPlanePhaseEncodingDirectionDICOM": "ROW",
    "MRAcquisitionType": "3D",
    "MagneticFieldStrength": 3,
    "Manufacturer": "Siemens",
    "ManufacturersModelName": "Verio",
    "MatrixCoilMode": "GRAPPA",
    "Modality": "MR",
    "ParallelReductionFactorInPlane": 2,
    "PartialFourier": 1,
    "PatientPosition": "HFS",
    "PercentPhaseFOV": 93.75,
    "PercentSampling": 100.667,
    "PhaseEncodingDirection": "i",
    "PhaseEncodingSteps": 290,
    "PhaseResolution": 1.00667,
    "PixelBandwidth": 744,
    "ProtocolName": "T2w_SPC2_0.8iso",
    "PulseSequenceDetails": "%SiemensSeq%\\tse_vfl",
    "ReceiveCoilName": "32Ch_Head",
    "ReconMatrixPE": 300,
    "RefLinesPE": 32,
    "RepetitionTime": 3.2,
    "SAR": 0.0984607,
    "ScanOptions": "PFP",
    "ScanningSequence": "SE",
    "SequenceName": "*spc3d1_334ns",
    "SequenceVariant": "SK\\SP",
    "SeriesDescription": "T2w_SPC2_0.8iso",
    "SeriesNumber": 15,
    "ShimSetting": [
      2851,
      7566,
      -15098,
      80,
      1032,
      -814,
      -630,
      1193
    ],
    "SliceThickness": 0.8,
    "SoftwareVersions": "syngo MR B17",
    "SpoilingState": true,
    "StationName": "MRC40463",
    "TxRefAmp": 452.447,
    "acq_id": "02",
    "dataset": "ds004056",
    "modality": "T2w",
    "session_id": "02",
    "subject_id": "16"
  },
  "cjv": 0.42429968813171093,
  "cnr": 1.8423472863140062,
  "efc": 0.5294204629818062,
  "fber": 10411.286989795919,
  "fwhm_avg": 2.803520791557618,
  "fwhm_x": 2.721849959441275,
  "fwhm_y": 3.003399955245853,
  "fwhm_z": 2.685312459985726,
  "icvs_csf": 0.4124591550773571,
  "icvs_gm": 0.4540992999883517,
  "icvs_wm": 0.13344154493429122,
  "inu_med": 0.8582826554775238,
  "inu_range": 0.607920452952385,
  "provenance": {
    "md5sum": "c9b43c3098cf1711cba3fe100e0b8a41",
    "settings": {
      "testing": false
    },
    "software": "mriqc",
    "version": "23.0.1",
    "warnings": {
      "large_rot_frame": true,
      "small_air_mask": false
    },
    "webapi_port": null,
    "webapi_url": "https://mriqc.nimh.nih.gov/api/v1"
  },
  "qi_1": 0.0,
  "qi_2": 0.007264689874261024,
  "rpve_csf": 11.102111525512802,
  "rpve_gm": 10.822034188130168,
  "rpve_wm": 38.28106876960122,
  "size_x": 224,
  "size_y": 300,
  "size_z": 320,
  "snr_csf": 9.37555492941987,
  "snr_gm": 9.000752418671542,
  "snr_total": 7.053707970427964,
  "snr_wm": 2.7848165631924786,
  "snrd_csf": 86.57354656913613,
  "snrd_gm": 52.3550466789694,
  "snrd_total": 98.45331263368502,
  "snrd_wm": 156.4313446529495,
  "spacing_x": 0.800000011920929,
  "spacing_y": 0.800000011920929,
  "spacing_z": 0.800000011920929,
  "summary_bg_k": 7.303531957954833,
  "summary_bg_mad": 4.18775337422958,
  "summary_bg_mean": 6.228843966578482,
  "summary_bg_median": 2.8245967272669077,
  "summary_bg_n": 6758680.0,
  "summary_bg_p05": 0.0,
  "summary_bg_p95": 25.00902065820992,
  "summary_bg_stdv": 9.206675173637366,
  "summary_csf_k": 0.80883552241683,
  "summary_csf_mad": 54.685334208005244,
  "summary_csf_mean": 557.0106206651748,
  "summary_csf_median": 553.3941661063582,
  "summary_csf_n": 163728.0,
  "summary_csf_p05": 467.54291959293187,
  "summary_csf_p95": 660.865948079992,
  "summary_csf_stdv": 59.0250369486972,
  "summary_gm_k": 0.3922712435279698,
  "summary_gm_mad": 35.97799796692128,
  "summary_gm_mean": 334.69168670152254,
  "summary_gm_median": 334.66316844522953,
  "summary_gm_n": 462351.0,
  "summary_gm_p05": 274.00650003924966,
  "summary_gm_p95": 395.4641593117267,
  "summary_gm_stdv": 37.18164781826239,
  "summary_wm_k": 0.14723496408518866,
  "summary_wm_mad": 246.29797673616673,
  "summary_wm_mean": 874.22943724465,
  "summary_wm_median": 999.9381676940247,
  "summary_wm_n": 52912.0,
  "summary_wm_p05": 77.47126593096182,
  "summary_wm_p95": 1227.6161270325072,
  "summary_wm_stdv": 359.0644826656425,
  "tpm_overlap_csf": 0.1056714080020431,
  "tpm_overlap_gm": 0.29578016032017046,
  "tpm_overlap_wm": 0.02838049010635035,
  "wm2max": 0.8410998504985818
}