{
  "bids_meta": {
    "AcquisitionMatrixPE": 302,
    "AcquisitionNumber": 1,
    "AcquisitionTime": "19:19:23.307500",
    "BaseResolution": 320,
    "CoilCombinationMethod": "Adaptive Combine",
    "CoilString": "C:HEA;HEP",
    "ConversionSoftware": "dcm2niix",
    "ConversionSoftwareVersion": "v1.0.20211220",
    "Dcm2bidsVersion": "2.1.6",
    "DeviceSerialNumber": "40463",
    "DwellTime": 2.1e-06,
    "EchoTime": 0.56,
    "EchoTrainLength": 167,
    "FlipAngle": 120,
    "ImageOrientationPatientDICOM": [
      0,
      1,
      0,
      0,
      0,
      -1
    ],
    "ImageOrientationText": "Sag",
    "ImageType": [
      "ORIGINAL",
      "PRIMARY",
      "M",
      "ND"
    ],
    "ImagingFrequency": 123.122,
    "InPlanePhaseEncodingDirectionDICOM": "ROW",
    "MRAcquisitionType": "3D",
    "MagneticFieldStrength": 3,
    "Manufacturer": "Siemens",
    "ManufacturersModelName": "Verio",
    "MatrixCoilMode": "GRAPPA",
    "Modality": "MR",
    "ParallelReductionFactorInPlane": 2,
    "PartialFourier": 1,
    "PatientPosition": "HFS",
    "PercentPhaseFOV": 93.75,
    "PercentSampling": 100.667,
    "PhaseEncodingDirection": "i",
    "PhaseEncodingSteps": 290,
    "PhaseResolution": 1.00667,
    "PixelBandwidth": 744,
    "ProtocolName": "T2w_SPC1_0.8iso",
    "PulseSequenceDetails": "%SiemensSeq%\\tse_vfl",
    "ReceiveCoilName": "32Ch_Head",
    "ReconMatrixPE": 300,
    "RefLinesPE": 32,
    "RepetitionTime": 3.2,
    "SAR": 0.0984607,
    "ScanOptions": "PFP",
    "ScanningSequence": "SE",
    "SequenceName": "*spc3d1_334ns",
    "SequenceVariant": "SK\\SP",
    "SeriesDescription": "T2w_SPC1_0.8iso",
    "SeriesNumber": 13,
    "ShimSetting": [
      2851,
      7566,
      -15098,
      80,
      1032,
      -814,
      -630,
      1193
    ],
    "SliceThickness": 0.8,
    "SoftwareVersions": "syngo MR B17",
    "SpoilingState": true,
    "StationName": "MRC40463",
    "TxRefAmp": 452.447,
    "acq_id": "01",
    "dataset": "ds004056",
    "modality": "T2w",
    "session_id": "02",
    "subject_id": "16"
  },
  "cjv": 0.620570588739291,
  "cnr": 1.4926393240386442,
  "efc": 0.5398735570744754,
  "fber": 9186.830135768272,
  "fwhm_avg": 2.741795792477392,
  "fwhm_x": 2.6251499608822173,
  "fwhm_y": 2.9549499559678143,
  "fwhm_z": 2.645287460582145,
  "icvs_csf": 0.40527741612921997,
  "icvs_gm": 0.46155773547820256,
  "icvs_wm": 0.1331648483925775,
  "inu_med": 0.9017572999000549,
  "inu_range": 0.6086465239524841,
  "provenance": {
    "md5sum": "17a69ab4a83f5bc1ab5c2033c509dd87",
    "settings": {
      "testing": false
    },
    "software": "mriqc",
    "version": "23.0.1",
    "warnings": {
      "large_rot_frame": true,
      "small_air_mask": false
    },
    "webapi_port": null,
    "webapi_url": "https://mriqc.nimh.nih.gov/api/v1"
  },
  "qi_1": 0.0,
  "qi_2": 0.0038292542813188023,
  "rpve_csf": 11.172506762730428,
  "rpve_gm": 10.575531082602206,
  "rpve_wm": 38.566241556073784,
  "size_x": 224,
  "size_y": 300,
  "size_z": 320,
  "snr_csf": 9.035209326190643,
  "snr_gm": 8.102069568342753,
  "snr_total": 6.48686767417713,
  "snr_wm": 2.323324127997995,
  "snrd_csf": 77.52147813875037,
  "snrd_gm": 47.260125913033285,
  "snrd_total": 86.10111495977777,
  "snrd_wm": 133.52174082754968,
  "spacing_x": 0.800000011920929,
  "spacing_y": 0.800000011920929,
  "spacing_z": 0.800000011920929,
  "summary_bg_k": 16.179525507510938,
  "summary_bg_mad": 4.906589655741147,
  "summary_bg_mean": 8.122897688463691,
  "summary_bg_median": 3.3094444312155247,
  "summary_bg_n": 6633611.0,
  "summary_bg_p05": 0.0,
  "summary_bg_p95": 32.18149412423372,
  "summary_bg_stdv": 13.08995889872483,
  "summary_csf_k": 0.5472839652746444,
  "summary_csf_mad": 59.183622813043215,
  "summary_csf_mean": 585.219911720045,
  "summary_csf_median": 580.5906720086932,
  "summary_csf_n": 156434.0,
  "summary_csf_p05": 487.99469919875264,
  "summary_csf_p95": 699.5709052495658,
  "summary_csf_stdv": 64.25847983597727,
  "summary_gm_k": 0.21711332749641565,
  "summary_gm_mad": 42.839603477022706,
  "summary_gm_mean": 354.00162457740413,
  "summary_gm_median": 353.9507878571749,
  "summary_gm_n": 442272.0,
  "summary_gm_p05": 282.5124356523156,
  "summary_gm_p95": 425.4804350808263,
  "summary_gm_stdv": 43.68641675077293,
  "summary_wm_k": -0.8226832631314962,
  "summary_wm_mad": 358.0795292210539,
  "summary_wm_mean": 855.7843812023232,
  "summary_wm_median": 999.9999883398414,
  "summary_wm_n": 57427.0,
  "summary_wm_p05": 58.39001164399088,
  "summary_wm_p95": 1326.1993728596715,
  "summary_wm_stdv": 430.41402167928476,
  "tpm_overlap_csf": 0.1037311551841755,
  "tpm_overlap_gm": 0.3042325089781256,
  "tpm_overlap_wm": 0.028128928195123297,
  "wm2max": 0.7824766869443309
}