{
  "bids_meta": {
    "AcquisitionMatrixPE": 300,
    "AcquisitionNumber": 1,
    "AcquisitionTime": "19:25:25.477500",
    "BaseResolution": 320,
    "CoilCombinationMethod": "Adaptive Combine",
    "CoilString": "C:HEA;HEP",
    "ConversionSoftware": "dcm2niix",
    "ConversionSoftwareVersion": "v1.0.20211220",
    "Dcm2bidsVersion": "2.1.6",
    "DeviceSerialNumber": "40463",
    "DwellTime": 7.4e-06,
    "EchoTime": 0.00224,
    "FlipAngle": 8,
    "ImageOrientationPatientDICOM": [
      0,
      1,
      0,
      0,
      0,
      -1
    ],
    "ImageOrientationText": "Sag",
    "ImageType": [
      "ORIGINAL",
      "PRIMARY",
      "M",
      "ND"
    ],
    "ImagingFrequency": 123.122,
    "InPlanePhaseEncodingDirectionDICOM": "ROW",
    "InversionTime": 1.06,
    "MRAcquisitionType": "3D",
    "MagneticFieldStrength": 3,
    "Manufacturer": "Siemens",
    "ManufacturersModelName": "Verio",
    "MatrixCoilMode": "GRAPPA",
    "Modality": "MR",
    "ParallelReductionFactorInPlane": 2,
    "PartialFourier": 1,
    "PatientPosition": "HFS",
    "PercentPhaseFOV": 93.75,
    "PercentSampling": 100,
    "PhaseEncodingSteps": 299,
    "PhaseResolution": 1,
    "PixelBandwidth": 211,
    "ProtocolName": "T1w_MPR2_0.8iso",
    "PulseSequenceDetails": "%SiemensSeq%\\tfl",
    "ReceiveCoilName": "32Ch_Head",
    "ReconMatrixPE": 300,
    "RefLinesPE": 32,
    "RepetitionTime": 2.4,
    "SAR": 0.0300416,
    "ScanOptions": "IR\\WE",
    "ScanningSequence": "GR\\IR",
    "SequenceName": "*tfl3d1_ns",
    "SequenceVariant": "SP\\MP",
    "SeriesDescription": "T1w_MPR2_0.8iso",
    "SeriesNumber": 14,
    "ShimSetting": [
      2851,
      7566,
      -15098,
      80,
      1032,
      -814,
      -630,
      1193
    ],
    "SliceThickness": 0.8,
    "SoftwareVersions": "syngo MR B17",
    "StationName": "MRC40463",
    "TxRefAmp": 452.447,
    "acq_id": "02",
    "dataset": "ds004056",
    "modality": "T1w",
    "session_id": "02",
    "subject_id": "16"
  },
  "cjv": 0.45535015369136084,
  "cnr": 2.976476277458409,
  "efc": 0.5685787360967737,
  "fber": 17221.336126556504,
  "fwhm_avg": 4.614979097898119,
  "fwhm_x": 4.524024932586775,
  "fwhm_y": 4.512012432765776,
  "fwhm_z": 4.808899928341807,
  "icvs_csf": 0.15996209060919794,
  "icvs_gm": 0.4198182141983382,
  "icvs_wm": 0.4202196951924639,
  "inu_med": 0.8578979074954987,
  "inu_range": 0.6272877156734467,
  "provenance": {
    "md5sum": "92eb151e7702abf3a959c35eda0eff3c",
    "settings": {
      "testing": false
    },
    "software": "mriqc",
    "version": "23.0.1",
    "warnings": {
      "large_rot_frame": true,
      "small_air_mask": false
    },
    "webapi_port": null,
    "webapi_url": "https://mriqc.nimh.nih.gov/api/v1"
  },
  "qi_1": 0.0,
  "qi_2": 0.004157529030997496,
  "rpve_csf": 26.40585769920257,
  "rpve_gm": 10.731627184000763,
  "rpve_wm": 12.245134001923846,
  "size_x": 224,
  "size_y": 300,
  "size_z": 320,
  "snr_csf": 2.008718207733169,
  "snr_gm": 13.5565124318223,
  "snr_total": 10.770724939526646,
  "snr_wm": 16.74694417902447,
  "snrd_csf": 16.39637684719107,
  "snrd_gm": 39.362355066348506,
  "snrd_total": 35.98270311301005,
  "snrd_wm": 52.18937742549057,
  "spacing_x": 0.800000011920929,
  "spacing_y": 0.800000011920929,
  "spacing_z": 0.800000011920929,
  "summary_bg_k": 3.9402512382911965,
  "summary_bg_mad": 0.0,
  "summary_bg_mean": 8.824713413298895,
  "summary_bg_median": 0.0,
  "summary_bg_n": 6551496.0,
  "summary_bg_p05": 0.0,
  "summary_bg_p95": 34.88802945241332,
  "summary_bg_stdv": 12.554389182065911,
  "summary_csf_k": 30.3071959058952,
  "summary_csf_mad": 103.13617876052187,
  "summary_csf_mean": 332.47809320577227,
  "summary_csf_median": 314.2040285281837,
  "summary_csf_n": 71169.0,
  "summary_csf_p05": 127.64042338356376,
  "summary_csf_p95": 553.0520310737188,
  "summary_csf_stdv": 156.41906359027416,
  "summary_gm_k": 0.151362544942919,
  "summary_gm_mad": 54.86467956895342,
  "summary_gm_mean": 755.2323633376219,
  "summary_gm_median": 754.3014319241047,
  "summary_gm_n": 90252.0,
  "summary_gm_p05": 665.201957616955,
  "summary_gm_p95": 847.4773527681828,
  "summary_gm_stdv": 55.64095167125808,
  "summary_wm_k": 0.302494949051884,
  "summary_wm_mad": 57.06240636141507,
  "summary_wm_mean": 1005.5396282569692,
  "summary_wm_median": 1000.1058640144765,
  "summary_wm_n": 571279.0,
  "summary_wm_p05": 916.7769438959658,
  "summary_wm_p95": 1113.9287218637764,
  "summary_wm_stdv": 59.71865541565352,
  "tpm_overlap_csf": 0.1543140902609169,
  "tpm_overlap_gm": 0.44123579507934624,
  "tpm_overlap_wm": 0.4847062570587151,
  "wm2max": 0.5279175050301811
}