{
  "bids_meta": {
    "AcquisitionMatrixPE": 300,
    "AcquisitionNumber": 1,
    "AcquisitionTime": "19:12:43.545000",
    "BaseResolution": 320,
    "CoilCombinationMethod": "Adaptive Combine",
    "CoilString": "C:HEA;HEP",
    "ConversionSoftware": "dcm2niix",
    "ConversionSoftwareVersion": "v1.0.20211220",
    "Dcm2bidsVersion": "2.1.6",
    "DeviceSerialNumber": "40463",
    "DwellTime": 7.4e-06,
    "EchoTime": 0.00224,
    "FlipAngle": 8,
    "ImageOrientationPatientDICOM": [
      0,
      1,
      0,
      0,
      0,
      -1
    ],
    "ImageOrientationText": "Sag",
    "ImageType": [
      "ORIGINAL",
      "PRIMARY",
      "M",
      "ND"
    ],
    "ImagingFrequency": 123.122,
    "InPlanePhaseEncodingDirectionDICOM": "ROW",
    "InversionTime": 1.06,
    "MRAcquisitionType": "3D",
    "MagneticFieldStrength": 3,
    "Manufacturer": "Siemens",
    "ManufacturersModelName": "Verio",
    "MatrixCoilMode": "GRAPPA",
    "Modality": "MR",
    "ParallelReductionFactorInPlane": 2,
    "PartialFourier": 1,
    "PatientPosition": "HFS",
    "PercentPhaseFOV": 93.75,
    "PercentSampling": 100,
    "PhaseEncodingSteps": 299,
    "PhaseResolution": 1,
    "PixelBandwidth": 211,
    "ProtocolName": "T1w_MPR1_0.8iso",
    "PulseSequenceDetails": "%SiemensSeq%\\tfl",
    "ReceiveCoilName": "32Ch_Head",
    "ReconMatrixPE": 300,
    "RefLinesPE": 32,
    "RepetitionTime": 2.4,
    "SAR": 0.0300416,
    "ScanOptions": "IR\\WE",
    "ScanningSequence": "GR\\IR",
    "SequenceName": "*tfl3d1_ns",
    "SequenceVariant": "SP\\MP",
    "SeriesDescription": "T1w_MPR1_0.8iso",
    "SeriesNumber": 12,
    "ShimSetting": [
      2851,
      7566,
      -15098,
      80,
      1032,
      -814,
      -630,
      1193
    ],
    "SliceThickness": 0.8,
    "SoftwareVersions": "syngo MR B17",
    "StationName": "MRC40463",
    "TxRefAmp": 452.447,
    "acq_id": "01",
    "dataset": "ds004056",
    "modality": "T1w",
    "session_id": "02",
    "subject_id": "16"
  },
  "cjv": 0.41981052292421783,
  "cnr": 3.266515911751632,
  "efc": 0.5642761376466577,
  "fber": 20517.016861092052,
  "fwhm_avg": 4.455166600279511,
  "fwhm_x": 4.455537433607319,
  "fwhm_y": 4.287462436111831,
  "fwhm_z": 4.622499931119384,
  "icvs_csf": 0.16269378048293404,
  "icvs_gm": 0.4453644877823214,
  "icvs_wm": 0.39194173173474456,
  "inu_med": 0.7872073948383331,
  "inu_range": 0.5896153926849363,
  "provenance": {
    "md5sum": "ae83ac59ddad7d3b8655983884bf167f",
    "settings": {
      "testing": false
    },
    "software": "mriqc",
    "version": "23.0.1",
    "warnings": {
      "large_rot_frame": true,
      "small_air_mask": false
    },
    "webapi_port": null,
    "webapi_url": "https://mriqc.nimh.nih.gov/api/v1"
  },
  "qi_1": 0.0,
  "qi_2": 0.004401418044359061,
  "rpve_csf": 25.896562176423373,
  "rpve_gm": 10.491446946485055,
  "rpve_wm": 13.243774174944566,
  "size_x": 224,
  "size_y": 300,
  "size_z": 320,
  "snr_csf": 1.8913707112172147,
  "snr_gm": 13.846358084088857,
  "snr_total": 11.943057077102383,
  "snr_wm": 20.091442436001078,
  "snrd_csf": 18.615227997822796,
  "snrd_gm": 44.933624806291306,
  "snrd_total": 40.995024819873166,
  "snrd_wm": 59.43622165550539,
  "spacing_x": 0.800000011920929,
  "spacing_y": 0.800000011920929,
  "spacing_z": 0.800000011920929,
  "summary_bg_k": 4.0529884050585006,
  "summary_bg_mad": 0.0,
  "summary_bg_mean": 7.7706835566829,
  "summary_bg_median": 0.0,
  "summary_bg_n": 6484657.0,
  "summary_bg_p05": 0.0,
  "summary_bg_p95": 30.513175070285797,
  "summary_bg_stdv": 11.022510494335576,
  "summary_csf_k": 32.122668871776874,
  "summary_csf_mad": 92.8387548542608,
  "summary_csf_mean": 339.1191134640293,
  "summary_csf_median": 313.1966808140278,
  "summary_csf_n": 68932.0,
  "summary_csf_p05": 148.45635682344437,
  "summary_csf_p95": 567.1084199637172,
  "summary_csf_stdv": 165.59123347331916,
  "summary_gm_k": 0.076672362492614,
  "summary_gm_mad": 54.68271204705435,
  "summary_gm_mean": 756.4916798159228,
  "summary_gm_median": 755.9973022043705,
  "summary_gm_n": 119912.0,
  "summary_gm_p05": 667.5399158895016,
  "summary_gm_p95": 845.9957579672337,
  "summary_gm_stdv": 54.59877213244117,
  "summary_wm_k": 0.315265896055402,
  "summary_wm_mad": 47.75217333356974,
  "summary_wm_mean": 1002.0836780690023,
  "summary_wm_median": 999.9999648034573,
  "summary_wm_n": 538748.0,
  "summary_wm_p05": 924.0766099989414,
  "summary_wm_p95": 1087.995030283928,
  "summary_wm_stdv": 49.772386423261906,
  "tpm_overlap_csf": 0.15444453982136858,
  "tpm_overlap_gm": 0.4518727770201773,
  "tpm_overlap_wm": 0.494200997607438,
  "wm2max": 0.5770222433226602
}