{
  "bids_meta": {
    "AcquisitionMatrixPE": 300,
    "AcquisitionNumber": 1,
    "AcquisitionTime": "10:47:45.517500",
    "BaseResolution": 320,
    "CoilCombinationMethod": "Adaptive Combine",
    "CoilString": "C:HEA;HEP",
    "ConversionSoftware": "dcm2niix",
    "ConversionSoftwareVersion": "v1.0.20211220",
    "Dcm2bidsVersion": "2.1.6",
    "DeviceSerialNumber": "40463",
    "DwellTime": 7.4e-06,
    "EchoTime": 0.00224,
    "FlipAngle": 8,
    "ImageOrientationPatientDICOM": [
      0,
      1,
      0,
      0,
      0,
      -1
    ],
    "ImageOrientationText": "Sag",
    "ImageType": [
      "ORIGINAL",
      "PRIMARY",
      "M",
      "ND"
    ],
    "ImagingFrequency": 123.122,
    "InPlanePhaseEncodingDirectionDICOM": "ROW",
    "InversionTime": 1.06,
    "MRAcquisitionType": "3D",
    "MagneticFieldStrength": 3,
    "Manufacturer": "Siemens",
    "ManufacturersModelName": "Verio",
    "MatrixCoilMode": "GRAPPA",
    "Modality": "MR",
    "ParallelReductionFactorInPlane": 2,
    "PartialFourier": 1,
    "PatientPosition": "HFS",
    "PercentPhaseFOV": 93.75,
    "PercentSampling": 100,
    "PhaseEncodingSteps": 299,
    "PhaseResolution": 1,
    "PixelBandwidth": 211,
    "ProtocolName": "T1w_MPR2_0.8iso",
    "PulseSequenceDetails": "%SiemensSeq%\\tfl",
    "ReceiveCoilName": "32Ch_Head",
    "ReconMatrixPE": 300,
    "RefLinesPE": 32,
    "RepetitionTime": 2.4,
    "SAR": 0.0263911,
    "ScanOptions": "IR\\WE",
    "ScanningSequence": "GR\\IR",
    "SequenceName": "*tfl3d1_ns",
    "SequenceVariant": "SP\\MP",
    "SeriesDescription": "T1w_MPR2_0.8iso",
    "SeriesNumber": 16,
    "ShimSetting": [
      2845,
      7643,
      -15065,
      75,
      902,
      -957,
      -711,
      1235
    ],
    "SliceThickness": 0.8,
    "SoftwareVersions": "syngo MR B17",
    "StationName": "MRC40463",
    "TxRefAmp": 425.324,
    "acq_id": "02",
    "dataset": "ds004056",
    "modality": "T1w",
    "session_id": "02",
    "subject_id": "28"
  },
  "cjv": 0.44798976126273166,
  "cnr": 3.024922315490528,
  "efc": 0.5395241747894578,
  "fber": 21077.96982867221,
  "fwhm_avg": 4.308979102457875,
  "fwhm_x": 4.429112434001081,
  "fwhm_y": 4.05783743953351,
  "fwhm_z": 4.439987433839032,
  "icvs_csf": 0.1927280791554849,
  "icvs_gm": 0.4448795686582468,
  "icvs_wm": 0.3623923521862683,
  "inu_med": 0.9063916206359863,
  "inu_range": 0.6044798493385315,
  "provenance": {
    "md5sum": "fd091c0b31fbbc98c1934d882ffc44d2",
    "settings": {
      "testing": false
    },
    "software": "mriqc",
    "version": "23.0.1",
    "warnings": {
      "large_rot_frame": true,
      "small_air_mask": false
    },
    "webapi_port": null,
    "webapi_url": "https://mriqc.nimh.nih.gov/api/v1"
  },
  "qi_1": 0.0,
  "qi_2": 0.0047055207220201385,
  "rpve_csf": 25.09241010920554,
  "rpve_gm": 11.483888525073619,
  "rpve_wm": 15.308780584127668,
  "size_x": 224,
  "size_y": 300,
  "size_z": 320,
  "snr_csf": 2.745777415004446,
  "snr_gm": 13.989878647101136,
  "snr_total": 11.179140981655602,
  "snr_wm": 16.801766882861223,
  "snrd_csf": 17.820655438011972,
  "snrd_gm": 43.840786965369624,
  "snrd_total": 39.91876182811186,
  "snrd_wm": 58.094843080953986,
  "spacing_x": 0.800000011920929,
  "spacing_y": 0.800000011920929,
  "spacing_z": 0.800000011920929,
  "summary_bg_k": 3.5135983072711836,
  "summary_bg_mad": 0.0,
  "summary_bg_mean": 7.910582028566293,
  "summary_bg_median": 0.0,
  "summary_bg_n": 6628235.0,
  "summary_bg_p05": 0.0,
  "summary_bg_p95": 31.48502229899168,
  "summary_bg_stdv": 11.277973025724894,
  "summary_csf_k": 2.267779400804006,
  "summary_csf_mad": 87.24895143806211,
  "summary_csf_mean": 317.0899324801969,
  "summary_csf_median": 306.7771403491497,
  "summary_csf_n": 85887.0,
  "summary_csf_p05": 140.34416822344065,
  "summary_csf_p95": 520.0509877547619,
  "summary_csf_stdv": 111.72622832896093,
  "summary_gm_k": 0.11309905494937222,
  "summary_gm_mad": 53.67227915178984,
  "summary_gm_mean": 754.0789819926804,
  "summary_gm_median": 754.7057571858168,
  "summary_gm_n": 85559.0,
  "summary_gm_p05": 664.202251791954,
  "summary_gm_p95": 840.9602717161179,
  "summary_gm_stdv": 53.94623969013584,
  "summary_wm_k": 0.5103764662522123,
  "summary_wm_mad": 56.2551000968877,
  "summary_wm_mean": 1005.6248414391673,
  "summary_wm_median": 1000.0849795565009,
  "summary_wm_n": 408381.0,
  "summary_wm_p05": 917.6120668947697,
  "summary_wm_p95": 1112.683237440884,
  "summary_wm_stdv": 59.522534866554906,
  "tpm_overlap_csf": 0.1492489385613303,
  "tpm_overlap_gm": 0.4488913257734559,
  "tpm_overlap_wm": 0.4712253511641334,
  "wm2max": 0.5875436844732901
}