{
  "bids_meta": {
    "AcquisitionMatrixPE": 302,
    "AcquisitionNumber": 1,
    "AcquisitionTime": "10:41:42.205000",
    "BaseResolution": 320,
    "CoilCombinationMethod": "Adaptive Combine",
    "CoilString": "C:HEA;HEP",
    "ConversionSoftware": "dcm2niix",
    "ConversionSoftwareVersion": "v1.0.20211220",
    "Dcm2bidsVersion": "2.1.6",
    "DeviceSerialNumber": "40463",
    "DwellTime": 2.1e-06,
    "EchoTime": 0.56,
    "EchoTrainLength": 167,
    "FlipAngle": 120,
    "ImageOrientationPatientDICOM": [
      0,
      1,
      0,
      0,
      0,
      -1
    ],
    "ImageOrientationText": "Sag",
    "ImageType": [
      "ORIGINAL",
      "PRIMARY",
      "M",
      "ND"
    ],
    "ImagingFrequency": 123.122,
    "InPlanePhaseEncodingDirectionDICOM": "ROW",
    "MRAcquisitionType": "3D",
    "MagneticFieldStrength": 3,
    "Manufacturer": "Siemens",
    "ManufacturersModelName": "Verio",
    "MatrixCoilMode": "GRAPPA",
    "Modality": "MR",
    "ParallelReductionFactorInPlane": 2,
    "PartialFourier": 1,
    "PatientPosition": "HFS",
    "PercentPhaseFOV": 93.75,
    "PercentSampling": 100.667,
    "PhaseEncodingDirection": "i",
    "PhaseEncodingSteps": 290,
    "PhaseResolution": 1.00667,
    "PixelBandwidth": 744,
    "ProtocolName": "T2w_SPC1_0.8iso",
    "PulseSequenceDetails": "%SiemensSeq%\\tse_vfl",
    "ReceiveCoilName": "32Ch_Head",
    "ReconMatrixPE": 300,
    "RefLinesPE": 32,
    "RepetitionTime": 3.2,
    "SAR": 0.0864963,
    "ScanOptions": "PFP",
    "ScanningSequence": "SE",
    "SequenceName": "*spc3d1_334ns",
    "SequenceVariant": "SK\\SP",
    "SeriesDescription": "T2w_SPC1_0.8iso",
    "SeriesNumber": 15,
    "ShimSetting": [
      2845,
      7643,
      -15065,
      75,
      902,
      -957,
      -711,
      1235
    ],
    "SliceThickness": 0.8,
    "SoftwareVersions": "syngo MR B17",
    "SpoilingState": true,
    "StationName": "MRC40463",
    "TxRefAmp": 425.324,
    "acq_id": "01",
    "dataset": "ds004056",
    "modality": "T2w",
    "session_id": "02",
    "subject_id": "28"
  },
  "cjv": 1.3716786593373274,
  "cnr": 1.0411027816801401,
  "efc": 0.4930487171435027,
  "fber": 9523.109320225576,
  "fwhm_avg": 2.7978041249761367,
  "fwhm_x": 2.764724958802388,
  "fwhm_y": 2.9648124558208515,
  "fwhm_z": 2.66387496030517,
  "icvs_csf": 0.14799956550427887,
  "icvs_gm": 0.6421477589879597,
  "icvs_wm": 0.20985267550776135,
  "inu_med": 0.8752011656761169,
  "inu_range": 0.517151266336441,
  "provenance": {
    "md5sum": "a9d30ae893a71478382ce03899bcefba",
    "settings": {
      "testing": false
    },
    "software": "mriqc",
    "version": "23.0.1",
    "warnings": {
      "large_rot_frame": true,
      "small_air_mask": false
    },
    "webapi_port": null,
    "webapi_url": "https://mriqc.nimh.nih.gov/api/v1"
  },
  "qi_1": 0.0,
  "qi_2": 0.011748262914276891,
  "rpve_csf": 31.051185988449657,
  "rpve_gm": 8.894813673309576,
  "rpve_wm": 24.74198608308705,
  "size_x": 224,
  "size_y": 300,
  "size_z": 320,
  "snr_csf": 5.656574325420374,
  "snr_gm": 5.163659260446096,
  "snr_total": 4.321224893611356,
  "snr_wm": 2.1434410949675993,
  "snrd_csf": 51.461807139384725,
  "snrd_gm": 33.40979817576689,
  "snrd_total": 50.40106170066564,
  "snrd_wm": 66.3315797868453,
  "spacing_x": 0.800000011920929,
  "spacing_y": 0.800000011920929,
  "spacing_z": 0.800000011920929,
  "summary_bg_k": 11.048159418635626,
  "summary_bg_mad": 0.0,
  "summary_bg_mean": 6.4287413304984335,
  "summary_bg_median": 0.0,
  "summary_bg_n": 6637649.0,
  "summary_bg_p05": 0.0,
  "summary_bg_p95": 27.21695551276207,
  "summary_bg_stdv": 9.920481833309223,
  "summary_csf_k": 0.2862064275149301,
  "summary_csf_mad": 130.8543262761877,
  "summary_csf_mean": 812.6401140598613,
  "summary_csf_median": 779.2666120147333,
  "summary_csf_n": 12230.0,
  "summary_csf_p05": 635.4406184157357,
  "summary_csf_p95": 1027.0371146568098,
  "summary_csf_stdv": 137.75736120830902,
  "summary_gm_k": -0.8207569631324327,
  "summary_gm_mad": 116.507896191563,
  "summary_gm_mean": 517.9344101253134,
  "summary_gm_median": 505.91189232841134,
  "summary_gm_n": 627853.0,
  "summary_gm_p05": 379.9665461421013,
  "summary_gm_p95": 680.7585225179791,
  "summary_gm_stdv": 97.97538216999718,
  "summary_wm_k": -1.556227561122845,
  "summary_wm_mad": 567.3041510264485,
  "summary_wm_mean": 823.7388897939818,
  "summary_wm_median": 1004.4339350555092,
  "summary_wm_n": 71418.0,
  "summary_wm_p05": 145.31093507548795,
  "summary_wm_p95": 1453.5178839498199,
  "summary_wm_stdv": 468.6048547407286,
  "tpm_overlap_csf": 0.08113434626186343,
  "tpm_overlap_gm": 0.41239286488821886,
  "tpm_overlap_wm": 0.12580431542505133,
  "wm2max": 0.7109106698772353
}