{
  "bids_meta": {
    "AcquisitionMatrixPE": 300,
    "AcquisitionNumber": 1,
    "AcquisitionTime": "16:02:39.420000",
    "BaseResolution": 320,
    "CoilCombinationMethod": "Adaptive Combine",
    "CoilString": "C:A32",
    "ConversionSoftware": "dcm2niix",
    "ConversionSoftwareVersion": "v1.0.20211220",
    "Dcm2bidsVersion": "2.1.6",
    "DeviceSerialNumber": "18981",
    "DwellTime": 6.5e-06,
    "EchoTime": 0.00299,
    "ImageComments": "DENOISED IMAGE (lambda = 150)",
    "ImageOrientationPatientDICOM": [
      0,
      1,
      0,
      0,
      0,
      -1
    ],
    "ImageOrientationText": "Sag",
    "ImageType": [
      "ORIGINAL",
      "PRIMARY",
      "M",
      "ND",
      "UNI"
    ],
    "ImagingFrequency": 297.224,
    "InPlanePhaseEncodingDirectionDICOM": "ROW",
    "MRAcquisitionType": "3D",
    "MagneticFieldStrength": 6.98,
    "Manufacturer": "Siemens",
    "ManufacturersModelName": "Investigational_Device_7T",
    "MatrixCoilMode": "GRAPPA",
    "Modality": "MR",
    "ParallelReductionFactorInPlane": 3,
    "PartialFourier": 0.75,
    "PatientPosition": "HFS",
    "PercentPhaseFOV": 93.75,
    "PercentSampling": 100,
    "PhaseEncodingSteps": 226,
    "PhaseResolution": 1,
    "PixelBandwidth": 240,
    "ProtocolName": "mp2rage-wip900_0.75iso_7T",
    "PulseSequenceDetails": "%CustomerSeq%\\tfl_wip900b17a",
    "ReceiveCoilName": "32Ch_Head_7T",
    "ReconMatrixPE": 300,
    "RefLinesPE": 32,
    "RepetitionTime": 6,
    "SAR": 0.0747364,
    "ScanOptions": "IR\\PFP",
    "ScanningSequence": "GR\\IR",
    "SequenceName": "tfl3d1_ns",
    "SequenceVariant": "SP\\MP",
    "SeriesDescription": "mp2rage-wip900_0.75iso_7T_UNI-DEN",
    "SeriesNumber": 25,
    "ShimSetting": [
      -7,
      -29,
      846,
      807,
      -67,
      51,
      -241,
      124
    ],
    "SliceThickness": 0.75,
    "SoftwareVersions": "syngo MR B17",
    "StationName": "MRC18981",
    "TxRefAmp": 208.741,
    "acq_id": "MP2R",
    "dataset": "ds004056",
    "modality": "T1w",
    "session_id": "01",
    "subject_id": "08"
  },
  "cjv": 0.2976648435327612,
  "cnr": 4.227418775930976,
  "efc": 0.4795751222863633,
  "fber": -1.0,
  "fwhm_avg": 4.1322,
  "fwhm_x": 4.272906666666667,
  "fwhm_y": 4.49928,
  "fwhm_z": 3.624413333333333,
  "icvs_csf": 0.3040951720205851,
  "icvs_gm": 0.37705161969330153,
  "icvs_wm": 0.31885320828611335,
  "inu_med": 0.7190572023391724,
  "inu_range": 0.12132372856140139,
  "provenance": {
    "md5sum": "3539346fbbb9745cd1b9a7427b5884f0",
    "settings": {
      "testing": false
    },
    "software": "mriqc",
    "version": "23.0.1",
    "warnings": {
      "large_rot_frame": true,
      "small_air_mask": false
    },
    "webapi_port": null,
    "webapi_url": "https://mriqc.nimh.nih.gov/api/v1"
  },
  "qi_1": 7.189252143721475e-05,
  "qi_2": 0.001190790609077944,
  "rpve_csf": 15.492659106148508,
  "rpve_gm": 11.600839740539733,
  "rpve_wm": 17.46572051437627,
  "size_x": 224,
  "size_y": 300,
  "size_z": 320,
  "snr_csf": 0.7274877999151886,
  "snr_gm": 4.988421055520725,
  "snr_total": 6.121575828912152,
  "snr_wm": 12.648818631300541,
  "snrd_csf": 8.84647495277319,
  "snrd_gm": 55.19294565546518,
  "snrd_total": 60.016191902137855,
  "snrd_wm": 116.0091550981752,
  "spacing_x": 0.75,
  "spacing_y": 0.75,
  "spacing_z": 0.75,
  "summary_bg_k": 489.5502233131176,
  "summary_bg_mad": 0.0,
  "summary_bg_mean": 2.3592187823884436,
  "summary_bg_median": 0.0,
  "summary_bg_n": 6251204.0,
  "summary_bg_p05": 0.0,
  "summary_bg_p95": 11.398609727621078,
  "summary_bg_stdv": 5.6472820616580615,
  "summary_csf_k": 106.11311212451132,
  "summary_csf_mad": 61.47230980480886,
  "summary_csf_mean": 97.7075753038956,
  "summary_csf_median": 76.25669907778502,
  "summary_csf_n": 116185.0,
  "summary_csf_p05": 13.763821246102452,
  "summary_csf_p95": 236.46415879949927,
  "summary_csf_stdv": 104.82151166888838,
  "summary_gm_k": -0.22780992215735862,
  "summary_gm_mad": 98.41906920295686,
  "summary_gm_mean": 471.151512893697,
  "summary_gm_median": 475.7637217687443,
  "summary_gm_n": 57774.0,
  "summary_gm_p05": 307.57153593283147,
  "summary_gm_p95": 619.0584943071008,
  "summary_gm_stdv": 95.37278409350152,
  "summary_wm_k": 2.227318023347989,
  "summary_wm_mad": 57.62764987887236,
  "summary_wm_mean": 985.760405774901,
  "summary_wm_median": 1000.0000314041972,
  "summary_wm_n": 436073.0,
  "summary_wm_p05": 817.8217514324933,
  "summary_wm_p95": 1085.9455487504601,
  "summary_wm_stdv": 79.0586784391002,
  "tpm_overlap_csf": 0.15484204658382983,
  "tpm_overlap_gm": 0.446157909685978,
  "tpm_overlap_wm": 0.4919383707609576,
  "wm2max": 0.5859017597756035
}