{
  "bids_meta": {
    "AcquisitionMatrixPE": 300,
    "AcquisitionNumber": 1,
    "AcquisitionTime": "14:49:37.890000",
    "BaseResolution": 320,
    "CoilCombinationMethod": "Adaptive Combine",
    "CoilString": "C:HEA;HEP",
    "ConversionSoftware": "dcm2niix",
    "ConversionSoftwareVersion": "v1.0.20211220",
    "Dcm2bidsVersion": "2.1.6",
    "DeviceSerialNumber": "40462",
    "DwellTime": 7.4e-06,
    "EchoTime": 0.00224,
    "FlipAngle": 8,
    "ImageOrientationPatientDICOM": [
      0,
      1,
      0,
      0,
      0,
      -1
    ],
    "ImageOrientationText": "Sag",
    "ImageType": [
      "ORIGINAL",
      "PRIMARY",
      "M",
      "ND"
    ],
    "ImagingFrequency": 123.21,
    "InPlanePhaseEncodingDirectionDICOM": "ROW",
    "InversionTime": 1.06,
    "MRAcquisitionType": "3D",
    "MagneticFieldStrength": 3,
    "Manufacturer": "Siemens",
    "ManufacturersModelName": "Verio",
    "MatrixCoilMode": "GRAPPA",
    "Modality": "MR",
    "ParallelReductionFactorInPlane": 2,
    "PartialFourier": 1,
    "PatientPosition": "HFS",
    "PercentPhaseFOV": 93.75,
    "PercentSampling": 100,
    "PhaseEncodingSteps": 299,
    "PhaseResolution": 1,
    "PixelBandwidth": 211,
    "ProtocolName": "T1w_MPR1_0.8iso",
    "PulseSequenceDetails": "%SiemensSeq%\\tfl",
    "ReceiveCoilName": "32Ch_Head",
    "ReconMatrixPE": 300,
    "RefLinesPE": 32,
    "RepetitionTime": 2.4,
    "SAR": 0.0296853,
    "ScanOptions": "IR\\WE",
    "ScanningSequence": "GR\\IR",
    "SequenceName": "*tfl3d1_ns",
    "SequenceVariant": "SP\\MP",
    "SeriesDescription": "T1w_MPR1_0.8iso",
    "SeriesNumber": 17,
    "ShimSetting": [
      963,
      10395,
      908,
      279,
      -242,
      -439,
      -333,
      -80
    ],
    "SliceThickness": 0.8,
    "SoftwareVersions": "syngo MR B17",
    "StationName": "MRC40462",
    "TxRefAmp": 391.527,
    "acq_id": "01",
    "dataset": "ds004056",
    "modality": "T1w",
    "session_id": "02",
    "subject_id": "23"
  },
  "cjv": 0.4490111777186226,
  "cnr": 2.989195559014143,
  "efc": 0.5936086358065128,
  "fber": 24307.060155170584,
  "fwhm_avg": 4.633612430953794,
  "fwhm_x": 4.564487431983837,
  "fwhm_y": 4.503012432899886,
  "fwhm_z": 4.83333742797766,
  "icvs_csf": 0.21262270132819455,
  "icvs_gm": 0.39931626639541473,
  "icvs_wm": 0.3880610322763907,
  "inu_med": 0.7779194116592407,
  "inu_range": 0.5704807639122007,
  "provenance": {
    "md5sum": "8746ae4fa3026b03935d01736f688747",
    "settings": {
      "testing": false
    },
    "software": "mriqc",
    "version": "23.0.1",
    "warnings": {
      "large_rot_frame": true,
      "small_air_mask": false
    },
    "webapi_port": null,
    "webapi_url": "https://mriqc.nimh.nih.gov/api/v1"
  },
  "qi_1": 0.0,
  "qi_2": 0.003579954701580745,
  "rpve_csf": 21.41571952130513,
  "rpve_gm": 11.446590434331899,
  "rpve_wm": 13.450165716859466,
  "size_x": 224,
  "size_y": 300,
  "size_z": 320,
  "snr_csf": 2.6528862395693635,
  "snr_gm": 13.459989055661739,
  "snr_total": 12.144715826102017,
  "snr_wm": 20.32127218307495,
  "snrd_csf": 15.080750710189053,
  "snrd_gm": 39.49949820343565,
  "snrd_total": 35.26955215409155,
  "snrd_wm": 51.22840754864993,
  "spacing_x": 0.800000011920929,
  "spacing_y": 0.800000011920929,
  "spacing_z": 0.800000011920929,
  "summary_bg_k": 3387.9424581730505,
  "summary_bg_mad": 0.0,
  "summary_bg_mean": 6.929988946462392,
  "summary_bg_median": 0.0,
  "summary_bg_n": 5364204.0,
  "summary_bg_p05": 0.0,
  "summary_bg_p95": 27.420312769711018,
  "summary_bg_stdv": 12.789170237330978,
  "summary_csf_k": 17.469810896800972,
  "summary_csf_mad": 74.04205287615787,
  "summary_csf_mean": 306.17027406011437,
  "summary_csf_median": 294.39714865386486,
  "summary_csf_n": 138517.0,
  "summary_csf_p05": 137.1015638485551,
  "summary_csf_p95": 501.3858634606004,
  "summary_csf_stdv": 110.9719978134386,
  "summary_gm_k": 0.1526776345332861,
  "summary_gm_mad": 56.50384609974387,
  "summary_gm_mean": 770.2374117465861,
  "summary_gm_median": 771.0849325619638,
  "summary_gm_n": 87308.0,
  "summary_gm_p05": 675.4108087643981,
  "summary_gm_p95": 862.8984347060323,
  "summary_gm_stdv": 57.2868605963419,
  "summary_wm_k": 0.5163547799037276,
  "summary_wm_mad": 46.303801154465425,
  "summary_wm_mean": 1002.870058473487,
  "summary_wm_median": 1000.0494937039912,
  "summary_wm_n": 561787.0,
  "summary_wm_p05": 927.1926337815821,
  "summary_wm_p95": 1088.5963159874082,
  "summary_wm_stdv": 49.21190930533493,
  "tpm_overlap_csf": 0.15858681749728157,
  "tpm_overlap_gm": 0.4575453908869862,
  "tpm_overlap_wm": 0.5094895594025337,
  "wm2max": 0.5470865374201235
}