{
  "bids_meta": {
    "AcquisitionMatrixPE": 302,
    "AcquisitionNumber": 1,
    "AcquisitionTime": "14:56:18.292500",
    "BaseResolution": 320,
    "CoilCombinationMethod": "Adaptive Combine",
    "CoilString": "C:HEA;HEP",
    "ConversionSoftware": "dcm2niix",
    "ConversionSoftwareVersion": "v1.0.20211220",
    "Dcm2bidsVersion": "2.1.6",
    "DeviceSerialNumber": "40462",
    "DwellTime": 2.1e-06,
    "EchoTime": 0.56,
    "EchoTrainLength": 167,
    "FlipAngle": 120,
    "ImageOrientationPatientDICOM": [
      0,
      1,
      0,
      0,
      0,
      -1
    ],
    "ImageOrientationText": "Sag",
    "ImageType": [
      "ORIGINAL",
      "PRIMARY",
      "M",
      "ND"
    ],
    "ImagingFrequency": 123.21,
    "InPlanePhaseEncodingDirectionDICOM": "ROW",
    "MRAcquisitionType": "3D",
    "MagneticFieldStrength": 3,
    "Manufacturer": "Siemens",
    "ManufacturersModelName": "Verio",
    "MatrixCoilMode": "GRAPPA",
    "Modality": "MR",
    "ParallelReductionFactorInPlane": 2,
    "PartialFourier": 1,
    "PatientPosition": "HFS",
    "PercentPhaseFOV": 93.75,
    "PercentSampling": 100.667,
    "PhaseEncodingDirection": "i",
    "PhaseEncodingSteps": 290,
    "PhaseResolution": 1.00667,
    "PixelBandwidth": 744,
    "ProtocolName": "T2w_SPC1_0.8iso",
    "PulseSequenceDetails": "%SiemensSeq%\\tse_vfl",
    "ReceiveCoilName": "32Ch_Head",
    "ReconMatrixPE": 300,
    "RefLinesPE": 32,
    "RepetitionTime": 3.2,
    "SAR": 0.097293,
    "ScanOptions": "PFP",
    "ScanningSequence": "SE",
    "SequenceName": "*spc3d1_334ns",
    "SequenceVariant": "SK\\SP",
    "SeriesDescription": "T2w_SPC1_0.8iso",
    "SeriesNumber": 18,
    "ShimSetting": [
      963,
      10395,
      908,
      279,
      -242,
      -439,
      -333,
      -80
    ],
    "SliceThickness": 0.8,
    "SoftwareVersions": "syngo MR B17",
    "SpoilingState": true,
    "StationName": "MRC40462",
    "TxRefAmp": 391.527,
    "acq_id": "01",
    "dataset": "ds004056",
    "modality": "T2w",
    "session_id": "02",
    "subject_id": "23"
  },
  "cjv": 0.2561465008758837,
  "cnr": 2.608137718347365,
  "efc": 0.5522282010771461,
  "fber": 7508.645188875669,
  "fwhm_avg": 3.0041041219020266,
  "fwhm_x": 2.8551624574547643,
  "fwhm_y": 3.227974951899425,
  "fwhm_z": 2.9291749563518916,
  "icvs_csf": 0.29041322249338564,
  "icvs_gm": 0.5860991709644984,
  "icvs_wm": 0.12348760654211598,
  "inu_med": 0.9293093979358673,
  "inu_range": 0.61838598549366,
  "provenance": {
    "md5sum": "935be2fa5f800aca1e693efca59f8b3e",
    "settings": {
      "testing": false
    },
    "software": "mriqc",
    "version": "23.0.1",
    "warnings": {
      "large_rot_frame": true,
      "small_air_mask": false
    },
    "webapi_port": null,
    "webapi_url": "https://mriqc.nimh.nih.gov/api/v1"
  },
  "qi_1": 0.0,
  "qi_2": 0.0067239417219065655,
  "rpve_csf": 13.154772623263957,
  "rpve_gm": 8.794072164198674,
  "rpve_wm": 43.207666613007085,
  "size_x": 224,
  "size_y": 300,
  "size_z": 320,
  "snr_csf": 4.369914182443787,
  "snr_gm": 7.6192581341802885,
  "snr_total": 5.283708458573536,
  "snr_wm": 3.8619530590965336,
  "snrd_csf": 46.88220164311459,
  "snrd_gm": 25.892990651297723,
  "snrd_total": 51.59309134843094,
  "snrd_wm": 82.00408175088053,
  "spacing_x": 0.800000011920929,
  "spacing_y": 0.800000011920929,
  "spacing_z": 0.800000011920929,
  "summary_bg_k": 506.4422877865473,
  "summary_bg_mad": 0.0,
  "summary_bg_mean": 4.746612691956947,
  "summary_bg_median": 0.0,
  "summary_bg_n": 5404786.0,
  "summary_bg_p05": 0.0,
  "summary_bg_p95": 18.47138399630785,
  "summary_bg_stdv": 7.986165753718287,
  "summary_csf_k": -0.11050528032459894,
  "summary_csf_mad": 92.00450147374661,
  "summary_csf_mean": 611.7098779997878,
  "summary_csf_median": 571.4978334605694,
  "summary_csf_n": 64745.0,
  "summary_csf_p05": 461.97852519899607,
  "summary_csf_p95": 868.4944170862436,
  "summary_csf_stdv": 130.77909453874932,
  "summary_gm_k": 0.8158999191690168,
  "summary_gm_mad": 38.23937092502594,
  "summary_gm_mean": 318.33941183649114,
  "summary_gm_median": 315.63765225186944,
  "summary_gm_n": 741056.0,
  "summary_gm_p05": 255.20568335056305,
  "summary_gm_p95": 390.7352213077247,
  "summary_gm_stdv": 41.42626929399574,
  "summary_wm_k": 4.835147890174012,
  "summary_wm_mad": 136.96451371736262,
  "summary_wm_mean": 947.1712490162397,
  "summary_wm_median": 999.6363953277469,
  "summary_wm_n": 56251.0,
  "summary_wm_p05": 165.05466355755925,
  "summary_wm_p95": 1197.1371841859072,
  "summary_wm_stdv": 258.83989123969997,
  "tpm_overlap_csf": 0.12517543564096234,
  "tpm_overlap_gm": 0.37004499868381074,
  "tpm_overlap_wm": 0.021571648997467868,
  "wm2max": 0.8433301294505
}