{
  "bids_meta": {
    "AcquisitionMatrixPE": 300,
    "AcquisitionNumber": 1,
    "AcquisitionTime": "11:09:37.887500",
    "BaseResolution": 320,
    "CoilCombinationMethod": "Adaptive Combine",
    "CoilString": "C:A32",
    "ConversionSoftware": "dcm2niix",
    "ConversionSoftwareVersion": "v1.0.20211220",
    "Dcm2bidsVersion": "2.1.6",
    "DeviceSerialNumber": "18981",
    "DwellTime": 6.5e-06,
    "EchoTime": 0.00299,
    "ImageComments": "DENOISED IMAGE (lambda = 150)",
    "ImageOrientationPatientDICOM": [
      0,
      1,
      0,
      0,
      0,
      -1
    ],
    "ImageOrientationText": "Sag",
    "ImageType": [
      "ORIGINAL",
      "PRIMARY",
      "M",
      "ND",
      "UNI"
    ],
    "ImagingFrequency": 297.224,
    "InPlanePhaseEncodingDirectionDICOM": "ROW",
    "MRAcquisitionType": "3D",
    "MagneticFieldStrength": 6.98,
    "Manufacturer": "Siemens",
    "ManufacturersModelName": "Investigational_Device_7T",
    "MatrixCoilMode": "GRAPPA",
    "Modality": "MR",
    "ParallelReductionFactorInPlane": 3,
    "PartialFourier": 0.75,
    "PatientPosition": "HFS",
    "PercentPhaseFOV": 93.75,
    "PercentSampling": 100,
    "PhaseEncodingSteps": 226,
    "PhaseResolution": 1,
    "PixelBandwidth": 240,
    "ProtocolName": "mp2rage-wip900_0.75iso_7T",
    "PulseSequenceDetails": "%CustomerSeq%\\tfl_wip900b17a",
    "ReceiveCoilName": "32Ch_Head_7T",
    "ReconMatrixPE": 300,
    "RefLinesPE": 32,
    "RepetitionTime": 6,
    "SAR": 0.0906937,
    "ScanOptions": "IR\\PFP",
    "ScanningSequence": "GR\\IR",
    "SequenceName": "tfl3d1_ns",
    "SequenceVariant": "SP\\MP",
    "SeriesDescription": "mp2rage-wip900_0.75iso_7T_UNI-DEN",
    "SeriesNumber": 32,
    "ShimSetting": [
      12,
      54,
      870,
      405,
      -288,
      -83,
      -710,
      52
    ],
    "SliceThickness": 0.75,
    "SoftwareVersions": "syngo MR B17",
    "StationName": "MRC18981",
    "TxRefAmp": 250,
    "acq_id": "MP2R",
    "dataset": "ds004056",
    "modality": "T1w",
    "session_id": "01",
    "subject_id": "05"
  },
  "cjv": 0.32552555656907495,
  "cnr": 3.9920085274994883,
  "efc": 0.4994401653574009,
  "fber": 6505.2325470528785,
  "fwhm_avg": 4.460391111111111,
  "fwhm_x": 4.45208,
  "fwhm_y": 4.878186666666667,
  "fwhm_z": 4.050906666666667,
  "icvs_csf": 0.302241080165122,
  "icvs_gm": 0.37132767017576745,
  "icvs_wm": 0.3264312496591105,
  "inu_med": 0.9371623992919922,
  "inu_range": 0.19085817039012887,
  "provenance": {
    "md5sum": "b477af40658e2f0f0eaebce4dfdb3c0e",
    "settings": {
      "testing": false
    },
    "software": "mriqc",
    "version": "23.0.1",
    "warnings": {
      "large_rot_frame": true,
      "small_air_mask": false
    },
    "webapi_port": null,
    "webapi_url": "https://mriqc.nimh.nih.gov/api/v1"
  },
  "qi_1": 0.00012170101679138094,
  "qi_2": 0.0007691685874221935,
  "rpve_csf": 13.299239921618678,
  "rpve_gm": 9.673023157430059,
  "rpve_wm": 13.6345327719893,
  "size_x": 224,
  "size_y": 300,
  "size_z": 320,
  "snr_csf": 0.9845770957443355,
  "snr_gm": 4.1779765894055085,
  "snr_total": 5.175275086303157,
  "snr_wm": 10.363271573759627,
  "snrd_csf": 1.8566580638567458,
  "snrd_gm": 12.018164077947052,
  "snrd_total": 13.952867502895122,
  "snrd_wm": 27.983780366881565,
  "spacing_x": 0.75,
  "spacing_y": 0.75,
  "spacing_z": 0.75,
  "summary_bg_k": 1227.17186314336,
  "summary_bg_mad": 0.0,
  "summary_bg_mean": 6.987115923755438,
  "summary_bg_median": 0.0,
  "summary_bg_n": 6173516.0,
  "summary_bg_p05": 0.0,
  "summary_bg_p95": 28.447289714589715,
  "summary_bg_stdv": 23.411290804463924,
  "summary_csf_k": 4.317751666247948,
  "summary_csf_mad": 51.40337825345887,
  "summary_csf_mean": 85.55207247290171,
  "summary_csf_median": 66.34765196591616,
  "summary_csf_n": 200280.0,
  "summary_csf_p05": 14.091536700725555,
  "summary_csf_p95": 217.9197436030954,
  "summary_csf_stdv": 67.38678628138636,
  "summary_gm_k": -0.3814150955823159,
  "summary_gm_mad": 110.42368385184177,
  "summary_gm_mean": 428.68029470748854,
  "summary_gm_median": 429.4689383227378,
  "summary_gm_n": 69763.0,
  "summary_gm_p05": 260.784436804615,
  "summary_gm_p95": 593.9582719355822,
  "summary_gm_stdv": 102.79278762452866,
  "summary_wm_k": 4.881465497518956,
  "summary_wm_mad": 75.29876746696345,
  "summary_wm_mean": 996.1724961879776,
  "summary_wm_median": 1000.0000304933637,
  "summary_wm_n": 548634.0,
  "summary_wm_p05": 832.7995439340361,
  "summary_wm_p95": 1139.2126701492816,
  "summary_wm_stdv": 96.49453958830833,
  "tpm_overlap_csf": 0.13972846190222032,
  "tpm_overlap_gm": 0.40194142984261805,
  "tpm_overlap_wm": 0.4407405779671602,
  "wm2max": 0.5453832236578766
}