{
  "bids_meta": {
    "AcquisitionMatrixPE": 300,
    "AcquisitionNumber": 1,
    "AcquisitionTime": "11:14:34.202500",
    "BaseResolution": 320,
    "CoilCombinationMethod": "Adaptive Combine",
    "CoilString": "C:A32",
    "ConversionSoftware": "dcm2niix",
    "ConversionSoftwareVersion": "v1.0.20211220",
    "Dcm2bidsVersion": "2.1.6",
    "DeviceSerialNumber": "18981",
    "DwellTime": 6.5e-06,
    "EchoTime": 0.00299,
    "ImageComments": "DENOISED IMAGE (lambda = 150)",
    "ImageOrientationPatientDICOM": [
      0,
      1,
      0,
      0,
      0,
      -1
    ],
    "ImageOrientationText": "Sag",
    "ImageType": [
      "ORIGINAL",
      "PRIMARY",
      "M",
      "ND",
      "UNI"
    ],
    "ImagingFrequency": 297.223,
    "InPlanePhaseEncodingDirectionDICOM": "ROW",
    "MRAcquisitionType": "3D",
    "MagneticFieldStrength": 6.98,
    "Manufacturer": "Siemens",
    "ManufacturersModelName": "Investigational_Device_7T",
    "MatrixCoilMode": "GRAPPA",
    "Modality": "MR",
    "ParallelReductionFactorInPlane": 3,
    "PartialFourier": 0.75,
    "PatientPosition": "HFS",
    "PercentPhaseFOV": 93.75,
    "PercentSampling": 100,
    "PhaseEncodingSteps": 226,
    "PhaseResolution": 1,
    "PixelBandwidth": 240,
    "ProtocolName": "mp2rage-wip900_0.75iso_7T",
    "PulseSequenceDetails": "%CustomerSeq%\\tfl_wip900b17a",
    "ReceiveCoilName": "32Ch_Head_7T",
    "ReconMatrixPE": 300,
    "RefLinesPE": 32,
    "RepetitionTime": 6,
    "SAR": 0.0519244,
    "ScanOptions": "IR\\PFP",
    "ScanningSequence": "GR\\IR",
    "SequenceName": "tfl3d1_ns",
    "SequenceVariant": "SP\\MP",
    "SeriesDescription": "mp2rage-wip900_0.75iso_7T_UNI-DEN",
    "SeriesNumber": 27,
    "ShimSetting": [
      -36,
      187,
      887,
      568,
      -328,
      27,
      -284,
      7
    ],
    "SliceThickness": 0.75,
    "SoftwareVersions": "syngo MR B17",
    "StationName": "MRC18981",
    "TxRefAmp": 220,
    "acq_id": "MP2R",
    "dataset": "ds004056",
    "modality": "T1w",
    "session_id": "01",
    "subject_id": "21"
  },
  "cjv": 0.2582327784766693,
  "cnr": 4.72777617545329,
  "efc": 0.5112229436376787,
  "fber": 9418.095947265625,
  "fwhm_avg": 4.231964444444444,
  "fwhm_x": 4.25512,
  "fwhm_y": 4.692426666666667,
  "fwhm_z": 3.7483466666666665,
  "icvs_csf": 0.28527795556084545,
  "icvs_gm": 0.3924408018894618,
  "icvs_wm": 0.32228124254969276,
  "inu_med": 0.7026035189628601,
  "inu_range": 0.12952002286911013,
  "provenance": {
    "md5sum": "016f06719fca8e0b55e01d251e8825b8",
    "settings": {
      "testing": false
    },
    "software": "mriqc",
    "version": "23.0.1",
    "warnings": {
      "large_rot_frame": true,
      "small_air_mask": false
    },
    "webapi_port": null,
    "webapi_url": "https://mriqc.nimh.nih.gov/api/v1"
  },
  "qi_1": 2.546441969153705e-05,
  "qi_2": 0.0007442982960390764,
  "rpve_csf": 15.339585943904174,
  "rpve_gm": 10.553304598204697,
  "rpve_wm": 16.25187768669304,
  "size_x": 224,
  "size_y": 300,
  "size_z": 320,
  "snr_csf": 0.8777285978625541,
  "snr_gm": 4.974668271276663,
  "snr_total": 6.132549201777839,
  "snr_wm": 12.545250736194303,
  "snrd_csf": 3.2289988268207055,
  "snrd_gm": 17.43659366483181,
  "snrd_total": 20.24475936898888,
  "snrd_wm": 40.06868561531412,
  "spacing_x": 0.75,
  "spacing_y": 0.75,
  "spacing_z": 0.75,
  "summary_bg_k": 2517.66336897809,
  "summary_bg_mad": 0.0,
  "summary_bg_mean": 3.5211620252195015,
  "summary_bg_median": 0.0,
  "summary_bg_n": 4726389.0,
  "summary_bg_p05": 0.0,
  "summary_bg_p95": 12.234294880181551,
  "summary_bg_stdv": 16.349877144660972,
  "summary_csf_k": 90.1100947641924,
  "summary_csf_mad": 69.07573670241196,
  "summary_csf_mean": 98.62009181393107,
  "summary_csf_median": 80.58433956466615,
  "summary_csf_n": 92454.0,
  "summary_csf_p05": 13.379514263942838,
  "summary_csf_p95": 243.56861039996147,
  "summary_csf_stdv": 91.80959120162547,
  "summary_gm_k": -0.19782812834296637,
  "summary_gm_mad": 89.57483122740831,
  "summary_gm_mean": 438.1892701500374,
  "summary_gm_median": 435.1554336491972,
  "summary_gm_n": 102122.0,
  "summary_gm_p05": 299.1536487825215,
  "summary_gm_p95": 587.3858151491731,
  "summary_gm_stdv": 87.47383329858913,
  "summary_wm_k": 3.5158612105437284,
  "summary_wm_mad": 56.27933224135363,
  "summary_wm_mean": 987.9381109476159,
  "summary_wm_median": 999.9720472842455,
  "summary_wm_n": 465145.0,
  "summary_wm_p05": 826.9321916159242,
  "summary_wm_p95": 1089.5784810185432,
  "summary_wm_stdv": 79.70912605955941,
  "tpm_overlap_csf": 0.14002390784923585,
  "tpm_overlap_gm": 0.42729366905944355,
  "tpm_overlap_wm": 0.47154812629149667,
  "wm2max": 0.6030794059913697
}