{
  "aor": 0.0016555342465753423,
  "aqi": 0.014794339479452055,
  "bids_meta": {
    "AcquisitionMatrixPE": 130,
    "AcquisitionNumber": 1,
    "AcquisitionTime": "12:34:7.195000",
    "BandwidthPerPixelPhaseEncode": 24.038,
    "BaseResolution": 130,
    "CoilCombinationMethod": "Sum of Squares",
    "CoilString": "C:A32",
    "ConversionSoftware": "dcm2niix",
    "ConversionSoftwareVersion": "v1.0.20211220",
    "Dcm2bidsVersion": "2.1.6",
    "DerivedVendorReportedEchoSpacing": 0.000640012,
    "DeviceSerialNumber": "18981",
    "DwellTime": 2e-06,
    "EchoTime": 0.0222,
    "EffectiveEchoSpacing": 0.000320006,
    "FlipAngle": 45,
    "ImageComments": "Unaliased MB5/PE4",
    "ImageOrientationPatientDICOM": [
      1,
      -1e-16,
      0,
      1e-16,
      0.939693,
      -0.34202
    ],
    "ImageOrientationText": "Tra>Cor(-20.0)",
    "ImageType": [
      "ORIGINAL",
      "PRIMARY",
      "M",
      "MB",
      "ND",
      "MOSAIC"
    ],
    "ImagingFrequency": 297.223,
    "InPlanePhaseEncodingDirectionDICOM": "COL",
    "MRAcquisitionType": "2D",
    "MagneticFieldStrength": 6.98,
    "Manufacturer": "Siemens",
    "ManufacturersModelName": "Investigational_Device_7T",
    "MatrixCoilMode": "GRAPPA",
    "Modality": "MR",
    "MultibandAccelerationFactor": 5,
    "ParallelReductionFactorInPlane": 2,
    "PartialFourier": 0.875,
    "PatientPosition": "HFS",
    "PercentPhaseFOV": 100,
    "PercentSampling": 100,
    "PhaseEncodingDirection": "j-",
    "PhaseEncodingSteps": 114,
    "PhaseResolution": 1,
    "PixelBandwidth": 1923,
    "ProtocolName": "MB5_TR1s_TE22p2_IPAT2_1.6mm_85slices_AP_367vols",
    "PulseSequenceDetails": "%CustomerSeq%\\cmrr_mbep2d_bold",
    "ReceiveCoilName": "32Ch_Head_7T",
    "ReconMatrixPE": 130,
    "RefLinesPE": 96,
    "RepetitionTime": 1,
    "SAR": 0.0988688,
    "ScanOptions": "PFP\\FS",
    "ScanningSequence": "EP",
    "SequenceName": "epfid2d1_130",
    "SequenceVariant": "SK\\SS",
    "SeriesDescription": "MB5_TR1s_TE22p2_IPAT2_1.6mm_85slices_AP_367vols",
    "SeriesNumber": 15,
    "ShimSetting": [
      -42,
      19,
      881,
      349,
      -46,
      102,
      -273,
      216
    ],
    "SliceThickness": 1.6,
    "SliceTiming": [
      0,
      0.53,
      0.0575,
      0.59,
      0.1175,
      0.6475,
      0.175,
      0.7075,
      0.235,
      0.7675,
      0.295,
      0.825,
      0.3525,
      0.885,
      0.4125,
      0.9425,
      0.47,
      0,
      0.53,
      0.0575,
      0.59,
      0.1175,
      0.6475,
      0.175,
      0.7075,
      0.235,
      0.7675,
      0.295,
      0.825,
      0.3525,
      0.885,
      0.4125,
      0.9425,
      0.47,
      0,
      0.53,
      0.0575,
      0.59,
      0.1175,
      0.6475,
      0.175,
      0.7075,
      0.235,
      0.7675,
      0.295,
      0.825,
      0.3525,
      0.885,
      0.4125,
      0.9425,
      0.47,
      0,
      0.53,
      0.0575,
      0.59,
      0.1175,
      0.6475,
      0.175,
      0.7075,
      0.235,
      0.7675,
      0.295,
      0.825,
      0.3525,
      0.885,
      0.4125,
      0.9425,
      0.47,
      0,
      0.53,
      0.0575,
      0.59,
      0.1175,
      0.6475,
      0.175,
      0.7075,
      0.235,
      0.7675,
      0.295,
      0.825,
      0.3525,
      0.885,
      0.4125,
      0.9425,
      0.47
    ],
    "SoftwareVersions": "syngo MR B17",
    "SpacingBetweenSlices": 1.6,
    "StationName": "MRC18981",
    "TaskName": "GDMotor",
    "TotalReadoutTime": 0.0412808,
    "TxRefAmp": 220,
    "dataset": "ds004056",
    "modality": "bold",
    "run_id": 5,
    "session_id": "01",
    "subject_id": "19",
    "task_id": "GDMotor"
  },
  "dummy_trs": 2,
  "dvars_nstd": 61.481735240247254,
  "dvars_std": 1.0726616914560445,
  "dvars_vstd": 0.9915531371428569,
  "efc": 0.5142716972655091,
  "fber": 949.413818359375,
  "fd_mean": 0.227656475704274,
  "fd_num": 190,
  "fd_perc": 52.054794520547944,
  "fwhm_avg": 2.5833749615047132,
  "fwhm_x": 2.3578249648656704,
  "fwhm_y": 2.7114187095967126,
  "fwhm_z": 2.680881210051757,
  "gcor": 0.0182086,
  "gsr_x": -0.003205446759238839,
  "gsr_y": 0.059854988008737564,
  "provenance": {
    "md5sum": "2464cba230583b44248cc5f07120776f",
    "settings": {
      "fd_thres": 0.2,
      "testing": false
    },
    "software": "mriqc",
    "version": "23.0.1",
    "webapi_port": null,
    "webapi_url": "https://mriqc.nimh.nih.gov/api/v1"
  },
  "size_t": 365,
  "size_x": 130,
  "size_y": 130,
  "size_z": 85,
  "snr": 1.9109713822411207,
  "spacing_tr": 1.0,
  "spacing_x": 1.600000023841858,
  "spacing_y": 1.600000023841858,
  "spacing_z": 1.600000023841858,
  "summary_bg_k": 40.82815742828711,
  "summary_bg_mad": 9.77705082535436,
  "summary_bg_mean": 25.899341583251953,
  "summary_bg_median": 11.49315071105957,
  "summary_bg_n": 934011.0,
  "summary_bg_p05": 4.252054691314697,
  "summary_bg_p95": 95.14521026611328,
  "summary_bg_stdv": 42.71820831298828,
  "summary_fg_k": 6.187308222971183,
  "summary_fg_mad": 139.53522905240453,
  "summary_fg_mean": 409.8711242675781,
  "summary_fg_median": 369.3808288574219,
  "summary_fg_n": 334513.0,
  "summary_fg_p05": 189.3863067626953,
  "summary_fg_p95": 768.2416748046872,
  "summary_fg_stdv": 193.2945098876953,
  "tsnr": 21.07587777916342
}