{
  "bids_meta": {
    "AcquisitionMatrixPE": 300,
    "AcquisitionNumber": 1,
    "AcquisitionTime": "13:11:13.650000",
    "BaseResolution": 320,
    "CoilCombinationMethod": "Adaptive Combine",
    "CoilString": "C:A32",
    "ConversionSoftware": "dcm2niix",
    "ConversionSoftwareVersion": "v1.0.20211220",
    "Dcm2bidsVersion": "2.1.6",
    "DeviceSerialNumber": "18981",
    "DwellTime": 6.5e-06,
    "EchoTime": 0.00299,
    "ImageComments": "DENOISED IMAGE (lambda = 150)",
    "ImageOrientationPatientDICOM": [
      0,
      1,
      0,
      0,
      0,
      -1
    ],
    "ImageOrientationText": "Sag",
    "ImageType": [
      "ORIGINAL",
      "PRIMARY",
      "M",
      "ND",
      "UNI"
    ],
    "ImagingFrequency": 297.224,
    "InPlanePhaseEncodingDirectionDICOM": "ROW",
    "MRAcquisitionType": "3D",
    "MagneticFieldStrength": 6.98,
    "Manufacturer": "Siemens",
    "ManufacturersModelName": "Investigational_Device_7T",
    "MatrixCoilMode": "GRAPPA",
    "Modality": "MR",
    "ParallelReductionFactorInPlane": 3,
    "PartialFourier": 0.75,
    "PatientPosition": "HFS",
    "PercentPhaseFOV": 93.75,
    "PercentSampling": 100,
    "PhaseEncodingSteps": 226,
    "PhaseResolution": 1,
    "PixelBandwidth": 240,
    "ProtocolName": "mp2rage-wip900_0.75iso_7T",
    "PulseSequenceDetails": "%CustomerSeq%\\tfl_wip900b17a",
    "ReceiveCoilName": "32Ch_Head_7T",
    "ReconMatrixPE": 300,
    "RefLinesPE": 32,
    "RepetitionTime": 6,
    "SAR": 0.0366567,
    "ScanOptions": "IR\\PFP",
    "ScanningSequence": "GR\\IR",
    "SequenceName": "tfl3d1_ns",
    "SequenceVariant": "SP\\MP",
    "SeriesDescription": "mp2rage-wip900_0.75iso_7T_UNI-DEN",
    "SeriesNumber": 25,
    "ShimSetting": [
      -89,
      111,
      884,
      490,
      -202,
      -290,
      -220,
      161
    ],
    "SliceThickness": 0.75,
    "SoftwareVersions": "syngo MR B17",
    "StationName": "MRC18981",
    "TxRefAmp": 145.272,
    "acq_id": "MP2R",
    "dataset": "ds004056",
    "modality": "T1w",
    "session_id": "01",
    "subject_id": "07"
  },
  "cjv": 0.30390320476316846,
  "cnr": 4.239876350248174,
  "efc": 0.45119161366047295,
  "fber": -1.0,
  "fwhm_avg": 4.1893111111111105,
  "fwhm_x": 4.355306666666666,
  "fwhm_y": 4.51696,
  "fwhm_z": 3.6956666666666664,
  "icvs_csf": 0.28315413065689243,
  "icvs_gm": 0.40787567033839855,
  "icvs_wm": 0.308970199004709,
  "inu_med": 0.8345831334590912,
  "inu_range": 0.28639043569564815,
  "provenance": {
    "md5sum": "ed80180207f959e81dea3c1b25c094f5",
    "settings": {
      "testing": false
    },
    "software": "mriqc",
    "version": "23.0.1",
    "warnings": {
      "large_rot_frame": true,
      "small_air_mask": false
    },
    "webapi_port": null,
    "webapi_url": "https://mriqc.nimh.nih.gov/api/v1"
  },
  "qi_1": 3.430830854345799e-05,
  "qi_2": 0.0020342487068628983,
  "rpve_csf": 15.62213967135805,
  "rpve_gm": 10.6280133725094,
  "rpve_wm": 17.003313676380998,
  "size_x": 224,
  "size_y": 300,
  "size_z": 320,
  "snr_csf": 0.6771530893930707,
  "snr_gm": 4.708139530766269,
  "snr_total": 5.613079648584848,
  "snr_wm": 11.453946325595204,
  "snrd_csf": 11.031459173205864,
  "snrd_gm": 58.397628984514924,
  "snrd_total": 66.35870749148346,
  "snrd_wm": 129.6470343167296,
  "spacing_x": 0.75,
  "spacing_y": 0.75,
  "spacing_z": 0.75,
  "summary_bg_k": 31.533156566683203,
  "summary_bg_mad": 0.0,
  "summary_bg_mean": 2.960355079835046,
  "summary_bg_median": 0.0,
  "summary_bg_n": 6313772.0,
  "summary_bg_p05": 0.0,
  "summary_bg_p95": 13.09844983741641,
  "summary_bg_stdv": 5.053395219752499,
  "summary_csf_k": 143.59047952427014,
  "summary_csf_mad": 66.49953173040774,
  "summary_csf_mean": 104.37195548366154,
  "summary_csf_median": 85.09117040783167,
  "summary_csf_n": 115830.0,
  "summary_csf_p05": 15.828647818416357,
  "summary_csf_p95": 234.3273673085492,
  "summary_csf_stdv": 125.65962472787231,
  "summary_gm_k": -0.07261000144211271,
  "summary_gm_mad": 95.55693581260763,
  "summary_gm_mean": 445.77825493307466,
  "summary_gm_median": 450.4501645080745,
  "summary_gm_n": 82476.0,
  "summary_gm_p05": 279.55277184024453,
  "summary_gm_p95": 595.020648073405,
  "summary_gm_stdv": 95.67418950964574,
  "summary_wm_k": 1.7519816783726458,
  "summary_wm_mad": 71.46290257695266,
  "summary_wm_mean": 991.1456873057068,
  "summary_wm_median": 1000.0325176119804,
  "summary_wm_n": 438678.0,
  "summary_wm_p05": 827.7050212398171,
  "summary_wm_p95": 1116.3584530167282,
  "summary_wm_stdv": 87.30889331578209,
  "tpm_overlap_csf": 0.1466626059201211,
  "tpm_overlap_gm": 0.45406565607199745,
  "tpm_overlap_wm": 0.48969406900058027,
  "wm2max": 0.49883268482490273
}