{
  "bids_meta": {
    "AcquisitionMatrixPE": 300,
    "AcquisitionNumber": 1,
    "AcquisitionTime": "15:27:43.505000",
    "BaseResolution": 320,
    "CoilCombinationMethod": "Adaptive Combine",
    "CoilString": "C:HEA;HEP",
    "ConversionSoftware": "dcm2niix",
    "ConversionSoftwareVersion": "v1.0.20211220",
    "Dcm2bidsVersion": "2.1.6",
    "DeviceSerialNumber": "40463",
    "DwellTime": 7.4e-06,
    "EchoTime": 0.00224,
    "FlipAngle": 8,
    "ImageOrientationPatientDICOM": [
      0,
      1,
      0,
      0,
      0,
      -1
    ],
    "ImageOrientationText": "Sag",
    "ImageType": [
      "ORIGINAL",
      "PRIMARY",
      "M",
      "ND"
    ],
    "ImagingFrequency": 123.122,
    "InPlanePhaseEncodingDirectionDICOM": "ROW",
    "InversionTime": 1.06,
    "MRAcquisitionType": "3D",
    "MagneticFieldStrength": 3,
    "Manufacturer": "Siemens",
    "ManufacturersModelName": "Verio",
    "MatrixCoilMode": "GRAPPA",
    "Modality": "MR",
    "ParallelReductionFactorInPlane": 2,
    "PartialFourier": 1,
    "PatientPosition": "HFS",
    "PercentPhaseFOV": 93.75,
    "PercentSampling": 100,
    "PhaseEncodingSteps": 299,
    "PhaseResolution": 1,
    "PixelBandwidth": 211,
    "ProtocolName": "T1w_MPR2_0.8iso",
    "PulseSequenceDetails": "%SiemensSeq%\\tfl",
    "ReceiveCoilName": "32Ch_Head",
    "ReconMatrixPE": 300,
    "RefLinesPE": 32,
    "RepetitionTime": 2.4,
    "SAR": 0.0344832,
    "ScanOptions": "IR\\WE",
    "ScanningSequence": "GR\\IR",
    "SequenceName": "*tfl3d1_ns",
    "SequenceVariant": "SP\\MP",
    "SeriesDescription": "T1w_MPR2_0.8iso",
    "SeriesNumber": 16,
    "ShimSetting": [
      2863,
      7558,
      -15141,
      100,
      1005,
      -1098,
      -522,
      1291
    ],
    "SliceThickness": 0.8,
    "SoftwareVersions": "syngo MR B17",
    "StationName": "MRC40463",
    "TxRefAmp": 459.05,
    "acq_id": "02",
    "dataset": "ds004056",
    "modality": "T1w",
    "session_id": "02",
    "subject_id": "24"
  },
  "cjv": 0.43419693209547094,
  "cnr": 3.1462241182052373,
  "efc": 0.5308364909092069,
  "fber": -1.0,
  "fwhm_avg": 4.506916599508376,
  "fwhm_x": 4.527412432536297,
  "fwhm_y": 4.331349935457856,
  "fwhm_z": 4.661987430530973,
  "icvs_csf": 0.21962038267971673,
  "icvs_gm": 0.41661377667154836,
  "icvs_wm": 0.3637658406487349,
  "inu_med": 0.817914605140686,
  "inu_range": 0.5960018903017043,
  "provenance": {
    "md5sum": "c6f300208b4c97798cc699219a3a0c39",
    "settings": {
      "testing": false
    },
    "software": "mriqc",
    "version": "23.0.1",
    "warnings": {
      "large_rot_frame": true,
      "small_air_mask": false
    },
    "webapi_port": null,
    "webapi_url": "https://mriqc.nimh.nih.gov/api/v1"
  },
  "qi_1": 0.0,
  "qi_2": 0.006207811512290191,
  "rpve_csf": 24.149185729589,
  "rpve_gm": 12.92014192282657,
  "rpve_wm": 16.590936326735527,
  "size_x": 224,
  "size_y": 300,
  "size_z": 320,
  "snr_csf": 2.4012284888453883,
  "snr_gm": 13.937556349347592,
  "snr_total": 12.008169736675177,
  "snr_wm": 19.685724371832546,
  "snrd_csf": 17.92813898269794,
  "snrd_gm": 46.51926977611756,
  "snrd_total": 41.81419482142686,
  "snrd_wm": 60.99517570546507,
  "spacing_x": 0.800000011920929,
  "spacing_y": 0.800000011920929,
  "spacing_z": 0.800000011920929,
  "summary_bg_k": 4.7383498640456825,
  "summary_bg_mad": 0.0,
  "summary_bg_mean": 6.768958358151324,
  "summary_bg_median": 0.0,
  "summary_bg_n": 6488058.0,
  "summary_bg_p05": 0.0,
  "summary_bg_p95": 29.708545949310064,
  "summary_bg_stdv": 10.741294340671232,
  "summary_csf_k": 61.905178170600834,
  "summary_csf_mad": 70.90494360118507,
  "summary_csf_mean": 308.50300075822133,
  "summary_csf_median": 293.94095304980874,
  "summary_csf_n": 132821.0,
  "summary_csf_p05": 172.85398851707578,
  "summary_csf_p95": 488.4779561460018,
  "summary_csf_stdv": 122.41227683361677,
  "summary_gm_k": 0.15312281304803,
  "summary_gm_mad": 54.48338649629824,
  "summary_gm_mean": 761.3127971017236,
  "summary_gm_median": 762.7070777602494,
  "summary_gm_n": 67544.0,
  "summary_gm_p05": 669.5452077612281,
  "summary_gm_p95": 848.3526387011632,
  "summary_gm_stdv": 54.722751436506485,
  "summary_wm_k": 0.32160941809058397,
  "summary_wm_mad": 48.568842623775446,
  "summary_wm_mean": 1002.7934351188442,
  "summary_wm_median": 1000.0469148308039,
  "summary_wm_n": 412729.0,
  "summary_wm_p05": 923.8747662119567,
  "summary_wm_p95": 1091.5191992782056,
  "summary_wm_stdv": 50.80055396668475,
  "tpm_overlap_csf": 0.15417047293103034,
  "tpm_overlap_gm": 0.433124232311071,
  "tpm_overlap_wm": 0.48985005320244024,
  "wm2max": 0.5749129859968163
}