{
  "bids_meta": {
    "AcquisitionMatrixPE": 302,
    "AcquisitionNumber": 1,
    "AcquisitionTime": "15:21:41.217500",
    "BaseResolution": 320,
    "CoilCombinationMethod": "Adaptive Combine",
    "CoilString": "C:HEA;HEP",
    "ConversionSoftware": "dcm2niix",
    "ConversionSoftwareVersion": "v1.0.20211220",
    "Dcm2bidsVersion": "2.1.6",
    "DeviceSerialNumber": "40463",
    "DwellTime": 2.1e-06,
    "EchoTime": 0.56,
    "EchoTrainLength": 167,
    "FlipAngle": 120,
    "ImageOrientationPatientDICOM": [
      0,
      1,
      0,
      0,
      0,
      -1
    ],
    "ImageOrientationText": "Sag",
    "ImageType": [
      "ORIGINAL",
      "PRIMARY",
      "M",
      "ND"
    ],
    "ImagingFrequency": 123.122,
    "InPlanePhaseEncodingDirectionDICOM": "ROW",
    "MRAcquisitionType": "3D",
    "MagneticFieldStrength": 3,
    "Manufacturer": "Siemens",
    "ManufacturersModelName": "Verio",
    "MatrixCoilMode": "GRAPPA",
    "Modality": "MR",
    "ParallelReductionFactorInPlane": 2,
    "PartialFourier": 1,
    "PatientPosition": "HFS",
    "PercentPhaseFOV": 93.75,
    "PercentSampling": 100.667,
    "PhaseEncodingDirection": "i",
    "PhaseEncodingSteps": 290,
    "PhaseResolution": 1.00667,
    "PixelBandwidth": 744,
    "ProtocolName": "T2w_SPC1_0.8iso",
    "PulseSequenceDetails": "%SiemensSeq%\\tse_vfl",
    "ReceiveCoilName": "32Ch_Head",
    "ReconMatrixPE": 300,
    "RefLinesPE": 32,
    "RepetitionTime": 3.2,
    "SAR": 0.113018,
    "ScanOptions": "PFP",
    "ScanningSequence": "SE",
    "SequenceName": "*spc3d1_334ns",
    "SequenceVariant": "SK\\SP",
    "SeriesDescription": "T2w_SPC1_0.8iso",
    "SeriesNumber": 15,
    "ShimSetting": [
      2863,
      7558,
      -15141,
      100,
      1005,
      -1098,
      -522,
      1291
    ],
    "SliceThickness": 0.8,
    "SoftwareVersions": "syngo MR B17",
    "SpoilingState": true,
    "StationName": "MRC40463",
    "TxRefAmp": 459.05,
    "acq_id": "01",
    "dataset": "ds004056",
    "modality": "T2w",
    "session_id": "02",
    "subject_id": "24"
  },
  "cjv": 0.2432462514746895,
  "cnr": 2.379098731496119,
  "efc": 0.4826684567482124,
  "fber": -1.0,
  "fwhm_avg": 2.8893874569447724,
  "fwhm_x": 2.81981245798152,
  "fwhm_y": 3.0886374539757155,
  "fwhm_z": 2.75971245887708,
  "icvs_csf": 0.29220668657327087,
  "icvs_gm": 0.5877558157084175,
  "icvs_wm": 0.12003749771831167,
  "inu_med": 0.9050078988075256,
  "inu_range": 0.5751212179660797,
  "provenance": {
    "md5sum": "6fd8f40438ffc9e7e4a92a8488d869d2",
    "settings": {
      "testing": false
    },
    "software": "mriqc",
    "version": "23.0.1",
    "warnings": {
      "large_rot_frame": true,
      "small_air_mask": false
    },
    "webapi_port": null,
    "webapi_url": "https://mriqc.nimh.nih.gov/api/v1"
  },
  "qi_1": 0.0,
  "qi_2": 0.012337848613594233,
  "rpve_csf": 15.319262853731482,
  "rpve_gm": 10.13307666555072,
  "rpve_wm": 51.98223474342032,
  "size_x": 224,
  "size_y": 300,
  "size_z": 320,
  "snr_csf": 4.815940397821284,
  "snr_gm": 7.3613607940997605,
  "snr_total": 5.2607161735473555,
  "snr_wm": 3.604847328721023,
  "snrd_csf": 68.55061412885391,
  "snrd_gm": 32.68061473975122,
  "snrd_total": 66.63248534248645,
  "snrd_wm": 98.6662271588542,
  "spacing_x": 0.800000011920929,
  "spacing_y": 0.800000011920929,
  "spacing_z": 0.800000011920929,
  "summary_bg_k": 8.54267663678073,
  "summary_bg_mad": 0.0,
  "summary_bg_mean": 3.9377579474353244,
  "summary_bg_median": 0.0,
  "summary_bg_n": 6515332.0,
  "summary_bg_p05": 0.0,
  "summary_bg_p95": 19.77054165676236,
  "summary_bg_stdv": 6.639156187690934,
  "summary_csf_k": -0.9301269214996353,
  "summary_csf_mad": 191.1283747956369,
  "summary_csf_mean": 696.8730485286541,
  "summary_csf_median": 694.6923327166587,
  "summary_csf_n": 57380.0,
  "summary_csf_p05": 492.3386369822547,
  "summary_csf_p95": 903.3723700046539,
  "summary_csf_stdv": 144.24727506353832,
  "summary_gm_k": 1.384463312892648,
  "summary_gm_mad": 40.37681416484598,
  "summary_gm_mean": 334.6887188568884,
  "summary_gm_median": 331.18554482236505,
  "summary_gm_n": 556874.0,
  "summary_gm_p05": 268.3045606315136,
  "summary_gm_p95": 413.7211823835969,
  "summary_gm_stdv": 44.989677414859074,
  "summary_wm_k": 3.6581594380006788,
  "summary_wm_mad": 122.28161123881227,
  "summary_wm_mean": 926.1419382072538,
  "summary_wm_median": 999.8841349035501,
  "summary_wm_n": 41784.0,
  "summary_wm_p05": 123.72928783856332,
  "summary_wm_p95": 1179.3487351946533,
  "summary_wm_stdv": 277.3687978265353,
  "tpm_overlap_csf": 0.11962929656159409,
  "tpm_overlap_gm": 0.3762175986181179,
  "tpm_overlap_wm": 0.02565343855289478,
  "wm2max": 0.8639923007350738
}