{
  "bids_meta": {
    "AcquisitionMatrixPE": 300,
    "AcquisitionNumber": 1,
    "AcquisitionTime": "15:15:0.890000",
    "BaseResolution": 320,
    "CoilCombinationMethod": "Adaptive Combine",
    "CoilString": "C:HEA;HEP",
    "ConversionSoftware": "dcm2niix",
    "ConversionSoftwareVersion": "v1.0.20211220",
    "Dcm2bidsVersion": "2.1.6",
    "DeviceSerialNumber": "40463",
    "DwellTime": 7.4e-06,
    "EchoTime": 0.00224,
    "FlipAngle": 8,
    "ImageOrientationPatientDICOM": [
      0,
      1,
      0,
      0,
      0,
      -1
    ],
    "ImageOrientationText": "Sag",
    "ImageType": [
      "ORIGINAL",
      "PRIMARY",
      "M",
      "ND"
    ],
    "ImagingFrequency": 123.122,
    "InPlanePhaseEncodingDirectionDICOM": "ROW",
    "InversionTime": 1.06,
    "MRAcquisitionType": "3D",
    "MagneticFieldStrength": 3,
    "Manufacturer": "Siemens",
    "ManufacturersModelName": "Verio",
    "MatrixCoilMode": "GRAPPA",
    "Modality": "MR",
    "ParallelReductionFactorInPlane": 2,
    "PartialFourier": 1,
    "PatientPosition": "HFS",
    "PercentPhaseFOV": 93.75,
    "PercentSampling": 100,
    "PhaseEncodingSteps": 299,
    "PhaseResolution": 1,
    "PixelBandwidth": 211,
    "ProtocolName": "T1w_MPR1_0.8iso",
    "PulseSequenceDetails": "%SiemensSeq%\\tfl",
    "ReceiveCoilName": "32Ch_Head",
    "ReconMatrixPE": 300,
    "RefLinesPE": 32,
    "RepetitionTime": 2.4,
    "SAR": 0.0344832,
    "ScanOptions": "IR\\WE",
    "ScanningSequence": "GR\\IR",
    "SequenceName": "*tfl3d1_ns",
    "SequenceVariant": "SP\\MP",
    "SeriesDescription": "T1w_MPR1_0.8iso",
    "SeriesNumber": 14,
    "ShimSetting": [
      2863,
      7558,
      -15141,
      100,
      1005,
      -1098,
      -522,
      1291
    ],
    "SliceThickness": 0.8,
    "SoftwareVersions": "syngo MR B17",
    "StationName": "MRC40463",
    "TxRefAmp": 459.05,
    "acq_id": "01",
    "dataset": "ds004056",
    "modality": "T1w",
    "session_id": "02",
    "subject_id": "24"
  },
  "cjv": 0.41930431379620103,
  "cnr": 3.2419402624541873,
  "efc": 0.5284139424590681,
  "fber": -1.0,
  "fwhm_avg": 4.503774932888523,
  "fwhm_x": 4.531312432478183,
  "fwhm_y": 4.324699935556949,
  "fwhm_z": 4.655312430630439,
  "icvs_csf": 0.21967452718271646,
  "icvs_gm": 0.42039538692940304,
  "icvs_wm": 0.3599300858878805,
  "inu_med": 0.7972094714641571,
  "inu_range": 0.5906860649585723,
  "provenance": {
    "md5sum": "a774c1f627590ba67a4d85c562c34ed9",
    "settings": {
      "testing": false
    },
    "software": "mriqc",
    "version": "23.0.1",
    "warnings": {
      "large_rot_frame": true,
      "small_air_mask": false
    },
    "webapi_port": null,
    "webapi_url": "https://mriqc.nimh.nih.gov/api/v1"
  },
  "qi_1": 0.0,
  "qi_2": 0.006288844878353601,
  "rpve_csf": 24.241995029892102,
  "rpve_gm": 12.926338161544622,
  "rpve_wm": 16.871970442804837,
  "size_x": 224,
  "size_y": 300,
  "size_z": 320,
  "snr_csf": 2.3981029673556313,
  "snr_gm": 14.20773451612452,
  "snr_total": 12.489577910998468,
  "snr_wm": 20.862896249515252,
  "snrd_csf": 18.913655115136244,
  "snrd_gm": 48.887014863356825,
  "snrd_total": 43.92678001993199,
  "snrd_wm": 63.979670081302906,
  "spacing_x": 0.800000011920929,
  "spacing_y": 0.800000011920929,
  "spacing_z": 0.800000011920929,
  "summary_bg_k": 4.666241780917197,
  "summary_bg_mad": 0.0,
  "summary_bg_mean": 6.473406624519043,
  "summary_bg_median": 0.0,
  "summary_bg_n": 6495587.0,
  "summary_bg_p05": 0.0,
  "summary_bg_p95": 28.34399276971817,
  "summary_bg_stdv": 10.240230036829072,
  "summary_csf_k": 57.69843802528668,
  "summary_csf_mad": 69.58331800799468,
  "summary_csf_mean": 312.3204272692725,
  "summary_csf_median": 295.6333661451936,
  "summary_csf_n": 133447.0,
  "summary_csf_p05": 181.19909663498402,
  "summary_csf_p95": 495.8680306516586,
  "summary_csf_stdv": 123.27754999956676,
  "summary_gm_k": 0.16687842174750545,
  "summary_gm_mad": 53.14255365512534,
  "summary_gm_mean": 762.7279852202936,
  "summary_gm_median": 764.1374804005027,
  "summary_gm_n": 75076.0,
  "summary_gm_p05": 672.6981952842325,
  "summary_gm_p95": 848.1571732535958,
  "summary_gm_stdv": 53.782845563690096,
  "summary_wm_k": 0.3502472883880148,
  "summary_wm_mad": 45.77490821898473,
  "summary_wm_mean": 1001.9258241572937,
  "summary_wm_median": 1000.0460046380758,
  "summary_wm_n": 409269.0,
  "summary_wm_p05": 926.747335024178,
  "summary_wm_p95": 1084.341775342822,
  "summary_wm_stdv": 47.93413009059001,
  "tpm_overlap_csf": 0.15466191699506024,
  "tpm_overlap_gm": 0.43542890501433784,
  "tpm_overlap_wm": 0.4913843349460887,
  "wm2max": 0.5924007849978195
}