{
  "bids_meta": {
    "AcquisitionMatrixPE": 300,
    "AcquisitionNumber": 1,
    "AcquisitionTime": "18:58:45.505000",
    "BaseResolution": 320,
    "CoilCombinationMethod": "Adaptive Combine",
    "CoilString": "C:HEA;HEP",
    "ConversionSoftware": "dcm2niix",
    "ConversionSoftwareVersion": "v1.0.20211220",
    "Dcm2bidsVersion": "2.1.6",
    "DeviceSerialNumber": "40463",
    "DwellTime": 7.4e-06,
    "EchoTime": 0.00224,
    "FlipAngle": 8,
    "ImageOrientationPatientDICOM": [
      0,
      1,
      0,
      0,
      0,
      -1
    ],
    "ImageOrientationText": "Sag",
    "ImageType": [
      "ORIGINAL",
      "PRIMARY",
      "M",
      "ND"
    ],
    "ImagingFrequency": 123.122,
    "InPlanePhaseEncodingDirectionDICOM": "ROW",
    "InversionTime": 1.06,
    "MRAcquisitionType": "3D",
    "MagneticFieldStrength": 3,
    "Manufacturer": "Siemens",
    "ManufacturersModelName": "Verio",
    "MatrixCoilMode": "GRAPPA",
    "Modality": "MR",
    "ParallelReductionFactorInPlane": 2,
    "PartialFourier": 1,
    "PatientPosition": "HFS",
    "PercentPhaseFOV": 93.75,
    "PercentSampling": 100,
    "PhaseEncodingSteps": 299,
    "PhaseResolution": 1,
    "PixelBandwidth": 211,
    "ProtocolName": "T1w_MPR2_0.8iso",
    "PulseSequenceDetails": "%SiemensSeq%\\tfl",
    "ReceiveCoilName": "32Ch_Head",
    "ReconMatrixPE": 300,
    "RefLinesPE": 32,
    "RepetitionTime": 2.4,
    "SAR": 0.0279045,
    "ScanOptions": "IR\\WE",
    "ScanningSequence": "GR\\IR",
    "SequenceName": "*tfl3d1_ns",
    "SequenceVariant": "SP\\MP",
    "SeriesDescription": "T1w_MPR2_0.8iso",
    "SeriesNumber": 18,
    "ShimSetting": [
      2850,
      7649,
      -15130,
      13,
      1094,
      -683,
      -331,
      1210
    ],
    "SliceThickness": 0.8,
    "SoftwareVersions": "syngo MR B17",
    "StationName": "MRC40463",
    "TxRefAmp": 466.27,
    "acq_id": "02",
    "dataset": "ds004056",
    "modality": "T1w",
    "session_id": "02",
    "subject_id": "03"
  },
  "cjv": 0.45928138639463234,
  "cnr": 2.9606640073451547,
  "efc": 0.5381795838492544,
  "fber": 12148.448400000001,
  "fwhm_avg": 4.448391600380466,
  "fwhm_x": 4.38647493463643,
  "fwhm_y": 4.370537434873917,
  "fwhm_z": 4.588162431631051,
  "icvs_csf": 0.20375544119113304,
  "icvs_gm": 0.41440983866188386,
  "icvs_wm": 0.3818347201469831,
  "inu_med": 0.8765517473220825,
  "inu_range": 0.5811787664890292,
  "provenance": {
    "md5sum": "2a502b8259e22360339b89aea8362c3d",
    "settings": {
      "testing": false
    },
    "software": "mriqc",
    "version": "23.0.1",
    "warnings": {
      "large_rot_frame": true,
      "small_air_mask": false
    },
    "webapi_port": null,
    "webapi_url": "https://mriqc.nimh.nih.gov/api/v1"
  },
  "qi_1": 0.0,
  "qi_2": 0.004768590780015381,
  "rpve_csf": 26.483901735679282,
  "rpve_gm": 12.811101895534046,
  "rpve_wm": 15.439170465848656,
  "size_x": 224,
  "size_y": 300,
  "size_z": 320,
  "snr_csf": 2.5251506413362192,
  "snr_gm": 13.703448195819725,
  "snr_total": 10.926543805943107,
  "snr_wm": 16.55103258067338,
  "snrd_csf": 24.011399364304697,
  "snrd_gm": 60.450295616324816,
  "snrd_total": 54.850679034535126,
  "snrd_wm": 80.09034212297587,
  "spacing_x": 0.800000011920929,
  "spacing_y": 0.800000011920929,
  "spacing_z": 0.800000011920929,
  "summary_bg_k": 3.6386777175907623,
  "summary_bg_mad": 8.180340645562836,
  "summary_bg_mean": 10.017133068094925,
  "summary_bg_median": 5.517555918544531,
  "summary_bg_n": 6517118.0,
  "summary_bg_p05": 0.0,
  "summary_bg_p95": 37.07250381633639,
  "summary_bg_stdv": 13.274592978970354,
  "summary_csf_k": 26.89820326708999,
  "summary_csf_mad": 76.12449228846077,
  "summary_csf_mean": 306.4312443679625,
  "summary_csf_median": 299.81760466471314,
  "summary_csf_n": 103106.0,
  "summary_csf_p05": 115.23027938976884,
  "summary_csf_p95": 491.1080763861537,
  "summary_csf_stdv": 118.73198605432384,
  "summary_gm_k": 0.08349276928177751,
  "summary_gm_mad": 55.09898864573315,
  "summary_gm_mean": 754.4981497836751,
  "summary_gm_median": 754.8107695840299,
  "summary_gm_n": 69235.0,
  "summary_gm_p05": 664.1130941957235,
  "summary_gm_p95": 843.6844595447183,
  "summary_gm_stdv": 55.08141510810468,
  "summary_wm_k": 0.3803187587924901,
  "summary_wm_mad": 57.53280900309069,
  "summary_wm_mean": 1006.0478036831852,
  "summary_wm_median": 1000.0456103272736,
  "summary_wm_n": 376022.0,
  "summary_wm_p05": 917.4646700918674,
  "summary_wm_p95": 1115.8230853453279,
  "summary_wm_stdv": 60.42186647158556,
  "tpm_overlap_csf": 0.15705073892349763,
  "tpm_overlap_gm": 0.44564799063756255,
  "tpm_overlap_wm": 0.46937524368862704,
  "wm2max": 0.5569636326696464
}