{
  "bids_meta": {
    "AcquisitionMatrixPE": 300,
    "AcquisitionNumber": 1,
    "AcquisitionTime": "17:02:34.442500",
    "BaseResolution": 320,
    "CoilCombinationMethod": "Adaptive Combine",
    "CoilString": "C:A32",
    "ConversionSoftware": "dcm2niix",
    "ConversionSoftwareVersion": "v1.0.20211220",
    "Dcm2bidsVersion": "2.1.6",
    "DeviceSerialNumber": "18981",
    "DwellTime": 6.5e-06,
    "EchoTime": 0.00299,
    "ImageComments": "DENOISED IMAGE (lambda = 150)",
    "ImageOrientationPatientDICOM": [
      0,
      1,
      0,
      0,
      0,
      -1
    ],
    "ImageOrientationText": "Sag",
    "ImageType": [
      "ORIGINAL",
      "PRIMARY",
      "M",
      "ND",
      "UNI"
    ],
    "ImagingFrequency": 297.223,
    "InPlanePhaseEncodingDirectionDICOM": "ROW",
    "MRAcquisitionType": "3D",
    "MagneticFieldStrength": 6.98,
    "Manufacturer": "Siemens",
    "ManufacturersModelName": "Investigational_Device_7T",
    "MatrixCoilMode": "GRAPPA",
    "Modality": "MR",
    "ParallelReductionFactorInPlane": 3,
    "PartialFourier": 0.75,
    "PatientPosition": "HFS",
    "PercentPhaseFOV": 93.75,
    "PercentSampling": 100,
    "PhaseEncodingSteps": 226,
    "PhaseResolution": 1,
    "PixelBandwidth": 240,
    "ProtocolName": "mp2rage-wip900_0.75iso_7T",
    "PulseSequenceDetails": "%CustomerSeq%\\tfl_wip900b17a",
    "ReceiveCoilName": "32Ch_Head_7T",
    "ReconMatrixPE": 300,
    "RefLinesPE": 32,
    "RepetitionTime": 6,
    "SAR": 0.0528709,
    "ScanOptions": "IR\\PFP",
    "ScanningSequence": "GR\\IR",
    "SequenceName": "tfl3d1_ns",
    "SequenceVariant": "SP\\MP",
    "SeriesDescription": "mp2rage-wip900_0.75iso_7T_UNI-DEN",
    "SeriesNumber": 25,
    "ShimSetting": [
      -65,
      62,
      879,
      345,
      -546,
      -59,
      -547,
      125
    ],
    "SliceThickness": 0.75,
    "SoftwareVersions": "syngo MR B17",
    "StationName": "MRC18981",
    "TxRefAmp": 211.262,
    "acq_id": "MP2R",
    "dataset": "ds004056",
    "modality": "T1w",
    "session_id": "01",
    "subject_id": "23"
  },
  "cjv": 0.2954253397897242,
  "cnr": 4.72301280323028,
  "efc": 0.5022578852408122,
  "fber": -1.0,
  "fwhm_avg": 4.290986666666667,
  "fwhm_x": 4.32536,
  "fwhm_y": 4.703666666666667,
  "fwhm_z": 3.8439333333333336,
  "icvs_csf": 0.3129938399655731,
  "icvs_gm": 0.37733908988783704,
  "icvs_wm": 0.30966707014658984,
  "inu_med": 0.7347683310508728,
  "inu_range": 0.10959573388099664,
  "provenance": {
    "md5sum": "630ed402a7a92383d2765b8dd998983d",
    "settings": {
      "testing": false
    },
    "software": "mriqc",
    "version": "23.0.1",
    "warnings": {
      "large_rot_frame": true,
      "small_air_mask": false
    },
    "webapi_port": null,
    "webapi_url": "https://mriqc.nimh.nih.gov/api/v1"
  },
  "qi_1": 0.00016539658689964027,
  "qi_2": 0.0006028466866647578,
  "rpve_csf": 12.894978056994079,
  "rpve_gm": 9.800929130200641,
  "rpve_wm": 15.260452914961723,
  "size_x": 224,
  "size_y": 300,
  "size_z": 320,
  "snr_csf": 1.0485699504021162,
  "snr_gm": 4.711951502796629,
  "snr_total": 7.326778051159834,
  "snr_wm": 16.219812700280755,
  "snrd_csf": 5.902462610674781,
  "snrd_gm": 36.565570261098486,
  "snrd_total": 40.86351997481136,
  "snrd_wm": 80.12252705266081,
  "spacing_x": 0.75,
  "spacing_y": 0.75,
  "spacing_z": 0.75,
  "summary_bg_k": 359.71722984245787,
  "summary_bg_mad": 0.0,
  "summary_bg_mean": 3.586570565986611,
  "summary_bg_median": 0.0,
  "summary_bg_n": 6564416.0,
  "summary_bg_p05": 0.0,
  "summary_bg_p95": 13.374517122283578,
  "summary_bg_stdv": 8.176681536941627,
  "summary_csf_k": 100.28331761201589,
  "summary_csf_mad": 55.274157343245086,
  "summary_csf_mean": 88.17083996866755,
  "summary_csf_median": 73.66795227862895,
  "summary_csf_n": 130735.0,
  "summary_csf_p05": 14.48648621328175,
  "summary_csf_p95": 204.6332007739693,
  "summary_csf_stdv": 70.25537066411842,
  "summary_gm_k": 0.8764535020722692,
  "summary_gm_mad": 105.28192852702605,
  "summary_gm_mean": 453.7845464883677,
  "summary_gm_median": 456.3706477638334,
  "summary_gm_n": 108652.0,
  "summary_gm_p05": 295.5366739630699,
  "summary_gm_p95": 607.6741198138333,
  "summary_gm_stdv": 96.85340507849853,
  "summary_wm_k": 1.3366015435242193,
  "summary_wm_mad": 55.31995200550129,
  "summary_wm_mean": 995.3553509553054,
  "summary_wm_median": 999.9999811407179,
  "summary_wm_n": 549249.0,
  "summary_wm_p05": 886.993033464998,
  "summary_wm_p95": 1087.1042266022414,
  "summary_wm_stdv": 61.65293578199474,
  "tpm_overlap_csf": 0.14261321458703433,
  "tpm_overlap_gm": 0.42503955949976785,
  "tpm_overlap_wm": 0.4782614769077949,
  "wm2max": 0.546265987243951
}