{
  "bids_meta": {
    "AcquisitionMatrixPE": 300,
    "AcquisitionNumber": 1,
    "AcquisitionTime": "16:12:36.770000",
    "BaseResolution": 320,
    "CoilCombinationMethod": "Adaptive Combine",
    "CoilString": "C:A32",
    "ConversionSoftware": "dcm2niix",
    "ConversionSoftwareVersion": "v1.0.20211220",
    "Dcm2bidsVersion": "2.1.6",
    "DeviceSerialNumber": "18981",
    "DwellTime": 6.5e-06,
    "EchoTime": 0.00299,
    "ImageComments": "DENOISED IMAGE (lambda = 150)",
    "ImageOrientationPatientDICOM": [
      0,
      1,
      0,
      0,
      0,
      -1
    ],
    "ImageOrientationText": "Sag",
    "ImageType": [
      "ORIGINAL",
      "PRIMARY",
      "M",
      "ND",
      "UNI"
    ],
    "ImagingFrequency": 297.224,
    "InPlanePhaseEncodingDirectionDICOM": "ROW",
    "MRAcquisitionType": "3D",
    "MagneticFieldStrength": 6.98,
    "Manufacturer": "Siemens",
    "ManufacturersModelName": "Investigational_Device_7T",
    "MatrixCoilMode": "GRAPPA",
    "Modality": "MR",
    "ParallelReductionFactorInPlane": 3,
    "PartialFourier": 0.75,
    "PatientPosition": "HFS",
    "PercentPhaseFOV": 93.75,
    "PercentSampling": 100,
    "PhaseEncodingSteps": 226,
    "PhaseResolution": 1,
    "PixelBandwidth": 240,
    "ProtocolName": "mp2rage-wip900_0.75iso_7T",
    "PulseSequenceDetails": "%CustomerSeq%\\tfl_wip900b17a",
    "ReceiveCoilName": "32Ch_Head_7T",
    "ReconMatrixPE": 300,
    "RefLinesPE": 32,
    "RepetitionTime": 6,
    "SAR": 0.0505948,
    "ScanOptions": "IR\\PFP",
    "ScanningSequence": "GR\\IR",
    "SequenceName": "tfl3d1_ns",
    "SequenceVariant": "SP\\MP",
    "SeriesDescription": "mp2rage-wip900_0.75iso_7T_UNI-DEN",
    "SeriesNumber": 27,
    "ShimSetting": [
      15,
      30,
      797,
      394,
      -51,
      72,
      -745,
      129
    ],
    "SliceThickness": 0.75,
    "SoftwareVersions": "syngo MR B17",
    "StationName": "MRC18981",
    "TxRefAmp": 192.604,
    "acq_id": "MP2R",
    "dataset": "ds004056",
    "modality": "T1w",
    "session_id": "01",
    "subject_id": "18"
  },
  "cjv": 0.30043408055985465,
  "cnr": 4.460935133174894,
  "efc": 0.47292667338605704,
  "fber": -1.0,
  "fwhm_avg": 4.420164444444445,
  "fwhm_x": 4.4891733333333335,
  "fwhm_y": 4.806173333333333,
  "fwhm_z": 3.965146666666667,
  "icvs_csf": 0.3017713632841543,
  "icvs_gm": 0.37075445577666366,
  "icvs_wm": 0.327474180939182,
  "inu_med": 0.8325181603431702,
  "inu_range": 0.1934214353561401,
  "provenance": {
    "md5sum": "d5c0d549d984b67eb7ee8aa7db39ce1d",
    "settings": {
      "testing": false
    },
    "software": "mriqc",
    "version": "23.0.1",
    "warnings": {
      "large_rot_frame": true,
      "small_air_mask": false
    },
    "webapi_port": null,
    "webapi_url": "https://mriqc.nimh.nih.gov/api/v1"
  },
  "qi_1": 2.7974823868240695e-05,
  "qi_2": 0.0006016327512864628,
  "rpve_csf": 15.47146998978264,
  "rpve_gm": 11.449084388945415,
  "rpve_wm": 16.605814865881076,
  "size_x": 224,
  "size_y": 300,
  "size_z": 320,
  "snr_csf": 1.1434114558185917,
  "snr_gm": 4.9449701468738,
  "snr_total": 6.419486251392553,
  "snr_wm": 13.17007715148527,
  "snrd_csf": 4.703821008820839,
  "snrd_gm": 24.21926784649972,
  "snrd_total": 27.15836033746457,
  "snrd_wm": 52.551992157073144,
  "spacing_x": 0.75,
  "spacing_y": 0.75,
  "spacing_z": 0.75,
  "summary_bg_k": 104.11077242566593,
  "summary_bg_mad": 0.0,
  "summary_bg_mean": 5.076930039246657,
  "summary_bg_median": 0.0,
  "summary_bg_n": 6244465.0,
  "summary_bg_p05": 0.0,
  "summary_bg_p95": 21.257267117500305,
  "summary_bg_stdv": 12.466820025305863,
  "summary_csf_k": 41.62383493066558,
  "summary_csf_mad": 68.77866291462523,
  "summary_csf_mean": 104.58501746812603,
  "summary_csf_median": 89.51065754890442,
  "summary_csf_n": 134975.0,
  "summary_csf_p05": 15.20106565952301,
  "summary_csf_p95": 245.8212171792984,
  "summary_csf_stdv": 78.28356582438643,
  "summary_gm_k": -0.25955050189118234,
  "summary_gm_mad": 97.06231672416432,
  "summary_gm_mean": 461.5638128522473,
  "summary_gm_median": 460.87693095207214,
  "summary_gm_n": 62839.0,
  "summary_gm_p05": 310.0775146484375,
  "summary_gm_p95": 614.5833239555359,
  "summary_gm_stdv": 93.20041377881401,
  "summary_wm_k": 1.66510894459869,
  "summary_wm_mad": 64.91771969618021,
  "summary_wm_mean": 995.8298345703411,
  "summary_wm_median": 1000.0302657485008,
  "summary_wm_n": 483986.0,
  "summary_wm_p05": 864.0382620096207,
  "summary_wm_p95": 1110.8284714221954,
  "summary_wm_stdv": 75.93191908645626,
  "tpm_overlap_csf": 0.1367101946289079,
  "tpm_overlap_gm": 0.41982418221527457,
  "tpm_overlap_wm": 0.47990830056362455,
  "wm2max": 0.5173007941604925
}