{
  "bids_meta": {
    "AcquisitionMatrixPE": 300,
    "AcquisitionNumber": 1,
    "AcquisitionTime": "15:18:35.412500",
    "BaseResolution": 320,
    "CoilCombinationMethod": "Adaptive Combine",
    "CoilString": "C:A32",
    "ConversionSoftware": "dcm2niix",
    "ConversionSoftwareVersion": "v1.0.20211220",
    "Dcm2bidsVersion": "2.1.6",
    "DeviceSerialNumber": "18981",
    "DwellTime": 6.5e-06,
    "EchoTime": 0.00299,
    "ImageComments": "DENOISED IMAGE (lambda = 150)",
    "ImageOrientationPatientDICOM": [
      0,
      1,
      0,
      0,
      0,
      -1
    ],
    "ImageOrientationText": "Sag",
    "ImageType": [
      "ORIGINAL",
      "PRIMARY",
      "M",
      "ND",
      "UNI"
    ],
    "ImagingFrequency": 297.223,
    "InPlanePhaseEncodingDirectionDICOM": "ROW",
    "MRAcquisitionType": "3D",
    "MagneticFieldStrength": 6.98,
    "Manufacturer": "Siemens",
    "ManufacturersModelName": "Investigational_Device_7T",
    "MatrixCoilMode": "GRAPPA",
    "Modality": "MR",
    "ParallelReductionFactorInPlane": 3,
    "PartialFourier": 0.75,
    "PatientPosition": "HFS",
    "PercentPhaseFOV": 93.75,
    "PercentSampling": 100,
    "PhaseEncodingSteps": 226,
    "PhaseResolution": 1,
    "PixelBandwidth": 240,
    "ProtocolName": "mp2rage-wip900_0.75iso_7T",
    "PulseSequenceDetails": "%CustomerSeq%\\tfl_wip900b17a",
    "ReceiveCoilName": "32Ch_Head_7T",
    "ReconMatrixPE": 300,
    "RefLinesPE": 32,
    "RepetitionTime": 6,
    "SAR": 0.0638674,
    "ScanOptions": "IR\\PFP",
    "ScanningSequence": "GR\\IR",
    "SequenceName": "tfl3d1_ns",
    "SequenceVariant": "SP\\MP",
    "SeriesDescription": "mp2rage-wip900_0.75iso_7T_UNI-DEN",
    "SeriesNumber": 27,
    "ShimSetting": [
      -19,
      64,
      850,
      390,
      -84,
      15,
      -544,
      248
    ],
    "SliceThickness": 0.75,
    "SoftwareVersions": "syngo MR B17",
    "StationName": "MRC18981",
    "TxRefAmp": 200,
    "acq_id": "MP2R",
    "dataset": "ds004056",
    "modality": "T1w",
    "session_id": "01",
    "subject_id": "20"
  },
  "cjv": 0.2637980764083936,
  "cnr": 4.661703450851175,
  "efc": 0.47615930798701145,
  "fber": -1.0,
  "fwhm_avg": 4.3857333333333335,
  "fwhm_x": 4.560106666666667,
  "fwhm_y": 4.710826666666667,
  "fwhm_z": 3.8862666666666663,
  "icvs_csf": 0.2688290651223046,
  "icvs_gm": 0.40475562292731126,
  "icvs_wm": 0.32641531195038415,
  "inu_med": 0.6343407034873962,
  "inu_range": 0.10599162578582766,
  "provenance": {
    "md5sum": "d9ce9305612e44162394efe5bf7d4c06",
    "settings": {
      "testing": false
    },
    "software": "mriqc",
    "version": "23.0.1",
    "warnings": {
      "large_rot_frame": true,
      "small_air_mask": false
    },
    "webapi_port": null,
    "webapi_url": "https://mriqc.nimh.nih.gov/api/v1"
  },
  "qi_1": 1.5152111021049687e-05,
  "qi_2": 0.001098306695350454,
  "rpve_csf": 16.99418076028363,
  "rpve_gm": 11.098794179668808,
  "rpve_wm": 17.283999210205184,
  "size_x": 224,
  "size_y": 300,
  "size_z": 320,
  "snr_csf": 0.8720293648771151,
  "snr_gm": 4.830565734297264,
  "snr_total": 6.3764762892018245,
  "snr_wm": 13.426833768431093,
  "snrd_csf": 8.9274861093474,
  "snrd_gm": 53.49934949872932,
  "snrd_total": 60.771552460112424,
  "snrd_wm": 119.88782177226057,
  "spacing_x": 0.75,
  "spacing_y": 0.75,
  "spacing_z": 0.75,
  "summary_bg_k": 104.54881301417922,
  "summary_bg_mad": 0.0,
  "summary_bg_mean": 2.960810411029189,
  "summary_bg_median": 0.0,
  "summary_bg_n": 5534846.0,
  "summary_bg_p05": 0.0,
  "summary_bg_p95": 11.686479952186346,
  "summary_bg_stdv": 5.464578389579946,
  "summary_csf_k": 162.84299987326813,
  "summary_csf_mad": 58.42325889377633,
  "summary_csf_mean": 89.54368387610063,
  "summary_csf_median": 74.46532915346324,
  "summary_csf_n": 103703.0,
  "summary_csf_p05": 13.528683688491583,
  "summary_csf_p95": 204.45295185316337,
  "summary_csf_stdv": 85.39273230940948,
  "summary_gm_k": -0.24198815915942085,
  "summary_gm_mad": 94.44168877423449,
  "summary_gm_mean": 442.1178605747213,
  "summary_gm_median": 446.24507068656385,
  "summary_gm_n": 65158.0,
  "summary_gm_p05": 283.69937539100647,
  "summary_gm_p95": 588.0371895153075,
  "summary_gm_stdv": 92.37875455755716,
  "summary_wm_k": 3.4046763083538405,
  "summary_wm_mad": 51.637796392599974,
  "summary_wm_mean": 987.3118800314218,
  "summary_wm_median": 1000.0000000465661,
  "summary_wm_n": 438550.0,
  "summary_wm_p05": 828.7901903036982,
  "summary_wm_p95": 1079.086669979151,
  "summary_wm_stdv": 74.47763763011955,
  "tpm_overlap_csf": 0.13675371118920332,
  "tpm_overlap_gm": 0.4354226763765522,
  "tpm_overlap_wm": 0.4681844599727941,
  "wm2max": 0.6013570822731128
}