{
  "aor": 0.0015318032786885243,
  "aqi": 0.010775798169398908,
  "bids_meta": {
    "AcquisitionMatrixPE": 130,
    "AcquisitionNumber": 1,
    "AcquisitionTime": "15:57:37.052500",
    "BandwidthPerPixelPhaseEncode": 24.038,
    "BaseResolution": 130,
    "CoilCombinationMethod": "Sum of Squares",
    "CoilString": "C:A32",
    "ConversionSoftware": "dcm2niix",
    "ConversionSoftwareVersion": "v1.0.20211220",
    "Dcm2bidsVersion": "2.1.6",
    "DerivedVendorReportedEchoSpacing": 0.000640012,
    "DeviceSerialNumber": "18981",
    "DwellTime": 2e-06,
    "EchoTime": 0.0222,
    "EffectiveEchoSpacing": 0.000320006,
    "FlipAngle": 45,
    "ImageComments": "Unaliased MB5/PE4",
    "ImageOrientationPatientDICOM": [
      1,
      -1e-16,
      0,
      1e-16,
      0.939693,
      -0.34202
    ],
    "ImageOrientationText": "Tra>Cor(-20.0)",
    "ImageType": [
      "ORIGINAL",
      "PRIMARY",
      "M",
      "MB",
      "ND",
      "MOSAIC"
    ],
    "ImagingFrequency": 297.224,
    "InPlanePhaseEncodingDirectionDICOM": "COL",
    "MRAcquisitionType": "2D",
    "MagneticFieldStrength": 6.98,
    "Manufacturer": "Siemens",
    "ManufacturersModelName": "Investigational_Device_7T",
    "MatrixCoilMode": "GRAPPA",
    "Modality": "MR",
    "MultibandAccelerationFactor": 5,
    "ParallelReductionFactorInPlane": 2,
    "PartialFourier": 0.875,
    "PatientPosition": "HFS",
    "PercentPhaseFOV": 100,
    "PercentSampling": 100,
    "PhaseEncodingDirection": "j-",
    "PhaseEncodingSteps": 114,
    "PhaseResolution": 1,
    "PixelBandwidth": 1923,
    "ProtocolName": "MB5_TR1s_TE22p2_IPAT2_1.6mm_85slices_AP_367vols",
    "PulseSequenceDetails": "%CustomerSeq%\\cmrr_mbep2d_bold",
    "ReceiveCoilName": "32Ch_Head_7T",
    "ReconMatrixPE": 130,
    "RefLinesPE": 96,
    "RepetitionTime": 1,
    "SAR": 0.0762038,
    "ScanOptions": "PFP\\FS",
    "ScanningSequence": "EP",
    "SequenceName": "epfid2d1_130",
    "SequenceVariant": "SK\\SS",
    "SeriesDescription": "MB5_TR1s_TE22p2_IPAT2_1.6mm_85slices_AP_367vols",
    "SeriesNumber": 19,
    "ShimSetting": [
      15,
      30,
      797,
      394,
      -51,
      72,
      -745,
      129
    ],
    "SliceThickness": 1.6,
    "SliceTiming": [
      0,
      0.53,
      0.0575,
      0.59,
      0.1175,
      0.6475,
      0.1775,
      0.7075,
      0.235,
      0.7675,
      0.295,
      0.825,
      0.3525,
      0.885,
      0.4125,
      0.945,
      0.4725,
      0,
      0.53,
      0.0575,
      0.59,
      0.1175,
      0.6475,
      0.1775,
      0.7075,
      0.235,
      0.7675,
      0.295,
      0.825,
      0.3525,
      0.885,
      0.4125,
      0.945,
      0.4725,
      0,
      0.53,
      0.0575,
      0.59,
      0.1175,
      0.6475,
      0.1775,
      0.7075,
      0.235,
      0.7675,
      0.295,
      0.825,
      0.3525,
      0.885,
      0.4125,
      0.945,
      0.4725,
      0,
      0.53,
      0.0575,
      0.59,
      0.1175,
      0.6475,
      0.1775,
      0.7075,
      0.235,
      0.7675,
      0.295,
      0.825,
      0.3525,
      0.885,
      0.4125,
      0.945,
      0.4725,
      0,
      0.53,
      0.0575,
      0.59,
      0.1175,
      0.6475,
      0.1775,
      0.7075,
      0.235,
      0.7675,
      0.295,
      0.825,
      0.3525,
      0.885,
      0.4125,
      0.945,
      0.4725
    ],
    "SoftwareVersions": "syngo MR B17",
    "SpacingBetweenSlices": 1.6,
    "StationName": "MRC18981",
    "TaskName": "GDMotor",
    "TotalReadoutTime": 0.0412808,
    "TxRefAmp": 192.604,
    "dataset": "ds004056",
    "modality": "bold",
    "run_id": 7,
    "session_id": "01",
    "subject_id": "18",
    "task_id": "GDMotor"
  },
  "dummy_trs": 1,
  "dvars_nstd": 49.20134673452053,
  "dvars_std": 1.0297540069315065,
  "dvars_vstd": 1.0039416414520552,
  "efc": 0.47807967941863894,
  "fber": 1414.4248046875,
  "fd_mean": 0.1201813670137529,
  "fd_num": 40,
  "fd_perc": 10.92896174863388,
  "fwhm_avg": 2.558997878534627,
  "fwhm_x": 2.3273249653201558,
  "fwhm_y": 2.7220124594388535,
  "fwhm_z": 2.6276562108448713,
  "gcor": 0.00685617,
  "gsr_x": 0.0030939062125980854,
  "gsr_y": 0.03409486636519432,
  "provenance": {
    "md5sum": "4349ffc5eb551578b707b57fbb3f85ae",
    "settings": {
      "fd_thres": 0.2,
      "testing": false
    },
    "software": "mriqc",
    "version": "23.0.1",
    "webapi_port": null,
    "webapi_url": "https://mriqc.nimh.nih.gov/api/v1"
  },
  "size_t": 366,
  "size_x": 130,
  "size_y": 130,
  "size_z": 85,
  "snr": 1.9239856035697718,
  "spacing_tr": 1.0,
  "spacing_x": 1.600000023841858,
  "spacing_y": 1.600000023841858,
  "spacing_z": 1.600000023841858,
  "summary_bg_k": 85.47721422225277,
  "summary_bg_mad": 6.5420839499793235,
  "summary_bg_mean": 19.33002471923828,
  "summary_bg_median": 8.516393661499023,
  "summary_bg_n": 988966.0,
  "summary_bg_p05": 3.677595615386963,
  "summary_bg_p95": 67.81625747680664,
  "summary_bg_stdv": 36.83708953857422,
  "summary_fg_k": 5.517961382743936,
  "summary_fg_mad": 123.7405474772122,
  "summary_fg_mean": 365.4056091308594,
  "summary_fg_median": 330.9371643066406,
  "summary_fg_n": 288956.0,
  "summary_fg_p05": 167.21583557128906,
  "summary_fg_p95": 694.547119140625,
  "summary_fg_stdv": 172.00575256347656,
  "tsnr": 23.973201643209904
}