{
  "aor": 0.0005955068493150685,
  "aqi": 0.006090196164383562,
  "bids_meta": {
    "AcquisitionMatrixPE": 130,
    "AcquisitionNumber": 1,
    "AcquisitionTime": "14:37:17.727500",
    "BandwidthPerPixelPhaseEncode": 24.038,
    "BaseResolution": 130,
    "CoilCombinationMethod": "Sum of Squares",
    "CoilString": "C:A32",
    "ConversionSoftware": "dcm2niix",
    "ConversionSoftwareVersion": "v1.0.20211220",
    "Dcm2bidsVersion": "2.1.6",
    "DerivedVendorReportedEchoSpacing": 0.000640012,
    "DeviceSerialNumber": "18981",
    "DwellTime": 2e-06,
    "EchoTime": 0.0222,
    "EffectiveEchoSpacing": 0.000320006,
    "FlipAngle": 45,
    "ImageComments": "Unaliased MB5/PE4",
    "ImageOrientationPatientDICOM": [
      1,
      -1e-16,
      0,
      1e-16,
      0.939693,
      -0.34202
    ],
    "ImageOrientationText": "Tra>Cor(-20.0)",
    "ImageType": [
      "ORIGINAL",
      "PRIMARY",
      "M",
      "MB",
      "ND",
      "MOSAIC"
    ],
    "ImagingFrequency": 297.223,
    "InPlanePhaseEncodingDirectionDICOM": "COL",
    "MRAcquisitionType": "2D",
    "MagneticFieldStrength": 6.98,
    "Manufacturer": "Siemens",
    "ManufacturersModelName": "Investigational_Device_7T",
    "MatrixCoilMode": "GRAPPA",
    "Modality": "MR",
    "MultibandAccelerationFactor": 5,
    "ParallelReductionFactorInPlane": 2,
    "PartialFourier": 0.875,
    "PatientPosition": "HFS",
    "PercentPhaseFOV": 100,
    "PercentSampling": 100,
    "PhaseEncodingDirection": "j-",
    "PhaseEncodingSteps": 114,
    "PhaseResolution": 1,
    "PixelBandwidth": 1923,
    "ProtocolName": "MB5_TR1s_TE22p2_IPAT2_1.6mm_85slices_AP_367vols",
    "PulseSequenceDetails": "%CustomerSeq%\\cmrr_mbep2d_bold",
    "ReceiveCoilName": "32Ch_Head_7T",
    "ReconMatrixPE": 130,
    "RefLinesPE": 96,
    "RepetitionTime": 1,
    "SAR": 0.0963077,
    "ScanOptions": "PFP\\FS",
    "ScanningSequence": "EP",
    "SequenceName": "epfid2d1_130",
    "SequenceVariant": "SK\\SS",
    "SeriesDescription": "MB5_TR1s_TE22p2_IPAT2_1.6mm_85slices_AP_367vols",
    "SeriesNumber": 15,
    "ShimSetting": [
      -19,
      64,
      850,
      390,
      -84,
      15,
      -544,
      248
    ],
    "SliceThickness": 1.6,
    "SliceTiming": [
      0,
      0.5325,
      0.06,
      0.59,
      0.1175,
      0.65,
      0.1775,
      0.71,
      0.2375,
      0.7675,
      0.295,
      0.8275,
      0.355,
      0.885,
      0.4125,
      0.945,
      0.4725,
      0,
      0.5325,
      0.06,
      0.59,
      0.1175,
      0.65,
      0.1775,
      0.71,
      0.2375,
      0.7675,
      0.295,
      0.8275,
      0.355,
      0.885,
      0.4125,
      0.945,
      0.4725,
      0,
      0.5325,
      0.06,
      0.59,
      0.1175,
      0.65,
      0.1775,
      0.71,
      0.2375,
      0.7675,
      0.295,
      0.8275,
      0.355,
      0.885,
      0.4125,
      0.945,
      0.4725,
      0,
      0.5325,
      0.06,
      0.59,
      0.1175,
      0.65,
      0.1775,
      0.71,
      0.2375,
      0.7675,
      0.295,
      0.8275,
      0.355,
      0.885,
      0.4125,
      0.945,
      0.4725,
      0,
      0.5325,
      0.06,
      0.59,
      0.1175,
      0.65,
      0.1775,
      0.71,
      0.2375,
      0.7675,
      0.295,
      0.8275,
      0.355,
      0.885,
      0.4125,
      0.945,
      0.4725
    ],
    "SoftwareVersions": "syngo MR B17",
    "SpacingBetweenSlices": 1.6,
    "StationName": "MRC18981",
    "TaskName": "GDMotor",
    "TotalReadoutTime": 0.0412808,
    "TxRefAmp": 200,
    "dataset": "ds004056",
    "modality": "bold",
    "run_id": 4,
    "session_id": "01",
    "subject_id": "20",
    "task_id": "GDMotor"
  },
  "dummy_trs": 2,
  "dvars_nstd": 46.66049393447805,
  "dvars_std": 1.0762845637637364,
  "dvars_vstd": 1.0076637261538464,
  "efc": 0.47646845186706555,
  "fber": 1448.1778564453125,
  "fd_mean": 0.13676394726061972,
  "fd_num": 73,
  "fd_perc": 20.0,
  "fwhm_avg": 2.6673207935871566,
  "fwhm_x": 2.530187462297269,
  "fwhm_y": 2.804349958211929,
  "fwhm_z": 2.6674249602522706,
  "gcor": 0.00403535,
  "gsr_x": 0.006169765256345272,
  "gsr_y": 0.02134130895137787,
  "provenance": {
    "md5sum": "d61af4ecea5ba73288f0c4b41a7fc80a",
    "settings": {
      "fd_thres": 0.2,
      "testing": false
    },
    "software": "mriqc",
    "version": "23.0.1",
    "webapi_port": null,
    "webapi_url": "https://mriqc.nimh.nih.gov/api/v1"
  },
  "size_t": 365,
  "size_x": 130,
  "size_y": 130,
  "size_z": 85,
  "snr": 2.1318763434723618,
  "spacing_tr": 1.0,
  "spacing_x": 1.600000023841858,
  "spacing_y": 1.600000023841858,
  "spacing_z": 1.600000023841858,
  "summary_bg_k": 65.97749969431122,
  "summary_bg_mad": 7.742027368927447,
  "summary_bg_mean": 21.31839370727539,
  "summary_bg_median": 9.715068817138672,
  "summary_bg_n": 1005015.0,
  "summary_bg_p05": 3.860274076461792,
  "summary_bg_p95": 76.91780853271484,
  "summary_bg_stdv": 37.56792068481445,
  "summary_fg_k": 7.384090740466602,
  "summary_fg_mad": 134.63243436254652,
  "summary_fg_mean": 413.0065612792969,
  "summary_fg_median": 381.2054748535156,
  "summary_fg_n": 271344.0,
  "summary_fg_p05": 204.66575622558594,
  "summary_fg_p95": 735.9302825927732,
  "summary_fg_stdv": 178.81185913085938,
  "tsnr": 32.3044838597998
}