{
  "bids_meta": {
    "AcquisitionMatrixPE": 302,
    "AcquisitionNumber": 1,
    "AcquisitionTime": "15:09:0.232500",
    "BaseResolution": 320,
    "CoilCombinationMethod": "Adaptive Combine",
    "CoilString": "C:HEA;HEP",
    "ConversionSoftware": "dcm2niix",
    "ConversionSoftwareVersion": "v1.0.20211220",
    "Dcm2bidsVersion": "2.1.6",
    "DeviceSerialNumber": "40462",
    "DwellTime": 2.1e-06,
    "EchoTime": 0.56,
    "EchoTrainLength": 167,
    "FlipAngle": 120,
    "ImageOrientationPatientDICOM": [
      0,
      1,
      0,
      0,
      0,
      -1
    ],
    "ImageOrientationText": "Sag",
    "ImageType": [
      "ORIGINAL",
      "PRIMARY",
      "M",
      "ND"
    ],
    "ImagingFrequency": 123.21,
    "InPlanePhaseEncodingDirectionDICOM": "ROW",
    "MRAcquisitionType": "3D",
    "MagneticFieldStrength": 3,
    "Manufacturer": "Siemens",
    "ManufacturersModelName": "Verio",
    "MatrixCoilMode": "GRAPPA",
    "Modality": "MR",
    "ParallelReductionFactorInPlane": 2,
    "PartialFourier": 1,
    "PatientPosition": "HFS",
    "PercentPhaseFOV": 93.75,
    "PercentSampling": 100.667,
    "PhaseEncodingDirection": "i",
    "PhaseEncodingSteps": 290,
    "PhaseResolution": 1.00667,
    "PixelBandwidth": 744,
    "ProtocolName": "T2w_SPC2_0.8iso",
    "PulseSequenceDetails": "%SiemensSeq%\\tse_vfl",
    "ReceiveCoilName": "32Ch_Head",
    "ReconMatrixPE": 300,
    "RefLinesPE": 32,
    "RepetitionTime": 3.2,
    "SAR": 0.097293,
    "ScanOptions": "PFP",
    "ScanningSequence": "SE",
    "SequenceName": "*spc3d1_334ns",
    "SequenceVariant": "SK\\SP",
    "SeriesDescription": "T2w_SPC2_0.8iso",
    "SeriesNumber": 20,
    "ShimSetting": [
      963,
      10395,
      908,
      279,
      -242,
      -439,
      -333,
      -80
    ],
    "SliceThickness": 0.8,
    "SoftwareVersions": "syngo MR B17",
    "SpoilingState": true,
    "StationName": "MRC40462",
    "TxRefAmp": 391.527,
    "acq_id": "02",
    "dataset": "ds004056",
    "modality": "T2w",
    "session_id": "02",
    "subject_id": "23"
  },
  "cjv": 0.2802102416738508,
  "cnr": 2.2409786470785646,
  "efc": 0.5626214268745207,
  "fber": 6848.461986058601,
  "fwhm_avg": 3.002583288591356,
  "fwhm_x": 2.8211499579615897,
  "fwhm_y": 3.2000249523159128,
  "fwhm_z": 2.9865749554965655,
  "icvs_csf": 0.3004024534603616,
  "icvs_gm": 0.5839812066437258,
  "icvs_wm": 0.11561633989591268,
  "inu_med": 0.8934328854084015,
  "inu_range": 0.5723149925470352,
  "provenance": {
    "md5sum": "cb2bb4999bb91be1fa26fe48796eb258",
    "settings": {
      "testing": false
    },
    "software": "mriqc",
    "version": "23.0.1",
    "warnings": {
      "large_rot_frame": true,
      "small_air_mask": false
    },
    "webapi_port": null,
    "webapi_url": "https://mriqc.nimh.nih.gov/api/v1"
  },
  "qi_1": 0.0,
  "qi_2": 0.0049986649157054705,
  "rpve_csf": 12.928838305981781,
  "rpve_gm": 8.775430409910646,
  "rpve_wm": 45.10907100886324,
  "size_x": 224,
  "size_y": 300,
  "size_z": 320,
  "snr_csf": 4.245882310030908,
  "snr_gm": 7.289208971567049,
  "snr_total": 4.943569619494294,
  "snr_wm": 3.2956175768849243,
  "snrd_csf": 73.5026160048237,
  "snrd_gm": 38.61055067131789,
  "snrd_total": 78.53516996537779,
  "snrd_wm": 123.49234321999181,
  "spacing_x": 0.800000011920929,
  "spacing_y": 0.800000011920929,
  "spacing_z": 0.800000011920929,
  "summary_bg_k": 67.86140757333327,
  "summary_bg_mad": 5.300603639282191,
  "summary_bg_mean": 7.341563562940862,
  "summary_bg_median": 3.575202824547887,
  "summary_bg_n": 5356993.0,
  "summary_bg_p05": 0.0,
  "summary_bg_p95": 32.761449782177806,
  "summary_bg_stdv": 12.843840509276086,
  "summary_csf_k": -0.9105951885643084,
  "summary_csf_mad": 128.94801809272653,
  "summary_csf_mean": 637.922290222568,
  "summary_csf_median": 594.6978887021542,
  "summary_csf_n": 72811.0,
  "summary_csf_p05": 462.1680431179702,
  "summary_csf_p95": 864.4458175366744,
  "summary_csf_stdv": 140.0636573078603,
  "summary_gm_k": 0.7329711539284847,
  "summary_gm_mad": 40.004555768167485,
  "summary_gm_mean": 314.6342900406054,
  "summary_gm_median": 312.391778877005,
  "summary_gm_n": 725861.0,
  "summary_gm_p05": 248.5103246346116,
  "summary_gm_p95": 388.7527146767825,
  "summary_gm_stdv": 42.85671667644882,
  "summary_wm_k": 2.562745016037349,
  "summary_wm_mad": 152.4340260416215,
  "summary_wm_mean": 911.7376129429955,
  "summary_wm_median": 999.1567616993561,
  "summary_wm_n": 47770.0,
  "summary_wm_p05": 84.76828382555397,
  "summary_wm_p95": 1184.2241003625095,
  "summary_wm_stdv": 303.1742246607626,
  "tpm_overlap_csf": 0.12235564086241331,
  "tpm_overlap_gm": 0.3707001690567057,
  "tpm_overlap_wm": 0.020785189686975743,
  "wm2max": 0.859238132069999
}