{
  "bids_meta": {
    "AcquisitionMatrixPE": 300,
    "AcquisitionNumber": 1,
    "AcquisitionTime": "15:02:20.522500",
    "BaseResolution": 320,
    "CoilCombinationMethod": "Adaptive Combine",
    "CoilString": "C:HEA;HEP",
    "ConversionSoftware": "dcm2niix",
    "ConversionSoftwareVersion": "v1.0.20211220",
    "Dcm2bidsVersion": "2.1.6",
    "DeviceSerialNumber": "40462",
    "DwellTime": 7.4e-06,
    "EchoTime": 0.00224,
    "FlipAngle": 8,
    "ImageOrientationPatientDICOM": [
      0,
      1,
      0,
      0,
      0,
      -1
    ],
    "ImageOrientationText": "Sag",
    "ImageType": [
      "ORIGINAL",
      "PRIMARY",
      "M",
      "ND"
    ],
    "ImagingFrequency": 123.21,
    "InPlanePhaseEncodingDirectionDICOM": "ROW",
    "InversionTime": 1.06,
    "MRAcquisitionType": "3D",
    "MagneticFieldStrength": 3,
    "Manufacturer": "Siemens",
    "ManufacturersModelName": "Verio",
    "MatrixCoilMode": "GRAPPA",
    "Modality": "MR",
    "ParallelReductionFactorInPlane": 2,
    "PartialFourier": 1,
    "PatientPosition": "HFS",
    "PercentPhaseFOV": 93.75,
    "PercentSampling": 100,
    "PhaseEncodingSteps": 299,
    "PhaseResolution": 1,
    "PixelBandwidth": 211,
    "ProtocolName": "T1w_MPR2_0.8iso",
    "PulseSequenceDetails": "%SiemensSeq%\\tfl",
    "ReceiveCoilName": "32Ch_Head",
    "ReconMatrixPE": 300,
    "RefLinesPE": 32,
    "RepetitionTime": 2.4,
    "SAR": 0.0296853,
    "ScanOptions": "IR\\WE",
    "ScanningSequence": "GR\\IR",
    "SequenceName": "*tfl3d1_ns",
    "SequenceVariant": "SP\\MP",
    "SeriesDescription": "T1w_MPR2_0.8iso",
    "SeriesNumber": 19,
    "ShimSetting": [
      963,
      10395,
      908,
      279,
      -242,
      -439,
      -333,
      -80
    ],
    "SliceThickness": 0.8,
    "SoftwareVersions": "syngo MR B17",
    "StationName": "MRC40462",
    "TxRefAmp": 391.527,
    "acq_id": "02",
    "dataset": "ds004056",
    "modality": "T1w",
    "session_id": "02",
    "subject_id": "23"
  },
  "cjv": 0.4539763846409339,
  "cnr": 2.977009204173779,
  "efc": 0.594326942602145,
  "fber": 21789.852073326147,
  "fwhm_avg": 4.59164576491248,
  "fwhm_x": 4.528137432525495,
  "fwhm_y": 4.45329993364066,
  "fwhm_z": 4.7934999285712845,
  "icvs_csf": 0.21229448370970996,
  "icvs_gm": 0.3983243638563529,
  "icvs_wm": 0.3893811524339371,
  "inu_med": 0.7975782752037048,
  "inu_range": 0.5796467363834379,
  "provenance": {
    "md5sum": "3f728edba96021e9718fc75ebf5e8379",
    "settings": {
      "testing": false
    },
    "software": "mriqc",
    "version": "23.0.1",
    "warnings": {
      "large_rot_frame": true,
      "small_air_mask": false
    },
    "webapi_port": null,
    "webapi_url": "https://mriqc.nimh.nih.gov/api/v1"
  },
  "qi_1": 0.0,
  "qi_2": 0.00355528871515148,
  "rpve_csf": 21.41651742291301,
  "rpve_gm": 11.449017202669951,
  "rpve_wm": 13.39230617032703,
  "size_x": 224,
  "size_y": 300,
  "size_z": 320,
  "snr_csf": 2.5615610376548044,
  "snr_gm": 13.291035525214776,
  "snr_total": 11.885591518156412,
  "snr_wm": 19.80417799159966,
  "snrd_csf": 17.608366038743544,
  "snrd_gm": 46.798369046878605,
  "snrd_total": 41.75093102672192,
  "snrd_wm": 60.84605799454361,
  "spacing_x": 0.800000011920929,
  "spacing_y": 0.800000011920929,
  "spacing_z": 0.800000011920929,
  "summary_bg_k": 351.7406139661603,
  "summary_bg_mad": 0.0,
  "summary_bg_mean": 7.004571006328002,
  "summary_bg_median": 0.0,
  "summary_bg_n": 5347161.0,
  "summary_bg_p05": 0.0,
  "summary_bg_p95": 28.17556794732809,
  "summary_bg_stdv": 10.767670150118137,
  "summary_csf_k": 20.103045662208526,
  "summary_csf_mad": 76.80129516597557,
  "summary_csf_mean": 302.2513355000933,
  "summary_csf_median": 289.40702636539936,
  "summary_csf_n": 136875.0,
  "summary_csf_p05": 137.6053379915655,
  "summary_csf_p95": 497.13075482845306,
  "summary_csf_stdv": 112.98031353327129,
  "summary_gm_k": 0.08701038561487628,
  "summary_gm_mad": 57.37102737697876,
  "summary_gm_mean": 768.158020218606,
  "summary_gm_median": 769.1671558171511,
  "summary_gm_n": 86608.0,
  "summary_gm_p05": 671.1471983343363,
  "summary_gm_p95": 861.1720172803846,
  "summary_gm_stdv": 57.870789212505635,
  "summary_wm_k": 0.5233004847639338,
  "summary_wm_mad": 47.445111484769335,
  "summary_wm_mean": 1003.0848583039149,
  "summary_wm_median": 1000.0517181158066,
  "summary_wm_n": 566190.0,
  "summary_wm_p05": 925.7095773667097,
  "summary_wm_p95": 1091.6610876619816,
  "summary_wm_stdv": 50.496962580227056,
  "tpm_overlap_csf": 0.15236217968634613,
  "tpm_overlap_gm": 0.45143450394217816,
  "tpm_overlap_wm": 0.5049701755524857,
  "wm2max": 0.5261382799325464
}