{
  "bids_meta": {
    "AcquisitionMatrixPE": 300,
    "AcquisitionNumber": 1,
    "AcquisitionTime": "10:52:53.030000",
    "BaseResolution": 320,
    "CoilCombinationMethod": "Adaptive Combine",
    "CoilString": "C:A32",
    "ConversionSoftware": "dcm2niix",
    "ConversionSoftwareVersion": "v1.0.20211220",
    "Dcm2bidsVersion": "2.1.6",
    "DeviceSerialNumber": "18981",
    "DwellTime": 6.5e-06,
    "EchoTime": 0.00299,
    "ImageComments": "DENOISED IMAGE (lambda = 150)",
    "ImageOrientationPatientDICOM": [
      0,
      1,
      0,
      0,
      0,
      -1
    ],
    "ImageOrientationText": "Sag",
    "ImageType": [
      "ORIGINAL",
      "PRIMARY",
      "M",
      "ND",
      "UNI"
    ],
    "ImagingFrequency": 297.223,
    "InPlanePhaseEncodingDirectionDICOM": "ROW",
    "MRAcquisitionType": "3D",
    "MagneticFieldStrength": 6.98,
    "Manufacturer": "Siemens",
    "ManufacturersModelName": "Investigational_Device_7T",
    "MatrixCoilMode": "GRAPPA",
    "Modality": "MR",
    "ParallelReductionFactorInPlane": 3,
    "PartialFourier": 0.75,
    "PatientPosition": "HFS",
    "PercentPhaseFOV": 93.75,
    "PercentSampling": 100,
    "PhaseEncodingSteps": 226,
    "PhaseResolution": 1,
    "PixelBandwidth": 240,
    "ProtocolName": "mp2rage-wip900_0.75iso_7T",
    "PulseSequenceDetails": "%CustomerSeq%\\tfl_wip900b17a",
    "ReceiveCoilName": "32Ch_Head_7T",
    "ReconMatrixPE": 300,
    "RefLinesPE": 32,
    "RepetitionTime": 6,
    "SAR": 0.0858914,
    "ScanOptions": "IR\\PFP",
    "ScanningSequence": "GR\\IR",
    "SequenceName": "tfl3d1_ns",
    "SequenceVariant": "SP\\MP",
    "SeriesDescription": "mp2rage-wip900_0.75iso_7T_UNI-DEN",
    "SeriesNumber": 25,
    "ShimSetting": [
      -56,
      106,
      846,
      480,
      -271,
      -184,
      -321,
      129
    ],
    "SliceThickness": 0.75,
    "SoftwareVersions": "syngo MR B17",
    "StationName": "MRC18981",
    "TxRefAmp": 220,
    "acq_id": "MP2R",
    "dataset": "ds004056",
    "modality": "T1w",
    "session_id": "01",
    "subject_id": "24"
  },
  "cjv": 0.3135695818901729,
  "cnr": 3.8878758151364634,
  "efc": 0.4954185321243765,
  "fber": 10826.4025,
  "fwhm_avg": 4.337097777777777,
  "fwhm_x": 4.435933333333334,
  "fwhm_y": 4.765786666666666,
  "fwhm_z": 3.8095733333333333,
  "icvs_csf": 0.31464866415785814,
  "icvs_gm": 0.3703147861790457,
  "icvs_wm": 0.31503654966309613,
  "inu_med": 0.7225586771965027,
  "inu_range": 0.12307585775852203,
  "provenance": {
    "md5sum": "010e026158285777ebd3ace47ec08a51",
    "settings": {
      "testing": false
    },
    "software": "mriqc",
    "version": "23.0.1",
    "warnings": {
      "large_rot_frame": true,
      "small_air_mask": false
    },
    "webapi_port": null,
    "webapi_url": "https://mriqc.nimh.nih.gov/api/v1"
  },
  "qi_1": 0.00014810025710806056,
  "qi_2": 0.0009384048831711797,
  "rpve_csf": 15.126910055033495,
  "rpve_gm": 11.640335317353136,
  "rpve_wm": 17.559767329451105,
  "size_x": 224,
  "size_y": 300,
  "size_z": 320,
  "snr_csf": 1.0068073874057797,
  "snr_gm": 3.6800407921819636,
  "snr_total": 5.861099747927575,
  "snr_wm": 12.896451064194983,
  "snrd_csf": 6.707904753702448,
  "snrd_gm": 42.91964087065814,
  "snrd_total": 48.84977975383802,
  "snrd_wm": 96.92179363715347,
  "spacing_x": 0.75,
  "spacing_y": 0.75,
  "spacing_z": 0.75,
  "summary_bg_k": 273.3608360938297,
  "summary_bg_mad": 0.0,
  "summary_bg_mean": 3.1970038940514023,
  "summary_bg_median": 0.0,
  "summary_bg_n": 4978740.0,
  "summary_bg_p05": 0.0,
  "summary_bg_p95": 11.485905082896352,
  "summary_bg_stdv": 6.759615245162751,
  "summary_csf_k": 49.21259744235707,
  "summary_csf_mad": 55.99240237436873,
  "summary_csf_mean": 86.16383302078975,
  "summary_csf_median": 69.21132032386959,
  "summary_csf_n": 144911.0,
  "summary_csf_p05": 12.427372712641954,
  "summary_csf_p95": 208.467832300812,
  "summary_csf_stdv": 68.74312046466949,
  "summary_gm_k": 22.26396298259504,
  "summary_gm_mad": 117.1692864500679,
  "summary_gm_mean": 443.4513885171183,
  "summary_gm_median": 442.8394739571959,
  "summary_gm_n": 55813.0,
  "summary_gm_p05": 271.6967983145267,
  "summary_gm_p95": 604.2715834759174,
  "summary_gm_stdv": 120.33440164815866,
  "summary_wm_k": 3.229777398539321,
  "summary_wm_mad": 57.54774688476787,
  "summary_wm_mean": 988.7434028049292,
  "summary_wm_median": 1000.0269163157791,
  "summary_wm_n": 439567.0,
  "summary_wm_p05": 836.7226311676204,
  "summary_wm_p95": 1088.9283596388996,
  "summary_wm_stdv": 77.54271107792674,
  "tpm_overlap_csf": 0.14845760251319134,
  "tpm_overlap_gm": 0.42002419877221847,
  "tpm_overlap_wm": 0.481155228112346,
  "wm2max": 0.6447624002774888
}