{
  "bids_meta": {
    "AcquisitionMatrixPE": 300,
    "AcquisitionNumber": 1,
    "AcquisitionTime": "14:09:55.590000",
    "BaseResolution": 320,
    "CoilCombinationMethod": "Adaptive Combine",
    "CoilString": "C:HEA;HEP",
    "ConversionSoftware": "dcm2niix",
    "ConversionSoftwareVersion": "v1.0.20211220",
    "Dcm2bidsVersion": "2.1.6",
    "DeviceSerialNumber": "40463",
    "DwellTime": 7.4e-06,
    "EchoTime": 0.00224,
    "FlipAngle": 8,
    "ImageOrientationPatientDICOM": [
      0,
      1,
      0,
      0,
      0,
      -1
    ],
    "ImageOrientationText": "Sag",
    "ImageType": [
      "ORIGINAL",
      "PRIMARY",
      "M",
      "ND"
    ],
    "ImagingFrequency": 123.122,
    "InPlanePhaseEncodingDirectionDICOM": "ROW",
    "InversionTime": 1.06,
    "MRAcquisitionType": "3D",
    "MagneticFieldStrength": 3,
    "Manufacturer": "Siemens",
    "ManufacturersModelName": "Verio",
    "MatrixCoilMode": "GRAPPA",
    "Modality": "MR",
    "ParallelReductionFactorInPlane": 2,
    "PartialFourier": 1,
    "PatientPosition": "HFS",
    "PercentPhaseFOV": 93.75,
    "PercentSampling": 100,
    "PhaseEncodingSteps": 299,
    "PhaseResolution": 1,
    "PixelBandwidth": 211,
    "ProtocolName": "T1w_MPR1_0.8iso",
    "PulseSequenceDetails": "%SiemensSeq%\\tfl",
    "ReceiveCoilName": "32Ch_Head",
    "ReconMatrixPE": 300,
    "RefLinesPE": 32,
    "RepetitionTime": 2.4,
    "SAR": 0.0280404,
    "ScanOptions": "IR\\WE",
    "ScanningSequence": "GR\\IR",
    "SequenceName": "*tfl3d1_ns",
    "SequenceVariant": "SP\\MP",
    "SeriesDescription": "T1w_MPR1_0.8iso",
    "SeriesNumber": 14,
    "ShimSetting": [
      2866,
      7572,
      -15087,
      -21,
      910,
      -536,
      -450,
      987
    ],
    "SliceThickness": 0.8,
    "SoftwareVersions": "syngo MR B17",
    "StationName": "MRC40463",
    "TxRefAmp": 439.314,
    "acq_id": "01",
    "dataset": "ds004056",
    "modality": "T1w",
    "session_id": "02",
    "subject_id": "06"
  },
  "cjv": 0.4618489980897812,
  "cnr": 2.9767375803246936,
  "efc": 0.5263975723242194,
  "fber": 21116.24163265306,
  "fwhm_avg": 4.643233264143767,
  "fwhm_x": 4.652824930667506,
  "fwhm_y": 4.541887432320603,
  "fwhm_z": 4.73498742944319,
  "icvs_csf": 0.18952617057673743,
  "icvs_gm": 0.4317581358429058,
  "icvs_wm": 0.3787156935803568,
  "inu_med": 0.8456203937530518,
  "inu_range": 0.8009858518838882,
  "provenance": {
    "md5sum": "91bbef965d8514aed17bafc11a984066",
    "settings": {
      "testing": false
    },
    "software": "mriqc",
    "version": "23.0.1",
    "warnings": {
      "large_rot_frame": true,
      "small_air_mask": false
    },
    "webapi_port": null,
    "webapi_url": "https://mriqc.nimh.nih.gov/api/v1"
  },
  "qi_1": 0.0,
  "qi_2": 0.00430977797849405,
  "rpve_csf": 28.761077917589517,
  "rpve_gm": 12.965163065073204,
  "rpve_wm": 16.152117396099726,
  "size_x": 224,
  "size_y": 300,
  "size_z": 320,
  "snr_csf": 2.129426846493711,
  "snr_gm": 13.912258318454912,
  "snr_total": 10.892458937267492,
  "snr_wm": 16.635691646853854,
  "snrd_csf": 18.610169293795522,
  "snrd_gm": 46.93430178754823,
  "snrd_total": 42.52440203977855,
  "snrd_wm": 62.02873503799189,
  "spacing_x": 0.800000011920929,
  "spacing_y": 0.800000011920929,
  "spacing_z": 0.800000011920929,
  "summary_bg_k": 4.343134561153562,
  "summary_bg_mad": 0.0,
  "summary_bg_mean": 7.394886790768647,
  "summary_bg_median": 0.0,
  "summary_bg_n": 6796259.0,
  "summary_bg_p05": 0.0,
  "summary_bg_p95": 29.166457504034042,
  "summary_bg_stdv": 10.56287564108984,
  "summary_csf_k": 42.534157261713545,
  "summary_csf_mad": 82.85630633390484,
  "summary_csf_mean": 319.0867582794162,
  "summary_csf_median": 300.05492582917213,
  "summary_csf_n": 87909.0,
  "summary_csf_p05": 136.24331519007683,
  "summary_csf_p95": 536.6128755100067,
  "summary_csf_stdv": 140.90797234760473,
  "summary_gm_k": 0.09585376470619256,
  "summary_gm_mad": 54.200908164806386,
  "summary_gm_mean": 755.6456988841321,
  "summary_gm_median": 756.7297330498695,
  "summary_gm_n": 66478.0,
  "summary_gm_p05": 664.5357595011592,
  "summary_gm_p95": 843.2302542775869,
  "summary_gm_stdv": 54.39261003689709,
  "summary_wm_k": 0.3161313974503783,
  "summary_wm_mad": 58.1993358163085,
  "summary_wm_mean": 1005.5922312893942,
  "summary_wm_median": 1000.0998484902084,
  "summary_wm_n": 374243.0,
  "summary_wm_p05": 916.8955365009606,
  "summary_wm_p95": 1113.469469267875,
  "summary_wm_stdv": 60.11763944390739,
  "tpm_overlap_csf": 0.15106832039092058,
  "tpm_overlap_gm": 0.45200877760606745,
  "tpm_overlap_wm": 0.4743870857079439,
  "wm2max": 0.5541871921182266
}