{
  "bids_meta": {
    "AcquisitionMatrixPE": 302,
    "AcquisitionNumber": 1,
    "AcquisitionTime": "14:16:35.260000",
    "BaseResolution": 320,
    "CoilCombinationMethod": "Adaptive Combine",
    "CoilString": "C:HEA;HEP",
    "ConversionSoftware": "dcm2niix",
    "ConversionSoftwareVersion": "v1.0.20211220",
    "Dcm2bidsVersion": "2.1.6",
    "DeviceSerialNumber": "40463",
    "DwellTime": 2.1e-06,
    "EchoTime": 0.56,
    "EchoTrainLength": 167,
    "FlipAngle": 120,
    "ImageOrientationPatientDICOM": [
      0,
      1,
      0,
      0,
      0,
      -1
    ],
    "ImageOrientationText": "Sag",
    "ImageType": [
      "ORIGINAL",
      "PRIMARY",
      "M",
      "ND"
    ],
    "ImagingFrequency": 123.122,
    "InPlanePhaseEncodingDirectionDICOM": "ROW",
    "MRAcquisitionType": "3D",
    "MagneticFieldStrength": 3,
    "Manufacturer": "Siemens",
    "ManufacturersModelName": "Verio",
    "MatrixCoilMode": "GRAPPA",
    "Modality": "MR",
    "ParallelReductionFactorInPlane": 2,
    "PartialFourier": 1,
    "PatientPosition": "HFS",
    "PercentPhaseFOV": 93.75,
    "PercentSampling": 100.667,
    "PhaseEncodingDirection": "i",
    "PhaseEncodingSteps": 290,
    "PhaseResolution": 1.00667,
    "PixelBandwidth": 744,
    "ProtocolName": "T2w_SPC1_0.8iso",
    "PulseSequenceDetails": "%SiemensSeq%\\tse_vfl",
    "ReceiveCoilName": "32Ch_Head",
    "ReconMatrixPE": 300,
    "RefLinesPE": 32,
    "RepetitionTime": 3.2,
    "SAR": 0.0919019,
    "ScanOptions": "PFP",
    "ScanningSequence": "SE",
    "SequenceName": "*spc3d1_334ns",
    "SequenceVariant": "SK\\SP",
    "SeriesDescription": "T2w_SPC1_0.8iso",
    "SeriesNumber": 15,
    "ShimSetting": [
      2866,
      7572,
      -15087,
      -21,
      910,
      -536,
      -450,
      987
    ],
    "SliceThickness": 0.8,
    "SoftwareVersions": "syngo MR B17",
    "SpoilingState": true,
    "StationName": "MRC40463",
    "TxRefAmp": 439.314,
    "acq_id": "01",
    "dataset": "ds004056",
    "modality": "T2w",
    "session_id": "02",
    "subject_id": "06"
  },
  "cjv": 0.3833904416326086,
  "cnr": 1.6833939103871116,
  "efc": 0.4921543877416898,
  "fber": 6413.582956841138,
  "fwhm_avg": 3.076937454150059,
  "fwhm_x": 2.976462455647253,
  "fwhm_y": 3.333324950329587,
  "fwhm_z": 2.921024956473336,
  "icvs_csf": 0.3279861985942697,
  "icvs_gm": 0.5250780439129242,
  "icvs_wm": 0.14693575749280613,
  "inu_med": 0.8713960647583008,
  "inu_range": 0.8278248429298399,
  "provenance": {
    "md5sum": "5a57aec8c85083ae9753fbe4a78e9443",
    "settings": {
      "testing": false
    },
    "software": "mriqc",
    "version": "23.0.1",
    "warnings": {
      "large_rot_frame": true,
      "small_air_mask": false
    },
    "webapi_port": null,
    "webapi_url": "https://mriqc.nimh.nih.gov/api/v1"
  },
  "qi_1": 0.0,
  "qi_2": 0.0055024698083105455,
  "rpve_csf": 15.423839166267168,
  "rpve_gm": 11.273911244032629,
  "rpve_wm": 45.18022816568844,
  "size_x": 224,
  "size_y": 300,
  "size_z": 320,
  "snr_csf": 6.736031853709241,
  "snr_gm": 8.608352193637277,
  "snr_total": 6.0193902010571065,
  "snr_wm": 2.713786555824803,
  "snrd_csf": 75.544695493083,
  "snrd_gm": 45.05133099596641,
  "snrd_total": 80.22474052911353,
  "snrd_wm": 120.07819509829118,
  "spacing_x": 0.800000011920929,
  "spacing_y": 0.800000011920929,
  "spacing_z": 0.800000011920929,
  "summary_bg_k": 10.65463910271723,
  "summary_bg_mad": 5.456071702651855,
  "summary_bg_mean": 6.312008109415395,
  "summary_bg_median": 3.6800644397735596,
  "summary_bg_n": 6826488.0,
  "summary_bg_p05": 0.0,
  "summary_bg_p95": 24.00667036883533,
  "summary_bg_stdv": 9.09147283934071,
  "summary_csf_k": 0.9065074053203594,
  "summary_csf_mad": 66.66637611677734,
  "summary_csf_mean": 648.1629800023569,
  "summary_csf_median": 629.1472666841,
  "summary_csf_n": 70318.0,
  "summary_csf_p05": 531.596808526665,
  "summary_csf_p95": 859.5538012180477,
  "summary_csf_stdv": 93.3996166801926,
  "summary_gm_k": 1.02420012961103,
  "summary_gm_mad": 40.323779927411366,
  "summary_gm_mean": 377.5405759274008,
  "summary_gm_median": 375.1940698362887,
  "summary_gm_n": 403623.0,
  "summary_gm_p05": 310.8791936505586,
  "summary_gm_p95": 452.01541501656175,
  "summary_gm_stdv": 43.584834427488005,
  "summary_wm_k": 0.5220852974833505,
  "summary_wm_mad": 199.23186826714664,
  "summary_wm_mean": 901.5901587651108,
  "summary_wm_median": 1000.0287610050291,
  "summary_wm_n": 48327.0,
  "summary_wm_p05": 63.51848724056036,
  "summary_wm_p95": 1319.9844885902478,
  "summary_wm_stdv": 368.4956034306498,
  "tpm_overlap_csf": 0.11406506770922992,
  "tpm_overlap_gm": 0.34636663339400614,
  "tpm_overlap_wm": 0.03953528180525617,
  "wm2max": 0.7879975532951224
}