{
  "bids_meta": {
    "AcquisitionMatrixPE": 302,
    "AcquisitionNumber": 1,
    "AcquisitionTime": "14:29:18.245000",
    "BaseResolution": 320,
    "CoilCombinationMethod": "Adaptive Combine",
    "CoilString": "C:HEA;HEP",
    "ConversionSoftware": "dcm2niix",
    "ConversionSoftwareVersion": "v1.0.20211220",
    "Dcm2bidsVersion": "2.1.6",
    "DeviceSerialNumber": "40463",
    "DwellTime": 2.1e-06,
    "EchoTime": 0.56,
    "EchoTrainLength": 167,
    "FlipAngle": 120,
    "ImageOrientationPatientDICOM": [
      0,
      1,
      0,
      0,
      0,
      -1
    ],
    "ImageOrientationText": "Sag",
    "ImageType": [
      "ORIGINAL",
      "PRIMARY",
      "M",
      "ND"
    ],
    "ImagingFrequency": 123.122,
    "InPlanePhaseEncodingDirectionDICOM": "ROW",
    "MRAcquisitionType": "3D",
    "MagneticFieldStrength": 3,
    "Manufacturer": "Siemens",
    "ManufacturersModelName": "Verio",
    "MatrixCoilMode": "GRAPPA",
    "Modality": "MR",
    "ParallelReductionFactorInPlane": 2,
    "PartialFourier": 1,
    "PatientPosition": "HFS",
    "PercentPhaseFOV": 93.75,
    "PercentSampling": 100.667,
    "PhaseEncodingDirection": "i",
    "PhaseEncodingSteps": 290,
    "PhaseResolution": 1.00667,
    "PixelBandwidth": 744,
    "ProtocolName": "T2w_SPC2_0.8iso",
    "PulseSequenceDetails": "%SiemensSeq%\\tse_vfl",
    "ReceiveCoilName": "32Ch_Head",
    "ReconMatrixPE": 300,
    "RefLinesPE": 32,
    "RepetitionTime": 3.2,
    "SAR": 0.0919019,
    "ScanOptions": "PFP",
    "ScanningSequence": "SE",
    "SequenceName": "*spc3d1_334ns",
    "SequenceVariant": "SK\\SP",
    "SeriesDescription": "T2w_SPC2_0.8iso",
    "SeriesNumber": 17,
    "ShimSetting": [
      2866,
      7572,
      -15087,
      -21,
      910,
      -536,
      -450,
      987
    ],
    "SliceThickness": 0.8,
    "SoftwareVersions": "syngo MR B17",
    "SpoilingState": true,
    "StationName": "MRC40463",
    "TxRefAmp": 439.314,
    "acq_id": "02",
    "dataset": "ds004056",
    "modality": "T2w",
    "session_id": "02",
    "subject_id": "06"
  },
  "cjv": 0.32441901559816133,
  "cnr": 1.9188199060023747,
  "efc": 0.49039366825106356,
  "fber": 6201.5625,
  "fwhm_avg": 3.180704119270482,
  "fwhm_x": 3.092637453916111,
  "fwhm_y": 3.4260374489480636,
  "fwhm_z": 3.0234374549472713,
  "icvs_csf": 0.5487021364546636,
  "icvs_gm": 0.2627118074316898,
  "icvs_wm": 0.18858605611364662,
  "inu_med": 0.8826638460159302,
  "inu_range": 0.8129965215921403,
  "provenance": {
    "md5sum": "1277dcd291b2937ef59cddf8d543f11a",
    "settings": {
      "testing": false
    },
    "software": "mriqc",
    "version": "23.0.1",
    "warnings": {
      "large_rot_frame": true,
      "small_air_mask": false
    },
    "webapi_port": null,
    "webapi_url": "https://mriqc.nimh.nih.gov/api/v1"
  },
  "qi_1": 0.0,
  "qi_2": 0.009900688444643514,
  "rpve_csf": 12.09916719281521,
  "rpve_gm": 22.418642566977773,
  "rpve_wm": 32.02699148502482,
  "size_x": 224,
  "size_y": 300,
  "size_z": 320,
  "snr_csf": 7.6553528513951346,
  "snr_gm": 8.461942329169723,
  "snr_total": 6.357645649959597,
  "snr_wm": 2.9556417693139343,
  "snrd_csf": 45.53484087447294,
  "snrd_gm": 29.62843882900428,
  "snrd_total": 53.6053457471001,
  "snrd_wm": 85.6527575378231,
  "spacing_x": 0.800000011920929,
  "spacing_y": 0.800000011920929,
  "spacing_z": 0.800000011920929,
  "summary_bg_k": 6.672285524695127,
  "summary_bg_mad": 0.0,
  "summary_bg_mean": 5.623602319571548,
  "summary_bg_median": 0.0,
  "summary_bg_n": 6848521.0,
  "summary_bg_p05": 0.0,
  "summary_bg_p95": 19.075568579137325,
  "summary_bg_stdv": 7.648748483544653,
  "summary_csf_k": 0.048829213858296416,
  "summary_csf_mad": 66.65727355608776,
  "summary_csf_mean": 526.3132346711936,
  "summary_csf_median": 531.6214227862656,
  "summary_csf_n": 453001.0,
  "summary_csf_p05": 404.78356524929404,
  "summary_csf_p95": 633.7197352275252,
  "summary_csf_stdv": 69.4443282143083,
  "summary_gm_k": 17.049774402969682,
  "summary_gm_mad": 31.5012180513104,
  "summary_gm_mean": 348.16245904235706,
  "summary_gm_median": 345.9134259112179,
  "summary_gm_n": 127198.0,
  "summary_gm_p05": 293.64636800438166,
  "summary_gm_p95": 402.55319107696414,
  "summary_gm_stdv": 40.87856578414193,
  "summary_wm_k": 0.9922525405980656,
  "summary_wm_mad": 180.6969040981935,
  "summary_wm_mean": 907.0110256437301,
  "summary_wm_median": 999.9999989755452,
  "summary_wm_n": 60235.0,
  "summary_wm_p05": 83.01393975354732,
  "summary_wm_p95": 1281.5935423407702,
  "summary_wm_stdv": 338.3331865523876,
  "tpm_overlap_csf": 0.08452616237050696,
  "tpm_overlap_gm": 0.18330035714751494,
  "tpm_overlap_wm": 0.04838988247429696,
  "wm2max": 0.7907500232061636
}