{
  "bids_meta": {
    "AcquisitionMatrixPE": 300,
    "AcquisitionNumber": 1,
    "AcquisitionTime": "14:22:37.490000",
    "BaseResolution": 320,
    "CoilCombinationMethod": "Adaptive Combine",
    "CoilString": "C:HEA;HEP",
    "ConversionSoftware": "dcm2niix",
    "ConversionSoftwareVersion": "v1.0.20211220",
    "Dcm2bidsVersion": "2.1.6",
    "DeviceSerialNumber": "40463",
    "DwellTime": 7.4e-06,
    "EchoTime": 0.00224,
    "FlipAngle": 8,
    "ImageOrientationPatientDICOM": [
      0,
      1,
      0,
      0,
      0,
      -1
    ],
    "ImageOrientationText": "Sag",
    "ImageType": [
      "ORIGINAL",
      "PRIMARY",
      "M",
      "ND"
    ],
    "ImagingFrequency": 123.122,
    "InPlanePhaseEncodingDirectionDICOM": "ROW",
    "InversionTime": 1.06,
    "MRAcquisitionType": "3D",
    "MagneticFieldStrength": 3,
    "Manufacturer": "Siemens",
    "ManufacturersModelName": "Verio",
    "MatrixCoilMode": "GRAPPA",
    "Modality": "MR",
    "ParallelReductionFactorInPlane": 2,
    "PartialFourier": 1,
    "PatientPosition": "HFS",
    "PercentPhaseFOV": 93.75,
    "PercentSampling": 100,
    "PhaseEncodingSteps": 299,
    "PhaseResolution": 1,
    "PixelBandwidth": 211,
    "ProtocolName": "T1w_MPR2_0.8iso",
    "PulseSequenceDetails": "%SiemensSeq%\\tfl",
    "ReceiveCoilName": "32Ch_Head",
    "ReconMatrixPE": 300,
    "RefLinesPE": 32,
    "RepetitionTime": 2.4,
    "SAR": 0.0280404,
    "ScanOptions": "IR\\WE",
    "ScanningSequence": "GR\\IR",
    "SequenceName": "*tfl3d1_ns",
    "SequenceVariant": "SP\\MP",
    "SeriesDescription": "T1w_MPR2_0.8iso",
    "SeriesNumber": 16,
    "ShimSetting": [
      2866,
      7572,
      -15087,
      -21,
      910,
      -536,
      -450,
      987
    ],
    "SliceThickness": 0.8,
    "SoftwareVersions": "syngo MR B17",
    "StationName": "MRC40463",
    "TxRefAmp": 439.314,
    "acq_id": "02",
    "dataset": "ds004056",
    "modality": "T1w",
    "session_id": "02",
    "subject_id": "06"
  },
  "cjv": 0.46280124500312986,
  "cnr": 2.962925314353043,
  "efc": 0.52744210008065,
  "fber": 21527.410493827163,
  "fwhm_avg": 4.608437431328931,
  "fwhm_x": 4.615624931221829,
  "fwhm_y": 4.503249932896346,
  "fwhm_z": 4.706437429868617,
  "icvs_csf": 0.18867115158415895,
  "icvs_gm": 0.4313995357836063,
  "icvs_wm": 0.3799293126322348,
  "inu_med": 0.8626745343208313,
  "inu_range": 0.8044028341770172,
  "provenance": {
    "md5sum": "bbbad243ac4050c21c80d3ac89e1c42a",
    "settings": {
      "testing": false
    },
    "software": "mriqc",
    "version": "23.0.1",
    "warnings": {
      "large_rot_frame": true,
      "small_air_mask": false
    },
    "webapi_port": null,
    "webapi_url": "https://mriqc.nimh.nih.gov/api/v1"
  },
  "qi_1": 0.0,
  "qi_2": 0.004235896367107975,
  "rpve_csf": 28.846438128533816,
  "rpve_gm": 12.981382700362284,
  "rpve_wm": 16.112274868803343,
  "size_x": 224,
  "size_y": 300,
  "size_z": 320,
  "snr_csf": 2.09811340420354,
  "snr_gm": 13.796270507632244,
  "snr_total": 10.734925085307083,
  "snr_wm": 16.310391344085467,
  "snrd_csf": 17.836233777568655,
  "snrd_gm": 45.45014439278336,
  "snrd_total": 41.17618077608892,
  "snrd_wm": 60.24216415791476,
  "spacing_x": 0.800000011920929,
  "spacing_y": 0.800000011920929,
  "spacing_z": 0.800000011920929,
  "summary_bg_k": 4.365132443835664,
  "summary_bg_mad": 0.0,
  "summary_bg_mean": 7.607548606451548,
  "summary_bg_median": 0.0,
  "summary_bg_n": 6806346.0,
  "summary_bg_p05": 0.0,
  "summary_bg_p95": 30.041670352220535,
  "summary_bg_stdv": 10.87610131269702,
  "summary_csf_k": 45.439428301102446,
  "summary_csf_mad": 82.68607100919415,
  "summary_csf_mean": 316.5965532094686,
  "summary_csf_median": 296.1042701974511,
  "summary_csf_n": 86122.0,
  "summary_csf_p05": 142.16493679583073,
  "summary_csf_p95": 531.1536908347158,
  "summary_csf_stdv": 141.1280012326736,
  "summary_gm_k": 0.03968118329197301,
  "summary_gm_mad": 54.7409088696837,
  "summary_gm_mean": 753.7604685448699,
  "summary_gm_median": 754.5304689109325,
  "summary_gm_n": 66512.0,
  "summary_gm_p05": 662.9033743366599,
  "summary_gm_p95": 842.329673230648,
  "summary_gm_stdv": 54.69049018242463,
  "summary_wm_k": 0.4285708794548939,
  "summary_wm_mad": 58.90753972853101,
  "summary_wm_mean": 1005.7751523800157,
  "summary_wm_median": 1000.0968968868256,
  "summary_wm_n": 377133.0,
  "summary_wm_p05": 915.5441311374307,
  "summary_wm_p95": 1116.193416506052,
  "summary_wm_stdv": 61.31646689936184,
  "tpm_overlap_csf": 0.14467285944363314,
  "tpm_overlap_gm": 0.44646314641417617,
  "tpm_overlap_wm": 0.47080436325207253,
  "wm2max": 0.5369546484435633
}