{
  "bids_meta": {
    "AcquisitionMatrixPE": 300,
    "AcquisitionNumber": 1,
    "AcquisitionTime": "16:55:7.202500",
    "BaseResolution": 320,
    "CoilCombinationMethod": "Adaptive Combine",
    "CoilString": "C:A32",
    "ConversionSoftware": "dcm2niix",
    "ConversionSoftwareVersion": "v1.0.20211220",
    "Dcm2bidsVersion": "2.1.6",
    "DeviceSerialNumber": "18981",
    "DwellTime": 6.5e-06,
    "EchoTime": 0.00299,
    "ImageComments": "DENOISED IMAGE (lambda = 150)",
    "ImageOrientationPatientDICOM": [
      0,
      1,
      0,
      0,
      0,
      -1
    ],
    "ImageOrientationText": "Sag",
    "ImageType": [
      "ORIGINAL",
      "PRIMARY",
      "M",
      "ND",
      "UNI"
    ],
    "ImagingFrequency": 297.224,
    "InPlanePhaseEncodingDirectionDICOM": "ROW",
    "MRAcquisitionType": "3D",
    "MagneticFieldStrength": 6.98,
    "Manufacturer": "Siemens",
    "ManufacturersModelName": "Investigational_Device_7T",
    "MatrixCoilMode": "GRAPPA",
    "Modality": "MR",
    "ParallelReductionFactorInPlane": 3,
    "PartialFourier": 0.75,
    "PatientPosition": "HFS",
    "PercentPhaseFOV": 93.75,
    "PercentSampling": 100,
    "PhaseEncodingSteps": 226,
    "PhaseResolution": 1,
    "PixelBandwidth": 240,
    "ProtocolName": "mp2rage-wip900_0.75iso_7T",
    "PulseSequenceDetails": "%CustomerSeq%\\tfl_wip900b17a",
    "ReceiveCoilName": "32Ch_Head_7T",
    "ReconMatrixPE": 300,
    "RefLinesPE": 32,
    "RepetitionTime": 6,
    "SAR": 0.0751029,
    "ScanOptions": "IR\\PFP",
    "ScanningSequence": "GR\\IR",
    "SequenceName": "tfl3d1_ns",
    "SequenceVariant": "SP\\MP",
    "SeriesDescription": "mp2rage-wip900_0.75iso_7T_UNI-DEN",
    "SeriesNumber": 27,
    "ShimSetting": [
      31,
      146,
      823,
      664,
      -150,
      -500,
      -576,
      35
    ],
    "SliceThickness": 0.75,
    "SoftwareVersions": "syngo MR B17",
    "StationName": "MRC18981",
    "TxRefAmp": 240,
    "acq_id": "MP2R",
    "dataset": "ds004056",
    "modality": "T1w",
    "session_id": "01",
    "subject_id": "15"
  },
  "cjv": 0.27667496316788204,
  "cnr": 4.497620228448635,
  "efc": 0.48086632380855726,
  "fber": -1.0,
  "fwhm_avg": 4.344928888888889,
  "fwhm_x": 4.367373333333333,
  "fwhm_y": 4.762733333333333,
  "fwhm_z": 3.9046800000000004,
  "icvs_csf": 0.2865075840599432,
  "icvs_gm": 0.4009726154654685,
  "icvs_wm": 0.3125198004745883,
  "inu_med": 0.6219265460968018,
  "inu_range": 0.08879222869873038,
  "provenance": {
    "md5sum": "94765b3f3abe2110b2baba537d3eb8c2",
    "settings": {
      "testing": false
    },
    "software": "mriqc",
    "version": "23.0.1",
    "warnings": {
      "large_rot_frame": true,
      "small_air_mask": false
    },
    "webapi_port": null,
    "webapi_url": "https://mriqc.nimh.nih.gov/api/v1"
  },
  "qi_1": 3.875925816000646e-05,
  "qi_2": 0.0011517274800271519,
  "rpve_csf": 14.953668861712135,
  "rpve_gm": 10.120579637225028,
  "rpve_wm": 16.3968554014663,
  "size_x": 224,
  "size_y": 300,
  "size_z": 320,
  "snr_csf": 1.1004724926494074,
  "snr_gm": 5.058628354052982,
  "snr_total": 7.481068303163446,
  "snr_wm": 16.28410406278795,
  "snrd_csf": 9.732726304718282,
  "snrd_gm": 63.15712501671547,
  "snrd_total": 67.58022375541728,
  "snrd_wm": 129.85081994481808,
  "spacing_x": 0.75,
  "spacing_y": 0.75,
  "spacing_z": 0.75,
  "summary_bg_k": 2283.8805457071676,
  "summary_bg_mad": 0.0,
  "summary_bg_mean": 2.1152211253123347,
  "summary_bg_median": 0.0,
  "summary_bg_n": 6184352.0,
  "summary_bg_p05": 0.0,
  "summary_bg_p95": 10.08931514248252,
  "summary_bg_stdv": 5.04530039404459,
  "summary_csf_k": 8.927483283911801,
  "summary_csf_mad": 64.77904100085544,
  "summary_csf_mean": 90.34209977229867,
  "summary_csf_median": 74.95313626341522,
  "summary_csf_n": 119090.0,
  "summary_csf_p05": 13.011357232928276,
  "summary_csf_p95": 213.91553416848183,
  "summary_csf_stdv": 68.10967295616999,
  "summary_gm_k": 1.3160904464115148,
  "summary_gm_mad": 95.30897388895578,
  "summary_gm_mean": 476.2657905420629,
  "summary_gm_median": 486.3821758851409,
  "summary_gm_n": 86160.0,
  "summary_gm_p05": 303.20321653597057,
  "summary_gm_p95": 617.4330069981515,
  "summary_gm_stdv": 96.14846541062352,
  "summary_wm_k": 4.48744933063441,
  "summary_wm_mad": 46.79621573878832,
  "summary_wm_mean": 993.0338683547869,
  "summary_wm_median": 999.9999893680215,
  "summary_wm_n": 475310.0,
  "summary_wm_p05": 886.1506135798991,
  "summary_wm_p95": 1074.760160587728,
  "summary_wm_stdv": 61.40951528967486,
  "tpm_overlap_csf": 0.13678410410688985,
  "tpm_overlap_gm": 0.4240443611350712,
  "tpm_overlap_wm": 0.46889786643671866,
  "wm2max": 0.6181688052758039
}