{
  "bids_meta": {
    "AcquisitionMatrixPE": 300,
    "AcquisitionNumber": 1,
    "AcquisitionTime": "10:55:17.495000",
    "BaseResolution": 320,
    "CoilCombinationMethod": "Adaptive Combine",
    "CoilString": "C:HEA;HEP",
    "ConversionSoftware": "dcm2niix",
    "ConversionSoftwareVersion": "v1.0.20211220",
    "Dcm2bidsVersion": "2.1.6",
    "DeviceSerialNumber": "40463",
    "DwellTime": 7.4e-06,
    "EchoTime": 0.00224,
    "FlipAngle": 8,
    "ImageOrientationPatientDICOM": [
      0,
      1,
      0,
      0,
      0,
      -1
    ],
    "ImageOrientationText": "Sag",
    "ImageType": [
      "ORIGINAL",
      "PRIMARY",
      "M",
      "ND"
    ],
    "ImagingFrequency": 123.122,
    "InPlanePhaseEncodingDirectionDICOM": "ROW",
    "InversionTime": 1.06,
    "MRAcquisitionType": "3D",
    "MagneticFieldStrength": 3,
    "Manufacturer": "Siemens",
    "ManufacturersModelName": "Verio",
    "MatrixCoilMode": "GRAPPA",
    "Modality": "MR",
    "ParallelReductionFactorInPlane": 2,
    "PartialFourier": 1,
    "PatientPosition": "HFS",
    "PercentPhaseFOV": 93.75,
    "PercentSampling": 100,
    "PhaseEncodingSteps": 299,
    "PhaseResolution": 1,
    "PixelBandwidth": 211,
    "ProtocolName": "T1w_MPR2_0.8iso",
    "PulseSequenceDetails": "%SiemensSeq%\\tfl",
    "ReceiveCoilName": "32Ch_Head",
    "ReconMatrixPE": 300,
    "RefLinesPE": 32,
    "RepetitionTime": 2.4,
    "SAR": 0.0276427,
    "ScanOptions": "IR\\WE",
    "ScanningSequence": "GR\\IR",
    "SequenceName": "*tfl3d1_ns",
    "SequenceVariant": "SP\\MP",
    "SeriesDescription": "T1w_MPR2_0.8iso",
    "SeriesNumber": 16,
    "ShimSetting": [
      2868,
      7447,
      -15154,
      43,
      907,
      -1296,
      -100,
      1233
    ],
    "SliceThickness": 0.8,
    "SoftwareVersions": "syngo MR B17",
    "StationName": "MRC40463",
    "TxRefAmp": 415.885,
    "acq_id": "02",
    "dataset": "ds004056",
    "modality": "T1w",
    "session_id": "02",
    "subject_id": "14"
  },
  "cjv": 0.4168866073625245,
  "cnr": 3.2791786500128195,
  "efc": 0.5159504227454881,
  "fber": 22257.553210463735,
  "fwhm_avg": 4.542041598984973,
  "fwhm_x": 4.646087430767903,
  "fwhm_y": 4.388599934604764,
  "fwhm_z": 4.591437431582251,
  "icvs_csf": 0.19154405197230095,
  "icvs_gm": 0.4331195704468952,
  "icvs_wm": 0.37533637758080385,
  "inu_med": 0.8625809848308563,
  "inu_range": 0.6096086412668225,
  "provenance": {
    "md5sum": "95dd8d58178d74f80024991bd431c614",
    "settings": {
      "testing": false
    },
    "software": "mriqc",
    "version": "23.0.1",
    "warnings": {
      "large_rot_frame": true,
      "small_air_mask": false
    },
    "webapi_port": null,
    "webapi_url": "https://mriqc.nimh.nih.gov/api/v1"
  },
  "qi_1": 0.0,
  "qi_2": 0.004125372890883896,
  "rpve_csf": 31.31881368928118,
  "rpve_gm": 14.193151669467593,
  "rpve_wm": 17.752245902988967,
  "size_x": 224,
  "size_y": 300,
  "size_z": 320,
  "snr_csf": 1.7951342409692863,
  "snr_gm": 13.808018164463887,
  "snr_total": 11.282130812861302,
  "snr_wm": 18.243240033150734,
  "snrd_csf": 18.60884570529371,
  "snrd_gm": 49.21690071800582,
  "snrd_total": 44.6119283850789,
  "snrd_wm": 66.01003873193719,
  "spacing_x": 0.800000011920929,
  "spacing_y": 0.800000011920929,
  "spacing_z": 0.800000011920929,
  "summary_bg_k": 5.170209629206234,
  "summary_bg_mad": 0.0,
  "summary_bg_mean": 6.900341668685816,
  "summary_bg_median": 0.0,
  "summary_bg_n": 6968806.0,
  "summary_bg_p05": 0.0,
  "summary_bg_p95": 27.596128541976213,
  "summary_bg_stdv": 9.925664812867762,
  "summary_csf_k": 26.05645598064169,
  "summary_csf_mad": 116.21408902765,
  "summary_csf_mean": 288.20188402294303,
  "summary_csf_median": 281.9339072369039,
  "summary_csf_n": 76683.0,
  "summary_csf_p05": 55.14866130426526,
  "summary_csf_p95": 525.0632109742609,
  "summary_csf_stdv": 157.05347404599965,
  "summary_gm_k": 0.02173692682251005,
  "summary_gm_mad": 54.810649330059626,
  "summary_gm_mean": 745.7375582574963,
  "summary_gm_median": 745.6622157692909,
  "summary_gm_n": 105396.0,
  "summary_gm_p05": 657.5878418562934,
  "summary_gm_p95": 833.4641160592437,
  "summary_gm_stdv": 54.00186105263315,
  "summary_wm_k": 0.6235412214525895,
  "summary_wm_mad": 51.25571334756755,
  "summary_wm_mean": 1004.9422458972774,
  "summary_wm_median": 1000.087186023593,
  "summary_wm_n": 361924.0,
  "summary_wm_p05": 923.7945715710521,
  "summary_wm_p95": 1103.191204983741,
  "summary_wm_stdv": 54.81952781300764,
  "tpm_overlap_csf": 0.11925297778470463,
  "tpm_overlap_gm": 0.45580628123859135,
  "tpm_overlap_wm": 0.47017979647248437,
  "wm2max": 0.5747212827257923
}