{
  "bids_meta": {
    "AcquisitionMatrixPE": 300,
    "AcquisitionNumber": 1,
    "AcquisitionTime": "10:42:34.525000",
    "BaseResolution": 320,
    "CoilCombinationMethod": "Adaptive Combine",
    "CoilString": "C:HEA;HEP",
    "ConversionSoftware": "dcm2niix",
    "ConversionSoftwareVersion": "v1.0.20211220",
    "Dcm2bidsVersion": "2.1.6",
    "DeviceSerialNumber": "40463",
    "DwellTime": 7.4e-06,
    "EchoTime": 0.00224,
    "FlipAngle": 8,
    "ImageOrientationPatientDICOM": [
      0,
      1,
      0,
      0,
      0,
      -1
    ],
    "ImageOrientationText": "Sag",
    "ImageType": [
      "ORIGINAL",
      "PRIMARY",
      "M",
      "ND"
    ],
    "ImagingFrequency": 123.122,
    "InPlanePhaseEncodingDirectionDICOM": "ROW",
    "InversionTime": 1.06,
    "MRAcquisitionType": "3D",
    "MagneticFieldStrength": 3,
    "Manufacturer": "Siemens",
    "ManufacturersModelName": "Verio",
    "MatrixCoilMode": "GRAPPA",
    "Modality": "MR",
    "ParallelReductionFactorInPlane": 2,
    "PartialFourier": 1,
    "PatientPosition": "HFS",
    "PercentPhaseFOV": 93.75,
    "PercentSampling": 100,
    "PhaseEncodingSteps": 299,
    "PhaseResolution": 1,
    "PixelBandwidth": 211,
    "ProtocolName": "T1w_MPR1_0.8iso",
    "PulseSequenceDetails": "%SiemensSeq%\\tfl",
    "ReceiveCoilName": "32Ch_Head",
    "ReconMatrixPE": 300,
    "RefLinesPE": 32,
    "RepetitionTime": 2.4,
    "SAR": 0.0276427,
    "ScanOptions": "IR\\WE",
    "ScanningSequence": "GR\\IR",
    "SequenceName": "*tfl3d1_ns",
    "SequenceVariant": "SP\\MP",
    "SeriesDescription": "T1w_MPR1_0.8iso",
    "SeriesNumber": 14,
    "ShimSetting": [
      2868,
      7447,
      -15154,
      43,
      907,
      -1296,
      -100,
      1233
    ],
    "SliceThickness": 0.8,
    "SoftwareVersions": "syngo MR B17",
    "StationName": "MRC40463",
    "TxRefAmp": 415.885,
    "acq_id": "01",
    "dataset": "ds004056",
    "modality": "T1w",
    "session_id": "02",
    "subject_id": "14"
  },
  "cjv": 0.4207962840504781,
  "cnr": 3.2373528427808034,
  "efc": 0.5146305722660085,
  "fber": 25469.25826446281,
  "fwhm_avg": 4.595558264854179,
  "fwhm_x": 4.700762429953181,
  "fwhm_y": 4.4506749336797755,
  "fwhm_z": 4.63523743092958,
  "icvs_csf": 0.18771005601631116,
  "icvs_gm": 0.43498173264711154,
  "icvs_wm": 0.3773082113365773,
  "inu_med": 0.8554662466049194,
  "inu_range": 0.6245004296302796,
  "provenance": {
    "md5sum": "9a58c40ff1966b6c3034a3aa4ed27009",
    "settings": {
      "testing": false
    },
    "software": "mriqc",
    "version": "23.0.1",
    "warnings": {
      "large_rot_frame": true,
      "small_air_mask": false
    },
    "webapi_port": null,
    "webapi_url": "https://mriqc.nimh.nih.gov/api/v1"
  },
  "qi_1": 0.0,
  "qi_2": 0.004079166992764223,
  "rpve_csf": 31.976847646819802,
  "rpve_gm": 14.176392254400666,
  "rpve_wm": 17.634904006464012,
  "size_x": 224,
  "size_y": 300,
  "size_z": 320,
  "snr_csf": 1.8176020910341046,
  "snr_gm": 14.07609928074097,
  "snr_total": 11.306225568673682,
  "snr_wm": 18.024975334245976,
  "snrd_csf": 19.455459030726143,
  "snrd_gm": 49.880847439127024,
  "snrd_total": 45.308152816599225,
  "snrd_wm": 66.58815197994448,
  "spacing_x": 0.800000011920929,
  "spacing_y": 0.800000011920929,
  "spacing_z": 0.800000011920929,
  "summary_bg_k": 4.319988213820866,
  "summary_bg_mad": 0.0,
  "summary_bg_mean": 6.885142109477801,
  "summary_bg_median": 0.0,
  "summary_bg_n": 6998907.0,
  "summary_bg_p05": 0.0,
  "summary_bg_p95": 27.260723114013672,
  "summary_bg_stdv": 9.839471255725686,
  "summary_csf_k": 26.148489958002703,
  "summary_csf_mad": 114.74584557197478,
  "summary_csf_mean": 295.4546987743687,
  "summary_csf_median": 292.20087587833405,
  "summary_csf_n": 73764.0,
  "summary_csf_p05": 57.29011341929436,
  "summary_csf_p95": 533.3730856776237,
  "summary_csf_stdv": 160.76065089608133,
  "summary_gm_k": 0.052019816312887546,
  "summary_gm_mad": 53.4891200877615,
  "summary_gm_mean": 749.0075241234158,
  "summary_gm_median": 749.1587470769882,
  "summary_gm_n": 105817.0,
  "summary_gm_p05": 661.9244331121445,
  "summary_gm_p95": 835.668948084116,
  "summary_gm_stdv": 53.22179051512159,
  "summary_wm_k": 0.5487397680154964,
  "summary_wm_mad": 52.099792293274184,
  "summary_wm_mean": 1005.3894126091806,
  "summary_wm_median": 1000.0851843655109,
  "summary_wm_n": 361437.0,
  "summary_wm_p05": 923.7551596462727,
  "summary_wm_p95": 1105.8056761920452,
  "summary_wm_stdv": 55.48322715203311,
  "tpm_overlap_csf": 0.11759460688755517,
  "tpm_overlap_gm": 0.45560724177914724,
  "tpm_overlap_wm": 0.4693512325387227,
  "wm2max": 0.5750146943573667
}