{
  "bids_meta": {
    "AcquisitionMatrixPE": 302,
    "AcquisitionNumber": 1,
    "AcquisitionTime": "10:31:11.215000",
    "BaseResolution": 320,
    "CoilCombinationMethod": "Adaptive Combine",
    "CoilString": "C:HEA;HEP",
    "ConversionSoftware": "dcm2niix",
    "ConversionSoftwareVersion": "v1.0.20211220",
    "Dcm2bidsVersion": "2.1.6",
    "DeviceSerialNumber": "40462",
    "DwellTime": 2.1e-06,
    "EchoTime": 0.56,
    "EchoTrainLength": 167,
    "FlipAngle": 120,
    "ImageOrientationPatientDICOM": [
      0,
      1,
      0,
      0,
      0,
      -1
    ],
    "ImageOrientationText": "Sag",
    "ImageType": [
      "ORIGINAL",
      "PRIMARY",
      "M",
      "ND"
    ],
    "ImagingFrequency": 123.21,
    "InPlanePhaseEncodingDirectionDICOM": "ROW",
    "MRAcquisitionType": "3D",
    "MagneticFieldStrength": 3,
    "Manufacturer": "Siemens",
    "ManufacturersModelName": "Verio",
    "MatrixCoilMode": "GRAPPA",
    "Modality": "MR",
    "ParallelReductionFactorInPlane": 2,
    "PartialFourier": 1,
    "PatientPosition": "HFS",
    "PercentPhaseFOV": 93.75,
    "PercentSampling": 100.667,
    "PhaseEncodingDirection": "i",
    "PhaseEncodingSteps": 290,
    "PhaseResolution": 1.00667,
    "PixelBandwidth": 744,
    "ProtocolName": "T2w_SPC1_0.8iso",
    "PulseSequenceDetails": "%SiemensSeq%\\tse_vfl",
    "ReceiveCoilName": "32Ch_Head",
    "ReconMatrixPE": 300,
    "RefLinesPE": 32,
    "RepetitionTime": 3.2,
    "SAR": 0.0940968,
    "ScanOptions": "PFP",
    "ScanningSequence": "SE",
    "SequenceName": "*spc3d1_334ns",
    "SequenceVariant": "SK\\SP",
    "SeriesDescription": "T2w_SPC1_0.8iso",
    "SeriesNumber": 15,
    "ShimSetting": [
      1001,
      10180,
      953,
      447,
      137,
      -529,
      73,
      -229
    ],
    "SliceThickness": 0.8,
    "SoftwareVersions": "syngo MR B17",
    "SpoilingState": true,
    "StationName": "MRC40462",
    "TxRefAmp": 397.321,
    "acq_id": "01",
    "dataset": "ds004056",
    "modality": "T2w",
    "session_id": "02",
    "subject_id": "19"
  },
  "cjv": 0.4933991918329408,
  "cnr": 1.3060185025598874,
  "efc": 0.5120681556618211,
  "fber": 5140.673821368147,
  "fwhm_avg": 3.0044541218968113,
  "fwhm_x": 2.925612456404977,
  "fwhm_y": 3.2038499522589152,
  "fwhm_z": 2.8838999570265416,
  "icvs_csf": 0.24467235031351828,
  "icvs_gm": 0.6684325793563928,
  "icvs_wm": 0.08689507033008899,
  "inu_med": 0.8650539815425873,
  "inu_range": 0.6494512766599652,
  "provenance": {
    "md5sum": "e1075c664ff66c1781ab3e54e0534b2e",
    "settings": {
      "testing": false
    },
    "software": "mriqc",
    "version": "23.0.1",
    "warnings": {
      "large_rot_frame": true,
      "small_air_mask": false
    },
    "webapi_port": null,
    "webapi_url": "https://mriqc.nimh.nih.gov/api/v1"
  },
  "qi_1": 0.0019060355112551972,
  "qi_2": 0.004729467518513516,
  "rpve_csf": 15.182871643144217,
  "rpve_gm": 8.111177765518129,
  "rpve_wm": 55.07707551480365,
  "size_x": 224,
  "size_y": 300,
  "size_z": 320,
  "snr_csf": 5.340037165920964,
  "snr_gm": 7.590159044150937,
  "snr_total": 4.985620682790301,
  "snr_wm": 2.0266658382990026,
  "snrd_csf": 66.44780712184578,
  "snrd_gm": 24.2096271734427,
  "snrd_total": 53.10437574249844,
  "snrd_wm": 68.65569293220683,
  "spacing_x": 0.800000011920929,
  "spacing_y": 0.800000011920929,
  "spacing_z": 0.800000011920929,
  "summary_bg_k": 25.004501676011472,
  "summary_bg_mad": 0.0,
  "summary_bg_mean": 5.363132723744112,
  "summary_bg_median": 0.0,
  "summary_bg_n": 6822597.0,
  "summary_bg_p05": 0.0,
  "summary_bg_p95": 20.357848405838013,
  "summary_bg_stdv": 9.53908507203562,
  "summary_csf_k": 1.5306795832245674,
  "summary_csf_mad": 106.61620348455841,
  "summary_csf_mean": 890.7143733888367,
  "summary_csf_median": 967.5104069709778,
  "summary_csf_n": 74477.0,
  "summary_csf_p05": 538.6725744009018,
  "summary_csf_p95": 1078.355718255043,
  "summary_csf_stdv": 181.1792467962344,
  "summary_gm_k": 0.5044208282203559,
  "summary_gm_mad": 43.42818879208082,
  "summary_gm_mean": 356.8819349679981,
  "summary_gm_median": 352.5032240152359,
  "summary_gm_n": 849061.0,
  "summary_gm_p05": 288.3296227455139,
  "summary_gm_p95": 441.55050337314606,
  "summary_gm_stdv": 46.44211200062541,
  "summary_wm_k": -1.8968877461052458,
  "summary_wm_mad": 275.87756930169337,
  "summary_wm_mean": 628.4370088229753,
  "summary_wm_median": 999.6582323312759,
  "summary_wm_n": 28866.0,
  "summary_wm_p05": 23.750823140144348,
  "summary_wm_p95": 1168.977435529232,
  "summary_wm_stdv": 493.2440749699599,
  "tpm_overlap_csf": 0.14642359256334445,
  "tpm_overlap_gm": 0.41808876742432344,
  "tpm_overlap_wm": 0.03146329595443182,
  "wm2max": 0.8494534354249532
}