{
  "aor": 0.0007597260273972602,
  "aqi": 0.007861314931506849,
  "bids_meta": {
    "AcquisitionMatrixPE": 130,
    "AcquisitionNumber": 1,
    "AcquisitionTime": "12:32:29.272500",
    "BandwidthPerPixelPhaseEncode": 24.038,
    "BaseResolution": 130,
    "CoilCombinationMethod": "Sum of Squares",
    "CoilString": "C:A32",
    "ConversionSoftware": "dcm2niix",
    "ConversionSoftwareVersion": "v1.0.20211220",
    "Dcm2bidsVersion": "2.1.6",
    "DerivedVendorReportedEchoSpacing": 0.000640012,
    "DeviceSerialNumber": "18981",
    "DwellTime": 2e-06,
    "EchoTime": 0.0222,
    "EffectiveEchoSpacing": 0.000320006,
    "FlipAngle": 45,
    "ImageComments": "Unaliased MB5/PE4",
    "ImageOrientationPatientDICOM": [
      1,
      -1e-16,
      0,
      1e-16,
      0.939693,
      -0.34202
    ],
    "ImageOrientationText": "Tra>Cor(-20.0)",
    "ImageType": [
      "ORIGINAL",
      "PRIMARY",
      "M",
      "MB",
      "ND",
      "MOSAIC"
    ],
    "ImagingFrequency": 297.224,
    "InPlanePhaseEncodingDirectionDICOM": "COL",
    "MRAcquisitionType": "2D",
    "MagneticFieldStrength": 6.98,
    "Manufacturer": "Siemens",
    "ManufacturersModelName": "Investigational_Device_7T",
    "MatrixCoilMode": "GRAPPA",
    "Modality": "MR",
    "MultibandAccelerationFactor": 5,
    "ParallelReductionFactorInPlane": 2,
    "PartialFourier": 0.875,
    "PatientPosition": "HFS",
    "PercentPhaseFOV": 100,
    "PercentSampling": 100,
    "PhaseEncodingDirection": "j-",
    "PhaseEncodingSteps": 114,
    "PhaseResolution": 1,
    "PixelBandwidth": 1923,
    "ProtocolName": "MB5_TR1s_TE22p2_IPAT2_1.6mm_85slices_AP_367vols",
    "PulseSequenceDetails": "%CustomerSeq%\\cmrr_mbep2d_bold",
    "ReceiveCoilName": "32Ch_Head_7T",
    "ReconMatrixPE": 130,
    "RefLinesPE": 96,
    "RepetitionTime": 1,
    "SAR": 0.0799119,
    "ScanOptions": "PFP\\FS",
    "ScanningSequence": "EP",
    "SequenceName": "epfid2d1_130",
    "SequenceVariant": "SK\\SS",
    "SeriesDescription": "MB5_TR1s_TE22p2_IPAT2_1.6mm_85slices_AP_367vols",
    "SeriesNumber": 11,
    "ShimSetting": [
      -39,
      111,
      853,
      509,
      -24,
      129,
      -261,
      77
    ],
    "SliceThickness": 1.6,
    "SliceTiming": [
      0,
      0.53,
      0.0575,
      0.59,
      0.1175,
      0.6475,
      0.175,
      0.7075,
      0.235,
      0.7675,
      0.295,
      0.825,
      0.3525,
      0.885,
      0.4125,
      0.9425,
      0.4725,
      0,
      0.53,
      0.0575,
      0.59,
      0.1175,
      0.6475,
      0.175,
      0.7075,
      0.235,
      0.7675,
      0.295,
      0.825,
      0.3525,
      0.885,
      0.4125,
      0.9425,
      0.4725,
      0,
      0.53,
      0.0575,
      0.59,
      0.1175,
      0.6475,
      0.175,
      0.7075,
      0.235,
      0.7675,
      0.295,
      0.825,
      0.3525,
      0.885,
      0.4125,
      0.9425,
      0.4725,
      0,
      0.53,
      0.0575,
      0.59,
      0.1175,
      0.6475,
      0.175,
      0.7075,
      0.235,
      0.7675,
      0.295,
      0.825,
      0.3525,
      0.885,
      0.4125,
      0.9425,
      0.4725,
      0,
      0.53,
      0.0575,
      0.59,
      0.1175,
      0.6475,
      0.175,
      0.7075,
      0.235,
      0.7675,
      0.295,
      0.825,
      0.3525,
      0.885,
      0.4125,
      0.9425,
      0.4725
    ],
    "SoftwareVersions": "syngo MR B17",
    "SpacingBetweenSlices": 1.6,
    "StationName": "MRC18981",
    "TaskName": "GDMotor",
    "TotalReadoutTime": 0.0412808,
    "TxRefAmp": 186.941,
    "dataset": "ds004056",
    "modality": "bold",
    "run_id": 3,
    "session_id": "01",
    "subject_id": "17",
    "task_id": "GDMotor"
  },
  "dummy_trs": 2,
  "dvars_nstd": 48.902235817142866,
  "dvars_std": 1.0327269605219784,
  "dvars_vstd": 0.9995737852197806,
  "efc": 0.4740106631994824,
  "fber": 1429.8701171875,
  "fd_mean": 0.1160696772073463,
  "fd_num": 24,
  "fd_perc": 6.575342465753424,
  "fwhm_avg": 2.62198537759604,
  "fwhm_x": 2.4747937131227,
  "fwhm_y": 2.7817187085491613,
  "fwhm_z": 2.6094437111162585,
  "gcor": 0.00504938,
  "gsr_x": -0.018812628462910652,
  "gsr_y": 0.06848269701004028,
  "provenance": {
    "md5sum": "d473229aec7ab52441b83109668c7e7c",
    "settings": {
      "fd_thres": 0.2,
      "testing": false
    },
    "software": "mriqc",
    "version": "23.0.1",
    "webapi_port": null,
    "webapi_url": "https://mriqc.nimh.nih.gov/api/v1"
  },
  "size_t": 365,
  "size_x": 130,
  "size_y": 130,
  "size_z": 85,
  "snr": 1.7265277456428767,
  "spacing_tr": 1.0,
  "spacing_x": 1.600000023841858,
  "spacing_y": 1.600000023841858,
  "spacing_z": 1.600000023841858,
  "summary_bg_k": 59.286779245306185,
  "summary_bg_mad": 6.170062600245234,
  "summary_bg_mean": 22.455106735229492,
  "summary_bg_median": 8.408219337463379,
  "summary_bg_n": 997228.0,
  "summary_bg_p05": 3.9452056884765625,
  "summary_bg_p95": 90.00178031921361,
  "summary_bg_stdv": 42.871063232421875,
  "summary_fg_k": 7.175165641420014,
  "summary_fg_mad": 130.80611892020698,
  "summary_fg_mean": 374.6479187011719,
  "summary_fg_median": 329.70684814453125,
  "summary_fg_n": 279935.0,
  "summary_fg_p05": 171.49781799316406,
  "summary_fg_p95": 746.4701538085936,
  "summary_fg_stdv": 190.96493530273438,
  "tsnr": 26.505211375653744
}