{
  "bids_meta": {
    "AcquisitionMatrixPE": 300,
    "AcquisitionNumber": 1,
    "AcquisitionTime": "14:58:47.852500",
    "BaseResolution": 320,
    "CoilCombinationMethod": "Adaptive Combine",
    "CoilString": "C:A32",
    "ConversionSoftware": "dcm2niix",
    "ConversionSoftwareVersion": "v1.0.20211220",
    "Dcm2bidsVersion": "2.1.6",
    "DeviceSerialNumber": "18981",
    "DwellTime": 6.5e-06,
    "EchoTime": 0.00299,
    "ImageComments": "DENOISED IMAGE (lambda = 150)",
    "ImageOrientationPatientDICOM": [
      0,
      1,
      0,
      0,
      0,
      -1
    ],
    "ImageOrientationText": "Sag",
    "ImageType": [
      "ORIGINAL",
      "PRIMARY",
      "M",
      "ND",
      "UNI"
    ],
    "ImagingFrequency": 297.224,
    "InPlanePhaseEncodingDirectionDICOM": "ROW",
    "MRAcquisitionType": "3D",
    "MagneticFieldStrength": 6.98,
    "Manufacturer": "Siemens",
    "ManufacturersModelName": "Investigational_Device_7T",
    "MatrixCoilMode": "GRAPPA",
    "Modality": "MR",
    "ParallelReductionFactorInPlane": 3,
    "PartialFourier": 0.75,
    "PatientPosition": "HFS",
    "PercentPhaseFOV": 93.75,
    "PercentSampling": 100,
    "PhaseEncodingSteps": 226,
    "PhaseResolution": 1,
    "PixelBandwidth": 240,
    "ProtocolName": "mp2rage-wip900_0.75iso_7T",
    "PulseSequenceDetails": "%CustomerSeq%\\tfl_wip900b17a",
    "ReceiveCoilName": "32Ch_Head_7T",
    "ReconMatrixPE": 300,
    "RefLinesPE": 32,
    "RepetitionTime": 6,
    "SAR": 0.0354482,
    "ScanOptions": "IR\\PFP",
    "ScanningSequence": "GR\\IR",
    "SequenceName": "tfl3d1_ns",
    "SequenceVariant": "SP\\MP",
    "SeriesDescription": "mp2rage-wip900_0.75iso_7T_UNI-DEN",
    "SeriesNumber": 25,
    "ShimSetting": [
      -60,
      93,
      931,
      694,
      -205,
      -38,
      -152,
      95
    ],
    "SliceThickness": 0.75,
    "SoftwareVersions": "syngo MR B17",
    "StationName": "MRC18981",
    "TxRefAmp": 153.806,
    "acq_id": "MP2R",
    "dataset": "ds004056",
    "modality": "T1w",
    "session_id": "01",
    "subject_id": "14"
  },
  "cjv": 0.30621514650847675,
  "cnr": 4.358392212038365,
  "efc": 0.441828457352427,
  "fber": -1.0,
  "fwhm_avg": 4.258204444444444,
  "fwhm_x": 4.395546666666667,
  "fwhm_y": 4.589706666666666,
  "fwhm_z": 3.7893600000000003,
  "icvs_csf": 0.2879390822137772,
  "icvs_gm": 0.39716818522627967,
  "icvs_wm": 0.31489273255994316,
  "inu_med": 0.7927700281143188,
  "inu_range": 0.22833476960659027,
  "provenance": {
    "md5sum": "3996faf47cda2c4685426ae0fbe25b76",
    "settings": {
      "testing": false
    },
    "software": "mriqc",
    "version": "23.0.1",
    "warnings": {
      "large_rot_frame": true,
      "small_air_mask": false
    },
    "webapi_port": null,
    "webapi_url": "https://mriqc.nimh.nih.gov/api/v1"
  },
  "qi_1": 4.687631326454856e-05,
  "qi_2": 0.001507873436416763,
  "rpve_csf": 18.136649497931657,
  "rpve_gm": 12.690941872300558,
  "rpve_wm": 19.841709603851676,
  "size_x": 224,
  "size_y": 300,
  "size_z": 320,
  "snr_csf": 0.7093657210046432,
  "snr_gm": 4.692957915439144,
  "snr_total": 6.064696190901633,
  "snr_wm": 12.791764936261114,
  "snrd_csf": 11.19013542986403,
  "snrd_gm": 56.01590198242683,
  "snrd_total": 63.35097800554839,
  "snrd_wm": 122.8468966043543,
  "spacing_x": 0.75,
  "spacing_y": 0.75,
  "spacing_z": 0.75,
  "summary_bg_k": 137.03123679150642,
  "summary_bg_mad": 0.0,
  "summary_bg_mean": 2.5640342089268264,
  "summary_bg_median": 0.0,
  "summary_bg_n": 6350606.0,
  "summary_bg_p05": 0.0,
  "summary_bg_p95": 8.097165808081627,
  "summary_bg_stdv": 5.333127201478304,
  "summary_csf_k": 138.7834685470883,
  "summary_csf_mad": 69.91364255221883,
  "summary_csf_mean": 109.78596445340163,
  "summary_csf_median": 91.0931153409183,
  "summary_csf_n": 90229.0,
  "summary_csf_p05": 16.293886933475733,
  "summary_csf_p95": 240.6650240711862,
  "summary_csf_stdv": 128.41417036906213,
  "summary_gm_k": -0.17389912119875284,
  "summary_gm_mad": 100.31943502039,
  "summary_gm_mean": 452.9744230712744,
  "summary_gm_median": 455.99653839692473,
  "summary_gm_n": 57128.0,
  "summary_gm_p05": 288.0251477720216,
  "summary_gm_p95": 605.5833804247899,
  "summary_gm_stdv": 97.16527520349966,
  "summary_wm_k": 1.5328518883917175,
  "summary_wm_mad": 66.27281950586824,
  "summary_wm_mean": 994.9034135818642,
  "summary_wm_median": 1000.0331624038517,
  "summary_wm_n": 374049.0,
  "summary_wm_p05": 855.3925603911281,
  "summary_wm_p95": 1111.8337837457657,
  "summary_wm_stdv": 78.17778317678058,
  "tpm_overlap_csf": 0.13132850907099902,
  "tpm_overlap_gm": 0.43763779317262247,
  "tpm_overlap_wm": 0.4644893468421397,
  "wm2max": 0.4943811008120745
}