{
  "bids_meta": {
    "AcquisitionMatrixPE": 300,
    "AcquisitionNumber": 1,
    "AcquisitionTime": "17:11:50.317500",
    "BaseResolution": 320,
    "CoilCombinationMethod": "Adaptive Combine",
    "CoilString": "C:A32",
    "ConversionSoftware": "dcm2niix",
    "ConversionSoftwareVersion": "v1.0.20211220",
    "Dcm2bidsVersion": "2.1.6",
    "DeviceSerialNumber": "18981",
    "DwellTime": 6.5e-06,
    "EchoTime": 0.00299,
    "ImageComments": "DENOISED IMAGE (lambda = 150)",
    "ImageOrientationPatientDICOM": [
      0,
      1,
      0,
      0,
      0,
      -1
    ],
    "ImageOrientationText": "Sag",
    "ImageType": [
      "ORIGINAL",
      "PRIMARY",
      "M",
      "ND",
      "UNI"
    ],
    "ImagingFrequency": 297.224,
    "InPlanePhaseEncodingDirectionDICOM": "ROW",
    "MRAcquisitionType": "3D",
    "MagneticFieldStrength": 6.98,
    "Manufacturer": "Siemens",
    "ManufacturersModelName": "Investigational_Device_7T",
    "MatrixCoilMode": "GRAPPA",
    "Modality": "MR",
    "ParallelReductionFactorInPlane": 3,
    "PartialFourier": 0.75,
    "PatientPosition": "HFS",
    "PercentPhaseFOV": 93.75,
    "PercentSampling": 100,
    "PhaseEncodingSteps": 226,
    "PhaseResolution": 1,
    "PixelBandwidth": 240,
    "ProtocolName": "mp2rage-wip900_0.75iso_7T",
    "PulseSequenceDetails": "%CustomerSeq%\\tfl_wip900b17a",
    "ReceiveCoilName": "32Ch_Head_7T",
    "ReconMatrixPE": 300,
    "RefLinesPE": 32,
    "RepetitionTime": 6,
    "SAR": 0.0707227,
    "ScanOptions": "IR\\PFP",
    "ScanningSequence": "GR\\IR",
    "SequenceName": "tfl3d1_ns",
    "SequenceVariant": "SP\\MP",
    "SeriesDescription": "mp2rage-wip900_0.75iso_7T_UNI-DEN",
    "SeriesNumber": 27,
    "ShimSetting": [
      -33,
      104,
      803,
      574,
      -282,
      -263,
      -487,
      100
    ],
    "SliceThickness": 0.75,
    "SoftwareVersions": "syngo MR B17",
    "StationName": "MRC18981",
    "TxRefAmp": 220,
    "acq_id": "MP2R",
    "dataset": "ds004056",
    "modality": "T1w",
    "session_id": "01",
    "subject_id": "27"
  },
  "cjv": 0.275267185209926,
  "cnr": 4.656825055649008,
  "efc": 0.459368825027904,
  "fber": -1.0,
  "fwhm_avg": 4.249982222222222,
  "fwhm_x": 4.37648,
  "fwhm_y": 4.574986666666667,
  "fwhm_z": 3.79848,
  "icvs_csf": 0.27351834347178994,
  "icvs_gm": 0.4099901705843531,
  "icvs_wm": 0.31649148594385695,
  "inu_med": 0.7139285802841187,
  "inu_range": 0.12150623798370364,
  "provenance": {
    "md5sum": "47324cd8b9c89d71fd87ac777a5ee172",
    "settings": {
      "testing": false
    },
    "software": "mriqc",
    "version": "23.0.1",
    "warnings": {
      "large_rot_frame": true,
      "small_air_mask": false
    },
    "webapi_port": null,
    "webapi_url": "https://mriqc.nimh.nih.gov/api/v1"
  },
  "qi_1": 3.879263608847408e-05,
  "qi_2": 0.001248865059498173,
  "rpve_csf": 15.30796470384682,
  "rpve_gm": 10.10912098529938,
  "rpve_wm": 16.173841408422952,
  "size_x": 224,
  "size_y": 300,
  "size_z": 320,
  "snr_csf": 0.5856568101562416,
  "snr_gm": 4.750474770991376,
  "snr_total": 6.117430532661234,
  "snr_wm": 13.016160016836082,
  "snrd_csf": 6.753324292824574,
  "snrd_gm": 36.393580647299736,
  "snrd_total": 42.010555168649624,
  "snrd_wm": 82.88476056582456,
  "spacing_x": 0.75,
  "spacing_y": 0.75,
  "spacing_z": 0.75,
  "summary_bg_k": 4313.249390463471,
  "summary_bg_mad": 0.0,
  "summary_bg_mean": 2.3303068449430833,
  "summary_bg_median": 0.0,
  "summary_bg_n": 6919377.0,
  "summary_bg_p05": 0.0,
  "summary_bg_p95": 11.982980500906706,
  "summary_bg_stdv": 7.90418389298633,
  "summary_csf_k": 100.30273406537917,
  "summary_csf_mad": 67.67384471014954,
  "summary_csf_mean": 105.50227499418695,
  "summary_csf_median": 81.47847852669656,
  "summary_csf_n": 96067.0,
  "summary_csf_p05": 14.182754699140787,
  "summary_csf_p95": 232.64638254139564,
  "summary_csf_stdv": 139.1225254133848,
  "summary_gm_k": -0.33429433703079914,
  "summary_gm_mad": 97.28383383507229,
  "summary_gm_mean": 438.2605939504185,
  "summary_gm_median": 439.0865077264607,
  "summary_gm_n": 82489.0,
  "summary_gm_p05": 286.0864233598113,
  "summary_gm_p95": 589.7420959081501,
  "summary_gm_stdv": 92.42946597978616,
  "summary_wm_k": 3.049029816559533,
  "summary_wm_mad": 57.117239891698816,
  "summary_wm_mean": 989.5514721881493,
  "summary_wm_median": 999.9999838788062,
  "summary_wm_n": 462065.0,
  "summary_wm_p05": 839.6190781891346,
  "summary_wm_p95": 1091.203779913485,
  "summary_wm_stdv": 76.82748986536161,
  "tpm_overlap_csf": 0.1395991786742089,
  "tpm_overlap_gm": 0.4374478725472451,
  "tpm_overlap_wm": 0.4812656811521719,
  "wm2max": 0.5561833928973888
}