{
  "bids_meta": {
    "AcquisitionMatrixPE": 302,
    "AcquisitionNumber": 1,
    "AcquisitionTime": "10:09:13.770000",
    "BaseResolution": 320,
    "CoilCombinationMethod": "Adaptive Combine",
    "CoilString": "C:HEA;HEP",
    "ConversionSoftware": "dcm2niix",
    "ConversionSoftwareVersion": "v1.0.20211220",
    "Dcm2bidsVersion": "2.1.6",
    "DeviceSerialNumber": "40462",
    "DwellTime": 2.1e-06,
    "EchoTime": 0.56,
    "EchoTrainLength": 167,
    "FlipAngle": 120,
    "ImageOrientationPatientDICOM": [
      0,
      1,
      0,
      0,
      0,
      -1
    ],
    "ImageOrientationText": "Sag",
    "ImageType": [
      "ORIGINAL",
      "PRIMARY",
      "M",
      "ND"
    ],
    "ImagingFrequency": 123.21,
    "InPlanePhaseEncodingDirectionDICOM": "ROW",
    "MRAcquisitionType": "3D",
    "MagneticFieldStrength": 3,
    "Manufacturer": "Siemens",
    "ManufacturersModelName": "Verio",
    "MatrixCoilMode": "GRAPPA",
    "Modality": "MR",
    "ParallelReductionFactorInPlane": 2,
    "PartialFourier": 1,
    "PatientPosition": "HFS",
    "PercentPhaseFOV": 93.75,
    "PercentSampling": 100.667,
    "PhaseEncodingDirection": "i",
    "PhaseEncodingSteps": 290,
    "PhaseResolution": 1.00667,
    "PixelBandwidth": 744,
    "ProtocolName": "T2w_SPC1_0.8iso",
    "PulseSequenceDetails": "%SiemensSeq%\\tse_vfl",
    "ReceiveCoilName": "32Ch_Head",
    "ReconMatrixPE": 300,
    "RefLinesPE": 32,
    "RepetitionTime": 3.2,
    "SAR": 0.0899105,
    "ScanOptions": "PFP",
    "ScanningSequence": "SE",
    "SequenceName": "*spc3d1_334ns",
    "SequenceVariant": "SK\\SP",
    "SeriesDescription": "T2w_SPC1_0.8iso",
    "SeriesNumber": 15,
    "ShimSetting": [
      961,
      10311,
      978,
      438,
      -193,
      -508,
      91,
      -145
    ],
    "SliceThickness": 0.8,
    "SoftwareVersions": "syngo MR B17",
    "SpoilingState": true,
    "StationName": "MRC40462",
    "TxRefAmp": 386.513,
    "acq_id": "01",
    "dataset": "ds004056",
    "modality": "T2w",
    "session_id": "02",
    "subject_id": "21"
  },
  "cjv": 0.3958296373530851,
  "cnr": 1.702687806469882,
  "efc": 0.5104782769312007,
  "fber": 5109.3904,
  "fwhm_avg": 2.7187166261546323,
  "fwhm_x": 2.6284124608336024,
  "fwhm_y": 2.8974374568248176,
  "fwhm_z": 2.630299960805476,
  "icvs_csf": 0.30694111524813505,
  "icvs_gm": 0.5677925186570341,
  "icvs_wm": 0.12526636609483088,
  "inu_med": 0.8577589988708496,
  "inu_range": 0.41758812665939327,
  "provenance": {
    "md5sum": "28df07553d4a7ffcc682f11f40bc83e0",
    "settings": {
      "testing": false
    },
    "software": "mriqc",
    "version": "23.0.1",
    "warnings": {
      "large_rot_frame": true,
      "small_air_mask": false
    },
    "webapi_port": null,
    "webapi_url": "https://mriqc.nimh.nih.gov/api/v1"
  },
  "qi_1": 0.0,
  "qi_2": 0.004616455090699069,
  "rpve_csf": 14.547590365583126,
  "rpve_gm": 9.739326204808876,
  "rpve_wm": 46.200973849849746,
  "size_x": 224,
  "size_y": 300,
  "size_z": 320,
  "snr_csf": 3.2945930155790704,
  "snr_gm": 5.72672434299339,
  "snr_total": 3.802804618875102,
  "snr_wm": 2.3870964980528435,
  "snrd_csf": 64.9516611851895,
  "snrd_gm": 30.704468091830698,
  "snrd_total": 68.31473827147546,
  "snrd_wm": 109.2880855374062,
  "spacing_x": 0.800000011920929,
  "spacing_y": 0.800000011920929,
  "spacing_z": 0.800000011920929,
  "summary_bg_k": 21.964692681426094,
  "summary_bg_mad": 5.991011353916699,
  "summary_bg_mean": 10.713998465938209,
  "summary_bg_median": 4.040875751525164,
  "summary_bg_n": 7148445.0,
  "summary_bg_p05": 0.0,
  "summary_bg_p95": 49.261311907321215,
  "summary_bg_stdv": 21.08431357348915,
  "summary_csf_k": -0.9102255339749363,
  "summary_csf_mad": 136.58120681992753,
  "summary_csf_mean": 657.9987212394703,
  "summary_csf_median": 593.9620201475918,
  "summary_csf_n": 42389.0,
  "summary_csf_p05": 445.8370625413954,
  "summary_csf_p95": 963.7512025050819,
  "summary_csf_stdv": 180.28175595921155,
  "summary_gm_k": 1.0436466974474703,
  "summary_gm_mad": 45.88491354878397,
  "summary_gm_mean": 282.60638552064967,
  "summary_gm_median": 280.78247057273984,
  "summary_gm_n": 482007.0,
  "summary_gm_p05": 205.89780202135444,
  "summary_gm_p95": 364.9634891189635,
  "summary_gm_stdv": 49.03015449874603,
  "summary_wm_k": -0.6902221152968671,
  "summary_wm_mad": 238.5669203302436,
  "summary_wm_mean": 826.442936887364,
  "summary_wm_median": 999.4043397717178,
  "summary_wm_n": 33923.0,
  "summary_wm_p05": 48.39941413141787,
  "summary_wm_p95": 1256.8011178448796,
  "summary_wm_stdv": 418.6632630878165,
  "tpm_overlap_csf": 0.12348037351987841,
  "tpm_overlap_gm": 0.3735662894086044,
  "tpm_overlap_wm": 0.03903164216422799,
  "wm2max": 0.8291250847786067
}