{
  "bids_meta": {
    "AcquisitionMatrixPE": 300,
    "AcquisitionNumber": 1,
    "AcquisitionTime": "10:15:15.337500",
    "BaseResolution": 320,
    "CoilCombinationMethod": "Adaptive Combine",
    "CoilString": "C:HEA;HEP",
    "ConversionSoftware": "dcm2niix",
    "ConversionSoftwareVersion": "v1.0.20211220",
    "Dcm2bidsVersion": "2.1.6",
    "DeviceSerialNumber": "40462",
    "DwellTime": 7.4e-06,
    "EchoTime": 0.00224,
    "FlipAngle": 8,
    "ImageOrientationPatientDICOM": [
      0,
      1,
      0,
      0,
      0,
      -1
    ],
    "ImageOrientationText": "Sag",
    "ImageType": [
      "ORIGINAL",
      "PRIMARY",
      "M",
      "ND"
    ],
    "ImagingFrequency": 123.21,
    "InPlanePhaseEncodingDirectionDICOM": "ROW",
    "InversionTime": 1.06,
    "MRAcquisitionType": "3D",
    "MagneticFieldStrength": 3,
    "Manufacturer": "Siemens",
    "ManufacturersModelName": "Verio",
    "MatrixCoilMode": "GRAPPA",
    "Modality": "MR",
    "ParallelReductionFactorInPlane": 2,
    "PartialFourier": 1,
    "PatientPosition": "HFS",
    "PercentPhaseFOV": 93.75,
    "PercentSampling": 100,
    "PhaseEncodingSteps": 299,
    "PhaseResolution": 1,
    "PixelBandwidth": 211,
    "ProtocolName": "T1w_MPR2_0.8iso",
    "PulseSequenceDetails": "%SiemensSeq%\\tfl",
    "ReceiveCoilName": "32Ch_Head",
    "ReconMatrixPE": 300,
    "RefLinesPE": 32,
    "RepetitionTime": 2.4,
    "SAR": 0.0274328,
    "ScanOptions": "IR\\WE",
    "ScanningSequence": "GR\\IR",
    "SequenceName": "*tfl3d1_ns",
    "SequenceVariant": "SP\\MP",
    "SeriesDescription": "T1w_MPR2_0.8iso",
    "SeriesNumber": 16,
    "ShimSetting": [
      961,
      10311,
      978,
      438,
      -193,
      -508,
      91,
      -145
    ],
    "SliceThickness": 0.8,
    "SoftwareVersions": "syngo MR B17",
    "StationName": "MRC40462",
    "TxRefAmp": 386.513,
    "acq_id": "02",
    "dataset": "ds004056",
    "modality": "T1w",
    "session_id": "02",
    "subject_id": "21"
  },
  "cjv": 0.45250851495315764,
  "cnr": 3.030663078429946,
  "efc": 0.552915701517269,
  "fber": 19984.12468809074,
  "fwhm_avg": 4.4697457667289315,
  "fwhm_x": 4.448199933716656,
  "fwhm_y": 4.314937435702422,
  "fwhm_z": 4.646099930767717,
  "icvs_csf": 0.18565023022057678,
  "icvs_gm": 0.4357494500440072,
  "icvs_wm": 0.378600319735416,
  "inu_med": 0.8076208829879761,
  "inu_range": 0.7092166751623151,
  "provenance": {
    "md5sum": "470d4725e239979a69cad095fe5dfddc",
    "settings": {
      "testing": false
    },
    "software": "mriqc",
    "version": "23.0.1",
    "warnings": {
      "large_rot_frame": true,
      "small_air_mask": false
    },
    "webapi_port": null,
    "webapi_url": "https://mriqc.nimh.nih.gov/api/v1"
  },
  "qi_1": 0.0,
  "qi_2": 0.004009343416675545,
  "rpve_csf": 26.265584228025,
  "rpve_gm": 11.834691415935133,
  "rpve_wm": 15.040043501473676,
  "size_x": 224,
  "size_y": 300,
  "size_z": 320,
  "snr_csf": 2.158516577897483,
  "snr_gm": 13.30303978352792,
  "snr_total": 11.325649143947244,
  "snr_wm": 18.515391070416328,
  "snrd_csf": 18.712331753351663,
  "snrd_gm": 46.39671774081301,
  "snrd_total": 42.063295864285685,
  "snrd_wm": 61.08083809869236,
  "spacing_x": 0.800000011920929,
  "spacing_y": 0.800000011920929,
  "spacing_z": 0.800000011920929,
  "summary_bg_k": 4.808844963019428,
  "summary_bg_mad": 0.0,
  "summary_bg_mean": 7.4979603974435465,
  "summary_bg_median": 0.0,
  "summary_bg_n": 7066344.0,
  "summary_bg_p05": 0.0,
  "summary_bg_p95": 29.241122156381607,
  "summary_bg_stdv": 10.726722356158005,
  "summary_csf_k": 20.416474521338642,
  "summary_csf_mad": 97.57855041167326,
  "summary_csf_mean": 323.0714181252066,
  "summary_csf_median": 306.3819799274206,
  "summary_csf_n": 68984.0,
  "summary_csf_p05": 115.33998183906078,
  "summary_csf_p95": 550.1044123768806,
  "summary_csf_stdv": 141.93996116702988,
  "summary_gm_k": 0.11009982863931755,
  "summary_gm_mad": 56.70290940706543,
  "summary_gm_mean": 759.1848208289283,
  "summary_gm_median": 759.6657878309488,
  "summary_gm_n": 77981.0,
  "summary_gm_p05": 664.7017625421286,
  "summary_gm_p95": 852.0770167410374,
  "summary_gm_stdv": 57.10431069423603,
  "summary_wm_k": 0.3997207926717037,
  "summary_wm_mad": 52.09235730721909,
  "summary_wm_mean": 1003.5990699531812,
  "summary_wm_median": 1000.0927922278643,
  "summary_wm_n": 428673.0,
  "summary_wm_p05": 921.1417624056339,
  "summary_wm_p95": 1097.7488573342562,
  "summary_wm_stdv": 54.014069804156314,
  "tpm_overlap_csf": 0.1409076159869416,
  "tpm_overlap_gm": 0.45362119344119256,
  "tpm_overlap_wm": 0.49319367763365524,
  "wm2max": 0.5881534052135936
}