{
  "aor": 0.0029769945355191257,
  "aqi": 0.018794886530054646,
  "bids_meta": {
    "AcquisitionMatrixPE": 130,
    "AcquisitionNumber": 1,
    "AcquisitionTime": "14:59:50.245000",
    "BandwidthPerPixelPhaseEncode": 24.038,
    "BaseResolution": 130,
    "CoilCombinationMethod": "Sum of Squares",
    "CoilString": "C:A32",
    "ConversionSoftware": "dcm2niix",
    "ConversionSoftwareVersion": "v1.0.20211220",
    "Dcm2bidsVersion": "2.1.6",
    "DerivedVendorReportedEchoSpacing": 0.000640012,
    "DeviceSerialNumber": "18981",
    "DwellTime": 2e-06,
    "EchoTime": 0.0222,
    "EffectiveEchoSpacing": 0.000320006,
    "FlipAngle": 45,
    "ImageComments": "Unaliased MB5/PE4",
    "ImageOrientationPatientDICOM": [
      1,
      -1e-16,
      0,
      1e-16,
      0.939693,
      -0.34202
    ],
    "ImageOrientationText": "Tra>Cor(-20.0)",
    "ImageType": [
      "ORIGINAL",
      "PRIMARY",
      "M",
      "MB",
      "ND",
      "MOSAIC"
    ],
    "ImagingFrequency": 297.224,
    "InPlanePhaseEncodingDirectionDICOM": "COL",
    "MRAcquisitionType": "2D",
    "MagneticFieldStrength": 6.98,
    "Manufacturer": "Siemens",
    "ManufacturersModelName": "Investigational_Device_7T",
    "MatrixCoilMode": "GRAPPA",
    "Modality": "MR",
    "MultibandAccelerationFactor": 5,
    "ParallelReductionFactorInPlane": 2,
    "PartialFourier": 0.875,
    "PatientPosition": "HFS",
    "PercentPhaseFOV": 100,
    "PercentSampling": 100,
    "PhaseEncodingDirection": "j-",
    "PhaseEncodingSteps": 114,
    "PhaseResolution": 1,
    "PixelBandwidth": 1923,
    "ProtocolName": "MB5_TR1s_TE22p2_IPAT2_1.6mm_85slices_AP_367vols",
    "PulseSequenceDetails": "%CustomerSeq%\\cmrr_mbep2d_bold",
    "ReceiveCoilName": "32Ch_Head_7T",
    "ReconMatrixPE": 130,
    "RefLinesPE": 96,
    "RepetitionTime": 1,
    "SAR": 0.134612,
    "ScanOptions": "PFP\\FS",
    "ScanningSequence": "EP",
    "SequenceName": "epfid2d1_130",
    "SequenceVariant": "SK\\SS",
    "SeriesDescription": "MB5_TR1s_TE22p2_IPAT2_1.6mm_85slices_AP_367vols",
    "SeriesNumber": 21,
    "SliceThickness": 1.6,
    "SliceTiming": [
      0,
      0.53,
      0.0575,
      0.59,
      0.1175,
      0.6475,
      0.175,
      0.7075,
      0.235,
      0.7675,
      0.295,
      0.825,
      0.3525,
      0.885,
      0.4125,
      0.9425,
      0.47,
      0,
      0.53,
      0.0575,
      0.59,
      0.1175,
      0.6475,
      0.175,
      0.7075,
      0.235,
      0.7675,
      0.295,
      0.825,
      0.3525,
      0.885,
      0.4125,
      0.9425,
      0.47,
      0,
      0.53,
      0.0575,
      0.59,
      0.1175,
      0.6475,
      0.175,
      0.7075,
      0.235,
      0.7675,
      0.295,
      0.825,
      0.3525,
      0.885,
      0.4125,
      0.9425,
      0.47,
      0,
      0.53,
      0.0575,
      0.59,
      0.1175,
      0.6475,
      0.175,
      0.7075,
      0.235,
      0.7675,
      0.295,
      0.825,
      0.3525,
      0.885,
      0.4125,
      0.9425,
      0.47,
      0,
      0.53,
      0.0575,
      0.59,
      0.1175,
      0.6475,
      0.175,
      0.7075,
      0.235,
      0.7675,
      0.295,
      0.825,
      0.3525,
      0.885,
      0.4125,
      0.9425,
      0.47
    ],
    "SoftwareVersions": "syngo MR B17",
    "SpacingBetweenSlices": 1.6,
    "StationName": "MRC18981",
    "TaskName": "GDMotor",
    "TotalReadoutTime": 0.0412808,
    "TxRefAmp": 250,
    "dataset": "ds004056",
    "modality": "bold",
    "run_id": 7,
    "session_id": "01",
    "subject_id": "03",
    "task_id": "GDMotor"
  },
  "dummy_trs": 1,
  "dvars_nstd": 59.151631175178096,
  "dvars_std": 1.0518568348493145,
  "dvars_vstd": 1.0028293605753427,
  "efc": 0.46627181704213766,
  "fber": 2308.31884765625,
  "fd_mean": 0.25617168889102626,
  "fd_num": 141,
  "fd_perc": 38.52459016393443,
  "fwhm_avg": 2.4909416295487437,
  "fwhm_x": 2.4201062139376073,
  "fwhm_y": 2.559612461858802,
  "fwhm_z": 2.4931062128498227,
  "gcor": 0.0137328,
  "gsr_x": -0.009117528796195984,
  "gsr_y": 0.04352504014968872,
  "provenance": {
    "md5sum": "0cf9472de4c687556e624b52494cb632",
    "settings": {
      "fd_thres": 0.2,
      "testing": false
    },
    "software": "mriqc",
    "version": "23.0.1",
    "webapi_port": null,
    "webapi_url": "https://mriqc.nimh.nih.gov/api/v1"
  },
  "size_t": 366,
  "size_x": 130,
  "size_y": 130,
  "size_z": 85,
  "snr": 2.2933464190701502,
  "spacing_tr": 1.0,
  "spacing_x": 1.600000023841858,
  "spacing_y": 1.600000023841858,
  "spacing_z": 1.600000023841858,
  "summary_bg_k": 39.73995508048493,
  "summary_bg_mad": 5.249869901599569,
  "summary_bg_mean": 20.099414825439453,
  "summary_bg_median": 7.374316692352295,
  "summary_bg_n": 1030725.0,
  "summary_bg_p05": 3.5655736923217773,
  "summary_bg_p95": 77.91256713867188,
  "summary_bg_stdv": 37.96109390258789,
  "summary_fg_k": 5.643584169115718,
  "summary_fg_mad": 121.31005352049579,
  "summary_fg_mean": 394.20892333984375,
  "summary_fg_median": 363.78961181640625,
  "summary_fg_n": 255355.0,
  "summary_fg_p05": 211.86529998779298,
  "summary_fg_p95": 698.9606323242186,
  "summary_fg_stdv": 158.6279754638672,
  "tsnr": 20.45230997703038
}