{
  "aor": 0.0013296185286103541,
  "aqi": 0.007817712479564034,
  "bids_meta": {
    "AcquisitionMatrixPE": 130,
    "AcquisitionNumber": 1,
    "AcquisitionTime": "12:55:48.420000",
    "BandwidthPerPixelPhaseEncode": 24.038,
    "BaseResolution": 130,
    "CoilCombinationMethod": "Sum of Squares",
    "CoilString": "C:A32",
    "ConversionSoftware": "dcm2niix",
    "ConversionSoftwareVersion": "v1.0.20211220",
    "Dcm2bidsVersion": "2.1.6",
    "DerivedVendorReportedEchoSpacing": 0.000640012,
    "DeviceSerialNumber": "18981",
    "DwellTime": 2e-06,
    "EchoTime": 0.0222,
    "EffectiveEchoSpacing": 0.000320006,
    "FlipAngle": 45,
    "ImageComments": "Unaliased MB5/PE4",
    "ImageOrientationPatientDICOM": [
      1,
      -1e-16,
      0,
      1e-16,
      0.939693,
      -0.34202
    ],
    "ImageOrientationText": "Tra>Cor(-20.0)",
    "ImageType": [
      "ORIGINAL",
      "PRIMARY",
      "M",
      "MB",
      "ND",
      "MOSAIC"
    ],
    "ImagingFrequency": 297.224,
    "InPlanePhaseEncodingDirectionDICOM": "COL",
    "MRAcquisitionType": "2D",
    "MagneticFieldStrength": 6.98,
    "Manufacturer": "Siemens",
    "ManufacturersModelName": "Investigational_Device_7T",
    "MatrixCoilMode": "GRAPPA",
    "Modality": "MR",
    "MultibandAccelerationFactor": 5,
    "ParallelReductionFactorInPlane": 2,
    "PartialFourier": 0.875,
    "PatientPosition": "HFS",
    "PercentPhaseFOV": 100,
    "PercentSampling": 100,
    "PhaseEncodingDirection": "j-",
    "PhaseEncodingSteps": 114,
    "PhaseResolution": 1,
    "PixelBandwidth": 1923,
    "ProtocolName": "MB5_TR1s_TE22p2_IPAT2_1.6mm_85slices_AP_367vols",
    "PulseSequenceDetails": "%CustomerSeq%\\cmrr_mbep2d_bold",
    "ReceiveCoilName": "32Ch_Head_7T",
    "ReconMatrixPE": 130,
    "RefLinesPE": 96,
    "RepetitionTime": 1,
    "SAR": 0.0556609,
    "ScanOptions": "PFP\\FS",
    "ScanningSequence": "EP",
    "SequenceName": "epfid2d1_130",
    "SequenceVariant": "SK\\SS",
    "SeriesDescription": "MB5_TR1s_TE22p2_IPAT2_1.6mm_85slices_AP_367vols",
    "SeriesNumber": 19,
    "ShimSetting": [
      -89,
      111,
      884,
      490,
      -202,
      -290,
      -220,
      161
    ],
    "SliceThickness": 1.6,
    "SliceTiming": [
      0,
      0.5325,
      0.06,
      0.5925,
      0.12,
      0.65,
      0.1775,
      0.71,
      0.2375,
      0.7675,
      0.2975,
      0.8275,
      0.355,
      0.8875,
      0.415,
      0.945,
      0.4725,
      0,
      0.5325,
      0.06,
      0.5925,
      0.12,
      0.65,
      0.1775,
      0.71,
      0.2375,
      0.7675,
      0.2975,
      0.8275,
      0.355,
      0.8875,
      0.415,
      0.945,
      0.4725,
      0,
      0.5325,
      0.06,
      0.5925,
      0.12,
      0.65,
      0.1775,
      0.71,
      0.2375,
      0.7675,
      0.2975,
      0.8275,
      0.355,
      0.8875,
      0.415,
      0.945,
      0.4725,
      0,
      0.5325,
      0.06,
      0.5925,
      0.12,
      0.65,
      0.1775,
      0.71,
      0.2375,
      0.7675,
      0.2975,
      0.8275,
      0.355,
      0.8875,
      0.415,
      0.945,
      0.4725,
      0,
      0.5325,
      0.06,
      0.5925,
      0.12,
      0.65,
      0.1775,
      0.71,
      0.2375,
      0.7675,
      0.2975,
      0.8275,
      0.355,
      0.8875,
      0.415,
      0.945,
      0.4725
    ],
    "SoftwareVersions": "syngo MR B17",
    "SpacingBetweenSlices": 1.6,
    "StationName": "MRC18981",
    "TaskName": "GDMotor",
    "TotalReadoutTime": 0.0412808,
    "TxRefAmp": 145.272,
    "dataset": "ds004056",
    "modality": "bold",
    "run_id": 7,
    "session_id": "01",
    "subject_id": "07",
    "task_id": "GDMotor"
  },
  "dummy_trs": 0,
  "dvars_nstd": 49.65602867448087,
  "dvars_std": 1.092684751065574,
  "dvars_vstd": 1.0201396404098366,
  "efc": 0.4792664051757446,
  "fber": 1411.700927734375,
  "fd_mean": 0.08263597602150295,
  "fd_num": 4,
  "fd_perc": 1.0899182561307903,
  "fwhm_avg": 2.60942704444984,
  "fwhm_x": 2.4720687131633055,
  "fwhm_y": 2.7126562095782725,
  "fwhm_z": 2.6435562106079424,
  "gcor": 0.0132723,
  "gsr_x": -0.0066190119832754135,
  "gsr_y": 0.026779552921652794,
  "provenance": {
    "md5sum": "855ba3c2b01f0e179fdbe67e9bc57768",
    "settings": {
      "fd_thres": 0.2,
      "testing": false
    },
    "software": "mriqc",
    "version": "23.0.1",
    "webapi_port": null,
    "webapi_url": "https://mriqc.nimh.nih.gov/api/v1"
  },
  "size_t": 367,
  "size_x": 130,
  "size_y": 130,
  "size_z": 85,
  "snr": 2.1511758986593166,
  "spacing_tr": 1.0,
  "spacing_x": 1.600000023841858,
  "spacing_y": 1.600000023841858,
  "spacing_z": 1.600000023841858,
  "summary_bg_k": 61.540789606499274,
  "summary_bg_mad": 6.285909986481356,
  "summary_bg_mean": 17.851526260375977,
  "summary_bg_median": 8.495912551879883,
  "summary_bg_n": 994989.0,
  "summary_bg_p05": 3.8566756725311317,
  "summary_bg_p95": 62.598363494872984,
  "summary_bg_stdv": 29.787967681884766,
  "summary_fg_k": 5.023106287123612,
  "summary_fg_mad": 117.84463824282635,
  "summary_fg_mean": 357.2755126953125,
  "summary_fg_median": 329.7574768066406,
  "summary_fg_n": 281072.0,
  "summary_fg_p05": 171.11715698242188,
  "summary_fg_p95": 644.2516052246094,
  "summary_fg_stdv": 153.2914581298828,
  "tsnr": 28.13992175506428
}