{
  "aor": 0.0010022677595628415,
  "aqi": 0.007713262650273224,
  "bids_meta": {
    "AcquisitionMatrixPE": 130,
    "AcquisitionNumber": 1,
    "AcquisitionTime": "10:24:25.135000",
    "BandwidthPerPixelPhaseEncode": 24.038,
    "BaseResolution": 130,
    "CoilCombinationMethod": "Sum of Squares",
    "CoilString": "C:A32",
    "ConversionSoftware": "dcm2niix",
    "ConversionSoftwareVersion": "v1.0.20211220",
    "Dcm2bidsVersion": "2.1.6",
    "DerivedVendorReportedEchoSpacing": 0.000640012,
    "DeviceSerialNumber": "18981",
    "DwellTime": 2e-06,
    "EchoTime": 0.0222,
    "EffectiveEchoSpacing": 0.000320006,
    "FlipAngle": 45,
    "ImageComments": "Unaliased MB5/PE4",
    "ImageOrientationPatientDICOM": [
      1,
      -1e-16,
      0,
      1e-16,
      0.939693,
      -0.34202
    ],
    "ImageOrientationText": "Tra>Cor(-20.0)",
    "ImageType": [
      "ORIGINAL",
      "PRIMARY",
      "M",
      "MB",
      "ND",
      "MOSAIC"
    ],
    "ImagingFrequency": 297.224,
    "InPlanePhaseEncodingDirectionDICOM": "COL",
    "MRAcquisitionType": "2D",
    "MagneticFieldStrength": 6.98,
    "Manufacturer": "Siemens",
    "ManufacturersModelName": "Investigational_Device_7T",
    "MatrixCoilMode": "GRAPPA",
    "Modality": "MR",
    "MultibandAccelerationFactor": 5,
    "ParallelReductionFactorInPlane": 2,
    "PartialFourier": 0.875,
    "PatientPosition": "HFS",
    "PercentPhaseFOV": 100,
    "PercentSampling": 100,
    "PhaseEncodingDirection": "j-",
    "PhaseEncodingSteps": 114,
    "PhaseResolution": 1,
    "PixelBandwidth": 1923,
    "ProtocolName": "MB5_TR1s_TE22p2_IPAT2_1.6mm_85slices_AP_367vols",
    "PulseSequenceDetails": "%CustomerSeq%\\cmrr_mbep2d_bold",
    "ReceiveCoilName": "32Ch_Head_7T",
    "ReconMatrixPE": 130,
    "RefLinesPE": 96,
    "RepetitionTime": 1,
    "SAR": 0.116706,
    "ScanOptions": "PFP\\FS",
    "ScanningSequence": "EP",
    "SequenceName": "epfid2d1_130",
    "SequenceVariant": "SK\\SS",
    "SeriesDescription": "MB5_TR1s_TE22p2_IPAT2_1.6mm_85slices_AP_367vols",
    "SeriesNumber": 11,
    "ShimSetting": [
      30,
      -8,
      829,
      594,
      -68,
      -121,
      -125,
      70
    ],
    "SliceThickness": 1.6,
    "SliceTiming": [
      0,
      0.5325,
      0.06,
      0.59,
      0.1175,
      0.65,
      0.1775,
      0.7075,
      0.235,
      0.7675,
      0.295,
      0.8275,
      0.355,
      0.885,
      0.4125,
      0.945,
      0.4725,
      0,
      0.5325,
      0.06,
      0.59,
      0.1175,
      0.65,
      0.1775,
      0.7075,
      0.235,
      0.7675,
      0.295,
      0.8275,
      0.355,
      0.885,
      0.4125,
      0.945,
      0.4725,
      0,
      0.5325,
      0.06,
      0.59,
      0.1175,
      0.65,
      0.1775,
      0.7075,
      0.235,
      0.7675,
      0.295,
      0.8275,
      0.355,
      0.885,
      0.4125,
      0.945,
      0.4725,
      0,
      0.5325,
      0.06,
      0.59,
      0.1175,
      0.65,
      0.1775,
      0.7075,
      0.235,
      0.7675,
      0.295,
      0.8275,
      0.355,
      0.885,
      0.4125,
      0.945,
      0.4725,
      0,
      0.5325,
      0.06,
      0.59,
      0.1175,
      0.65,
      0.1775,
      0.7075,
      0.235,
      0.7675,
      0.295,
      0.8275,
      0.355,
      0.885,
      0.4125,
      0.945,
      0.4725
    ],
    "SoftwareVersions": "syngo MR B17",
    "SpacingBetweenSlices": 1.6,
    "StationName": "MRC18981",
    "TaskName": "GDMotor",
    "TotalReadoutTime": 0.0412808,
    "TxRefAmp": 219.451,
    "dataset": "ds004056",
    "modality": "bold",
    "run_id": 2,
    "session_id": "01",
    "subject_id": "01",
    "task_id": "GDMotor"
  },
  "dummy_trs": 1,
  "dvars_nstd": 42.6673630805205,
  "dvars_std": 1.0592460508219175,
  "dvars_vstd": 1.0098064228219183,
  "efc": 0.49648198881443095,
  "fber": 1685.0184326171875,
  "fd_mean": 0.099834453760764,
  "fd_num": 8,
  "fd_perc": 2.185792349726776,
  "fwhm_avg": 2.5553812119218526,
  "fwhm_x": 2.3892749643970284,
  "fwhm_y": 2.7034812097149907,
  "fwhm_z": 2.573387461653539,
  "gcor": 0.00445948,
  "gsr_x": -0.010792287066578865,
  "gsr_y": 0.038275282829999924,
  "provenance": {
    "md5sum": "7a822e9d61012aba31c41bc1629942da",
    "settings": {
      "fd_thres": 0.2,
      "testing": false
    },
    "software": "mriqc",
    "version": "23.0.1",
    "webapi_port": null,
    "webapi_url": "https://mriqc.nimh.nih.gov/api/v1"
  },
  "size_t": 366,
  "size_x": 130,
  "size_y": 130,
  "size_z": 85,
  "snr": 2.1945451732165684,
  "spacing_tr": 1.0,
  "spacing_x": 1.600000023841858,
  "spacing_y": 1.600000023841858,
  "spacing_z": 1.600000023841858,
  "summary_bg_k": 53.365877269993476,
  "summary_bg_mad": 7.076793016354442,
  "summary_bg_mean": 21.56268882751465,
  "summary_bg_median": 9.21584701538086,
  "summary_bg_n": 964425.0,
  "summary_bg_p05": 3.975409746170044,
  "summary_bg_p95": 79.60108947753906,
  "summary_bg_stdv": 37.27568817138672,
  "summary_fg_k": 6.228392411958717,
  "summary_fg_mad": 141.4568476688032,
  "summary_fg_mean": 424.0097351074219,
  "summary_fg_median": 392.2882385253906,
  "summary_fg_n": 310814.0,
  "summary_fg_p05": 210.6902976989746,
  "summary_fg_p95": 758.6238861083983,
  "summary_fg_stdv": 178.75576782226562,
  "tsnr": 29.719343343749642
}