{
  "bids_meta": {
    "AcquisitionMatrixPE": 300,
    "AcquisitionNumber": 1,
    "AcquisitionTime": "14:09:51.940000",
    "BaseResolution": 320,
    "CoilCombinationMethod": "Adaptive Combine",
    "CoilString": "C:HEA;HEP",
    "ConversionSoftware": "dcm2niix",
    "ConversionSoftwareVersion": "v1.0.20211220",
    "Dcm2bidsVersion": "2.1.6",
    "DeviceSerialNumber": "40462",
    "DwellTime": 7.4e-06,
    "EchoTime": 0.00224,
    "FlipAngle": 8,
    "ImageOrientationPatientDICOM": [
      0,
      1,
      0,
      0,
      0,
      -1
    ],
    "ImageOrientationText": "Sag",
    "ImageType": [
      "ORIGINAL",
      "PRIMARY",
      "M",
      "ND"
    ],
    "ImagingFrequency": 123.21,
    "InPlanePhaseEncodingDirectionDICOM": "ROW",
    "InversionTime": 1.06,
    "MRAcquisitionType": "3D",
    "MagneticFieldStrength": 3,
    "Manufacturer": "Siemens",
    "ManufacturersModelName": "Verio",
    "MatrixCoilMode": "GRAPPA",
    "Modality": "MR",
    "ParallelReductionFactorInPlane": 2,
    "PartialFourier": 1,
    "PatientPosition": "HFS",
    "PercentPhaseFOV": 93.75,
    "PercentSampling": 100,
    "PhaseEncodingSteps": 299,
    "PhaseResolution": 1,
    "PixelBandwidth": 211,
    "ProtocolName": "T1w_MPR1_0.8iso",
    "PulseSequenceDetails": "%SiemensSeq%\\tfl",
    "ReceiveCoilName": "32Ch_Head",
    "ReconMatrixPE": 300,
    "RefLinesPE": 32,
    "RepetitionTime": 2.4,
    "SAR": 0.0276446,
    "ScanOptions": "IR\\WE",
    "ScanningSequence": "GR\\IR",
    "SequenceName": "*tfl3d1_ns",
    "SequenceVariant": "SP\\MP",
    "SeriesDescription": "T1w_MPR1_0.8iso",
    "SeriesNumber": 14,
    "ShimSetting": [
      1021,
      10223,
      980,
      511,
      51,
      -440,
      582,
      -117
    ],
    "SliceThickness": 0.8,
    "SoftwareVersions": "syngo MR B17",
    "StationName": "MRC40462",
    "TxRefAmp": 386.312,
    "acq_id": "01",
    "dataset": "ds004056",
    "modality": "T1w",
    "session_id": "02",
    "subject_id": "26"
  },
  "cjv": 0.4199512564172872,
  "cnr": 3.250492478340432,
  "efc": 0.537011590474621,
  "fber": 19553.728129456256,
  "fwhm_avg": 4.363249934982509,
  "fwhm_x": 4.350512435172313,
  "fwhm_y": 4.273899936313928,
  "fwhm_z": 4.465337433461287,
  "icvs_csf": 0.1901586646367321,
  "icvs_gm": 0.4286051552137554,
  "icvs_wm": 0.3812361801495125,
  "inu_med": 0.8705023229122162,
  "inu_range": 0.5292436331510544,
  "provenance": {
    "md5sum": "8233ba0844606d12341edf5ea9e23563",
    "settings": {
      "testing": false
    },
    "software": "mriqc",
    "version": "23.0.1",
    "warnings": {
      "large_rot_frame": true,
      "small_air_mask": false
    },
    "webapi_port": null,
    "webapi_url": "https://mriqc.nimh.nih.gov/api/v1"
  },
  "qi_1": 0.0,
  "qi_2": 0.0034030837721925594,
  "rpve_csf": 28.84471816835729,
  "rpve_gm": 12.940099476260903,
  "rpve_wm": 15.95426299972462,
  "size_x": 224,
  "size_y": 300,
  "size_z": 320,
  "snr_csf": 2.281355646711922,
  "snr_gm": 13.839875234338697,
  "snr_total": 11.243439774170595,
  "snr_wm": 17.609088441461164,
  "snrd_csf": 18.1922266092359,
  "snrd_gm": 46.624699158445786,
  "snrd_total": 42.505476533114155,
  "snrd_wm": 62.69950383166078,
  "spacing_x": 0.800000011920929,
  "spacing_y": 0.800000011920929,
  "spacing_z": 0.800000011920929,
  "summary_bg_k": 9.774057556262326,
  "summary_bg_mad": 0.0,
  "summary_bg_mean": 7.119034184239346,
  "summary_bg_median": 0.0,
  "summary_bg_n": 7155194.0,
  "summary_bg_p05": 0.0,
  "summary_bg_p95": 27.12522204592824,
  "summary_bg_stdv": 10.449260542874349,
  "summary_csf_k": 0.44972759227064385,
  "summary_csf_mad": 108.5890899771674,
  "summary_csf_mean": 278.66836057060465,
  "summary_csf_median": 290.1614315658808,
  "summary_csf_n": 83536.0,
  "summary_csf_p05": 54.86974139884114,
  "summary_csf_p95": 480.45085075870156,
  "summary_csf_stdv": 127.1874007167884,
  "summary_gm_k": 0.0870991523821063,
  "summary_gm_mad": 53.560007739583696,
  "summary_gm_mean": 743.2878406295573,
  "summary_gm_median": 743.6522062271833,
  "summary_gm_n": 100051.0,
  "summary_gm_p05": 654.886258892715,
  "summary_gm_p95": 830.3951156921685,
  "summary_gm_stdv": 53.73231169072355,
  "summary_wm_k": 0.4728673264021017,
  "summary_wm_mad": 54.110910676333695,
  "summary_wm_mean": 1005.5772877563882,
  "summary_wm_median": 1000.0412913188338,
  "summary_wm_n": 388364.0,
  "summary_wm_p05": 922.3814090229571,
  "summary_wm_p95": 1107.6751632727683,
  "summary_wm_stdv": 56.79112846399477,
  "tpm_overlap_csf": 0.13672744303702886,
  "tpm_overlap_gm": 0.4452653830580785,
  "tpm_overlap_wm": 0.47274424415883376,
  "wm2max": 0.5509758427733042
}