{
  "aor": 0.001688828337874659,
  "aqi": 0.015149333024523162,
  "bids_meta": {
    "AcquisitionMatrixPE": 130,
    "AcquisitionNumber": 1,
    "AcquisitionTime": "12:54:31.422500",
    "BandwidthPerPixelPhaseEncode": 24.038,
    "BaseResolution": 130,
    "CoilCombinationMethod": "Sum of Squares",
    "CoilString": "C:A32",
    "ConversionSoftware": "dcm2niix",
    "ConversionSoftwareVersion": "v1.0.20211220",
    "Dcm2bidsVersion": "2.1.6",
    "DerivedVendorReportedEchoSpacing": 0.000640012,
    "DeviceSerialNumber": "18981",
    "DwellTime": 2e-06,
    "EchoTime": 0.0222,
    "EffectiveEchoSpacing": 0.000320006,
    "FlipAngle": 45,
    "ImageComments": "Unaliased MB5/PE4",
    "ImageOrientationPatientDICOM": [
      1,
      -1e-16,
      0,
      1e-16,
      0.939693,
      -0.34202
    ],
    "ImageOrientationText": "Tra>Cor(-20.0)",
    "ImageType": [
      "ORIGINAL",
      "PRIMARY",
      "M",
      "MB",
      "ND",
      "MOSAIC"
    ],
    "ImagingFrequency": 297.223,
    "InPlanePhaseEncodingDirectionDICOM": "COL",
    "MRAcquisitionType": "2D",
    "MagneticFieldStrength": 6.98,
    "Manufacturer": "Siemens",
    "ManufacturersModelName": "Investigational_Device_7T",
    "MatrixCoilMode": "GRAPPA",
    "Modality": "MR",
    "MultibandAccelerationFactor": 5,
    "ParallelReductionFactorInPlane": 2,
    "PartialFourier": 0.875,
    "PatientPosition": "HFS",
    "PercentPhaseFOV": 100,
    "PercentSampling": 100,
    "PhaseEncodingDirection": "j-",
    "PhaseEncodingSteps": 114,
    "PhaseResolution": 1,
    "PixelBandwidth": 1923,
    "ProtocolName": "MB5_TR1s_TE22p2_IPAT2_1.6mm_85slices_AP_367vols",
    "PulseSequenceDetails": "%CustomerSeq%\\cmrr_mbep2d_bold",
    "ReceiveCoilName": "32Ch_Head_7T",
    "ReconMatrixPE": 130,
    "RefLinesPE": 96,
    "RepetitionTime": 1,
    "SAR": 0.098776,
    "ScanOptions": "PFP\\FS",
    "ScanningSequence": "EP",
    "SequenceName": "epfid2d1_130",
    "SequenceVariant": "SK\\SS",
    "SeriesDescription": "MB5_TR1s_TE22p2_IPAT2_1.6mm_85slices_AP_367vols",
    "SeriesNumber": 19,
    "ShimSetting": [
      -42,
      19,
      881,
      349,
      -46,
      102,
      -273,
      216
    ],
    "SliceThickness": 1.6,
    "SliceTiming": [
      0,
      0.5325,
      0.06,
      0.5925,
      0.12,
      0.65,
      0.1775,
      0.71,
      0.2375,
      0.7675,
      0.2975,
      0.8275,
      0.355,
      0.8875,
      0.415,
      0.945,
      0.4725,
      0,
      0.5325,
      0.06,
      0.5925,
      0.12,
      0.65,
      0.1775,
      0.71,
      0.2375,
      0.7675,
      0.2975,
      0.8275,
      0.355,
      0.8875,
      0.415,
      0.945,
      0.4725,
      0,
      0.5325,
      0.06,
      0.5925,
      0.12,
      0.65,
      0.1775,
      0.71,
      0.2375,
      0.7675,
      0.2975,
      0.8275,
      0.355,
      0.8875,
      0.415,
      0.945,
      0.4725,
      0,
      0.5325,
      0.06,
      0.5925,
      0.12,
      0.65,
      0.1775,
      0.71,
      0.2375,
      0.7675,
      0.2975,
      0.8275,
      0.355,
      0.8875,
      0.415,
      0.945,
      0.4725,
      0,
      0.5325,
      0.06,
      0.5925,
      0.12,
      0.65,
      0.1775,
      0.71,
      0.2375,
      0.7675,
      0.2975,
      0.8275,
      0.355,
      0.8875,
      0.415,
      0.945,
      0.4725
    ],
    "SoftwareVersions": "syngo MR B17",
    "SpacingBetweenSlices": 1.6,
    "StationName": "MRC18981",
    "TaskName": "GDMotor",
    "TotalReadoutTime": 0.0412808,
    "TxRefAmp": 220,
    "dataset": "ds004056",
    "modality": "bold",
    "run_id": 7,
    "session_id": "01",
    "subject_id": "19",
    "task_id": "GDMotor"
  },
  "dummy_trs": 0,
  "dvars_nstd": 61.7069075116667,
  "dvars_std": 1.0785320584426226,
  "dvars_vstd": 0.9924925731693985,
  "efc": 0.5155209790644856,
  "fber": 930.2569580078125,
  "fd_mean": 0.23537150342247798,
  "fd_num": 200,
  "fd_perc": 54.49591280653951,
  "fwhm_avg": 2.542172878785339,
  "fwhm_x": 2.3335124652279546,
  "fwhm_y": 2.682306210030523,
  "fwhm_z": 2.610699961097539,
  "gcor": 0.0246081,
  "gsr_x": -0.0029082326218485832,
  "gsr_y": 0.05642472580075264,
  "provenance": {
    "md5sum": "bb3a2280372a18899f10bd11b718f1ab",
    "settings": {
      "fd_thres": 0.2,
      "testing": false
    },
    "software": "mriqc",
    "version": "23.0.1",
    "webapi_port": null,
    "webapi_url": "https://mriqc.nimh.nih.gov/api/v1"
  },
  "size_t": 367,
  "size_x": 130,
  "size_y": 130,
  "size_z": 85,
  "snr": 1.9235515833703773,
  "spacing_tr": 1.0,
  "spacing_x": 1.600000023841858,
  "spacing_y": 1.600000023841858,
  "spacing_z": 1.600000023841858,
  "summary_bg_k": 38.96636980334596,
  "summary_bg_mad": 9.97423676771228,
  "summary_bg_mean": 26.053531646728516,
  "summary_bg_median": 11.670299530029297,
  "summary_bg_n": 933950.0,
  "summary_bg_p05": 4.174386978149414,
  "summary_bg_p95": 96.08051567077618,
  "summary_bg_stdv": 42.5958366394043,
  "summary_fg_k": 6.344300998874765,
  "summary_fg_mad": 137.93654968571852,
  "summary_fg_mean": 409.3509216308594,
  "summary_fg_median": 369.4754638671875,
  "summary_fg_n": 334220.0,
  "summary_fg_p05": 190.8907341003418,
  "summary_fg_p95": 767.177667236328,
  "summary_fg_stdv": 192.0795440673828,
  "tsnr": 20.855149105889723
}