{
  "bids_meta": {
    "AcquisitionMatrixPE": 302,
    "AcquisitionNumber": 1,
    "AcquisitionTime": "11:01:58.202500",
    "BaseResolution": 320,
    "CoilCombinationMethod": "Adaptive Combine",
    "CoilString": "C:HEA;HEP",
    "ConversionSoftware": "dcm2niix",
    "ConversionSoftwareVersion": "v1.0.20211220",
    "Dcm2bidsVersion": "2.1.6",
    "DeviceSerialNumber": "40463",
    "DwellTime": 2.1e-06,
    "EchoTime": 0.56,
    "EchoTrainLength": 167,
    "FlipAngle": 120,
    "ImageOrientationPatientDICOM": [
      0,
      1,
      0,
      0,
      0,
      -1
    ],
    "ImageOrientationText": "Sag",
    "ImageType": [
      "ORIGINAL",
      "PRIMARY",
      "M",
      "ND"
    ],
    "ImagingFrequency": 123.122,
    "InPlanePhaseEncodingDirectionDICOM": "ROW",
    "MRAcquisitionType": "3D",
    "MagneticFieldStrength": 3,
    "Manufacturer": "Siemens",
    "ManufacturersModelName": "Verio",
    "MatrixCoilMode": "GRAPPA",
    "Modality": "MR",
    "ParallelReductionFactorInPlane": 2,
    "PartialFourier": 1,
    "PatientPosition": "HFS",
    "PercentPhaseFOV": 93.75,
    "PercentSampling": 100.667,
    "PhaseEncodingDirection": "i",
    "PhaseEncodingSteps": 290,
    "PhaseResolution": 1.00667,
    "PixelBandwidth": 744,
    "ProtocolName": "T2w_SPC2_0.8iso",
    "PulseSequenceDetails": "%SiemensSeq%\\tse_vfl",
    "ReceiveCoilName": "32Ch_Head",
    "ReconMatrixPE": 300,
    "RefLinesPE": 32,
    "RepetitionTime": 3.2,
    "SAR": 0.0905986,
    "ScanOptions": "PFP",
    "ScanningSequence": "SE",
    "SequenceName": "*spc3d1_334ns",
    "SequenceVariant": "SK\\SP",
    "SeriesDescription": "T2w_SPC2_0.8iso",
    "SeriesNumber": 17,
    "ShimSetting": [
      2868,
      7447,
      -15154,
      43,
      907,
      -1296,
      -100,
      1233
    ],
    "SliceThickness": 0.8,
    "SoftwareVersions": "syngo MR B17",
    "SpoilingState": true,
    "StationName": "MRC40463",
    "TxRefAmp": 415.885,
    "acq_id": "02",
    "dataset": "ds004056",
    "modality": "T2w",
    "session_id": "02",
    "subject_id": "14"
  },
  "cjv": 0.40964416261231434,
  "cnr": 1.4490688344306724,
  "efc": 0.4898045669771541,
  "fber": 5186.298126980534,
  "fwhm_avg": 2.9987457886485394,
  "fwhm_x": 2.94817495606877,
  "fwhm_y": 3.2490749515850106,
  "fwhm_z": 2.7989874582918364,
  "icvs_csf": 0.35932098748102254,
  "icvs_gm": 0.4800017967585353,
  "icvs_wm": 0.16067721576044217,
  "inu_med": 0.8879753351211548,
  "inu_range": 0.6702038198709486,
  "provenance": {
    "md5sum": "9aed9ea6607f101bf9ea2327c4165396",
    "settings": {
      "testing": false
    },
    "software": "mriqc",
    "version": "23.0.1",
    "warnings": {
      "large_rot_frame": true,
      "small_air_mask": false
    },
    "webapi_port": null,
    "webapi_url": "https://mriqc.nimh.nih.gov/api/v1"
  },
  "qi_1": 0.0,
  "qi_2": 0.005476209863217412,
  "rpve_csf": 15.941368459612185,
  "rpve_gm": 13.189639514847634,
  "rpve_wm": 45.571137581742335,
  "size_x": 224,
  "size_y": 300,
  "size_z": 320,
  "snr_csf": 9.060766080582368,
  "snr_gm": 8.568066840698753,
  "snr_total": 6.647110041533115,
  "snr_wm": 2.3124972033182245,
  "snrd_csf": 63.53685296852539,
  "snrd_gm": 37.94300195820693,
  "snrd_total": 68.00772480899424,
  "snrd_wm": 102.54331950025039,
  "spacing_x": 0.800000011920929,
  "spacing_y": 0.800000011920929,
  "spacing_z": 0.800000011920929,
  "summary_bg_k": 13.887477180049327,
  "summary_bg_mad": 6.3886908937919475,
  "summary_bg_mean": 7.7596564705570685,
  "summary_bg_median": 4.309106525033712,
  "summary_bg_n": 6951721.0,
  "summary_bg_p05": 0.0,
  "summary_bg_p95": 28.61246732622385,
  "summary_bg_stdv": 12.116264728455903,
  "summary_csf_k": 2.802229216100743,
  "summary_csf_mad": 56.56121004637137,
  "summary_csf_mean": 624.8876735787431,
  "summary_csf_median": 619.5920635461807,
  "summary_csf_n": 92255.0,
  "summary_csf_p05": 527.721912432462,
  "summary_csf_p95": 743.6368767134845,
  "summary_csf_stdv": 68.38149224758472,
  "summary_gm_k": 0.7982635616581111,
  "summary_gm_mad": 40.84503044764318,
  "summary_gm_mean": 371.2292077537532,
  "summary_gm_median": 370.0086136162281,
  "summary_gm_n": 345400.0,
  "summary_gm_p05": 303.07382559403777,
  "summary_gm_p95": 443.09106028079987,
  "summary_gm_stdv": 43.184546160976275,
  "summary_wm_k": -1.0083534417434417,
  "summary_wm_mad": 217.2154903889262,
  "summary_wm_mean": 781.3916530641472,
  "summary_wm_median": 999.9712601993233,
  "summary_wm_n": 50853.0,
  "summary_wm_p05": 43.194483806937946,
  "summary_wm_p95": 1284.5618915386492,
  "summary_wm_stdv": 432.4162756768283,
  "tpm_overlap_csf": 0.10953989044883403,
  "tpm_overlap_gm": 0.32394874813560576,
  "tpm_overlap_wm": 0.02583942450091586,
  "wm2max": 0.7807859674308016
}