{
  "bids_meta": {
    "AcquisitionMatrixPE": 302,
    "AcquisitionNumber": 1,
    "AcquisitionTime": "10:49:15.212500",
    "BaseResolution": 320,
    "CoilCombinationMethod": "Adaptive Combine",
    "CoilString": "C:HEA;HEP",
    "ConversionSoftware": "dcm2niix",
    "ConversionSoftwareVersion": "v1.0.20211220",
    "Dcm2bidsVersion": "2.1.6",
    "DeviceSerialNumber": "40463",
    "DwellTime": 2.1e-06,
    "EchoTime": 0.56,
    "EchoTrainLength": 167,
    "FlipAngle": 120,
    "ImageOrientationPatientDICOM": [
      0,
      1,
      0,
      0,
      0,
      -1
    ],
    "ImageOrientationText": "Sag",
    "ImageType": [
      "ORIGINAL",
      "PRIMARY",
      "M",
      "ND"
    ],
    "ImagingFrequency": 123.122,
    "InPlanePhaseEncodingDirectionDICOM": "ROW",
    "MRAcquisitionType": "3D",
    "MagneticFieldStrength": 3,
    "Manufacturer": "Siemens",
    "ManufacturersModelName": "Verio",
    "MatrixCoilMode": "GRAPPA",
    "Modality": "MR",
    "ParallelReductionFactorInPlane": 2,
    "PartialFourier": 1,
    "PatientPosition": "HFS",
    "PercentPhaseFOV": 93.75,
    "PercentSampling": 100.667,
    "PhaseEncodingDirection": "i",
    "PhaseEncodingSteps": 290,
    "PhaseResolution": 1.00667,
    "PixelBandwidth": 744,
    "ProtocolName": "T2w_SPC1_0.8iso",
    "PulseSequenceDetails": "%SiemensSeq%\\tse_vfl",
    "ReceiveCoilName": "32Ch_Head",
    "ReconMatrixPE": 300,
    "RefLinesPE": 32,
    "RepetitionTime": 3.2,
    "SAR": 0.0905986,
    "ScanOptions": "PFP",
    "ScanningSequence": "SE",
    "SequenceName": "*spc3d1_334ns",
    "SequenceVariant": "SK\\SP",
    "SeriesDescription": "T2w_SPC1_0.8iso",
    "SeriesNumber": 15,
    "ShimSetting": [
      2868,
      7447,
      -15154,
      43,
      907,
      -1296,
      -100,
      1233
    ],
    "SliceThickness": 0.8,
    "SoftwareVersions": "syngo MR B17",
    "SpoilingState": true,
    "StationName": "MRC40463",
    "TxRefAmp": 415.885,
    "acq_id": "01",
    "dataset": "ds004056",
    "modality": "T2w",
    "session_id": "02",
    "subject_id": "14"
  },
  "cjv": 0.2786804618491472,
  "cnr": 1.7158489602887101,
  "efc": 0.4805536787873787,
  "fber": 7319.859897740184,
  "fwhm_avg": 2.990908288765327,
  "fwhm_x": 2.9607499558813872,
  "fwhm_y": 3.2520999515399343,
  "fwhm_z": 2.7598749588746583,
  "icvs_csf": 0.37202377709351053,
  "icvs_gm": 0.46997696392429095,
  "icvs_wm": 0.1579992589821985,
  "inu_med": 0.8796202540397644,
  "inu_range": 0.6429897904396056,
  "provenance": {
    "md5sum": "c9aa0436fbe331ed7223284c4855352b",
    "settings": {
      "testing": false
    },
    "software": "mriqc",
    "version": "23.0.1",
    "warnings": {
      "large_rot_frame": true,
      "small_air_mask": false
    },
    "webapi_port": null,
    "webapi_url": "https://mriqc.nimh.nih.gov/api/v1"
  },
  "qi_1": 0.0,
  "qi_2": 0.01011037350197444,
  "rpve_csf": 15.772127209824314,
  "rpve_gm": 13.481452092586867,
  "rpve_wm": 46.582932775734015,
  "size_x": 224,
  "size_y": 300,
  "size_z": 320,
  "snr_csf": 10.073253474176916,
  "snr_gm": 9.538677021810768,
  "snr_total": 7.464318832850189,
  "snr_wm": 2.781026002562883,
  "snrd_csf": 54.535576412273215,
  "snrd_gm": 33.50270352110702,
  "snrd_total": 58.801531136363316,
  "snrd_wm": 88.3663134757097,
  "spacing_x": 0.800000011920929,
  "spacing_y": 0.800000011920929,
  "spacing_z": 0.800000011920929,
  "summary_bg_k": 9.049474320667358,
  "summary_bg_mad": 0.0,
  "summary_bg_mean": 5.320705686294163,
  "summary_bg_median": 0.0,
  "summary_bg_n": 6981102.0,
  "summary_bg_p05": 0.0,
  "summary_bg_p95": 18.19962914660573,
  "summary_bg_stdv": 7.413679474087978,
  "summary_csf_k": 2.638317741158229,
  "summary_csf_mad": 50.98451738245748,
  "summary_csf_mean": 620.988365436712,
  "summary_csf_median": 617.1375662460923,
  "summary_csf_n": 102875.0,
  "summary_csf_p05": 531.3209013324231,
  "summary_csf_p95": 726.2580055911094,
  "summary_csf_stdv": 61.26467167408267,
  "summary_gm_k": 0.9099896289755138,
  "summary_gm_mad": 37.225577159305544,
  "summary_gm_mean": 380.03629555853087,
  "summary_gm_median": 379.12456920556724,
  "summary_gm_n": 345989.0,
  "summary_gm_p05": 316.8436853270978,
  "summary_gm_p95": 445.787800045684,
  "summary_gm_stdv": 39.7459753017099,
  "summary_wm_k": 0.40666007895854284,
  "summary_wm_mad": 135.79309614683018,
  "summary_wm_mean": 866.8495781891729,
  "summary_wm_median": 999.9742411132902,
  "summary_wm_n": 45803.0,
  "summary_wm_p05": 62.15456917192787,
  "summary_wm_p95": 1258.8111197751016,
  "summary_wm_stdv": 359.56633418668093,
  "tpm_overlap_csf": 0.10877941028965059,
  "tpm_overlap_gm": 0.3164710365428689,
  "tpm_overlap_wm": 0.02599335562010371,
  "wm2max": 0.812717368531322
}