{
  "bids_meta": {
    "AcquisitionMatrixPE": 302,
    "AcquisitionNumber": 1,
    "AcquisitionTime": "10:51:50.200000",
    "BaseResolution": 320,
    "CoilCombinationMethod": "Adaptive Combine",
    "CoilString": "C:HEA;HEP",
    "ConversionSoftware": "dcm2niix",
    "ConversionSoftwareVersion": "v1.0.20211220",
    "Dcm2bidsVersion": "2.1.6",
    "DeviceSerialNumber": "40463",
    "DwellTime": 2.1e-06,
    "EchoTime": 0.56,
    "EchoTrainLength": 167,
    "FlipAngle": 120,
    "ImageOrientationPatientDICOM": [
      0,
      1,
      0,
      0,
      0,
      -1
    ],
    "ImageOrientationText": "Sag",
    "ImageType": [
      "ORIGINAL",
      "PRIMARY",
      "M",
      "ND"
    ],
    "ImagingFrequency": 123.122,
    "InPlanePhaseEncodingDirectionDICOM": "ROW",
    "MRAcquisitionType": "3D",
    "MagneticFieldStrength": 3,
    "Manufacturer": "Siemens",
    "ManufacturersModelName": "Verio",
    "MatrixCoilMode": "GRAPPA",
    "Modality": "MR",
    "ParallelReductionFactorInPlane": 2,
    "PartialFourier": 1,
    "PatientPosition": "HFS",
    "PercentPhaseFOV": 93.75,
    "PercentSampling": 100.667,
    "PhaseEncodingDirection": "i",
    "PhaseEncodingSteps": 290,
    "PhaseResolution": 1.00667,
    "PixelBandwidth": 744,
    "ProtocolName": "T2w_SPC1_0.8iso",
    "PulseSequenceDetails": "%SiemensSeq%\\tse_vfl",
    "ReceiveCoilName": "32Ch_Head",
    "ReconMatrixPE": 300,
    "RefLinesPE": 32,
    "RepetitionTime": 3.2,
    "SAR": 0.119178,
    "ScanOptions": "PFP",
    "ScanningSequence": "SE",
    "SequenceName": "*spc3d1_334ns",
    "SequenceVariant": "SK\\SP",
    "SeriesDescription": "T2w_SPC1_0.8iso",
    "SeriesNumber": 19,
    "ShimSetting": [
      2852,
      7535,
      -15008,
      166,
      891,
      -884,
      -396,
      1340
    ],
    "SliceThickness": 0.8,
    "SoftwareVersions": "syngo MR B17",
    "SpoilingState": true,
    "StationName": "MRC40463",
    "TxRefAmp": 452.967,
    "acq_id": "01",
    "dataset": "ds004056",
    "modality": "T2w",
    "session_id": "02",
    "subject_id": "22"
  },
  "cjv": 0.5377510814589607,
  "cnr": 1.4193840861881226,
  "efc": 0.5156625021067441,
  "fber": 9752.934076003086,
  "fwhm_avg": 3.0910499539397662,
  "fwhm_x": 3.0792749541152276,
  "fwhm_y": 3.1924749524284164,
  "fwhm_z": 3.0013999552756556,
  "icvs_csf": 0.3174890062412861,
  "icvs_gm": 0.5608883870420919,
  "icvs_wm": 0.12162260671662202,
  "inu_med": 0.9135902523994446,
  "inu_range": 0.731152468919754,
  "provenance": {
    "md5sum": "163f54b59101cdd6cc058ca8d93c7d10",
    "settings": {
      "testing": false
    },
    "software": "mriqc",
    "version": "23.0.1",
    "warnings": {
      "large_rot_frame": true,
      "small_air_mask": false
    },
    "webapi_port": null,
    "webapi_url": "https://mriqc.nimh.nih.gov/api/v1"
  },
  "qi_1": 3.6870781998999484e-06,
  "qi_2": 0.012179238409441332,
  "rpve_csf": 13.233689224498981,
  "rpve_gm": 9.239306235183339,
  "rpve_wm": 44.63276371044863,
  "size_x": 224,
  "size_y": 300,
  "size_z": 320,
  "snr_csf": 6.130413758157517,
  "snr_gm": 7.697698039670664,
  "snr_total": 5.388100747439862,
  "snr_wm": 2.3361904444914043,
  "snrd_csf": 38.47697773057168,
  "snrd_gm": 21.845954228359886,
  "snrd_total": 38.874468237897275,
  "snrd_wm": 56.30047275476025,
  "spacing_x": 0.800000011920929,
  "spacing_y": 0.800000011920929,
  "spacing_z": 0.800000011920929,
  "summary_bg_k": 13.862590752316503,
  "summary_bg_mad": 0.0,
  "summary_bg_mean": 6.501611162973726,
  "summary_bg_median": 0.0,
  "summary_bg_n": 7215376.0,
  "summary_bg_p05": 0.0,
  "summary_bg_p95": 27.858146466314793,
  "summary_bg_stdv": 11.641558243212803,
  "summary_csf_k": -0.4445244987010346,
  "summary_csf_mad": 115.53275045052226,
  "summary_csf_mean": 702.8370457341689,
  "summary_csf_median": 683.7232327088714,
  "summary_csf_n": 60859.0,
  "summary_csf_p05": 544.5124099962413,
  "summary_csf_p95": 895.3762582503259,
  "summary_csf_stdv": 111.52878784128025,
  "summary_gm_k": 0.3516130438243077,
  "summary_gm_mad": 48.57441311374504,
  "summary_gm_mean": 389.90995644354444,
  "summary_gm_median": 388.1954178214073,
  "summary_gm_n": 529157.0,
  "summary_gm_p05": 310.18709670752287,
  "summary_gm_p95": 475.4346776753664,
  "summary_gm_stdv": 50.43001804112359,
  "summary_wm_k": -0.6442228751411947,
  "summary_wm_mad": 280.66124313829135,
  "summary_wm_mean": 857.0790565220167,
  "summary_wm_median": 1000.4408741369843,
  "summary_wm_n": 33117.0,
  "summary_wm_p05": 51.58303678035736,
  "summary_wm_p95": 1344.8347987607117,
  "summary_wm_stdv": 428.2295442735248,
  "tpm_overlap_csf": 0.10917395643854569,
  "tpm_overlap_gm": 0.36034867852138974,
  "tpm_overlap_wm": 0.03146404097075366,
  "wm2max": 0.7892654507510706
}