{
  "bids_meta": {
    "AcquisitionMatrixPE": 300,
    "AcquisitionNumber": 1,
    "AcquisitionTime": "13:45:21.527500",
    "BaseResolution": 320,
    "CoilCombinationMethod": "Adaptive Combine",
    "CoilString": "C:HEA;HEP",
    "ConversionSoftware": "dcm2niix",
    "ConversionSoftwareVersion": "v1.0.20211220",
    "Dcm2bidsVersion": "2.1.6",
    "DeviceSerialNumber": "40462",
    "DwellTime": 7.4e-06,
    "EchoTime": 0.00224,
    "FlipAngle": 8,
    "ImageOrientationPatientDICOM": [
      0,
      1,
      0,
      0,
      0,
      -1
    ],
    "ImageOrientationText": "Sag",
    "ImageType": [
      "ORIGINAL",
      "PRIMARY",
      "M",
      "ND"
    ],
    "ImagingFrequency": 123.21,
    "InPlanePhaseEncodingDirectionDICOM": "ROW",
    "InversionTime": 1.06,
    "MRAcquisitionType": "3D",
    "MagneticFieldStrength": 3,
    "Manufacturer": "Siemens",
    "ManufacturersModelName": "Verio",
    "MatrixCoilMode": "GRAPPA",
    "Modality": "MR",
    "ParallelReductionFactorInPlane": 2,
    "PartialFourier": 1,
    "PatientPosition": "HFS",
    "PercentPhaseFOV": 93.75,
    "PercentSampling": 100,
    "PhaseEncodingSteps": 299,
    "PhaseResolution": 1,
    "PixelBandwidth": 211,
    "ProtocolName": "T1w_MPR2_0.8iso",
    "PulseSequenceDetails": "%SiemensSeq%\\tfl",
    "ReceiveCoilName": "32Ch_Head",
    "ReconMatrixPE": 300,
    "RefLinesPE": 32,
    "RepetitionTime": 2.4,
    "SAR": 0.0333538,
    "ScanOptions": "IR\\WE",
    "ScanningSequence": "GR\\IR",
    "SequenceName": "*tfl3d1_ns",
    "SequenceVariant": "SP\\MP",
    "SeriesDescription": "T1w_MPR2_0.8iso",
    "SeriesNumber": 17,
    "ShimSetting": [
      998,
      10243,
      917,
      481,
      6,
      -626,
      262,
      -50
    ],
    "SliceThickness": 0.8,
    "SoftwareVersions": "syngo MR B17",
    "StationName": "MRC40462",
    "TxRefAmp": 397.889,
    "acq_id": "02",
    "dataset": "ds004056",
    "modality": "T1w",
    "session_id": "02",
    "subject_id": "29"
  },
  "cjv": 0.42703967889183597,
  "cnr": 3.2250291021516704,
  "efc": 0.5307924634440814,
  "fber": 22474.583453030737,
  "fwhm_avg": 4.473008266680316,
  "fwhm_x": 4.5217624326204895,
  "fwhm_y": 4.34016243532654,
  "fwhm_z": 4.557099932093919,
  "icvs_csf": 0.18885630841499396,
  "icvs_gm": 0.4253861113786061,
  "icvs_wm": 0.38575758020639994,
  "inu_med": 0.7436996698379517,
  "inu_range": 0.5328482925891875,
  "provenance": {
    "md5sum": "b03b5d6fb6f1ade92cb8f7176fc7ee1c",
    "settings": {
      "testing": false
    },
    "software": "mriqc",
    "version": "23.0.1",
    "warnings": {
      "large_rot_frame": true,
      "small_air_mask": false
    },
    "webapi_port": null,
    "webapi_url": "https://mriqc.nimh.nih.gov/api/v1"
  },
  "qi_1": 0.0,
  "qi_2": 0.00656228028387685,
  "rpve_csf": 26.37841459592457,
  "rpve_gm": 12.330135784896916,
  "rpve_wm": 15.181978254327472,
  "size_x": 224,
  "size_y": 300,
  "size_z": 320,
  "snr_csf": 2.4416923481772432,
  "snr_gm": 14.355353473771874,
  "snr_total": 12.389279191552498,
  "snr_wm": 20.370791752708385,
  "snrd_csf": 31.62743233302202,
  "snrd_gm": 80.53204412144645,
  "snrd_total": 72.4935691355278,
  "snrd_wm": 105.32123095211496,
  "spacing_x": 0.800000011920929,
  "spacing_y": 0.800000011920929,
  "spacing_z": 0.800000011920929,
  "summary_bg_k": 3.5103411795390036,
  "summary_bg_mad": 6.220880971513276,
  "summary_bg_mean": 6.913814557064499,
  "summary_bg_median": 4.195920452475548,
  "summary_bg_n": 7339169.0,
  "summary_bg_p05": 0.0,
  "summary_bg_p95": 24.84317258000374,
  "summary_bg_stdv": 8.910896216291079,
  "summary_csf_k": 5.331466155554265,
  "summary_csf_mad": 93.80595761994772,
  "summary_csf_mean": 320.55336926513985,
  "summary_csf_median": 300.3198906034231,
  "summary_csf_n": 100976.0,
  "summary_csf_p05": 137.17751815915108,
  "summary_csf_p95": 550.6314718537033,
  "summary_csf_stdv": 122.99600469257913,
  "summary_gm_k": 0.11604383472005475,
  "summary_gm_mad": 52.6619131746916,
  "summary_gm_mean": 764.4114341743609,
  "summary_gm_median": 764.6961165219545,
  "summary_gm_n": 106559.0,
  "summary_gm_p05": 676.5402432531118,
  "summary_gm_p95": 851.3979579508305,
  "summary_gm_stdv": 53.26880524229915,
  "summary_wm_k": 0.1907635203517848,
  "summary_wm_mad": 47.857668464017976,
  "summary_wm_mean": 1002.3546904272781,
  "summary_wm_median": 1000.0830995291471,
  "summary_wm_n": 486956.0,
  "summary_wm_p05": 925.6366693228483,
  "summary_wm_p95": 1087.2834661602974,
  "summary_wm_stdv": 49.09392255328096,
  "tpm_overlap_csf": 0.13900933568091275,
  "tpm_overlap_gm": 0.4545334202882123,
  "tpm_overlap_wm": 0.5070595675599856,
  "wm2max": 0.6565482919250856
}