{
  "bids_meta": {
    "AcquisitionMatrixPE": 300,
    "AcquisitionNumber": 1,
    "AcquisitionTime": "13:32:38.950000",
    "BaseResolution": 320,
    "CoilCombinationMethod": "Adaptive Combine",
    "CoilString": "C:HEA;HEP",
    "ConversionSoftware": "dcm2niix",
    "ConversionSoftwareVersion": "v1.0.20211220",
    "Dcm2bidsVersion": "2.1.6",
    "DeviceSerialNumber": "40462",
    "DwellTime": 7.4e-06,
    "EchoTime": 0.00224,
    "FlipAngle": 8,
    "ImageOrientationPatientDICOM": [
      0,
      1,
      0,
      0,
      0,
      -1
    ],
    "ImageOrientationText": "Sag",
    "ImageType": [
      "ORIGINAL",
      "PRIMARY",
      "M",
      "ND"
    ],
    "ImagingFrequency": 123.21,
    "InPlanePhaseEncodingDirectionDICOM": "ROW",
    "InversionTime": 1.06,
    "MRAcquisitionType": "3D",
    "MagneticFieldStrength": 3,
    "Manufacturer": "Siemens",
    "ManufacturersModelName": "Verio",
    "MatrixCoilMode": "GRAPPA",
    "Modality": "MR",
    "ParallelReductionFactorInPlane": 2,
    "PartialFourier": 1,
    "PatientPosition": "HFS",
    "PercentPhaseFOV": 93.75,
    "PercentSampling": 100,
    "PhaseEncodingSteps": 299,
    "PhaseResolution": 1,
    "PixelBandwidth": 211,
    "ProtocolName": "T1w_MPR1_0.8iso",
    "PulseSequenceDetails": "%SiemensSeq%\\tfl",
    "ReceiveCoilName": "32Ch_Head",
    "ReconMatrixPE": 300,
    "RefLinesPE": 32,
    "RepetitionTime": 2.4,
    "SAR": 0.0333538,
    "ScanOptions": "IR\\WE",
    "ScanningSequence": "GR\\IR",
    "SequenceName": "*tfl3d1_ns",
    "SequenceVariant": "SP\\MP",
    "SeriesDescription": "T1w_MPR1_0.8iso",
    "SeriesNumber": 15,
    "ShimSetting": [
      998,
      10243,
      917,
      481,
      6,
      -626,
      262,
      -50
    ],
    "SliceThickness": 0.8,
    "SoftwareVersions": "syngo MR B17",
    "StationName": "MRC40462",
    "TxRefAmp": 397.889,
    "acq_id": "01",
    "dataset": "ds004056",
    "modality": "T1w",
    "session_id": "02",
    "subject_id": "20"
  },
  "cjv": 0.4583955781541501,
  "cnr": 3.0156334154529825,
  "efc": 0.5358114079489432,
  "fber": 21025.0,
  "fwhm_avg": 4.591958264907823,
  "fwhm_x": 4.58604993166253,
  "fwhm_y": 4.536412432402187,
  "fwhm_z": 4.653412430658751,
  "icvs_csf": 0.1859433929009089,
  "icvs_gm": 0.41417633363606526,
  "icvs_wm": 0.39988027346302585,
  "inu_med": 0.7750796675682068,
  "inu_range": 0.5576708465814589,
  "provenance": {
    "md5sum": "c4db23f23817b8f6f2a02206be104454",
    "settings": {
      "testing": false
    },
    "software": "mriqc",
    "version": "23.0.1",
    "warnings": {
      "large_rot_frame": true,
      "small_air_mask": false
    },
    "webapi_port": null,
    "webapi_url": "https://mriqc.nimh.nih.gov/api/v1"
  },
  "qi_1": 0.0,
  "qi_2": 0.00523623616190128,
  "rpve_csf": 26.851835383254954,
  "rpve_gm": 12.474125743292497,
  "rpve_wm": 14.580730202876673,
  "size_x": 224,
  "size_y": 300,
  "size_z": 320,
  "snr_csf": 2.4956975407562467,
  "snr_gm": 13.988112732171933,
  "snr_total": 11.604652065943077,
  "snr_wm": 18.33014592490105,
  "snrd_csf": 30.983276564347204,
  "snrd_gm": 77.20936421054509,
  "snrd_total": 69.6959267938978,
  "snrd_wm": 100.8951396068011,
  "spacing_x": 0.800000011920929,
  "spacing_y": 0.800000011920929,
  "spacing_z": 0.800000011920929,
  "summary_bg_k": 4.809452365528807,
  "summary_bg_mad": 6.493792424355594,
  "summary_bg_mean": 7.375177876685115,
  "summary_bg_median": 4.379996430128813,
  "summary_bg_n": 7142683.0,
  "summary_bg_p05": 0.0,
  "summary_bg_p95": 26.322502817958593,
  "summary_bg_stdv": 9.542410106477078,
  "summary_csf_k": 4.899338794999165,
  "summary_csf_mad": 96.20900232588968,
  "summary_csf_mean": 323.9532162427367,
  "summary_csf_median": 307.1100409552455,
  "summary_csf_n": 97759.0,
  "summary_csf_p05": 138.1187223792076,
  "summary_csf_p95": 552.7725591771305,
  "summary_csf_stdv": 123.05516401135687,
  "summary_gm_k": 0.09336808287780363,
  "summary_gm_mad": 54.66134011569224,
  "summary_gm_mean": 765.7493166426376,
  "summary_gm_median": 765.3086966313422,
  "summary_gm_n": 93670.0,
  "summary_gm_p05": 676.7307105734944,
  "summary_gm_p95": 855.8853218369186,
  "summary_gm_stdv": 54.71106975910457,
  "summary_wm_k": 0.18752191389350958,
  "summary_wm_mad": 52.95908384911359,
  "summary_wm_mean": 1004.1729308793801,
  "summary_wm_median": 1000.0850101336837,
  "summary_wm_n": 496511.0,
  "summary_wm_p05": 921.3726471029222,
  "summary_wm_p95": 1100.9525007382035,
  "summary_wm_stdv": 54.55952217281288,
  "tpm_overlap_csf": 0.14211083728027624,
  "tpm_overlap_gm": 0.4538700047071441,
  "tpm_overlap_wm": 0.5048265743894227,
  "wm2max": 0.6470054196814218
}