{
  "aor": 0.0003367032967032967,
  "aqi": 0.006144227994505496,
  "bids_meta": {
    "AcquisitionMatrixPE": 130,
    "AcquisitionNumber": 1,
    "AcquisitionTime": "10:11:35.272500",
    "BandwidthPerPixelPhaseEncode": 24.038,
    "BaseResolution": 130,
    "CoilCombinationMethod": "Sum of Squares",
    "CoilString": "C:A32",
    "ConversionSoftware": "dcm2niix",
    "ConversionSoftwareVersion": "v1.0.20211220",
    "Dcm2bidsVersion": "2.1.6",
    "DerivedVendorReportedEchoSpacing": 0.000640012,
    "DeviceSerialNumber": "18981",
    "DwellTime": 2e-06,
    "EchoTime": 0.0222,
    "EffectiveEchoSpacing": 0.000320006,
    "FlipAngle": 45,
    "ImageComments": "Unaliased MB5/PE4",
    "ImageOrientationPatientDICOM": [
      1,
      -1e-16,
      0,
      1e-16,
      0.939693,
      -0.34202
    ],
    "ImageOrientationText": "Tra>Cor(-20.0)",
    "ImageType": [
      "ORIGINAL",
      "PRIMARY",
      "M",
      "MB",
      "ND",
      "MOSAIC"
    ],
    "ImagingFrequency": 297.224,
    "InPlanePhaseEncodingDirectionDICOM": "COL",
    "MRAcquisitionType": "2D",
    "MagneticFieldStrength": 6.98,
    "Manufacturer": "Siemens",
    "ManufacturersModelName": "Investigational_Device_7T",
    "MatrixCoilMode": "GRAPPA",
    "Modality": "MR",
    "MultibandAccelerationFactor": 5,
    "ParallelReductionFactorInPlane": 2,
    "PartialFourier": 0.875,
    "PatientPosition": "HFS",
    "PercentPhaseFOV": 100,
    "PercentSampling": 100,
    "PhaseEncodingDirection": "j-",
    "PhaseEncodingSteps": 114,
    "PhaseResolution": 1,
    "PixelBandwidth": 1923,
    "ProtocolName": "MB5_TR1s_TE22p2_IPAT2_1.6mm_85slices_AP_367vols",
    "PulseSequenceDetails": "%CustomerSeq%\\cmrr_mbep2d_bold",
    "ReceiveCoilName": "32Ch_Head_7T",
    "ReconMatrixPE": 130,
    "RefLinesPE": 96,
    "RepetitionTime": 1,
    "SAR": 0.0716649,
    "ScanOptions": "PFP\\FS",
    "ScanningSequence": "EP",
    "SequenceName": "epfid2d1_130",
    "SequenceVariant": "SK\\SS",
    "SeriesDescription": "MB5_TR1s_TE22p2_IPAT2_1.6mm_85slices_AP_367vols",
    "SeriesNumber": 9,
    "ShimSetting": [
      9,
      74,
      885,
      639,
      -53,
      -190,
      -301,
      141
    ],
    "SliceThickness": 1.6,
    "SliceTiming": [
      0,
      0.53,
      0.0575,
      0.59,
      0.1175,
      0.65,
      0.1775,
      0.7075,
      0.235,
      0.7675,
      0.295,
      0.825,
      0.355,
      0.885,
      0.4125,
      0.945,
      0.4725,
      0,
      0.53,
      0.0575,
      0.59,
      0.1175,
      0.65,
      0.1775,
      0.7075,
      0.235,
      0.7675,
      0.295,
      0.825,
      0.355,
      0.885,
      0.4125,
      0.945,
      0.4725,
      0,
      0.53,
      0.0575,
      0.59,
      0.1175,
      0.65,
      0.1775,
      0.7075,
      0.235,
      0.7675,
      0.295,
      0.825,
      0.355,
      0.885,
      0.4125,
      0.945,
      0.4725,
      0,
      0.53,
      0.0575,
      0.59,
      0.1175,
      0.65,
      0.1775,
      0.7075,
      0.235,
      0.7675,
      0.295,
      0.825,
      0.355,
      0.885,
      0.4125,
      0.945,
      0.4725,
      0,
      0.53,
      0.0575,
      0.59,
      0.1175,
      0.65,
      0.1775,
      0.7075,
      0.235,
      0.7675,
      0.295,
      0.825,
      0.355,
      0.885,
      0.4125,
      0.945,
      0.4725
    ],
    "SoftwareVersions": "syngo MR B17",
    "SpacingBetweenSlices": 1.6,
    "StationName": "MRC18981",
    "TaskName": "GDMotor",
    "TotalReadoutTime": 0.0412808,
    "TxRefAmp": 163.37,
    "dataset": "ds004056",
    "modality": "bold",
    "run_id": 2,
    "session_id": "01",
    "subject_id": "09",
    "task_id": "GDMotor"
  },
  "dummy_trs": 3,
  "dvars_nstd": 42.08725071214875,
  "dvars_std": 1.0163667526997244,
  "dvars_vstd": 0.9952441489256201,
  "efc": 0.45789473834184824,
  "fber": 1740.9281005859375,
  "fd_mean": 0.07963910171806837,
  "fd_num": 0,
  "fd_perc": 0.0,
  "fwhm_avg": 2.549843712004368,
  "fwhm_x": 2.483031212999952,
  "fwhm_y": 2.593749961350114,
  "fwhm_z": 2.572749961663038,
  "gcor": 0.00579437,
  "gsr_x": 0.01005128026008606,
  "gsr_y": 0.02690190076828003,
  "provenance": {
    "md5sum": "495b905bf870ec81c8be675caf4d503b",
    "settings": {
      "fd_thres": 0.2,
      "testing": false
    },
    "software": "mriqc",
    "version": "23.0.1",
    "webapi_port": null,
    "webapi_url": "https://mriqc.nimh.nih.gov/api/v1"
  },
  "size_t": 364,
  "size_x": 130,
  "size_y": 130,
  "size_z": 85,
  "snr": 1.8909401757226652,
  "spacing_tr": 1.0,
  "spacing_x": 1.600000023841858,
  "spacing_y": 1.600000023841858,
  "spacing_z": 1.600000023841858,
  "summary_bg_k": 60.041749234735825,
  "summary_bg_mad": 6.227744159621993,
  "summary_bg_mean": 19.069992065429688,
  "summary_bg_median": 8.252747535705566,
  "summary_bg_n": 1017997.0,
  "summary_bg_p05": 3.6565935611724854,
  "summary_bg_p95": 67.11813354492188,
  "summary_bg_stdv": 36.81211471557617,
  "summary_fg_k": 7.807799303185416,
  "summary_fg_mad": 119.32504605802393,
  "summary_fg_mean": 390.851318359375,
  "summary_fg_median": 349.0879211425781,
  "summary_fg_n": 270087.0,
  "summary_fg_p05": 199.22610473632812,
  "summary_fg_p95": 753.2997558593748,
  "summary_fg_stdv": 184.6104278564453,
  "tsnr": 30.932895025238395
}