{
  "bids_meta": {
    "AcquisitionMatrixPE": 302,
    "AcquisitionNumber": 1,
    "AcquisitionTime": "11:41:59.230000",
    "BaseResolution": 320,
    "CoilCombinationMethod": "Adaptive Combine",
    "CoilString": "C:HEA;HEP",
    "ConversionSoftware": "dcm2niix",
    "ConversionSoftwareVersion": "v1.0.20211220",
    "Dcm2bidsVersion": "2.1.6",
    "DeviceSerialNumber": "40463",
    "DwellTime": 2.1e-06,
    "EchoTime": 0.56,
    "EchoTrainLength": 167,
    "FlipAngle": 120,
    "ImageOrientationPatientDICOM": [
      0,
      1,
      0,
      0,
      0,
      -1
    ],
    "ImageOrientationText": "Sag",
    "ImageType": [
      "ORIGINAL",
      "PRIMARY",
      "M",
      "ND"
    ],
    "ImagingFrequency": 123.122,
    "InPlanePhaseEncodingDirectionDICOM": "ROW",
    "MRAcquisitionType": "3D",
    "MagneticFieldStrength": 3,
    "Manufacturer": "Siemens",
    "ManufacturersModelName": "Verio",
    "MatrixCoilMode": "GRAPPA",
    "Modality": "MR",
    "ParallelReductionFactorInPlane": 2,
    "PartialFourier": 1,
    "PatientPosition": "HFS",
    "PercentPhaseFOV": 93.75,
    "PercentSampling": 100.667,
    "PhaseEncodingDirection": "i",
    "PhaseEncodingSteps": 290,
    "PhaseResolution": 1.00667,
    "PixelBandwidth": 744,
    "ProtocolName": "T2w_SPC2_0.8iso",
    "PulseSequenceDetails": "%SiemensSeq%\\tse_vfl",
    "ReceiveCoilName": "32Ch_Head",
    "ReconMatrixPE": 300,
    "RefLinesPE": 32,
    "RepetitionTime": 3.2,
    "SAR": 0.113902,
    "ScanOptions": "PFP",
    "ScanningSequence": "SE",
    "SequenceName": "*spc3d1_334ns",
    "SequenceVariant": "SK\\SP",
    "SeriesDescription": "T2w_SPC2_0.8iso",
    "SeriesNumber": 17,
    "ShimSetting": [
      2863,
      7453,
      -15133,
      210,
      789,
      -1093,
      -77,
      1144
    ],
    "SliceThickness": 0.8,
    "SoftwareVersions": "syngo MR B17",
    "SpoilingState": true,
    "StationName": "MRC40463",
    "TxRefAmp": 439.888,
    "acq_id": "02",
    "dataset": "ds004056",
    "modality": "T2w",
    "session_id": "02",
    "subject_id": "01"
  },
  "cjv": 0.2702602128643592,
  "cnr": 2.448257529349631,
  "efc": 0.49569204589315286,
  "fber": 8003.366863905326,
  "fwhm_avg": 3.1455541197942574,
  "fwhm_x": 3.1029624537622564,
  "fwhm_y": 3.337562450266444,
  "fwhm_z": 2.9961374553540727,
  "icvs_csf": 0.4527236136533705,
  "icvs_gm": 0.1537201897690263,
  "icvs_wm": 0.3935561965776032,
  "inu_med": 0.9021516442298889,
  "inu_range": 0.8627298235893253,
  "provenance": {
    "md5sum": "140d10ffc7a2520bc44e196fe7bba91d",
    "settings": {
      "testing": false
    },
    "software": "mriqc",
    "version": "23.0.1",
    "warnings": {
      "large_rot_frame": true,
      "small_air_mask": false
    },
    "webapi_port": null,
    "webapi_url": "https://mriqc.nimh.nih.gov/api/v1"
  },
  "qi_1": 0.0,
  "qi_2": 0.009905926119365008,
  "rpve_csf": 11.22791580043509,
  "rpve_gm": 34.47786545491993,
  "rpve_wm": 13.020235378372512,
  "size_x": 224,
  "size_y": 300,
  "size_z": 320,
  "snr_csf": 11.14487915222571,
  "snr_gm": 3.7206685026512814,
  "snr_total": 8.272107637520536,
  "snr_wm": 9.950775257684612,
  "snrd_csf": 48.96091835257058,
  "snrd_gm": 93.61564618846452,
  "snrd_total": 58.02849765919901,
  "snrd_wm": 31.508928436561934,
  "spacing_x": 0.800000011920929,
  "spacing_y": 0.800000011920929,
  "spacing_z": 0.800000011920929,
  "summary_bg_k": 4.441383888542838,
  "summary_bg_mad": 0.0,
  "summary_bg_mean": 14.578584426690973,
  "summary_bg_median": 0.0,
  "summary_bg_n": 6832673.0,
  "summary_bg_p05": 0.0,
  "summary_bg_p95": 57.550907611846924,
  "summary_bg_stdv": 20.792088544324006,
  "summary_csf_k": 0.836298202586915,
  "summary_csf_mad": 127.67318897081604,
  "summary_csf_mean": 1562.4597125454457,
  "summary_csf_median": 1553.874505519867,
  "summary_csf_n": 146921.0,
  "summary_csf_p05": 1349.7596771717072,
  "summary_csf_p95": 1805.5006482601166,
  "summary_csf_stdv": 139.42450125815822,
  "summary_gm_k": 2.914711081714742,
  "summary_gm_mad": 436.79324995188045,
  "summary_gm_mean": 2711.1770940457423,
  "summary_gm_median": 2971.083280801773,
  "summary_gm_n": 69791.0,
  "summary_gm_p05": 542.4208393096924,
  "summary_gm_p95": 3459.8064366579056,
  "summary_gm_stdv": 798.5290796619793,
  "summary_wm_k": 0.5040495123246611,
  "summary_wm_mad": 95.91212471945539,
  "summary_wm_mean": 1000.3514294897907,
  "summary_wm_median": 1000.0000457763672,
  "summary_wm_n": 350528.0,
  "summary_wm_p05": 836.4677984714508,
  "summary_wm_p95": 1164.9463202953339,
  "summary_wm_stdv": 100.49454373752944,
  "tpm_overlap_csf": 0.10187210958918959,
  "tpm_overlap_gm": 0.09276703888640506,
  "tpm_overlap_wm": 0.4376975120532334,
  "wm2max": 0.29095098019048404
}