{
  "bids_meta": {
    "AcquisitionMatrixPE": 300,
    "AcquisitionNumber": 1,
    "AcquisitionTime": "11:22:35.560000",
    "BaseResolution": 320,
    "CoilCombinationMethod": "Adaptive Combine",
    "CoilString": "C:HEA;HEP",
    "ConversionSoftware": "dcm2niix",
    "ConversionSoftwareVersion": "v1.0.20211220",
    "Dcm2bidsVersion": "2.1.6",
    "DeviceSerialNumber": "40463",
    "DwellTime": 7.4e-06,
    "EchoTime": 0.00224,
    "FlipAngle": 8,
    "ImageOrientationPatientDICOM": [
      0,
      1,
      0,
      0,
      0,
      -1
    ],
    "ImageOrientationText": "Sag",
    "ImageType": [
      "ORIGINAL",
      "PRIMARY",
      "M",
      "ND"
    ],
    "ImagingFrequency": 123.122,
    "InPlanePhaseEncodingDirectionDICOM": "ROW",
    "InversionTime": 1.06,
    "MRAcquisitionType": "3D",
    "MagneticFieldStrength": 3,
    "Manufacturer": "Siemens",
    "ManufacturersModelName": "Verio",
    "MatrixCoilMode": "GRAPPA",
    "Modality": "MR",
    "ParallelReductionFactorInPlane": 2,
    "PartialFourier": 1,
    "PatientPosition": "HFS",
    "PercentPhaseFOV": 93.75,
    "PercentSampling": 100,
    "PhaseEncodingSteps": 299,
    "PhaseResolution": 1,
    "PixelBandwidth": 211,
    "ProtocolName": "T1w_MPR1_0.8iso",
    "PulseSequenceDetails": "%SiemensSeq%\\tfl",
    "ReceiveCoilName": "32Ch_Head",
    "ReconMatrixPE": 300,
    "RefLinesPE": 32,
    "RepetitionTime": 2.4,
    "SAR": 0.0347527,
    "ScanOptions": "IR\\WE",
    "ScanningSequence": "GR\\IR",
    "SequenceName": "*tfl3d1_ns",
    "SequenceVariant": "SP\\MP",
    "SeriesDescription": "T1w_MPR1_0.8iso",
    "SeriesNumber": 14,
    "ShimSetting": [
      2863,
      7453,
      -15133,
      210,
      789,
      -1093,
      -77,
      1144
    ],
    "SliceThickness": 0.8,
    "SoftwareVersions": "syngo MR B17",
    "StationName": "MRC40463",
    "TxRefAmp": 439.888,
    "acq_id": "01",
    "dataset": "ds004056",
    "modality": "T1w",
    "session_id": "02",
    "subject_id": "01"
  },
  "cjv": 0.42372242817555156,
  "cnr": 3.2251619743051205,
  "efc": 0.5333456989193384,
  "fber": 30915.470459012606,
  "fwhm_avg": 4.6484707640657215,
  "fwhm_x": 4.726449929570408,
  "fwhm_y": 4.492712433053368,
  "fwhm_z": 4.726249929573388,
  "icvs_csf": 0.18340477967405894,
  "icvs_gm": 0.44641282869887533,
  "icvs_wm": 0.37018239162706573,
  "inu_med": 0.7376803159713745,
  "inu_range": 0.6713500022888184,
  "provenance": {
    "md5sum": "391d95227ce0343e6bfa3921eed7affa",
    "settings": {
      "testing": false
    },
    "software": "mriqc",
    "version": "23.0.1",
    "warnings": {
      "large_rot_frame": true,
      "small_air_mask": false
    },
    "webapi_port": null,
    "webapi_url": "https://mriqc.nimh.nih.gov/api/v1"
  },
  "qi_1": 0.0,
  "qi_2": 0.005352572970373624,
  "rpve_csf": 25.083996947102683,
  "rpve_gm": 11.165799891411492,
  "rpve_wm": 14.72806327332665,
  "size_x": 224,
  "size_y": 300,
  "size_z": 320,
  "snr_csf": 2.017164406048388,
  "snr_gm": 14.80753712024992,
  "snr_total": 12.217589402967812,
  "snr_wm": 19.82806668260513,
  "snrd_csf": 19.74014158710138,
  "snrd_gm": 50.25462945956024,
  "snrd_total": 45.23054784005106,
  "snrd_wm": 65.69687247349155,
  "spacing_x": 0.800000011920929,
  "spacing_y": 0.800000011920929,
  "spacing_z": 0.800000011920929,
  "summary_bg_k": 4.3379794150622315,
  "summary_bg_mad": 0.0,
  "summary_bg_mean": 6.8426399931963235,
  "summary_bg_median": 0.0,
  "summary_bg_n": 6849242.0,
  "summary_bg_p05": 0.0,
  "summary_bg_p95": 27.484905570745468,
  "summary_bg_stdv": 9.972558628288434,
  "summary_csf_k": 55.03062344638574,
  "summary_csf_mad": 72.14609267634843,
  "summary_csf_mean": 326.2077280596212,
  "summary_csf_median": 300.4866151660681,
  "summary_csf_n": 98781.0,
  "summary_csf_p05": 193.746055662632,
  "summary_csf_p95": 525.907898068428,
  "summary_csf_stdv": 148.96410688562628,
  "summary_gm_k": 0.165970225300605,
  "summary_gm_mad": 51.37069006306662,
  "summary_gm_mean": 763.6430250385918,
  "summary_gm_median": 764.9815193116665,
  "summary_gm_n": 92538.0,
  "summary_gm_p05": 676.7594781517982,
  "summary_gm_p95": 845.3636038005352,
  "summary_gm_stdv": 51.66135190146792,
  "summary_wm_k": 0.3825060833917582,
  "summary_wm_mad": 48.2309989928922,
  "summary_wm_mean": 1002.2739259063237,
  "summary_wm_median": 1000.0450477749109,
  "summary_wm_n": 443518.0,
  "summary_wm_p05": 923.5378843992949,
  "summary_wm_p95": 1089.3935194909573,
  "summary_wm_stdv": 50.43577552877879,
  "tpm_overlap_csf": 0.1521474974061621,
  "tpm_overlap_gm": 0.4426818552696443,
  "tpm_overlap_wm": 0.4688264986174284,
  "wm2max": 0.5939256087770939
}