{
  "aor": 0.0013776294277929155,
  "aqi": 0.011076767302452314,
  "bids_meta": {
    "AcquisitionMatrixPE": 130,
    "AcquisitionNumber": 1,
    "AcquisitionTime": "10:21:6.407500",
    "BandwidthPerPixelPhaseEncode": 24.038,
    "BaseResolution": 130,
    "CoilCombinationMethod": "Sum of Squares",
    "CoilString": "C:A32",
    "ConversionSoftware": "dcm2niix",
    "ConversionSoftwareVersion": "v1.0.20211220",
    "Dcm2bidsVersion": "2.1.6",
    "DerivedVendorReportedEchoSpacing": 0.000640012,
    "DeviceSerialNumber": "18981",
    "DwellTime": 2e-06,
    "EchoTime": 0.0222,
    "EffectiveEchoSpacing": 0.000320006,
    "FlipAngle": 45,
    "ImageComments": "Unaliased MB5/PE4",
    "ImageOrientationPatientDICOM": [
      1,
      -1e-16,
      0,
      1e-16,
      0.939693,
      -0.34202
    ],
    "ImageOrientationText": "Tra>Cor(-20.0)",
    "ImageType": [
      "ORIGINAL",
      "PRIMARY",
      "M",
      "MB",
      "ND",
      "MOSAIC"
    ],
    "ImagingFrequency": 297.224,
    "InPlanePhaseEncodingDirectionDICOM": "COL",
    "MRAcquisitionType": "2D",
    "MagneticFieldStrength": 6.98,
    "Manufacturer": "Siemens",
    "ManufacturersModelName": "Investigational_Device_7T",
    "MatrixCoilMode": "GRAPPA",
    "Modality": "MR",
    "MultibandAccelerationFactor": 5,
    "ParallelReductionFactorInPlane": 2,
    "PartialFourier": 0.875,
    "PatientPosition": "HFS",
    "PercentPhaseFOV": 100,
    "PercentSampling": 100,
    "PhaseEncodingDirection": "j-",
    "PhaseEncodingSteps": 114,
    "PhaseResolution": 1,
    "PixelBandwidth": 1923,
    "ProtocolName": "MB5_TR1s_TE22p2_IPAT2_1.6mm_85slices_AP_367vols",
    "PulseSequenceDetails": "%CustomerSeq%\\cmrr_mbep2d_bold",
    "ReceiveCoilName": "32Ch_Head_7T",
    "ReconMatrixPE": 130,
    "RefLinesPE": 96,
    "RepetitionTime": 1,
    "SAR": 0.15482,
    "ScanOptions": "PFP\\FS",
    "ScanningSequence": "EP",
    "SequenceName": "epfid2d1_130",
    "SequenceVariant": "SK\\SS",
    "SeriesDescription": "MB5_TR1s_TE22p2_IPAT2_1.6mm_85slices_AP_367vols",
    "SeriesNumber": 9,
    "ShimSetting": [
      -34,
      64,
      873,
      323,
      -133,
      170,
      -694,
      40
    ],
    "SliceThickness": 1.6,
    "SliceTiming": [
      0,
      0.5325,
      0.06,
      0.59,
      0.1175,
      0.65,
      0.1775,
      0.71,
      0.2375,
      0.7675,
      0.295,
      0.8275,
      0.355,
      0.885,
      0.415,
      0.945,
      0.4725,
      0,
      0.5325,
      0.06,
      0.59,
      0.1175,
      0.65,
      0.1775,
      0.71,
      0.2375,
      0.7675,
      0.295,
      0.8275,
      0.355,
      0.885,
      0.415,
      0.945,
      0.4725,
      0,
      0.5325,
      0.06,
      0.59,
      0.1175,
      0.65,
      0.1775,
      0.71,
      0.2375,
      0.7675,
      0.295,
      0.8275,
      0.355,
      0.885,
      0.415,
      0.945,
      0.4725,
      0,
      0.5325,
      0.06,
      0.59,
      0.1175,
      0.65,
      0.1775,
      0.71,
      0.2375,
      0.7675,
      0.295,
      0.8275,
      0.355,
      0.885,
      0.415,
      0.945,
      0.4725,
      0,
      0.5325,
      0.06,
      0.59,
      0.1175,
      0.65,
      0.1775,
      0.71,
      0.2375,
      0.7675,
      0.295,
      0.8275,
      0.355,
      0.885,
      0.415,
      0.945,
      0.4725
    ],
    "SoftwareVersions": "syngo MR B17",
    "SpacingBetweenSlices": 1.6,
    "StationName": "MRC18981",
    "TaskName": "GDMotor",
    "TotalReadoutTime": 0.0412808,
    "TxRefAmp": 250,
    "dataset": "ds004056",
    "modality": "bold",
    "run_id": 2,
    "session_id": "01",
    "subject_id": "06",
    "task_id": "GDMotor"
  },
  "dummy_trs": 0,
  "dvars_nstd": 51.308263549480884,
  "dvars_std": 1.1047561761202187,
  "dvars_vstd": 1.0089958509562842,
  "efc": 0.4777395435125187,
  "fber": 1603.7921142578125,
  "fd_mean": 0.16294263007003937,
  "fd_num": 108,
  "fd_perc": 29.427792915531334,
  "fwhm_avg": 2.489458296237514,
  "fwhm_x": 2.264924966249988,
  "fwhm_y": 2.698656209786889,
  "fwhm_z": 2.504793712675665,
  "gcor": 0.00934021,
  "gsr_x": -0.004087281413376331,
  "gsr_y": 0.04736253246665001,
  "provenance": {
    "md5sum": "c302b40840ef8dd69ca311708057c810",
    "settings": {
      "fd_thres": 0.2,
      "testing": false
    },
    "software": "mriqc",
    "version": "23.0.1",
    "webapi_port": null,
    "webapi_url": "https://mriqc.nimh.nih.gov/api/v1"
  },
  "size_t": 367,
  "size_x": 130,
  "size_y": 130,
  "size_z": 85,
  "snr": 2.134124436865782,
  "spacing_tr": 1.0,
  "spacing_x": 1.600000023841858,
  "spacing_y": 1.600000023841858,
  "spacing_z": 1.600000023841858,
  "summary_bg_k": 88.53488191021879,
  "summary_bg_mad": 7.061548841569955,
  "summary_bg_mean": 20.119760513305664,
  "summary_bg_median": 9.019073486328125,
  "summary_bg_n": 996674.0,
  "summary_bg_p05": 3.6839237213134766,
  "summary_bg_p95": 71.95367431640625,
  "summary_bg_stdv": 36.45698165893555,
  "summary_fg_k": 5.638267265439596,
  "summary_fg_mad": 132.71108721872204,
  "summary_fg_mean": 400.0616149902344,
  "summary_fg_median": 372.1444091796875,
  "summary_fg_n": 280195.0,
  "summary_fg_p05": 182.2307861328125,
  "summary_fg_p95": 714.2629333496092,
  "summary_fg_stdv": 174.37771606445312,
  "tsnr": 25.579199857078493
}