{
  "bids_meta": {
    "AcquisitionMatrixPE": 300,
    "AcquisitionNumber": 1,
    "AcquisitionTime": "16:03:20.160000",
    "BaseResolution": 320,
    "CoilCombinationMethod": "Adaptive Combine",
    "CoilString": "C:A32",
    "ConversionSoftware": "dcm2niix",
    "ConversionSoftwareVersion": "v1.0.20211220",
    "Dcm2bidsVersion": "2.1.6",
    "DeviceSerialNumber": "18981",
    "DwellTime": 6.5e-06,
    "EchoTime": 0.00299,
    "ImageComments": "DENOISED IMAGE (lambda = 150)",
    "ImageOrientationPatientDICOM": [
      0,
      1,
      0,
      0,
      0,
      -1
    ],
    "ImageOrientationText": "Sag",
    "ImageType": [
      "ORIGINAL",
      "PRIMARY",
      "M",
      "ND",
      "UNI"
    ],
    "ImagingFrequency": 297.224,
    "InPlanePhaseEncodingDirectionDICOM": "ROW",
    "MRAcquisitionType": "3D",
    "MagneticFieldStrength": 6.98,
    "Manufacturer": "Siemens",
    "ManufacturersModelName": "Investigational_Device_7T",
    "MatrixCoilMode": "GRAPPA",
    "Modality": "MR",
    "ParallelReductionFactorInPlane": 3,
    "PartialFourier": 0.75,
    "PatientPosition": "HFS",
    "PercentPhaseFOV": 93.75,
    "PercentSampling": 100,
    "PhaseEncodingSteps": 226,
    "PhaseResolution": 1,
    "PixelBandwidth": 240,
    "ProtocolName": "mp2rage-wip900_0.75iso_7T",
    "PulseSequenceDetails": "%CustomerSeq%\\tfl_wip900b17a",
    "ReceiveCoilName": "32Ch_Head_7T",
    "ReconMatrixPE": 300,
    "RefLinesPE": 32,
    "RepetitionTime": 6,
    "SAR": 0.06643,
    "ScanOptions": "IR\\PFP",
    "ScanningSequence": "GR\\IR",
    "SequenceName": "tfl3d1_ns",
    "SequenceVariant": "SP\\MP",
    "SeriesDescription": "mp2rage-wip900_0.75iso_7T_UNI-DEN",
    "SeriesNumber": 29,
    "ShimSetting": [
      -74,
      150,
      857,
      498,
      -351,
      154,
      -588,
      52
    ],
    "SliceThickness": 0.75,
    "SoftwareVersions": "syngo MR B17",
    "StationName": "MRC18981",
    "TxRefAmp": 200,
    "acq_id": "MP2R",
    "dataset": "ds004056",
    "modality": "T1w",
    "session_id": "01",
    "subject_id": "11"
  },
  "cjv": 0.2769173055361306,
  "cnr": 4.5643948859500645,
  "efc": 0.4742155290028798,
  "fber": -1.0,
  "fwhm_avg": 4.359520000000001,
  "fwhm_x": 4.496746666666667,
  "fwhm_y": 4.780706666666666,
  "fwhm_z": 3.801106666666667,
  "icvs_csf": 0.27074581736718467,
  "icvs_gm": 0.3968589214644573,
  "icvs_wm": 0.332395261168358,
  "inu_med": 0.6477283835411072,
  "inu_range": 0.12067123651504508,
  "provenance": {
    "md5sum": "b24bad89ff0a02cc582b45392643c3ed",
    "settings": {
      "testing": false
    },
    "software": "mriqc",
    "version": "23.0.1",
    "warnings": {
      "large_rot_frame": true,
      "small_air_mask": false
    },
    "webapi_port": null,
    "webapi_url": "https://mriqc.nimh.nih.gov/api/v1"
  },
  "qi_1": 4.977519861133832e-06,
  "qi_2": 0.0017343710395003997,
  "rpve_csf": 17.320174477565132,
  "rpve_gm": 11.546034002077297,
  "rpve_wm": 17.498971583597434,
  "size_x": 224,
  "size_y": 300,
  "size_z": 320,
  "snr_csf": 0.6328450720320165,
  "snr_gm": 5.1180374608008385,
  "snr_total": 6.883438120543199,
  "snr_wm": 14.899431828796741,
  "snrd_csf": 12.58485919602049,
  "snrd_gm": 73.51655247008637,
  "snrd_total": 80.17376059551749,
  "snrd_wm": 154.4198701204456,
  "spacing_x": 0.75,
  "spacing_y": 0.75,
  "spacing_z": 0.75,
  "summary_bg_k": 2239.103012703769,
  "summary_bg_mad": 0.0,
  "summary_bg_mean": 1.931846072530673,
  "summary_bg_median": 0.0,
  "summary_bg_n": 5684612.0,
  "summary_bg_p05": 0.0,
  "summary_bg_p95": 6.141853332519531,
  "summary_bg_stdv": 4.2425655138077145,
  "summary_csf_k": 91.9274915844084,
  "summary_csf_mad": 69.60779494558594,
  "summary_csf_mean": 104.80311185228304,
  "summary_csf_median": 81.4976692199707,
  "summary_csf_n": 85135.0,
  "summary_csf_p05": 13.464832305908203,
  "summary_csf_p95": 240.3295397758484,
  "summary_csf_stdv": 128.77905538399676,
  "summary_gm_k": -0.18208910701524017,
  "summary_gm_mad": 93.90485544546029,
  "summary_gm_mean": 472.0897664812294,
  "summary_gm_median": 476.08221769332886,
  "summary_gm_n": 54039.0,
  "summary_gm_p05": 309.9273681640625,
  "summary_gm_p95": 617.1411001682281,
  "summary_gm_stdv": 93.01960298882877,
  "summary_wm_k": 2.787823598887763,
  "summary_wm_mad": 51.17705175559117,
  "summary_wm_mean": 991.4201617775436,
  "summary_wm_median": 1000.0000238418579,
  "summary_wm_n": 453616.0,
  "summary_wm_p05": 860.3023886680603,
  "summary_wm_p95": 1081.556749343872,
  "summary_wm_stdv": 67.11658089233957,
  "tpm_overlap_csf": 0.13451598209751708,
  "tpm_overlap_gm": 0.4381343606841679,
  "tpm_overlap_wm": 0.49406678107355156,
  "wm2max": 0.5938590492222983
}