{
  "aor": 0.0012395081967213114,
  "aqi": 0.012015312213114753,
  "bids_meta": {
    "AcquisitionMatrixPE": 130,
    "AcquisitionNumber": 1,
    "AcquisitionTime": "16:17:46.827500",
    "BandwidthPerPixelPhaseEncode": 24.038,
    "BaseResolution": 130,
    "CoilCombinationMethod": "Sum of Squares",
    "CoilString": "C:A32",
    "ConversionSoftware": "dcm2niix",
    "ConversionSoftwareVersion": "v1.0.20211220",
    "Dcm2bidsVersion": "2.1.6",
    "DerivedVendorReportedEchoSpacing": 0.000640012,
    "DeviceSerialNumber": "18981",
    "DwellTime": 2e-06,
    "EchoTime": 0.0222,
    "EffectiveEchoSpacing": 0.000320006,
    "FlipAngle": 45,
    "ImageComments": "Unaliased MB5/PE4",
    "ImageOrientationPatientDICOM": [
      1,
      -1e-16,
      0,
      1e-16,
      0.939693,
      -0.34202
    ],
    "ImageOrientationText": "Tra>Cor(-20.0)",
    "ImageType": [
      "ORIGINAL",
      "PRIMARY",
      "M",
      "MB",
      "ND",
      "MOSAIC"
    ],
    "ImagingFrequency": 297.224,
    "InPlanePhaseEncodingDirectionDICOM": "COL",
    "MRAcquisitionType": "2D",
    "MagneticFieldStrength": 6.98,
    "Manufacturer": "Siemens",
    "ManufacturersModelName": "Investigational_Device_7T",
    "MatrixCoilMode": "GRAPPA",
    "Modality": "MR",
    "MultibandAccelerationFactor": 5,
    "ParallelReductionFactorInPlane": 2,
    "PartialFourier": 0.875,
    "PatientPosition": "HFS",
    "PercentPhaseFOV": 100,
    "PercentSampling": 100,
    "PhaseEncodingDirection": "j-",
    "PhaseEncodingSteps": 114,
    "PhaseResolution": 1,
    "PixelBandwidth": 1923,
    "ProtocolName": "MB5_TR1s_TE22p2_IPAT2_1.6mm_85slices_AP_367vols",
    "PulseSequenceDetails": "%CustomerSeq%\\cmrr_mbep2d_bold",
    "ReceiveCoilName": "32Ch_Head_7T",
    "ReconMatrixPE": 130,
    "RefLinesPE": 96,
    "RepetitionTime": 1,
    "SAR": 0.125305,
    "ScanOptions": "PFP\\FS",
    "ScanningSequence": "EP",
    "SequenceName": "epfid2d1_130",
    "SequenceVariant": "SK\\SS",
    "SeriesDescription": "MB5_TR1s_TE22p2_IPAT2_1.6mm_85slices_AP_367vols",
    "SeriesNumber": 13,
    "ShimSetting": [
      -42,
      32,
      886,
      465,
      -91,
      -52,
      -484,
      143
    ],
    "SliceThickness": 1.6,
    "SliceTiming": [
      0,
      0.5325,
      0.06,
      0.59,
      0.1175,
      0.65,
      0.1775,
      0.71,
      0.2375,
      0.7675,
      0.295,
      0.8275,
      0.355,
      0.885,
      0.415,
      0.945,
      0.4725,
      0,
      0.5325,
      0.06,
      0.59,
      0.1175,
      0.65,
      0.1775,
      0.71,
      0.2375,
      0.7675,
      0.295,
      0.8275,
      0.355,
      0.885,
      0.415,
      0.945,
      0.4725,
      0,
      0.5325,
      0.06,
      0.59,
      0.1175,
      0.65,
      0.1775,
      0.71,
      0.2375,
      0.7675,
      0.295,
      0.8275,
      0.355,
      0.885,
      0.415,
      0.945,
      0.4725,
      0,
      0.5325,
      0.06,
      0.59,
      0.1175,
      0.65,
      0.1775,
      0.71,
      0.2375,
      0.7675,
      0.295,
      0.8275,
      0.355,
      0.885,
      0.415,
      0.945,
      0.4725,
      0,
      0.5325,
      0.06,
      0.59,
      0.1175,
      0.65,
      0.1775,
      0.71,
      0.2375,
      0.7675,
      0.295,
      0.8275,
      0.355,
      0.885,
      0.415,
      0.945,
      0.4725
    ],
    "SoftwareVersions": "syngo MR B17",
    "SpacingBetweenSlices": 1.6,
    "StationName": "MRC18981",
    "TaskName": "GDMotor",
    "TotalReadoutTime": 0.0412808,
    "TxRefAmp": 250,
    "dataset": "ds004056",
    "modality": "bold",
    "run_id": 4,
    "session_id": "01",
    "subject_id": "04",
    "task_id": "GDMotor"
  },
  "dummy_trs": 1,
  "dvars_nstd": 51.80087445408218,
  "dvars_std": 1.0495812010136991,
  "dvars_vstd": 1.0032823695890405,
  "efc": 0.4989767593956051,
  "fber": 1211.2974853515625,
  "fd_mean": 0.12318006047652577,
  "fd_num": 29,
  "fd_perc": 7.923497267759563,
  "fwhm_avg": 2.3569541315453133,
  "fwhm_x": 2.154724967892096,
  "fwhm_y": 2.496618712797482,
  "fwhm_z": 2.4195187139463616,
  "gcor": 0.00834087,
  "gsr_x": -0.014489860273897648,
  "gsr_y": 0.0505828894674778,
  "provenance": {
    "md5sum": "696f14c3a4911b7e65ccf69df1e42a68",
    "settings": {
      "fd_thres": 0.2,
      "testing": false
    },
    "software": "mriqc",
    "version": "23.0.1",
    "webapi_port": null,
    "webapi_url": "https://mriqc.nimh.nih.gov/api/v1"
  },
  "size_t": 366,
  "size_x": 130,
  "size_y": 130,
  "size_z": 85,
  "snr": 2.1175752049147922,
  "spacing_tr": 1.0,
  "spacing_x": 1.600000023841858,
  "spacing_y": 1.600000023841858,
  "spacing_z": 1.600000023841858,
  "summary_bg_k": 83.06731197244024,
  "summary_bg_mad": 7.165909544510695,
  "summary_bg_mean": 21.430593490600586,
  "summary_bg_median": 9.161201477050781,
  "summary_bg_n": 974726.0,
  "summary_bg_p05": 3.797814130783081,
  "summary_bg_p95": 79.38729476928711,
  "summary_bg_stdv": 39.960960388183594,
  "summary_fg_k": 5.67068808252667,
  "summary_fg_mad": 120.09077969895375,
  "summary_fg_mean": 360.48468017578125,
  "summary_fg_median": 331.8196716308594,
  "summary_fg_n": 299017.0,
  "summary_fg_p05": 174.77759399414063,
  "summary_fg_p95": 647.0682861328127,
  "summary_fg_stdv": 156.6976776123047,
  "tsnr": 23.906835555913858
}