{
  "bids_meta": {
    "AcquisitionMatrixPE": 300,
    "AcquisitionNumber": 1,
    "AcquisitionTime": "13:54:2.357500",
    "BaseResolution": 320,
    "CoilCombinationMethod": "Adaptive Combine",
    "CoilString": "C:HEA;HEP",
    "ConversionSoftware": "dcm2niix",
    "ConversionSoftwareVersion": "v1.0.20211220",
    "Dcm2bidsVersion": "2.1.6",
    "DeviceSerialNumber": "40463",
    "DwellTime": 7.4e-06,
    "EchoTime": 0.00224,
    "FlipAngle": 8,
    "ImageOrientationPatientDICOM": [
      0,
      1,
      0,
      0,
      0,
      -1
    ],
    "ImageOrientationText": "Sag",
    "ImageType": [
      "ORIGINAL",
      "PRIMARY",
      "M",
      "ND"
    ],
    "ImagingFrequency": 123.101,
    "InPlanePhaseEncodingDirectionDICOM": "ROW",
    "InversionTime": 1.06,
    "MRAcquisitionType": "3D",
    "MagneticFieldStrength": 3,
    "Manufacturer": "Siemens",
    "ManufacturersModelName": "Verio",
    "MatrixCoilMode": "GRAPPA",
    "Modality": "MR",
    "ParallelReductionFactorInPlane": 2,
    "PartialFourier": 1,
    "PatientPosition": "HFS",
    "PercentPhaseFOV": 93.75,
    "PercentSampling": 100,
    "PhaseEncodingSteps": 299,
    "PhaseResolution": 1,
    "PixelBandwidth": 211,
    "ProtocolName": "T1w_MPR1_0.8iso",
    "PulseSequenceDetails": "%SiemensSeq%\\tfl",
    "ReceiveCoilName": "32Ch_Head",
    "ReconMatrixPE": 300,
    "RefLinesPE": 32,
    "RepetitionTime": 2.4,
    "SAR": 0.028593,
    "ScanOptions": "IR\\WE",
    "ScanningSequence": "GR\\IR",
    "SequenceName": "*tfl3d1_ns",
    "SequenceVariant": "SP\\MP",
    "SeriesDescription": "T1w_MPR1_0.8iso",
    "SeriesNumber": 14,
    "ShimSetting": [
      2856,
      7512,
      -15091,
      117,
      946,
      -1082,
      -479,
      1226
    ],
    "SliceThickness": 0.8,
    "SoftwareVersions": "syngo MR B17",
    "StationName": "MRC40463",
    "TxRefAmp": 448.764,
    "acq_id": "01",
    "dataset": "ds004056",
    "modality": "T1w",
    "session_id": "02",
    "subject_id": "15"
  },
  "cjv": 0.4767179590772908,
  "cnr": 2.865666534983737,
  "efc": 0.5717957920419761,
  "fber": 32126.488765495866,
  "fwhm_avg": 4.518170766007342,
  "fwhm_x": 4.4811374332258485,
  "fwhm_y": 4.346674935229496,
  "fwhm_z": 4.726699929566682,
  "icvs_csf": 0.17284224795581385,
  "icvs_gm": 0.42005516511667096,
  "icvs_wm": 0.40710258692751516,
  "inu_med": 0.8784607648849487,
  "inu_range": 0.6686949878931046,
  "provenance": {
    "md5sum": "6fd6e427fc2f5da1a168313d814fa547",
    "settings": {
      "testing": false
    },
    "software": "mriqc",
    "version": "23.0.1",
    "warnings": {
      "large_rot_frame": true,
      "small_air_mask": false
    },
    "webapi_port": null,
    "webapi_url": "https://mriqc.nimh.nih.gov/api/v1"
  },
  "qi_1": 0.0,
  "qi_2": 0.004083774104806158,
  "rpve_csf": 27.371927541726006,
  "rpve_gm": 11.812392055388099,
  "rpve_wm": 13.784365614365104,
  "size_x": 224,
  "size_y": 300,
  "size_z": 320,
  "snr_csf": 2.5405800429765972,
  "snr_gm": 13.680516387680369,
  "snr_total": 11.151011718485636,
  "snr_wm": 17.231938724799946,
  "snrd_csf": 18.616833382548204,
  "snrd_gm": 48.65664181480982,
  "snrd_total": 43.57318954123233,
  "snrd_wm": 63.44609342633899,
  "spacing_x": 0.800000011920929,
  "spacing_y": 0.800000011920929,
  "spacing_z": 0.800000011920929,
  "summary_bg_k": 4.818307531773743,
  "summary_bg_mad": 0.0,
  "summary_bg_mean": 6.871943751721151,
  "summary_bg_median": 0.0,
  "summary_bg_n": 5900200.0,
  "summary_bg_p05": 0.0,
  "summary_bg_p95": 29.108579449355602,
  "summary_bg_stdv": 10.326381054994158,
  "summary_csf_k": 33.64101870238985,
  "summary_csf_mad": 71.3209368967588,
  "summary_csf_mean": 308.47712524936384,
  "summary_csf_median": 293.4419695585966,
  "summary_csf_n": 81117.0,
  "summary_csf_p05": 162.5760794878006,
  "summary_csf_p95": 503.3378982692957,
  "summary_csf_stdv": 115.50124610586515,
  "summary_gm_k": 0.12485332482980516,
  "summary_gm_mad": 55.528443726762205,
  "summary_gm_mean": 766.4686046810417,
  "summary_gm_median": 766.9349836707115,
  "summary_gm_n": 83870.0,
  "summary_gm_p05": 674.20967746526,
  "summary_gm_p95": 857.6477236747742,
  "summary_gm_stdv": 56.060048448358536,
  "summary_wm_k": 0.38525588453396953,
  "summary_wm_mad": 55.601220192983384,
  "summary_wm_mean": 1006.218699897614,
  "summary_wm_median": 1000.0490541681647,
  "summary_wm_n": 503037.0,
  "summary_wm_p05": 921.7553202360868,
  "summary_wm_p95": 1111.5255869328976,
  "summary_wm_stdv": 58.034564544788445,
  "tpm_overlap_csf": 0.15579927345534403,
  "tpm_overlap_gm": 0.44736891122114786,
  "tpm_overlap_wm": 0.49092004825166247,
  "wm2max": 0.524442041856514
}