{
  "bids_meta": {
    "AcquisitionMatrixPE": 300,
    "AcquisitionNumber": 1,
    "AcquisitionTime": "14:06:45.285000",
    "BaseResolution": 320,
    "CoilCombinationMethod": "Adaptive Combine",
    "CoilString": "C:HEA;HEP",
    "ConversionSoftware": "dcm2niix",
    "ConversionSoftwareVersion": "v1.0.20211220",
    "Dcm2bidsVersion": "2.1.6",
    "DeviceSerialNumber": "40463",
    "DwellTime": 7.4e-06,
    "EchoTime": 0.00224,
    "FlipAngle": 8,
    "ImageOrientationPatientDICOM": [
      0,
      1,
      0,
      0,
      0,
      -1
    ],
    "ImageOrientationText": "Sag",
    "ImageType": [
      "ORIGINAL",
      "PRIMARY",
      "M",
      "ND"
    ],
    "ImagingFrequency": 123.101,
    "InPlanePhaseEncodingDirectionDICOM": "ROW",
    "InversionTime": 1.06,
    "MRAcquisitionType": "3D",
    "MagneticFieldStrength": 3,
    "Manufacturer": "Siemens",
    "ManufacturersModelName": "Verio",
    "MatrixCoilMode": "GRAPPA",
    "Modality": "MR",
    "ParallelReductionFactorInPlane": 2,
    "PartialFourier": 1,
    "PatientPosition": "HFS",
    "PercentPhaseFOV": 93.75,
    "PercentSampling": 100,
    "PhaseEncodingSteps": 299,
    "PhaseResolution": 1,
    "PixelBandwidth": 211,
    "ProtocolName": "T1w_MPR2_0.8iso",
    "PulseSequenceDetails": "%SiemensSeq%\\tfl",
    "ReceiveCoilName": "32Ch_Head",
    "ReconMatrixPE": 300,
    "RefLinesPE": 32,
    "RepetitionTime": 2.4,
    "SAR": 0.028593,
    "ScanOptions": "IR\\WE",
    "ScanningSequence": "GR\\IR",
    "SequenceName": "*tfl3d1_ns",
    "SequenceVariant": "SP\\MP",
    "SeriesDescription": "T1w_MPR2_0.8iso",
    "SeriesNumber": 16,
    "ShimSetting": [
      2856,
      7512,
      -15091,
      117,
      946,
      -1082,
      -479,
      1226
    ],
    "SliceThickness": 0.8,
    "SoftwareVersions": "syngo MR B17",
    "StationName": "MRC40463",
    "TxRefAmp": 448.764,
    "acq_id": "02",
    "dataset": "ds004056",
    "modality": "T1w",
    "session_id": "02",
    "subject_id": "15"
  },
  "cjv": 0.4797676759095084,
  "cnr": 2.8385425108814792,
  "efc": 0.5729138049390161,
  "fber": 32890.11547100013,
  "fwhm_avg": 4.503795766221546,
  "fwhm_x": 4.460937433526852,
  "fwhm_y": 4.3371124353719885,
  "fwhm_z": 4.713337429765799,
  "icvs_csf": 0.1736175273104824,
  "icvs_gm": 0.41880325937869856,
  "icvs_wm": 0.40757921331081903,
  "inu_med": 0.8889474272727966,
  "inu_range": 0.6781666219234467,
  "provenance": {
    "md5sum": "f87d283bbc80d5e44a8274bd81b3a71d",
    "settings": {
      "testing": false
    },
    "software": "mriqc",
    "version": "23.0.1",
    "warnings": {
      "large_rot_frame": true,
      "small_air_mask": false
    },
    "webapi_port": null,
    "webapi_url": "https://mriqc.nimh.nih.gov/api/v1"
  },
  "qi_1": 0.0,
  "qi_2": 0.004185094173977723,
  "rpve_csf": 27.20683070405035,
  "rpve_gm": 11.804147849412924,
  "rpve_wm": 13.7361590206576,
  "size_x": 224,
  "size_y": 300,
  "size_z": 320,
  "snr_csf": 2.583509094766969,
  "snr_gm": 13.491360897472644,
  "snr_total": 10.972128965152686,
  "snr_wm": 16.841516903218444,
  "snrd_csf": 18.24242125941196,
  "snrd_gm": 48.17449776664416,
  "snrd_total": 43.128006008278454,
  "snrd_wm": 62.96709899877924,
  "spacing_x": 0.800000011920929,
  "spacing_y": 0.800000011920929,
  "spacing_z": 0.800000011920929,
  "summary_bg_k": 4.9350400754152375,
  "summary_bg_mad": 0.0,
  "summary_bg_mean": 6.9442385424095,
  "summary_bg_median": 0.0,
  "summary_bg_n": 5875871.0,
  "summary_bg_p05": 0.0,
  "summary_bg_p95": 27.897426310926676,
  "summary_bg_stdv": 10.405466533548193,
  "summary_csf_k": 35.589207080137264,
  "summary_csf_mad": 71.95440173942903,
  "summary_csf_mean": 303.4034660707684,
  "summary_csf_median": 289.7425694949925,
  "summary_csf_n": 80841.0,
  "summary_csf_p05": 155.41420797631145,
  "summary_csf_p95": 493.48894334211946,
  "summary_csf_stdv": 112.15008997809369,
  "summary_gm_k": 0.15869604672394155,
  "summary_gm_mad": 55.98928680240402,
  "summary_gm_mean": 764.9130932962204,
  "summary_gm_median": 765.1507751382887,
  "summary_gm_n": 80831.0,
  "summary_gm_p05": 671.1910412795842,
  "summary_gm_p95": 857.2072734497488,
  "summary_gm_stdv": 56.713777647069676,
  "summary_wm_k": 0.37791666239950894,
  "summary_wm_mad": 56.73185028784704,
  "summary_wm_mean": 1006.6197639951212,
  "summary_wm_median": 1000.1001949310303,
  "summary_wm_n": 503875.0,
  "summary_wm_p05": 920.4147276766598,
  "summary_wm_p95": 1114.9955198094249,
  "summary_wm_stdv": 59.382964626564736,
  "tpm_overlap_csf": 0.1570923013222409,
  "tpm_overlap_gm": 0.44844061263185564,
  "tpm_overlap_wm": 0.49217683793778,
  "wm2max": 0.509634765452186
}