{
  "bids_meta": {
    "AcquisitionMatrixPE": 302,
    "AcquisitionNumber": 1,
    "AcquisitionTime": "14:00:43.807500",
    "BaseResolution": 320,
    "CoilCombinationMethod": "Adaptive Combine",
    "CoilString": "C:HEA;HEP",
    "ConversionSoftware": "dcm2niix",
    "ConversionSoftwareVersion": "v1.0.20211220",
    "Dcm2bidsVersion": "2.1.6",
    "DeviceSerialNumber": "40463",
    "DwellTime": 2.1e-06,
    "EchoTime": 0.56,
    "EchoTrainLength": 167,
    "FlipAngle": 120,
    "ImageOrientationPatientDICOM": [
      0,
      1,
      0,
      0,
      0,
      -1
    ],
    "ImageOrientationText": "Sag",
    "ImageType": [
      "ORIGINAL",
      "PRIMARY",
      "M",
      "ND"
    ],
    "ImagingFrequency": 123.101,
    "InPlanePhaseEncodingDirectionDICOM": "ROW",
    "MRAcquisitionType": "3D",
    "MagneticFieldStrength": 3,
    "Manufacturer": "Siemens",
    "ManufacturersModelName": "Verio",
    "MatrixCoilMode": "GRAPPA",
    "Modality": "MR",
    "ParallelReductionFactorInPlane": 2,
    "PartialFourier": 1,
    "PatientPosition": "HFS",
    "PercentPhaseFOV": 93.75,
    "PercentSampling": 100.667,
    "PhaseEncodingDirection": "i",
    "PhaseEncodingSteps": 290,
    "PhaseResolution": 1.00667,
    "PixelBandwidth": 744,
    "ProtocolName": "T2w_SPC1_0.8iso",
    "PulseSequenceDetails": "%SiemensSeq%\\tse_vfl",
    "ReceiveCoilName": "32Ch_Head",
    "ReconMatrixPE": 300,
    "RefLinesPE": 32,
    "RepetitionTime": 3.2,
    "SAR": 0.0937132,
    "ScanOptions": "PFP",
    "ScanningSequence": "SE",
    "SequenceName": "*spc3d1_334ns",
    "SequenceVariant": "SK\\SP",
    "SeriesDescription": "T2w_SPC1_0.8iso",
    "SeriesNumber": 15,
    "ShimSetting": [
      2856,
      7512,
      -15091,
      117,
      946,
      -1082,
      -479,
      1226
    ],
    "SliceThickness": 0.8,
    "SoftwareVersions": "syngo MR B17",
    "SpoilingState": true,
    "StationName": "MRC40463",
    "TxRefAmp": 448.764,
    "acq_id": "01",
    "dataset": "ds004056",
    "modality": "T2w",
    "session_id": "02",
    "subject_id": "15"
  },
  "cjv": 0.2345842759178753,
  "cnr": 2.1388374611345347,
  "efc": 0.5336608799712219,
  "fber": 6653.539408284024,
  "fwhm_avg": 2.833079124450498,
  "fwhm_x": 2.746374959075824,
  "fwhm_y": 3.060774954390899,
  "fwhm_z": 2.6920874598847706,
  "icvs_csf": 0.39399258343864346,
  "icvs_gm": 0.45810235544236244,
  "icvs_wm": 0.1479050611189941,
  "inu_med": 0.8793368339538574,
  "inu_range": 0.6067786037921905,
  "provenance": {
    "md5sum": "0dbfd9c036f2368795aef7507405dd8e",
    "settings": {
      "testing": false
    },
    "software": "mriqc",
    "version": "23.0.1",
    "warnings": {
      "large_rot_frame": true,
      "small_air_mask": false
    },
    "webapi_port": null,
    "webapi_url": "https://mriqc.nimh.nih.gov/api/v1"
  },
  "qi_1": 0.0,
  "qi_2": 0.008489534260410853,
  "rpve_csf": 12.537653314528171,
  "rpve_gm": 11.770858516742486,
  "rpve_wm": 37.83918911766263,
  "size_x": 224,
  "size_y": 300,
  "size_z": 320,
  "snr_csf": 8.702891519188961,
  "snr_gm": 9.56913566830361,
  "snr_total": 7.1491418163059945,
  "snr_wm": 3.175398261425413,
  "snrd_csf": 69.2375091536477,
  "snrd_gm": 42.12523841725522,
  "snrd_total": 80.67859097470252,
  "snrd_wm": 130.67302535320465,
  "spacing_x": 0.800000011920929,
  "spacing_y": 0.800000011920929,
  "spacing_z": 0.800000011920929,
  "summary_bg_k": 8.641826814474738,
  "summary_bg_mad": 5.013078213872924,
  "summary_bg_mean": 5.778860898051836,
  "summary_bg_median": 3.381269872188568,
  "summary_bg_n": 5988716.0,
  "summary_bg_p05": 0.0,
  "summary_bg_p95": 23.140565687790513,
  "summary_bg_stdv": 8.182340289169932,
  "summary_csf_k": 0.3222008505466074,
  "summary_csf_mad": 54.10991297099088,
  "summary_csf_mean": 536.9996245726284,
  "summary_csf_median": 529.8027230985463,
  "summary_csf_n": 116577.0,
  "summary_csf_p05": 448.6480195786804,
  "summary_csf_p95": 651.4650396872312,
  "summary_csf_stdv": 60.87637075516481,
  "summary_gm_k": 0.5991680828665391,
  "summary_gm_mad": 31.801714919256362,
  "summary_gm_mean": 322.2073659919305,
  "summary_gm_median": 322.34068350307643,
  "summary_gm_n": 457902.0,
  "summary_gm_p05": 266.4863318018615,
  "summary_gm_p95": 376.69459669850767,
  "summary_gm_stdv": 33.685417649053434,
  "summary_wm_k": 1.479265660724809,
  "summary_wm_mad": 127.14419619935204,
  "summary_wm_mean": 874.8716746128725,
  "summary_wm_median": 999.9049000162631,
  "summary_wm_n": 60237.0,
  "summary_wm_p05": 84.10908807069063,
  "summary_wm_p95": 1147.3071335069835,
  "summary_wm_stdv": 314.8885644902307,
  "tpm_overlap_csf": 0.11338662377827143,
  "tpm_overlap_gm": 0.293331306608086,
  "tpm_overlap_wm": 0.0373322563433782,
  "wm2max": 0.8857832859068444
}