{
  "bids_meta": {
    "AcquisitionMatrixPE": 302,
    "AcquisitionNumber": 1,
    "AcquisitionTime": "14:13:25.790000",
    "BaseResolution": 320,
    "CoilCombinationMethod": "Adaptive Combine",
    "CoilString": "C:HEA;HEP",
    "ConversionSoftware": "dcm2niix",
    "ConversionSoftwareVersion": "v1.0.20211220",
    "Dcm2bidsVersion": "2.1.6",
    "DeviceSerialNumber": "40463",
    "DwellTime": 2.1e-06,
    "EchoTime": 0.56,
    "EchoTrainLength": 167,
    "FlipAngle": 120,
    "ImageOrientationPatientDICOM": [
      0,
      1,
      0,
      0,
      0,
      -1
    ],
    "ImageOrientationText": "Sag",
    "ImageType": [
      "ORIGINAL",
      "PRIMARY",
      "M",
      "ND"
    ],
    "ImagingFrequency": 123.101,
    "InPlanePhaseEncodingDirectionDICOM": "ROW",
    "MRAcquisitionType": "3D",
    "MagneticFieldStrength": 3,
    "Manufacturer": "Siemens",
    "ManufacturersModelName": "Verio",
    "MatrixCoilMode": "GRAPPA",
    "Modality": "MR",
    "ParallelReductionFactorInPlane": 2,
    "PartialFourier": 1,
    "PatientPosition": "HFS",
    "PercentPhaseFOV": 93.75,
    "PercentSampling": 100.667,
    "PhaseEncodingDirection": "i",
    "PhaseEncodingSteps": 290,
    "PhaseResolution": 1.00667,
    "PixelBandwidth": 744,
    "ProtocolName": "T2w_SPC2_0.8iso",
    "PulseSequenceDetails": "%SiemensSeq%\\tse_vfl",
    "ReceiveCoilName": "32Ch_Head",
    "ReconMatrixPE": 300,
    "RefLinesPE": 32,
    "RepetitionTime": 3.2,
    "SAR": 0.0937132,
    "ScanOptions": "PFP",
    "ScanningSequence": "SE",
    "SequenceName": "*spc3d1_334ns",
    "SequenceVariant": "SK\\SP",
    "SeriesDescription": "T2w_SPC2_0.8iso",
    "SeriesNumber": 17,
    "ShimSetting": [
      2856,
      7512,
      -15091,
      117,
      946,
      -1082,
      -479,
      1226
    ],
    "SliceThickness": 0.8,
    "SoftwareVersions": "syngo MR B17",
    "SpoilingState": true,
    "StationName": "MRC40463",
    "TxRefAmp": 448.764,
    "acq_id": "02",
    "dataset": "ds004056",
    "modality": "T2w",
    "session_id": "02",
    "subject_id": "15"
  },
  "cjv": 0.2440896371625865,
  "cnr": 2.171841491941996,
  "efc": 0.5349985649668939,
  "fber": 6450.669843485731,
  "fwhm_avg": 2.9159249565493326,
  "fwhm_x": 2.835374957749621,
  "fwhm_y": 3.1507874530496083,
  "fwhm_z": 2.761612458848768,
  "icvs_csf": 0.395074439663025,
  "icvs_gm": 0.45362405396243977,
  "icvs_wm": 0.15130150637453524,
  "inu_med": 0.8966887593269348,
  "inu_range": 0.7507272183895111,
  "provenance": {
    "md5sum": "d32162272c737c56209dd49b64b3a679",
    "settings": {
      "testing": false
    },
    "software": "mriqc",
    "version": "23.0.1",
    "warnings": {
      "large_rot_frame": true,
      "small_air_mask": false
    },
    "webapi_port": null,
    "webapi_url": "https://mriqc.nimh.nih.gov/api/v1"
  },
  "qi_1": 0.0,
  "qi_2": 0.008544376126255918,
  "rpve_csf": 12.526275595549823,
  "rpve_gm": 11.890697785133595,
  "rpve_wm": 36.76222950235118,
  "size_x": 224,
  "size_y": 300,
  "size_z": 320,
  "snr_csf": 9.629163334299268,
  "snr_gm": 10.224949988544584,
  "snr_total": 7.707779948390525,
  "snr_wm": 3.2692265223277235,
  "snrd_csf": 68.12359629530553,
  "snrd_gm": 42.58786986694049,
  "snrd_total": 79.69469362862458,
  "snrd_wm": 128.37261472362772,
  "spacing_x": 0.800000011920929,
  "spacing_y": 0.800000011920929,
  "spacing_z": 0.800000011920929,
  "summary_bg_k": 7.509304902314678,
  "summary_bg_mad": 5.1032844764200025,
  "summary_bg_mean": 5.539047204576816,
  "summary_bg_median": 3.442113071680069,
  "summary_bg_n": 5938597.0,
  "summary_bg_p05": 0.0,
  "summary_bg_p95": 20.277576364576817,
  "summary_bg_stdv": 7.48304241595069,
  "summary_csf_k": 0.5233932996308224,
  "summary_csf_mad": 52.112385711135026,
  "summary_csf_mean": 535.3844261572,
  "summary_csf_median": 530.6590985506773,
  "summary_csf_n": 117224.0,
  "summary_csf_p05": 452.9909061640501,
  "summary_csf_p95": 631.3375961732118,
  "summary_csf_stdv": 55.10933989614021,
  "summary_gm_k": 0.6396714040113647,
  "summary_gm_mad": 30.521566772435015,
  "summary_gm_mean": 331.4525358449917,
  "summary_gm_median": 331.74467969685793,
  "summary_gm_n": 451711.0,
  "summary_gm_p05": 277.928565710783,
  "summary_gm_p95": 383.7956074923277,
  "summary_gm_stdv": 32.444590228737695,
  "summary_wm_k": 1.7325198239856086,
  "summary_wm_mad": 132.58725630083507,
  "summary_wm_mean": 886.2682580960593,
  "summary_wm_median": 999.9779769778252,
  "summary_wm_n": 62913.0,
  "summary_wm_p05": 101.00395382642746,
  "summary_wm_p95": 1163.7210609838367,
  "summary_wm_stdv": 305.87358288230536,
  "tpm_overlap_csf": 0.11261021475017438,
  "tpm_overlap_gm": 0.2907716559818487,
  "tpm_overlap_wm": 0.038040838177155784,
  "wm2max": 0.8745658047086067
}