{
  "bids_meta": {
    "AcquisitionMatrixPE": 300,
    "AcquisitionNumber": 1,
    "AcquisitionTime": "11:23:4.232500",
    "BaseResolution": 320,
    "CoilCombinationMethod": "Adaptive Combine",
    "CoilString": "C:A32",
    "ConversionSoftware": "dcm2niix",
    "ConversionSoftwareVersion": "v1.0.20211220",
    "Dcm2bidsVersion": "2.1.6",
    "DeviceSerialNumber": "18981",
    "DwellTime": 6.5e-06,
    "EchoTime": 0.00299,
    "ImageComments": "DENOISED IMAGE (lambda = 150)",
    "ImageOrientationPatientDICOM": [
      0,
      1,
      0,
      0,
      0,
      -1
    ],
    "ImageOrientationText": "Sag",
    "ImageType": [
      "ORIGINAL",
      "PRIMARY",
      "M",
      "ND",
      "UNI"
    ],
    "ImagingFrequency": 297.224,
    "InPlanePhaseEncodingDirectionDICOM": "ROW",
    "MRAcquisitionType": "3D",
    "MagneticFieldStrength": 6.98,
    "Manufacturer": "Siemens",
    "ManufacturersModelName": "Investigational_Device_7T",
    "MatrixCoilMode": "GRAPPA",
    "Modality": "MR",
    "ParallelReductionFactorInPlane": 3,
    "PartialFourier": 0.75,
    "PatientPosition": "HFS",
    "PercentPhaseFOV": 93.75,
    "PercentSampling": 100,
    "PhaseEncodingSteps": 226,
    "PhaseResolution": 1,
    "PixelBandwidth": 240,
    "ProtocolName": "mp2rage-wip900_0.75iso_7T",
    "PulseSequenceDetails": "%CustomerSeq%\\tfl_wip900b17a",
    "ReceiveCoilName": "32Ch_Head_7T",
    "ReconMatrixPE": 300,
    "RefLinesPE": 32,
    "RepetitionTime": 6,
    "SAR": 0.0772977,
    "ScanOptions": "IR\\PFP",
    "ScanningSequence": "GR\\IR",
    "SequenceName": "tfl3d1_ns",
    "SequenceVariant": "SP\\MP",
    "SeriesDescription": "mp2rage-wip900_0.75iso_7T_UNI-DEN",
    "SeriesNumber": 27,
    "ShimSetting": [
      30,
      -8,
      829,
      594,
      -68,
      -121,
      -125,
      70
    ],
    "SliceThickness": 0.75,
    "SoftwareVersions": "syngo MR B17",
    "StationName": "MRC18981",
    "TxRefAmp": 219.451,
    "acq_id": "MP2R",
    "dataset": "ds004056",
    "modality": "T1w",
    "session_id": "01",
    "subject_id": "01"
  },
  "cjv": 0.2790800224979116,
  "cnr": 4.38875199878314,
  "efc": 0.46922509067585755,
  "fber": -1.0,
  "fwhm_avg": 4.435737777777777,
  "fwhm_x": 4.462906666666666,
  "fwhm_y": 4.7958,
  "fwhm_z": 4.0485066666666665,
  "icvs_csf": 0.28306436577949534,
  "icvs_gm": 0.40328700044456117,
  "icvs_wm": 0.3136486337759435,
  "inu_med": 0.702383279800415,
  "inu_range": 0.11428740024566642,
  "provenance": {
    "md5sum": "b8d19bf5352b702a7ee44dc337b32e60",
    "settings": {
      "testing": false
    },
    "software": "mriqc",
    "version": "23.0.1",
    "warnings": {
      "large_rot_frame": true,
      "small_air_mask": false
    },
    "webapi_port": null,
    "webapi_url": "https://mriqc.nimh.nih.gov/api/v1"
  },
  "qi_1": 3.7195467354754843e-05,
  "qi_2": 0.00185467109143553,
  "rpve_csf": 14.893229499067932,
  "rpve_gm": 10.089491300161773,
  "rpve_wm": 16.083345705016374,
  "size_x": 224,
  "size_y": 300,
  "size_z": 320,
  "snr_csf": 0.8416256979477116,
  "snr_gm": 5.0523672716829795,
  "snr_total": 6.295432851608005,
  "snr_wm": 12.992305585193325,
  "snrd_csf": 9.069088283365963,
  "snrd_gm": 54.54932178977324,
  "snrd_total": 59.916811920896464,
  "snrd_wm": 116.13202568955019,
  "spacing_x": 0.75,
  "spacing_y": 0.75,
  "spacing_z": 0.75,
  "summary_bg_k": 9163.269047245381,
  "summary_bg_mad": 0.0,
  "summary_bg_mean": 1.9473486366886534,
  "summary_bg_median": 0.0,
  "summary_bg_n": 6777512.0,
  "summary_bg_p05": 0.0,
  "summary_bg_p95": 6.725990120321512,
  "summary_bg_stdv": 5.641306769708637,
  "summary_csf_k": 172.42718990259675,
  "summary_csf_mad": 60.05242600248773,
  "summary_csf_mean": 95.3257060308132,
  "summary_csf_median": 78.09291183948517,
  "summary_csf_n": 119388.0,
  "summary_csf_p05": 14.67218198813498,
  "summary_csf_p95": 217.79113141819835,
  "summary_csf_stdv": 92.78778556086615,
  "summary_gm_k": -0.11096706695615,
  "summary_gm_mad": 91.90977469741509,
  "summary_gm_mean": 461.62803397393805,
  "summary_gm_median": 469.71815074793994,
  "summary_gm_n": 79998.0,
  "summary_gm_p05": 293.7665468105115,
  "summary_gm_p95": 602.0356378052384,
  "summary_gm_stdv": 92.96933292231985,
  "summary_wm_k": 3.1573812847573315,
  "summary_wm_mad": 56.08128835353556,
  "summary_wm_mean": 988.2642942094051,
  "summary_wm_median": 999.999973597005,
  "summary_wm_n": 469596.0,
  "summary_wm_p05": 834.1418189927936,
  "summary_wm_p95": 1087.289040070027,
  "summary_wm_stdv": 76.96854898418489,
  "tpm_overlap_csf": 0.14120190211028807,
  "tpm_overlap_gm": 0.4208953949410109,
  "tpm_overlap_wm": 0.45689379438788286,
  "wm2max": 0.5542341569623593
}