{
  "bids_meta": {
    "AcquisitionMatrixPE": 300,
    "AcquisitionNumber": 1,
    "AcquisitionTime": "10:57:40.315000",
    "BaseResolution": 320,
    "CoilCombinationMethod": "Adaptive Combine",
    "CoilString": "C:HEA;HEP",
    "ConversionSoftware": "dcm2niix",
    "ConversionSoftwareVersion": "v1.0.20211220",
    "Dcm2bidsVersion": "2.1.6",
    "DeviceSerialNumber": "40463",
    "DwellTime": 7.4e-06,
    "EchoTime": 0.00224,
    "FlipAngle": 8,
    "ImageOrientationPatientDICOM": [
      0,
      1,
      0,
      0,
      0,
      -1
    ],
    "ImageOrientationText": "Sag",
    "ImageType": [
      "ORIGINAL",
      "PRIMARY",
      "M",
      "ND"
    ],
    "ImagingFrequency": 123.122,
    "InPlanePhaseEncodingDirectionDICOM": "ROW",
    "InversionTime": 1.06,
    "MRAcquisitionType": "3D",
    "MagneticFieldStrength": 3,
    "Manufacturer": "Siemens",
    "ManufacturersModelName": "Verio",
    "MatrixCoilMode": "GRAPPA",
    "Modality": "MR",
    "ParallelReductionFactorInPlane": 2,
    "PartialFourier": 1,
    "PatientPosition": "HFS",
    "PercentPhaseFOV": 93.75,
    "PercentSampling": 100,
    "PhaseEncodingSteps": 299,
    "PhaseResolution": 1,
    "PixelBandwidth": 211,
    "ProtocolName": "T1w_MPR2_0.8iso",
    "PulseSequenceDetails": "%SiemensSeq%\\tfl",
    "ReceiveCoilName": "32Ch_Head",
    "ReconMatrixPE": 300,
    "RefLinesPE": 32,
    "RepetitionTime": 2.4,
    "SAR": 0.0327535,
    "ScanOptions": "IR\\WE",
    "ScanningSequence": "GR\\IR",
    "SequenceName": "*tfl3d1_ns",
    "SequenceVariant": "SP\\MP",
    "SeriesDescription": "T1w_MPR2_0.8iso",
    "SeriesNumber": 22,
    "ShimSetting": [
      2868,
      7440,
      -15116,
      100,
      881,
      -1142,
      -71,
      1384
    ],
    "SliceThickness": 0.8,
    "SoftwareVersions": "syngo MR B17",
    "StationName": "MRC40463",
    "TxRefAmp": 440.829,
    "acq_id": "02",
    "dataset": "ds004056",
    "modality": "T1w",
    "session_id": "02",
    "subject_id": "11"
  },
  "cjv": 0.40847866642138575,
  "cnr": 3.302336525731697,
  "efc": 0.5292951603254041,
  "fber": -1.0,
  "fwhm_avg": 4.320995768945479,
  "fwhm_x": 4.377224934774266,
  "fwhm_y": 4.12084993859455,
  "fwhm_z": 4.46491243346762,
  "icvs_csf": 0.18956474889063143,
  "icvs_gm": 0.42262678419708566,
  "icvs_wm": 0.38780846691228293,
  "inu_med": 0.8645547032356262,
  "inu_range": 0.5542809247970579,
  "provenance": {
    "md5sum": "a17b298efe42656f7136859263d7b591",
    "settings": {
      "testing": false
    },
    "software": "mriqc",
    "version": "23.0.1",
    "warnings": {
      "large_rot_frame": true,
      "small_air_mask": false
    },
    "webapi_port": null,
    "webapi_url": "https://mriqc.nimh.nih.gov/api/v1"
  },
  "qi_1": 0.0,
  "qi_2": 0.006013472004764658,
  "rpve_csf": 28.197209137950132,
  "rpve_gm": 13.197245609747451,
  "rpve_wm": 16.144472292430585,
  "size_x": 224,
  "size_y": 300,
  "size_z": 320,
  "snr_csf": 2.377690874711056,
  "snr_gm": 13.572189455031069,
  "snr_total": 11.884631884468838,
  "snr_wm": 19.70401532366439,
  "snrd_csf": 19.73889118656538,
  "snrd_gm": 53.05001009308933,
  "snrd_total": 47.83146920110753,
  "snrd_wm": 70.7055063236679,
  "spacing_x": 0.800000011920929,
  "spacing_y": 0.800000011920929,
  "spacing_z": 0.800000011920929,
  "summary_bg_k": 4.049129392611056,
  "summary_bg_mad": 0.0,
  "summary_bg_mean": 6.290684205886849,
  "summary_bg_median": 0.0,
  "summary_bg_n": 6911797.0,
  "summary_bg_p05": 0.0,
  "summary_bg_p95": 25.333624362945557,
  "summary_bg_stdv": 9.266516098863027,
  "summary_csf_k": 14.05348053173958,
  "summary_csf_mad": 92.30990599883005,
  "summary_csf_mean": 292.99336554388793,
  "summary_csf_median": 279.19491720199585,
  "summary_csf_n": 77718.0,
  "summary_csf_p05": 118.56705005168917,
  "summary_csf_p95": 501.509503364563,
  "summary_csf_stdv": 117.42195924655964,
  "summary_gm_k": 0.09052254994724995,
  "summary_gm_mad": 54.78265327899646,
  "summary_gm_mean": 750.2396690259434,
  "summary_gm_median": 750.3609516620636,
  "summary_gm_n": 78988.0,
  "summary_gm_p05": 659.811840057373,
  "summary_gm_p95": 840.8072411298749,
  "summary_gm_stdv": 55.28630471094984,
  "summary_wm_k": 0.6337716176133013,
  "summary_wm_mad": 47.22530679349843,
  "summary_wm_mean": 1003.9638352902491,
  "summary_wm_median": 1000.0874819755554,
  "summary_wm_n": 434182.0,
  "summary_wm_p05": 927.7619533538818,
  "summary_wm_p95": 1094.2025527954102,
  "summary_wm_stdv": 50.75545841066436,
  "tpm_overlap_csf": 0.14329597685080475,
  "tpm_overlap_gm": 0.45459317747904593,
  "tpm_overlap_wm": 0.5066227777108772,
  "wm2max": 0.5783507429170326
}