{
  "bids_meta": {
    "AcquisitionMatrixPE": 302,
    "AcquisitionNumber": 1,
    "AcquisitionTime": "10:51:38.800000",
    "BaseResolution": 320,
    "CoilCombinationMethod": "Adaptive Combine",
    "CoilString": "C:HEA;HEP",
    "ConversionSoftware": "dcm2niix",
    "ConversionSoftwareVersion": "v1.0.20211220",
    "Dcm2bidsVersion": "2.1.6",
    "DeviceSerialNumber": "40463",
    "DwellTime": 2.1e-06,
    "EchoTime": 0.56,
    "EchoTrainLength": 167,
    "FlipAngle": 120,
    "ImageOrientationPatientDICOM": [
      0,
      1,
      0,
      0,
      0,
      -1
    ],
    "ImageOrientationText": "Sag",
    "ImageType": [
      "ORIGINAL",
      "PRIMARY",
      "M",
      "ND"
    ],
    "ImagingFrequency": 123.122,
    "InPlanePhaseEncodingDirectionDICOM": "ROW",
    "MRAcquisitionType": "3D",
    "MagneticFieldStrength": 3,
    "Manufacturer": "Siemens",
    "ManufacturersModelName": "Verio",
    "MatrixCoilMode": "GRAPPA",
    "Modality": "MR",
    "ParallelReductionFactorInPlane": 2,
    "PartialFourier": 1,
    "PatientPosition": "HFS",
    "PercentPhaseFOV": 93.75,
    "PercentSampling": 100.667,
    "PhaseEncodingDirection": "i",
    "PhaseEncodingSteps": 290,
    "PhaseResolution": 1.00667,
    "PixelBandwidth": 744,
    "ProtocolName": "T2w_SPC1_0.8iso",
    "PulseSequenceDetails": "%SiemensSeq%\\tse_vfl",
    "ReceiveCoilName": "32Ch_Head",
    "ReconMatrixPE": 300,
    "RefLinesPE": 32,
    "RepetitionTime": 3.2,
    "SAR": 0.107349,
    "ScanOptions": "PFP",
    "ScanningSequence": "SE",
    "SequenceName": "*spc3d1_334ns",
    "SequenceVariant": "SK\\SP",
    "SeriesDescription": "T2w_SPC1_0.8iso",
    "SeriesNumber": 21,
    "ShimSetting": [
      2868,
      7440,
      -15116,
      100,
      881,
      -1142,
      -71,
      1384
    ],
    "SliceThickness": 0.8,
    "SoftwareVersions": "syngo MR B17",
    "SpoilingState": true,
    "StationName": "MRC40463",
    "TxRefAmp": 440.829,
    "acq_id": "01",
    "dataset": "ds004056",
    "modality": "T2w",
    "session_id": "02",
    "subject_id": "11"
  },
  "cjv": 0.28598473963573356,
  "cnr": 2.1261624281131595,
  "efc": 0.49480131900308505,
  "fber": 9577.463517169614,
  "fwhm_avg": 2.9268791230527693,
  "fwhm_x": 2.8939249568771577,
  "fwhm_y": 3.105962453717553,
  "fwhm_z": 2.7807499585635966,
  "icvs_csf": 0.37161184283502424,
  "icvs_gm": 0.47662860912913246,
  "icvs_wm": 0.15175954803584327,
  "inu_med": 0.9021399915218353,
  "inu_range": 0.5578820198774337,
  "provenance": {
    "md5sum": "d8eead32f9a02e08c1cce8ccde436c92",
    "settings": {
      "testing": false
    },
    "software": "mriqc",
    "version": "23.0.1",
    "warnings": {
      "large_rot_frame": true,
      "small_air_mask": false
    },
    "webapi_port": null,
    "webapi_url": "https://mriqc.nimh.nih.gov/api/v1"
  },
  "qi_1": 0.0,
  "qi_2": 0.008748141789786956,
  "rpve_csf": 14.426705936503339,
  "rpve_gm": 12.655476792876925,
  "rpve_wm": 42.68312814495117,
  "size_x": 224,
  "size_y": 300,
  "size_z": 320,
  "snr_csf": 9.691394290343963,
  "snr_gm": 9.506751159108777,
  "snr_total": 7.486392611069252,
  "snr_wm": 3.261032383755015,
  "snrd_csf": 55.64069321033205,
  "snrd_gm": 33.69396676395444,
  "snrd_total": 62.488693182279796,
  "snrd_wm": 98.13141957255289,
  "spacing_x": 0.800000011920929,
  "spacing_y": 0.800000011920929,
  "spacing_z": 0.800000011920929,
  "summary_bg_k": 10.270470874931354,
  "summary_bg_mad": 0.0,
  "summary_bg_mean": 4.381961627583135,
  "summary_bg_median": 0.0,
  "summary_bg_n": 6908160.0,
  "summary_bg_p05": 0.0,
  "summary_bg_p95": 17.177883826196194,
  "summary_bg_stdv": 6.676274066952301,
  "summary_csf_k": 1.3809965213807383,
  "summary_csf_mad": 52.013566479672164,
  "summary_csf_mean": 570.2025047044065,
  "summary_csf_median": 567.0155362263322,
  "summary_csf_n": 97981.0,
  "summary_csf_p05": 481.4168570190668,
  "summary_csf_p95": 671.6334521099925,
  "summary_csf_stdv": 58.506818083596066,
  "summary_gm_k": 0.6313985025503146,
  "summary_gm_mad": 34.05308081680194,
  "summary_gm_mean": 343.6179799090775,
  "summary_gm_median": 343.3638499081135,
  "summary_gm_n": 434046.0,
  "summary_gm_p05": 284.6828419715166,
  "summary_gm_p95": 402.8201643079519,
  "summary_gm_stdv": 36.117854419734904,
  "summary_wm_k": 1.7957007009164352,
  "summary_wm_mad": 153.7417572741691,
  "summary_wm_mean": 906.5054301855191,
  "summary_wm_median": 1000.024195946753,
  "summary_wm_n": 52738.0,
  "summary_wm_p05": 110.86882424354553,
  "summary_wm_p95": 1219.6782083138824,
  "summary_wm_stdv": 306.65586757870557,
  "tpm_overlap_csf": 0.11590451169483072,
  "tpm_overlap_gm": 0.3082185879595035,
  "tpm_overlap_wm": 0.023325024264490155,
  "wm2max": 0.8399812772192601
}