{
  "bids_meta": {
    "AcquisitionMatrixPE": 300,
    "AcquisitionNumber": 1,
    "AcquisitionTime": "13:30:15.515000",
    "BaseResolution": 320,
    "CoilCombinationMethod": "Adaptive Combine",
    "CoilString": "C:A32",
    "ConversionSoftware": "dcm2niix",
    "ConversionSoftwareVersion": "v1.0.20211220",
    "Dcm2bidsVersion": "2.1.6",
    "DeviceSerialNumber": "18981",
    "DwellTime": 6.5e-06,
    "EchoTime": 0.00299,
    "ImageComments": "DENOISED IMAGE (lambda = 150)",
    "ImageOrientationPatientDICOM": [
      0,
      1,
      0,
      0,
      0,
      -1
    ],
    "ImageOrientationText": "Sag",
    "ImageType": [
      "ORIGINAL",
      "PRIMARY",
      "M",
      "ND",
      "UNI"
    ],
    "ImagingFrequency": 297.223,
    "InPlanePhaseEncodingDirectionDICOM": "ROW",
    "MRAcquisitionType": "3D",
    "MagneticFieldStrength": 6.98,
    "Manufacturer": "Siemens",
    "ManufacturersModelName": "Investigational_Device_7T",
    "MatrixCoilMode": "GRAPPA",
    "Modality": "MR",
    "ParallelReductionFactorInPlane": 3,
    "PartialFourier": 0.75,
    "PatientPosition": "HFS",
    "PercentPhaseFOV": 93.75,
    "PercentSampling": 100,
    "PhaseEncodingSteps": 226,
    "PhaseResolution": 1,
    "PixelBandwidth": 240,
    "ProtocolName": "mp2rage-wip900_0.75iso_7T",
    "PulseSequenceDetails": "%CustomerSeq%\\tfl_wip900b17a",
    "ReceiveCoilName": "32Ch_Head_7T",
    "ReconMatrixPE": 300,
    "RefLinesPE": 32,
    "RepetitionTime": 6,
    "SAR": 0.0786846,
    "ScanOptions": "IR\\PFP",
    "ScanningSequence": "GR\\IR",
    "SequenceName": "tfl3d1_ns",
    "SequenceVariant": "SP\\MP",
    "SeriesDescription": "mp2rage-wip900_0.75iso_7T_UNI-DEN",
    "SeriesNumber": 34,
    "ShimSetting": [
      -4,
      96,
      924,
      551,
      -279,
      67,
      -263,
      37
    ],
    "SliceThickness": 0.75,
    "SoftwareVersions": "syngo MR B17",
    "StationName": "MRC18981",
    "TxRefAmp": 220,
    "acq_id": "MP2R",
    "dataset": "ds004056",
    "modality": "T1w",
    "session_id": "01",
    "subject_id": "25"
  },
  "cjv": 0.32668873693948247,
  "cnr": 4.081713900862158,
  "efc": 0.5046760007902577,
  "fber": 5313.95234169197,
  "fwhm_avg": 4.716124444444444,
  "fwhm_x": 4.697733333333333,
  "fwhm_y": 5.120293333333334,
  "fwhm_z": 4.330346666666666,
  "icvs_csf": 0.3070561936517143,
  "icvs_gm": 0.3558613252115591,
  "icvs_wm": 0.3370824811367265,
  "inu_med": 0.8707339763641357,
  "inu_range": 0.19569212198257446,
  "provenance": {
    "md5sum": "5e946a3ddb7daf208cce2e66559d6369",
    "settings": {
      "testing": false
    },
    "software": "mriqc",
    "version": "23.0.1",
    "warnings": {
      "large_rot_frame": true,
      "small_air_mask": false
    },
    "webapi_port": null,
    "webapi_url": "https://mriqc.nimh.nih.gov/api/v1"
  },
  "qi_1": 0.0009789250455524597,
  "qi_2": 0.0004743863877426547,
  "rpve_csf": 16.025065785263347,
  "rpve_gm": 12.098597776003793,
  "rpve_wm": 16.348059570726836,
  "size_x": 224,
  "size_y": 300,
  "size_z": 320,
  "snr_csf": 1.0864826415467355,
  "snr_gm": 5.030869158248636,
  "snr_total": 6.16433895348757,
  "snr_wm": 12.37566506066734,
  "snrd_csf": 2.1885314377214025,
  "snrd_gm": 11.94194001508454,
  "snrd_total": 13.01919777800886,
  "snrd_wm": 24.92712188122064,
  "spacing_x": 0.75,
  "spacing_y": 0.75,
  "spacing_z": 0.75,
  "summary_bg_k": 52.44077064635159,
  "summary_bg_mad": 0.0,
  "summary_bg_mean": 11.360679590571891,
  "summary_bg_median": 0.0,
  "summary_bg_n": 4668124.0,
  "summary_bg_p05": 0.0,
  "summary_bg_p95": 52.21389424055815,
  "summary_bg_stdv": 26.28289915847041,
  "summary_csf_k": 2.103783070530559,
  "summary_csf_mad": 72.08974687338286,
  "summary_csf_mean": 107.2399659545928,
  "summary_csf_median": 87.79996208846569,
  "summary_csf_n": 147185.0,
  "summary_csf_p05": 15.494110956788063,
  "summary_csf_p95": 264.7855384647846,
  "summary_csf_stdv": 80.81092183765156,
  "summary_gm_k": -0.22358559292004365,
  "summary_gm_mad": 99.45023370486106,
  "summary_gm_mean": 477.0988417206539,
  "summary_gm_median": 479.08924793824553,
  "summary_gm_n": 49120.0,
  "summary_gm_p05": 318.35044359974563,
  "summary_gm_p95": 627.6705288318916,
  "summary_gm_stdv": 95.22894675269288,
  "summary_wm_k": 2.4131612063503463,
  "summary_wm_mad": 70.73572960697865,
  "summary_wm_mean": 999.9963441991018,
  "summary_wm_median": 1000.0314907170832,
  "summary_wm_n": 495327.0,
  "summary_wm_p05": 868.6149764433503,
  "summary_wm_p95": 1131.0071156546474,
  "summary_wm_stdv": 80.80620123026252,
  "tpm_overlap_csf": 0.14518886006048587,
  "tpm_overlap_gm": 0.41231328598527883,
  "tpm_overlap_wm": 0.4980660046527629,
  "wm2max": 0.5001811394458708
}