{
  "aor": 0.0010167847411444142,
  "aqi": 0.010620741634877383,
  "bids_meta": {
    "AcquisitionMatrixPE": 130,
    "AcquisitionNumber": 1,
    "AcquisitionTime": "12:11:6.832500",
    "BandwidthPerPixelPhaseEncode": 24.038,
    "BaseResolution": 130,
    "CoilCombinationMethod": "Sum of Squares",
    "CoilString": "C:A32",
    "ConversionSoftware": "dcm2niix",
    "ConversionSoftwareVersion": "v1.0.20211220",
    "Dcm2bidsVersion": "2.1.6",
    "DerivedVendorReportedEchoSpacing": 0.000640012,
    "DeviceSerialNumber": "18981",
    "DwellTime": 2e-06,
    "EchoTime": 0.0222,
    "EffectiveEchoSpacing": 0.000320006,
    "FlipAngle": 45,
    "ImageComments": "Unaliased MB5/PE4",
    "ImageOrientationPatientDICOM": [
      1,
      -1e-16,
      0,
      1e-16,
      0.939693,
      -0.34202
    ],
    "ImageOrientationText": "Tra>Cor(-20.0)",
    "ImageType": [
      "ORIGINAL",
      "PRIMARY",
      "M",
      "MB",
      "ND",
      "MOSAIC"
    ],
    "ImagingFrequency": 297.224,
    "InPlanePhaseEncodingDirectionDICOM": "COL",
    "MRAcquisitionType": "2D",
    "MagneticFieldStrength": 6.98,
    "Manufacturer": "Siemens",
    "ManufacturersModelName": "Investigational_Device_7T",
    "MatrixCoilMode": "GRAPPA",
    "Modality": "MR",
    "MultibandAccelerationFactor": 5,
    "ParallelReductionFactorInPlane": 2,
    "PartialFourier": 0.875,
    "PatientPosition": "HFS",
    "PercentPhaseFOV": 100,
    "PercentSampling": 100,
    "PhaseEncodingDirection": "j-",
    "PhaseEncodingSteps": 114,
    "PhaseResolution": 1,
    "PixelBandwidth": 1923,
    "ProtocolName": "MB5_TR1s_TE22p2_IPAT2_1.6mm_85slices_AP_367vols",
    "PulseSequenceDetails": "%CustomerSeq%\\cmrr_mbep2d_bold",
    "ReceiveCoilName": "32Ch_Head_7T",
    "ReconMatrixPE": 130,
    "RefLinesPE": 96,
    "RepetitionTime": 1,
    "SAR": 0.114998,
    "ScanOptions": "PFP\\FS",
    "ScanningSequence": "EP",
    "SequenceName": "epfid2d1_130",
    "SequenceVariant": "SK\\SS",
    "SeriesDescription": "MB5_TR1s_TE22p2_IPAT2_1.6mm_85slices_AP_367vols",
    "SeriesNumber": 9,
    "ShimSetting": [
      -100,
      129,
      744,
      507,
      -98,
      -128,
      -690,
      65
    ],
    "SliceThickness": 1.6,
    "SliceTiming": [
      0,
      0.53,
      0.06,
      0.59,
      0.1175,
      0.65,
      0.1775,
      0.7075,
      0.235,
      0.7675,
      0.295,
      0.8275,
      0.355,
      0.885,
      0.4125,
      0.945,
      0.4725,
      0,
      0.53,
      0.06,
      0.59,
      0.1175,
      0.65,
      0.1775,
      0.7075,
      0.235,
      0.7675,
      0.295,
      0.8275,
      0.355,
      0.885,
      0.4125,
      0.945,
      0.4725,
      0,
      0.53,
      0.06,
      0.59,
      0.1175,
      0.65,
      0.1775,
      0.7075,
      0.235,
      0.7675,
      0.295,
      0.8275,
      0.355,
      0.885,
      0.4125,
      0.945,
      0.4725,
      0,
      0.53,
      0.06,
      0.59,
      0.1175,
      0.65,
      0.1775,
      0.7075,
      0.235,
      0.7675,
      0.295,
      0.8275,
      0.355,
      0.885,
      0.4125,
      0.945,
      0.4725,
      0,
      0.53,
      0.06,
      0.59,
      0.1175,
      0.65,
      0.1775,
      0.7075,
      0.235,
      0.7675,
      0.295,
      0.8275,
      0.355,
      0.885,
      0.4125,
      0.945,
      0.4725
    ],
    "SoftwareVersions": "syngo MR B17",
    "SpacingBetweenSlices": 1.6,
    "StationName": "MRC18981",
    "TaskName": "GDMotor",
    "TotalReadoutTime": 0.0412808,
    "TxRefAmp": 250,
    "dataset": "ds004056",
    "modality": "bold",
    "run_id": 1,
    "session_id": "01",
    "subject_id": "02",
    "task_id": "GDMotor"
  },
  "dummy_trs": 0,
  "dvars_nstd": 53.03377270325136,
  "dvars_std": 1.0641429802732238,
  "dvars_vstd": 0.9854905636885233,
  "efc": 0.5151577115030112,
  "fber": 824.9743041992188,
  "fd_mean": 0.10916673165081599,
  "fd_num": 19,
  "fd_perc": 5.177111716621253,
  "fwhm_avg": 2.636058294053004,
  "fwhm_x": 2.3503187149775218,
  "fwhm_y": 2.8160562080374927,
  "fwhm_z": 2.7417999591439965,
  "gcor": 0.00729655,
  "gsr_x": 0.0025846834760159254,
  "gsr_y": 0.03703562542796135,
  "provenance": {
    "md5sum": "3d4a59fe7b931a189b02db87c3429f7c",
    "settings": {
      "fd_thres": 0.2,
      "testing": false
    },
    "software": "mriqc",
    "version": "23.0.1",
    "webapi_port": null,
    "webapi_url": "https://mriqc.nimh.nih.gov/api/v1"
  },
  "size_t": 367,
  "size_x": 130,
  "size_y": 130,
  "size_z": 85,
  "snr": 1.8993822098693967,
  "spacing_tr": 1.0,
  "spacing_x": 1.600000023841858,
  "spacing_y": 1.600000023841858,
  "spacing_z": 1.600000023841858,
  "summary_bg_k": 54.90702844035874,
  "summary_bg_mad": 11.024580417326579,
  "summary_bg_mean": 28.717872619628906,
  "summary_bg_median": 12.626703262329102,
  "summary_bg_n": 944840.0,
  "summary_bg_p05": 4.147139072418213,
  "summary_bg_p95": 110.08446502685547,
  "summary_bg_stdv": 51.40292739868164,
  "summary_fg_k": 4.124994904966324,
  "summary_fg_mad": 152.20707111583977,
  "summary_fg_mean": 419.3130187988281,
  "summary_fg_median": 377.32696533203125,
  "summary_fg_n": 321640.0,
  "summary_fg_p05": 184.2995918273926,
  "summary_fg_p95": 792.0005432128905,
  "summary_fg_stdv": 198.6574249267578,
  "tsnr": 24.404952093143947
}