{
  "bids_meta": {
    "AcquisitionMatrixPE": 300,
    "AcquisitionNumber": 1,
    "AcquisitionTime": "11:23:29.767500",
    "BaseResolution": 320,
    "CoilCombinationMethod": "Adaptive Combine",
    "CoilString": "C:A32",
    "ConversionSoftware": "dcm2niix",
    "ConversionSoftwareVersion": "v1.0.20211220",
    "Dcm2bidsVersion": "2.1.6",
    "DeviceSerialNumber": "18981",
    "DwellTime": 6.5e-06,
    "EchoTime": 0.00299,
    "ImageComments": "DENOISED IMAGE (lambda = 150)",
    "ImageOrientationPatientDICOM": [
      0,
      1,
      0,
      0,
      0,
      -1
    ],
    "ImageOrientationText": "Sag",
    "ImageType": [
      "ORIGINAL",
      "PRIMARY",
      "M",
      "ND",
      "UNI"
    ],
    "ImagingFrequency": 297.224,
    "InPlanePhaseEncodingDirectionDICOM": "ROW",
    "MRAcquisitionType": "3D",
    "MagneticFieldStrength": 6.98,
    "Manufacturer": "Siemens",
    "ManufacturersModelName": "Investigational_Device_7T",
    "MatrixCoilMode": "GRAPPA",
    "Modality": "MR",
    "ParallelReductionFactorInPlane": 3,
    "PartialFourier": 0.75,
    "PatientPosition": "HFS",
    "PercentPhaseFOV": 93.75,
    "PercentSampling": 100,
    "PhaseEncodingSteps": 226,
    "PhaseResolution": 1,
    "PixelBandwidth": 240,
    "ProtocolName": "mp2rage-wip900_0.75iso_7T",
    "PulseSequenceDetails": "%CustomerSeq%\\tfl_wip900b17a",
    "ReceiveCoilName": "32Ch_Head_7T",
    "ReconMatrixPE": 300,
    "RefLinesPE": 32,
    "RepetitionTime": 6,
    "SAR": 0.103008,
    "ScanOptions": "IR\\PFP",
    "ScanningSequence": "GR\\IR",
    "SequenceName": "tfl3d1_ns",
    "SequenceVariant": "SP\\MP",
    "SeriesDescription": "mp2rage-wip900_0.75iso_7T_UNI-DEN",
    "SeriesNumber": 27,
    "ShimSetting": [
      -34,
      64,
      873,
      323,
      -133,
      170,
      -694,
      40
    ],
    "SliceThickness": 0.75,
    "SoftwareVersions": "syngo MR B17",
    "StationName": "MRC18981",
    "TxRefAmp": 250,
    "acq_id": "MP2R",
    "dataset": "ds004056",
    "modality": "T1w",
    "session_id": "01",
    "subject_id": "06"
  },
  "cjv": 0.2756207709486798,
  "cnr": 4.383152185268091,
  "efc": 0.4793892599183217,
  "fber": -1.0,
  "fwhm_avg": 4.356599999999999,
  "fwhm_x": 4.4088,
  "fwhm_y": 4.805106666666666,
  "fwhm_z": 3.855893333333333,
  "icvs_csf": 0.2827170685888704,
  "icvs_gm": 0.40653423807468975,
  "icvs_wm": 0.31074869333643984,
  "inu_med": 0.6668902635574341,
  "inu_range": 0.09991650581359868,
  "provenance": {
    "md5sum": "934a43e640f34982d643d40ef3c3e852",
    "settings": {
      "testing": false
    },
    "software": "mriqc",
    "version": "23.0.1",
    "warnings": {
      "large_rot_frame": true,
      "small_air_mask": false
    },
    "webapi_port": null,
    "webapi_url": "https://mriqc.nimh.nih.gov/api/v1"
  },
  "qi_1": 0.0006389707373611265,
  "qi_2": 0.0009466974454106817,
  "rpve_csf": 17.101586446672965,
  "rpve_gm": 11.474289437604355,
  "rpve_wm": 18.491836969667062,
  "size_x": 224,
  "size_y": 300,
  "size_z": 320,
  "snr_csf": 0.7579414580832048,
  "snr_gm": 5.159383299774495,
  "snr_total": 6.301129530430966,
  "snr_wm": 12.9860638334352,
  "snrd_csf": 5.346832659735582,
  "snrd_gm": 36.68676239258214,
  "snrd_total": 39.83496577556853,
  "snrd_wm": 77.47130227438787,
  "spacing_x": 0.75,
  "spacing_y": 0.75,
  "spacing_z": 0.75,
  "summary_bg_k": 343.9185968692179,
  "summary_bg_mad": 0.0,
  "summary_bg_mean": 3.9138593745425427,
  "summary_bg_median": 0.0,
  "summary_bg_n": 6109595.0,
  "summary_bg_p05": 0.0,
  "summary_bg_p95": 17.15138009004295,
  "summary_bg_stdv": 8.456504547191763,
  "summary_csf_k": 121.92871085442358,
  "summary_csf_mad": 56.156577294233294,
  "summary_csf_mean": 87.7508790642476,
  "summary_csf_median": 69.0169477686286,
  "summary_csf_n": 92501.0,
  "summary_csf_p05": 12.625678597018123,
  "summary_csf_p95": 216.0251036528498,
  "summary_csf_stdv": 91.05792270765907,
  "summary_gm_k": -0.11441147120849182,
  "summary_gm_mad": 91.87871777264239,
  "summary_gm_mean": 467.84010225377386,
  "summary_gm_median": 473.5529471337795,
  "summary_gm_n": 63974.0,
  "summary_gm_p05": 306.97627513483167,
  "summary_gm_p95": 610.3358462071977,
  "summary_gm_stdv": 91.78407931118971,
  "summary_wm_k": 2.9998393895632294,
  "summary_wm_mad": 53.22103319942273,
  "summary_wm_mean": 986.6618139134036,
  "summary_wm_median": 1000.0000304672867,
  "summary_wm_n": 395671.0,
  "summary_wm_p05": 819.92339662835,
  "summary_wm_p95": 1082.1569410935044,
  "summary_wm_stdv": 77.00553297879372,
  "tpm_overlap_csf": 0.13932954188413496,
  "tpm_overlap_gm": 0.43874264594095796,
  "tpm_overlap_wm": 0.4769553728457476,
  "wm2max": 0.630291734197731
}